{
  "aor": 0.010966200000000002,
  "aqi": 0.02063028665,
  "bids_meta": {
    "AcquisitionMatrixPE": 80,
    "AcquisitionNumber": 13,
    "AcquisitionTime": "14:48:5.780000",
    "BodyPartExamined": "BRAIN",
    "CoilString": "MULTI_COIL",
    "ConversionSoftware": "dcm2niix",
    "ConversionSoftwareVersion": "v1.0.20181125  (JP2:OpenJPEG) GCC9.3.0",
    "Dcm2bidsVersion": "3.1.1",
    "DeviceSerialNumber": "85054",
    "EchoTime": 0.03,
    "EchoTrainLength": 27,
    "FileSize": 0.0530410036444664,
    "FileSizeUnits": "GB",
    "FlipAngle": 90,
    "ImageOrientationPatientDICOM": [
      0.988056,
      0.151227,
      -0.0295824,
      -0.151396,
      0.988467,
      -0.00354311
    ],
    "ImageType": [
      "ORIGINAL",
      "PRIMARY",
      "M",
      "FFE",
      "M",
      "FFE"
    ],
    "ImagingFrequency": 127.767,
    "InPlanePhaseEncodingDirectionDICOM": "COL",
    "InstitutionAddress": "Nemirovicha-Danchenko_132",
    "InstitutionName": "Novosib_Neurosurgery_Center",
    "InstitutionalDepartmentName": "MRI",
    "MRAcquisitionType": "2D",
    "MagneticFieldStrength": 3,
    "Manufacturer": "Philips",
    "ManufacturersModelName": "Ingenia",
    "Modality": "MR",
    "NumberOfVolumes": 200,
    "PartialFourier": 0.3375,
    "PatientPosition": "HFS",
    "PercentPhaseFOV": 100,
    "PhaseEncodingAxis": "j",
    "PhaseEncodingSteps": 80,
    "PhilipsRWVIntercept": 0,
    "PhilipsRWVSlope": 0.777289,
    "PhilipsRescaleIntercept": 0,
    "PhilipsRescaleSlope": 0.777289,
    "PhilipsScaleSlope": 0.0120057,
    "PixelBandwidth": 2285,
    "ProtocolName": "rest-fMRI",
    "ReconMatrixPE": 80,
    "RepetitionTime": 3,
    "SAR": 0.108542,
    "ScanOptions": "FS",
    "ScanningSequence": "GR",
    "SequenceVariant": "SK",
    "SeriesDescription": "rest-fMRI",
    "SeriesNumber": 1301,
    "SliceThickness": 3,
    "SoftwareVersions": "5.4.1_5.4.1.3",
    "SpacingBetweenSlices": 3,
    "StationName": "PHILIPS-F7TK6PR",
    "TaskName": "rest",
    "UsePhilipsFloatNotDisplayScaling": 1,
    "dataset": "<unset>",
    "datatype": "func",
    "extension": ".nii.gz",
    "modality": "bold",
    "subject": "olf09",
    "suffix": "bold",
    "task": "rest"
  },
  "dummy_trs": 0,
  "dvars_nstd": 35.71506534738697,
  "dvars_std": 1.084015372060302,
  "dvars_vstd": 1.032723800050251,
  "efc": 0.428,
  "fber": 111572.6406,
  "fd_mean": 0.40289328647708295,
  "fd_num": 131,
  "fd_perc": 65.5,
  "fwhm_avg": 2.4724033333333333,
  "fwhm_x": 2.4462699999999997,
  "fwhm_y": 2.6426633333333336,
  "fwhm_z": 2.3282766666666666,
  "gcor": 0.0179857,
  "gsr_x": -0.00981078576296568,
  "gsr_y": 0.01065580453723669,
  "provenance": {
    "md5sum": "3c4387f32725a2f078dea6bb67e9c683",
    "settings": {
      "fd_thres": 0.2,
      "testing": false
    },
    "software": "mriqc",
    "version": "25.1.0.dev45+g699d1691"
  },
  "size_t": 200,
  "size_x": 80,
  "size_y": 80,
  "size_z": 45,
  "snr": 2.9210826780013135,
  "spacing_tr": 2.9999990463256836,
  "spacing_x": 3.0,
  "spacing_y": 3.0,
  "spacing_z": 3.0,
  "summary_bg_k": 105.2863,
  "summary_bg_mad": 4.1,
  "summary_bg_mean": 25.9509,
  "summary_bg_median": 3.0,
  "summary_bg_n": 229217.0,
  "summary_bg_p05": 0.0,
  "summary_bg_p95": 115.0,
  "summary_bg_stdv": 72.0735,
  "summary_fg_k": 1.0875,
  "summary_fg_mad": 221.6542,
  "summary_fg_mean": 891.991,
  "summary_fg_median": 880.0,
  "summary_fg_n": 58783.0,
  "summary_fg_p05": 323.0,
  "summary_fg_p95": 1421.0,
  "summary_fg_stdv": 301.2556,
  "tsnr": 30.04877231363207
}
