{
  "aor": 0.027575199999999994,
  "aqi": 0.11194147399999999,
  "bids_meta": {
    "AcquisitionMatrixPE": 80,
    "AcquisitionNumber": 13,
    "AcquisitionTime": "17:57:54.500000",
    "BodyPartExamined": "BRAIN",
    "CoilString": "MULTI_COIL",
    "ConversionSoftware": "dcm2niix",
    "ConversionSoftwareVersion": "v1.0.20181125  (JP2:OpenJPEG) GCC9.3.0",
    "Dcm2bidsVersion": "3.1.1",
    "DeviceSerialNumber": "85054",
    "EchoTime": 0.030001,
    "EchoTrainLength": 27,
    "FileSize": 0.05208873376250267,
    "FileSizeUnits": "GB",
    "FlipAngle": 90,
    "ImageOrientationPatientDICOM": [
      0.998025,
      0.0432891,
      0.0455313,
      -0.043337,
      0.999061,
      0.0000636474
    ],
    "ImageType": [
      "ORIGINAL",
      "PRIMARY",
      "M",
      "FFE",
      "M",
      "FFE"
    ],
    "ImagingFrequency": 127.767,
    "InPlanePhaseEncodingDirectionDICOM": "COL",
    "InstitutionAddress": "Nemirovicha-Danchenko_132",
    "InstitutionName": "Novosib_Neurosurgery_Center",
    "InstitutionalDepartmentName": "MRI",
    "MRAcquisitionType": "2D",
    "MagneticFieldStrength": 3,
    "Manufacturer": "Philips",
    "ManufacturersModelName": "Ingenia",
    "Modality": "MR",
    "NumberOfVolumes": 200,
    "PartialFourier": 0.3375,
    "PatientPosition": "HFS",
    "PercentPhaseFOV": 100,
    "PhaseEncodingAxis": "j",
    "PhaseEncodingSteps": 80,
    "PhilipsRWVIntercept": 0,
    "PhilipsRWVSlope": 0.801465,
    "PhilipsRescaleIntercept": 0,
    "PhilipsRescaleSlope": 0.801465,
    "PhilipsScaleSlope": 0.0121494,
    "PixelBandwidth": 2289,
    "ProtocolName": "rest-fMRI",
    "ReconMatrixPE": 80,
    "RepetitionTime": 3,
    "SAR": 0.108383,
    "ScanOptions": "FS",
    "ScanningSequence": "GR",
    "SequenceVariant": "SK",
    "SeriesDescription": "rest-fMRI",
    "SeriesNumber": 1301,
    "SliceThickness": 3,
    "SoftwareVersions": "5.4.1_5.4.1.3",
    "SpacingBetweenSlices": 3,
    "StationName": "PHILIPS-F7TK6PR",
    "TaskName": "rest",
    "UsePhilipsFloatNotDisplayScaling": 1,
    "dataset": "<unset>",
    "datatype": "func",
    "extension": ".nii.gz",
    "modality": "bold",
    "subject": "olf12",
    "suffix": "bold",
    "task": "rest"
  },
  "dummy_trs": 0,
  "dvars_nstd": 85.61054596819092,
  "dvars_std": 1.0189839018090443,
  "dvars_vstd": 1.0662300137688447,
  "efc": 0.4183,
  "fber": 97713.0703,
  "fd_mean": 1.8604554989342788,
  "fd_num": 193,
  "fd_perc": 96.5,
  "fwhm_avg": 3.3613955555555557,
  "fwhm_x": 3.276896666666667,
  "fwhm_y": 3.6280666666666668,
  "fwhm_z": 3.1792233333333333,
  "gcor": 0.00704705,
  "gsr_x": -0.017713215202093124,
  "gsr_y": 0.021948490291833878,
  "provenance": {
    "md5sum": "0b9ecb8f501d942afc8201d69efb4c04",
    "settings": {
      "fd_thres": 0.2,
      "testing": false
    },
    "software": "mriqc",
    "version": "25.1.0.dev45+g699d1691"
  },
  "size_t": 200,
  "size_x": 80,
  "size_y": 80,
  "size_z": 45,
  "snr": 2.7568799621420848,
  "spacing_tr": 2.9999990463256836,
  "spacing_x": 3.0,
  "spacing_y": 3.0,
  "spacing_z": 3.0,
  "summary_bg_k": 105.3587,
  "summary_bg_mad": 4.2004,
  "summary_bg_mean": 26.702,
  "summary_bg_median": 3.0,
  "summary_bg_n": 232075.0,
  "summary_bg_p05": 0.0,
  "summary_bg_p95": 122.0,
  "summary_bg_stdv": 69.5465,
  "summary_fg_k": 1.1852,
  "summary_fg_mad": 205.6629,
  "summary_fg_mean": 916.1711,
  "summary_fg_median": 893.0,
  "summary_fg_n": 55925.0,
  "summary_fg_p05": 331.0,
  "summary_fg_p95": 1602.0,
  "summary_fg_stdv": 323.914,
  "tsnr": 10.17123999656178
}
