{
  "bids_meta": {
    "AcquisitionMatrixPE": 252,
    "AcquisitionNumber": 3,
    "AcquisitionTime": "15:41:37.810000",
    "BodyPartExamined": "BRAIN",
    "CoilString": "MULTI_COIL",
    "ConversionSoftware": "dcm2niix",
    "ConversionSoftwareVersion": "v1.0.20181125  (JP2:OpenJPEG) GCC9.3.0",
    "Dcm2bidsVersion": "3.1.1",
    "DeviceSerialNumber": "85054",
    "EchoTime": 0.3,
    "EchoTrainLength": 155,
    "FileSize": 0.05094687733799219,
    "FileSizeUnits": "GB",
    "FlipAngle": 90,
    "ImageOrientationPatientDICOM": [
      -0.0503245,
      0.998732,
      -0.00138812,
      0.00652473,
      -0.00106109,
      -0.999978
    ],
    "ImageType": [
      "ORIGINAL",
      "PRIMARY",
      "M",
      "SE",
      "M",
      "SE"
    ],
    "ImagingFrequency": 127.777,
    "InPlanePhaseEncodingDirectionDICOM": "ROW",
    "InstitutionAddress": "Nemirovicha-Danchenko_132",
    "InstitutionName": "Novosib_Neurosurgery_Center",
    "InstitutionalDepartmentName": "MRI",
    "MRAcquisitionType": "3D",
    "MagneticFieldStrength": 3,
    "Manufacturer": "Philips",
    "ManufacturersModelName": "Ingenia",
    "Modality": "MR",
    "NumberOfVolumes": 1,
    "PatientPosition": "HFS",
    "PercentPhaseFOV": 100,
    "PhaseEncodingSteps": 252,
    "PhilipsRWVIntercept": 0,
    "PhilipsRWVSlope": 1.7116,
    "PhilipsRescaleIntercept": 0,
    "PhilipsRescaleSlope": 1.7116,
    "PhilipsScaleSlope": 0.0111016,
    "PixelBandwidth": 841,
    "ProcedureStepDescription": "HEAD+C",
    "ProtocolName": "3D_T2_1mm",
    "ReconMatrixPE": 512,
    "RepetitionTime": 3.5,
    "SAR": 0.0259759,
    "ScanOptions": "FS",
    "ScanningSequence": "SE",
    "SequenceVariant": "SK",
    "SeriesDescription": "3D_T2_1mm",
    "SeriesNumber": 301,
    "SliceThickness": 1,
    "SoftwareVersions": "5.4.1_5.4.1.3",
    "SpacingBetweenSlices": 0.5,
    "StationName": "PHILIPS-F7TK6PR",
    "UsePhilipsFloatNotDisplayScaling": 1,
    "dataset": "<unset>",
    "datatype": "anat",
    "extension": ".nii.gz",
    "modality": "T2w",
    "subject": "olf02",
    "suffix": "T2w"
  },
  "cjv": 0.8193057750759879,
  "cnr": 0.9814625048515535,
  "efc": 0.5862,
  "fber": 302.5719,
  "fwhm_avg": 6.939365333333334,
  "fwhm_x": 6.97208,
  "fwhm_y": 7.28526848,
  "fwhm_z": 6.56074752,
  "icvs_csf": 0.22632126566939714,
  "icvs_gm": 0.4803922462014809,
  "icvs_wm": 0.293286488129122,
  "inu_med": 0.8899974226951599,
  "inu_range": 0.4089036822319031,
  "provenance": {
    "md5sum": "b8786a64d891a822b9a4953de1cab4aa",
    "settings": {
      "testing": false
    },
    "software": "mriqc",
    "version": "25.1.0.dev45+g699d1691",
    "warnings": {
      "large_rot_frame": true,
      "small_air_mask": false
    }
  },
  "qi_1": 0.0,
  "qi_2": 0.0010671576589905611,
  "rpve_csf": 8.162134571583262,
  "rpve_gm": 8.132379097104408,
  "rpve_wm": 8.161898866695749,
  "size_x": 360,
  "size_y": 512,
  "size_z": 512,
  "snr_csf": 1.604905529769262,
  "snr_gm": 5.653094606669641,
  "snr_total": 3.2893920996764483,
  "snr_wm": 2.610176162590442,
  "snrd_csf": 6.8976682821033535,
  "snrd_gm": 6.510158828052602,
  "snrd_total": 8.05589098365504,
  "snrd_wm": 10.759845840809161,
  "spacing_x": 0.5,
  "spacing_y": 0.48828125,
  "spacing_z": 0.48828125,
  "summary_bg_k": 19.3361,
  "summary_bg_mad": 0.0,
  "summary_bg_mean": 14.6183,
  "summary_bg_median": 0.0,
  "summary_bg_n": 33686397.0,
  "summary_bg_p05": 0.0,
  "summary_bg_p95": 135.0,
  "summary_bg_stdv": 50.719,
  "summary_csf_k": 0.4035,
  "summary_csf_mad": 507.1538,
  "summary_csf_mean": 562.0518,
  "summary_csf_median": 534.0,
  "summary_csf_n": 2565803.5098443255,
  "summary_csf_p05": 66.0,
  "summary_csf_p95": 1132.0,
  "summary_csf_stdv": 332.7298,
  "summary_gm_k": 28.1376,
  "summary_gm_mad": 82.637,
  "summary_gm_mean": 513.7739,
  "summary_gm_median": 504.0,
  "summary_gm_n": 5446205.45382726,
  "summary_gm_p05": 387.0,
  "summary_gm_p95": 666.0,
  "summary_gm_stdv": 89.1547,
  "summary_wm_k": 1.6976,
  "summary_wm_mad": 186.9146,
  "summary_wm_mean": 841.2203,
  "summary_wm_median": 833.0,
  "summary_wm_n": 3324988.035949162,
  "summary_wm_p05": 397.0,
  "summary_wm_p95": 1503.0,
  "summary_wm_stdv": 319.1355,
  "tpm_overlap_csf": 0.2294527130487193,
  "tpm_overlap_gm": 0.4444024675867818,
  "tpm_overlap_wm": 0.38862686278722763,
  "wm2max": 0.4777786372006126
}
