{
  "bids_meta": {
    "AcquisitionMatrixPE": 240,
    "AcquisitionNumber": 4,
    "AcquisitionTime": "15:47:1.960000",
    "BodyPartExamined": "BRAIN",
    "CoilString": "MULTI_COIL",
    "ConversionSoftware": "dcm2niix",
    "ConversionSoftwareVersion": "v1.0.20181125  (JP2:OpenJPEG) GCC9.3.0",
    "Dcm2bidsVersion": "3.1.1",
    "DeviceSerialNumber": "85054",
    "EchoTime": 0.002978,
    "EchoTrainLength": 204,
    "FileSize": 0.024673882871866226,
    "FileSizeUnits": "GB",
    "FlipAngle": 8,
    "ImageOrientationPatientDICOM": [
      0.998712,
      0.0503526,
      0.00630392,
      -0.0503245,
      0.998723,
      -0.00454532
    ],
    "ImageType": [
      "ORIGINAL",
      "PRIMARY",
      "M",
      "FFE",
      "M",
      "FFE"
    ],
    "ImagingFrequency": 127.777,
    "InPlanePhaseEncodingDirectionDICOM": "COL",
    "InstitutionAddress": "Nemirovicha-Danchenko_132",
    "InstitutionName": "Novosib_Neurosurgery_Center",
    "InstitutionalDepartmentName": "MRI",
    "MRAcquisitionType": "3D",
    "MagneticFieldStrength": 3,
    "Manufacturer": "Philips",
    "ManufacturersModelName": "Ingenia",
    "Modality": "MR",
    "NumberOfVolumes": 1,
    "PatientPosition": "HFS",
    "PercentPhaseFOV": 100,
    "PhaseEncodingSteps": 240,
    "PhilipsRWVIntercept": 0,
    "PhilipsRWVSlope": 3.22466,
    "PhilipsRescaleIntercept": 0,
    "PhilipsRescaleSlope": 3.22466,
    "PhilipsScaleSlope": 0.0143628,
    "PixelBandwidth": 271,
    "ProcedureStepDescription": "HEAD+C",
    "ProtocolName": "sT1W_3D",
    "ReconMatrixPE": 512,
    "RepetitionTime": 0.0065837,
    "SAR": 0.0231826,
    "ScanOptions": "PFP",
    "ScanningSequence": "GR",
    "SequenceVariant": "MP",
    "SeriesDescription": "sT1W_3D",
    "SeriesNumber": 401,
    "SliceThickness": 1,
    "SoftwareVersions": "5.4.1_5.4.1.3",
    "SpacingBetweenSlices": 1,
    "StationName": "PHILIPS-F7TK6PR",
    "UsePhilipsFloatNotDisplayScaling": 1,
    "dataset": "<unset>",
    "datatype": "anat",
    "extension": ".nii.gz",
    "modality": "T1w",
    "run": 1,
    "subject": "olf02",
    "suffix": "T1w"
  },
  "cjv": 0.9420746606334841,
  "cnr": 1.0474860701510038,
  "efc": 0.7438,
  "fber": -1.0,
  "fwhm_avg": 6.559059333333333,
  "fwhm_x": 7.8819626666666665,
  "fwhm_y": 7.847445333333334,
  "fwhm_z": 3.94777,
  "icvs_csf": 0.2572211810638298,
  "icvs_gm": 0.3896979371939823,
  "icvs_wm": 0.353080881742188,
  "inu_med": 0.778430312871933,
  "inu_range": 0.45708657801151276,
  "provenance": {
    "md5sum": "4cd00624c2a062162652e00febc502bb",
    "settings": {
      "testing": false
    },
    "software": "mriqc",
    "version": "25.1.0.dev45+g699d1691",
    "warnings": {
      "large_rot_frame": true,
      "small_air_mask": false
    }
  },
  "qi_1": 0.0,
  "qi_2": 0.001163863991440192,
  "rpve_csf": 7.913052734280373,
  "rpve_gm": 7.746437948230988,
  "rpve_wm": 7.842970781818845,
  "size_x": 512,
  "size_y": 512,
  "size_z": 192,
  "snr_csf": 1.7873343801115507,
  "snr_gm": 4.231325611781409,
  "snr_total": 3.8143737733470675,
  "snr_wm": 5.424461328148243,
  "snrd_csf": 8.872384557571444,
  "snrd_gm": 14.414651586831889,
  "snrd_total": 14.319505371737291,
  "snrd_wm": 19.671479970808537,
  "spacing_x": 0.46875,
  "spacing_y": 0.46875,
  "spacing_z": 1.0,
  "summary_bg_k": 227.5297,
  "summary_bg_mad": 0.0,
  "summary_bg_mean": 3.0895,
  "summary_bg_median": 0.0,
  "summary_bg_n": 21141986.0,
  "summary_bg_p05": 0.0,
  "summary_bg_p95": 6.0,
  "summary_bg_stdv": 27.5423,
  "summary_csf_k": -0.6452,
  "summary_csf_mad": 168.5481,
  "summary_csf_mean": 369.1284,
  "summary_csf_median": 373.0,
  "summary_csf_n": 1610342.4640844315,
  "summary_csf_p05": 58.0,
  "summary_csf_p95": 703.0,
  "summary_csf_stdv": 208.6906,
  "summary_gm_k": -0.0038,
  "summary_gm_mad": 91.4071,
  "summary_gm_mean": 619.9263,
  "summary_gm_median": 606.0,
  "summary_gm_n": 2439717.965037455,
  "summary_gm_p05": 405.0,
  "summary_gm_p95": 897.0,
  "summary_gm_stdv": 143.2175,
  "summary_wm_k": 2.4107,
  "summary_wm_mad": 116.7914,
  "summary_wm_mean": 792.0692,
  "summary_wm_median": 827.0,
  "summary_wm_n": 2210475.571157278,
  "summary_wm_p05": 524.0,
  "summary_wm_p95": 981.0,
  "summary_wm_stdv": 152.4575,
  "tpm_overlap_csf": 0.19736052384048647,
  "tpm_overlap_gm": 0.5178346404198233,
  "tpm_overlap_wm": 0.48819702266500703,
  "wm2max": 0.4656715761389093
}
