{
  "bids_meta": {
    "AcquisitionMatrixPE": 240,
    "AcquisitionNumber": 15,
    "AcquisitionTime": "16:32:15.760000",
    "BodyPartExamined": "BRAIN",
    "CoilString": "MULTI_COIL",
    "ConversionSoftware": "dcm2niix",
    "ConversionSoftwareVersion": "v1.0.20181125  (JP2:OpenJPEG) GCC9.3.0",
    "Dcm2bidsVersion": "3.1.1",
    "DeviceSerialNumber": "85054",
    "EchoTime": 0.002978,
    "EchoTrainLength": 204,
    "FileSize": 0.0304579334333539,
    "FileSizeUnits": "GB",
    "FlipAngle": 8,
    "ImageOrientationPatientDICOM": [
      0.998712,
      0.0503526,
      0.00630392,
      -0.0503245,
      0.998723,
      -0.00454532
    ],
    "ImageType": [
      "ORIGINAL",
      "PRIMARY",
      "M",
      "FFE",
      "M",
      "FFE"
    ],
    "ImagingFrequency": 127.777,
    "InPlanePhaseEncodingDirectionDICOM": "COL",
    "InstitutionAddress": "Nemirovicha-Danchenko_132",
    "InstitutionName": "Novosib_Neurosurgery_Center",
    "InstitutionalDepartmentName": "MRI",
    "MRAcquisitionType": "3D",
    "MagneticFieldStrength": 3,
    "Manufacturer": "Philips",
    "ManufacturersModelName": "Ingenia",
    "Modality": "MR",
    "NumberOfVolumes": 1,
    "PatientPosition": "HFS",
    "PercentPhaseFOV": 100,
    "PhaseEncodingSteps": 240,
    "PhilipsRWVIntercept": 0,
    "PhilipsRWVSlope": 1.92527,
    "PhilipsRescaleIntercept": 0,
    "PhilipsRescaleSlope": 1.92527,
    "PhilipsScaleSlope": 0.0143628,
    "PixelBandwidth": 271,
    "ProcedureStepDescription": "HEAD+C",
    "ProtocolName": "sT1W_3D_CE",
    "ReconMatrixPE": 512,
    "RepetitionTime": 0.0065837,
    "SAR": 0.0231826,
    "ScanOptions": "PFP",
    "ScanningSequence": "GR",
    "SequenceVariant": "MP",
    "SeriesDescription": "sT1W_3D_CE",
    "SeriesNumber": 1501,
    "SliceThickness": 1,
    "SoftwareVersions": "5.4.1_5.4.1.3",
    "SpacingBetweenSlices": 1,
    "StationName": "PHILIPS-F7TK6PR",
    "UsePhilipsFloatNotDisplayScaling": 1,
    "dataset": "<unset>",
    "datatype": "anat",
    "extension": ".nii.gz",
    "modality": "T1w",
    "run": 2,
    "subject": "olf02",
    "suffix": "T1w"
  },
  "cjv": 4.363054022988505,
  "cnr": 0.274305201243806,
  "efc": 0.688,
  "fber": -1.0,
  "fwhm_avg": 5.535815333333333,
  "fwhm_x": 6.565226666666666,
  "fwhm_y": 6.595349333333333,
  "fwhm_z": 3.44687,
  "icvs_csf": 0.20567842781140386,
  "icvs_gm": 0.4228367444461775,
  "icvs_wm": 0.37148482774241864,
  "inu_med": 0.9277650117874146,
  "inu_range": 0.5801223039627074,
  "provenance": {
    "md5sum": "6f4d4e70477547443027cf9863727b1a",
    "settings": {
      "testing": false
    },
    "software": "mriqc",
    "version": "25.1.0.dev45+g699d1691",
    "warnings": {
      "large_rot_frame": true,
      "small_air_mask": false
    }
  },
  "qi_1": 0.0,
  "qi_2": 0.0016059836678345054,
  "rpve_csf": 8.170640217796612,
  "rpve_gm": 7.934049346814341,
  "rpve_wm": 7.985005484911203,
  "size_x": 512,
  "size_y": 512,
  "size_z": 192,
  "snr_csf": 1.2150652110888667,
  "snr_gm": 3.555967616514573,
  "snr_total": 3.0542224679162704,
  "snr_wm": 4.391634576145371,
  "snrd_csf": 10.99915092179238,
  "snrd_gm": 8.68132218348364,
  "snrd_total": 9.759463732969676,
  "snrd_wm": 9.597918093633007,
  "spacing_x": 0.46875,
  "spacing_y": 0.46875,
  "spacing_z": 1.0,
  "summary_bg_k": 76.0379,
  "summary_bg_mad": 0.0,
  "summary_bg_mean": 13.6262,
  "summary_bg_median": 0.0,
  "summary_bg_n": 20139637.0,
  "summary_bg_p05": 0.0,
  "summary_bg_p95": 83.0,
  "summary_bg_stdv": 62.1832,
  "summary_csf_k": -1.216,
  "summary_csf_mad": 1217.5852,
  "summary_csf_mean": 1238.5468,
  "summary_csf_median": 1044.0,
  "summary_csf_n": 1249408.6241850872,
  "summary_csf_p05": 169.0,
  "summary_csf_p95": 2973.0,
  "summary_csf_stdv": 859.2128,
  "summary_gm_k": 12.1299,
  "summary_gm_mad": 202.2395,
  "summary_gm_mean": 818.8014,
  "summary_gm_median": 824.0,
  "summary_gm_n": 2568552.671055124,
  "summary_gm_p05": 433.0,
  "summary_gm_p95": 1173.0,
  "summary_gm_stdv": 231.7231,
  "summary_wm_k": 34.9178,
  "summary_wm_mad": 177.3462,
  "summary_wm_mean": 900.6586,
  "summary_wm_median": 911.0,
  "summary_wm_n": 2256611.704368324,
  "summary_wm_p05": 559.0,
  "summary_wm_p95": 1206.0,
  "summary_wm_stdv": 207.4398,
  "tpm_overlap_csf": 0.22894418091278587,
  "tpm_overlap_gm": 0.5499091770028149,
  "tpm_overlap_wm": 0.5230699302535384,
  "wm2max": 0.2706337094681364
}
