{
  "NumberOfShells": 1,
  "bValues": [
    0.0,
    1500.0
  ],
  "bValuesEstimation": [
    1500.0
  ],
  "bdiffs_max": 0.3871,
  "bdiffs_mean": 0.189,
  "bdiffs_median": 0.1794,
  "bdiffs_min": 0.0078,
  "bids_meta": {
    "AcquisitionMatrixPE": 126,
    "AcquisitionNumber": 10,
    "AcquisitionTime": "14:48:40.040000",
    "BodyPartExamined": "BRAIN",
    "CoilString": "MULTI_COIL",
    "ConversionSoftware": "dcm2niix",
    "ConversionSoftwareVersion": "v1.0.20181125  (JP2:OpenJPEG) GCC9.3.0",
    "Dcm2bidsVersion": "3.1.1",
    "DeviceSerialNumber": "85054",
    "EchoTime": 0.103057,
    "EchoTrainLength": 51,
    "FileSize": 0.03006421960890293,
    "FileSizeUnits": "GB",
    "FlipAngle": 90,
    "ImageOrientationPatientDICOM": [
      0.99887,
      -0.00963656,
      -0.0465378,
      0.00037369,
      0.980789,
      -0.195071
    ],
    "ImageType": [
      "ORIGINAL",
      "PRIMARY",
      "M",
      "SE",
      "M",
      "SE"
    ],
    "ImagingFrequency": 127.767,
    "InPlanePhaseEncodingDirectionDICOM": "COL",
    "InstitutionAddress": "Nemirovicha-Danchenko_132",
    "InstitutionName": "Novosib_Neurosurgery_Center",
    "InstitutionalDepartmentName": "MRI",
    "MRAcquisitionType": "2D",
    "MagneticFieldStrength": 3,
    "Manufacturer": "Philips",
    "ManufacturersModelName": "Ingenia",
    "Modality": "MR",
    "NumberOfVolumes": 65,
    "PartialFourier": 0.404762,
    "PatientPosition": "HFS",
    "PercentPhaseFOV": 100,
    "PhaseEncodingAxis": "j",
    "PhaseEncodingSteps": 126,
    "PhilipsRWVIntercept": 0,
    "PhilipsRWVSlope": 2.31429,
    "PhilipsRescaleIntercept": 0,
    "PhilipsRescaleSlope": 2.31429,
    "PhilipsScaleSlope": 0.0111569,
    "PixelBandwidth": 1786,
    "ProcedureStepDescription": "HEAD+CE+MENINGIOMA",
    "ProtocolName": "DTIshort_64dir_b1500_AP",
    "ReconMatrixPE": 128,
    "RepetitionTime": 9.44438,
    "SAR": 0.103121,
    "ScanOptions": "FS",
    "ScanningSequence": "SE",
    "SequenceVariant": "SK",
    "SeriesDescription": "DTIshort_64dir_b1500_AP",
    "SeriesNumber": 1001,
    "SliceThickness": 2,
    "SoftwareVersions": "5.4.1_5.4.1.3",
    "SpacingBetweenSlices": 2,
    "StationName": "PHILIPS-F7TK6PR",
    "UsePhilipsFloatNotDisplayScaling": 1,
    "dataset": "<unset>",
    "datatype": "dwi",
    "extension": ".nii.gz",
    "modality": "dwi",
    "run": 1,
    "subject": "olf18",
    "suffix": "dwi"
  },
  "efc_shell01": 0.3461,
  "efc_shell02": 0.4308,
  "fa_degenerate": 0.0,
  "fa_nans": 0.0,
  "fber_shell01": -1.0,
  "fber_shell02": 716020.625,
  "fd_mean": 36.4116,
  "fd_num": 64,
  "fd_perc": 98.46153846153847,
  "ndc": 0.7357,
  "provenance": {
    "md5sum": "1ef021d9d2bd3c20d9512a9b0c272c4e",
    "settings": {
      "testing": false
    },
    "software": "mriqc",
    "version": "25.1.0.dev45+g699d1691"
  },
  "sigma_cc": 54.8563,
  "sigma_pca": 17.0151,
  "sigma_piesno": 3.8343,
  "snr_cc_shell0": 5.23,
  "snr_cc_shell1_best": 5.19,
  "snr_cc_shell1_worst": 5.19,
  "spikes_global": 1531.5,
  "spikes_slice_i": 8272.06,
  "spikes_slice_j": 7190.33,
  "spikes_slice_k": 4759.8,
  "summary_bg_k": 348.6655,
  "summary_bg_mad": 0.0,
  "summary_bg_mean": 20.4308,
  "summary_bg_median": 0.0,
  "summary_bg_n": 895846.0,
  "summary_bg_p05": 0.0,
  "summary_bg_p95": 67.0,
  "summary_bg_stdv": 104.5399,
  "summary_fg_k": 3.487,
  "summary_fg_mad": 167.5341,
  "summary_fg_mean": 480.7421,
  "summary_fg_median": 312.0,
  "summary_fg_n": 218266.0,
  "summary_fg_p05": 145.0,
  "summary_fg_p95": 1388.0,
  "summary_fg_stdv": 400.6537,
  "summary_wm_k": 32.3454,
  "summary_wm_mad": 65.2345,
  "summary_wm_mean": 268.9343,
  "summary_wm_median": 252.0,
  "summary_wm_n": 24133.0,
  "summary_wm_p05": 136.0,
  "summary_wm_p95": 448.0,
  "summary_wm_stdv": 130.7912
}
