{
  "aor": 0.012624349999999998,
  "aqi": 0.013441702500000001,
  "bids_meta": {
    "AcquisitionMatrixPE": 80,
    "AcquisitionNumber": 13,
    "AcquisitionTime": "08:47:16.440000",
    "BodyPartExamined": "BRAIN",
    "CoilString": "MULTI_COIL",
    "ConversionSoftware": "dcm2niix",
    "ConversionSoftwareVersion": "v1.0.20181125  (JP2:OpenJPEG) GCC9.3.0",
    "Dcm2bidsVersion": "3.1.1",
    "DeviceSerialNumber": "85054",
    "EchoTime": 0.03,
    "EchoTrainLength": 27,
    "FileSize": 0.048250976018607616,
    "FileSizeUnits": "GB",
    "FlipAngle": 90,
    "ImageOrientationPatientDICOM": [
      0.995736,
      -0.0208787,
      -0.0898504,
      0.0161681,
      0.998472,
      -0.0528392
    ],
    "ImageType": [
      "ORIGINAL",
      "PRIMARY",
      "M",
      "FFE",
      "M",
      "FFE"
    ],
    "ImagingFrequency": 127.766,
    "InPlanePhaseEncodingDirectionDICOM": "COL",
    "InstitutionAddress": "Nemirovicha-Danchenko_132",
    "InstitutionName": "Novosib_Neurosurgery_Center",
    "InstitutionalDepartmentName": "MRI",
    "MRAcquisitionType": "2D",
    "MagneticFieldStrength": 3,
    "Manufacturer": "Philips",
    "ManufacturersModelName": "Ingenia",
    "Modality": "MR",
    "NumberOfVolumes": 200,
    "PartialFourier": 0.3375,
    "PatientPosition": "HFS",
    "PercentPhaseFOV": 100,
    "PhaseEncodingAxis": "j",
    "PhaseEncodingSteps": 80,
    "PhilipsRWVIntercept": 0,
    "PhilipsRWVSlope": 0.874237,
    "PhilipsRescaleIntercept": 0,
    "PhilipsRescaleSlope": 0.874237,
    "PhilipsScaleSlope": 0.0106226,
    "PixelBandwidth": 2094,
    "ProcedureStepDescription": "NAUKA_OLFACTOR+CE",
    "ProtocolName": "rest-fMRI",
    "ReconMatrixPE": 80,
    "RepetitionTime": 3,
    "SAR": 0.108432,
    "ScanOptions": "FS",
    "ScanningSequence": "GR",
    "SequenceVariant": "SK",
    "SeriesDescription": "rest-fMRI",
    "SeriesNumber": 1301,
    "SliceThickness": 3,
    "SoftwareVersions": "5.4.1_5.4.1.3",
    "SpacingBetweenSlices": 3,
    "StationName": "PHILIPS-F7TK6PR",
    "TaskName": "rest",
    "UsePhilipsFloatNotDisplayScaling": 1,
    "dataset": "<unset>",
    "datatype": "func",
    "extension": ".nii.gz",
    "modality": "bold",
    "subject": "olf08fu",
    "suffix": "bold",
    "task": "rest"
  },
  "dummy_trs": 0,
  "dvars_nstd": 35.722547809195966,
  "dvars_std": 1.2321667056281402,
  "dvars_vstd": 1.1360369473366838,
  "efc": 0.3959,
  "fber": 188320.2969,
  "fd_mean": 0.33816086649243177,
  "fd_num": 122,
  "fd_perc": 61.0,
  "fwhm_avg": 2.53824,
  "fwhm_x": 2.53024,
  "fwhm_y": 2.6841066666666666,
  "fwhm_z": 2.4003733333333335,
  "gcor": 0.00517354,
  "gsr_x": -0.013876393437385559,
  "gsr_y": 0.02132420614361763,
  "provenance": {
    "md5sum": "ffff16fa4ea88af47f1d79f1a835f22e",
    "settings": {
      "fd_thres": 0.2,
      "testing": false
    },
    "software": "mriqc",
    "version": "25.1.0.dev45+g699d1691"
  },
  "size_t": 200,
  "size_x": 80,
  "size_y": 80,
  "size_z": 45,
  "snr": 2.8894081315336533,
  "spacing_tr": 2.9999990463256836,
  "spacing_x": 3.0,
  "spacing_y": 3.0,
  "spacing_z": 3.0,
  "summary_bg_k": 163.1698,
  "summary_bg_mad": 2.8432,
  "summary_bg_mean": 20.5065,
  "summary_bg_median": 2.0,
  "summary_bg_n": 235555.0,
  "summary_bg_p05": 0.0,
  "summary_bg_p95": 85.0,
  "summary_bg_stdv": 61.9889,
  "summary_fg_k": 1.4834,
  "summary_fg_mad": 216.3988,
  "summary_fg_mean": 885.6484,
  "summary_fg_median": 892.0,
  "summary_fg_n": 52445.0,
  "summary_fg_p05": 254.0,
  "summary_fg_p95": 1358.0,
  "summary_fg_stdv": 308.7108,
  "tsnr": 36.122195206582546
}
