{
  "NumberOfShells": 1,
  "bValues": [
    0.0,
    1500.0
  ],
  "bValuesEstimation": [
    1500.0
  ],
  "bdiffs_max": 0.3916,
  "bdiffs_mean": 0.2246,
  "bdiffs_median": 0.2041,
  "bdiffs_min": 0.0345,
  "bids_meta": {
    "AcquisitionMatrixPE": 126,
    "AcquisitionNumber": 9,
    "AcquisitionTime": "08:32:7.090000",
    "BodyPartExamined": "BRAIN",
    "CoilString": "MULTI_COIL",
    "ConversionSoftware": "dcm2niix",
    "ConversionSoftwareVersion": "v1.0.20181125  (JP2:OpenJPEG) GCC9.3.0",
    "Dcm2bidsVersion": "3.1.1",
    "DeviceSerialNumber": "85054",
    "EchoTime": 0.1031,
    "EchoTrainLength": 51,
    "FileSize": 0.027722151950001717,
    "FileSizeUnits": "GB",
    "FlipAngle": 90,
    "ImageOrientationPatientDICOM": [
      0.998585,
      -0.0118899,
      -0.0518395,
      0.0180276,
      0.99266,
      0.11959
    ],
    "ImageType": [
      "ORIGINAL",
      "PRIMARY",
      "M",
      "SE",
      "M",
      "SE"
    ],
    "ImagingFrequency": 127.766,
    "InPlanePhaseEncodingDirectionDICOM": "COL",
    "InstitutionAddress": "Nemirovicha-Danchenko_132",
    "InstitutionName": "Novosib_Neurosurgery_Center",
    "InstitutionalDepartmentName": "MRI",
    "MRAcquisitionType": "2D",
    "MagneticFieldStrength": 3,
    "Manufacturer": "Philips",
    "ManufacturersModelName": "Ingenia",
    "Modality": "MR",
    "NumberOfVolumes": 65,
    "PartialFourier": 0.404762,
    "PatientPosition": "HFS",
    "PercentPhaseFOV": 100,
    "PhaseEncodingAxis": "j",
    "PhaseEncodingSteps": 126,
    "PhilipsRWVIntercept": 0,
    "PhilipsRWVSlope": 2.2779,
    "PhilipsRescaleIntercept": 0,
    "PhilipsRescaleSlope": 2.2779,
    "PhilipsScaleSlope": 0.00932521,
    "PixelBandwidth": 1786,
    "ProcedureStepDescription": "MENINGIOMA_OLFACTOR+CE",
    "ProtocolName": "DTIshort_64dir_b1500_AP",
    "ReconMatrixPE": 128,
    "RepetitionTime": 9.44255,
    "SAR": 0.103125,
    "ScanOptions": "FS",
    "ScanningSequence": "SE",
    "SequenceVariant": "SK",
    "SeriesDescription": "DTIshort_64dir_b1500_AP",
    "SeriesNumber": 901,
    "SliceThickness": 2,
    "SoftwareVersions": "5.4.1_5.4.1.3",
    "SpacingBetweenSlices": 2,
    "StationName": "PHILIPS-F7TK6PR",
    "UsePhilipsFloatNotDisplayScaling": 1,
    "dataset": "<unset>",
    "datatype": "dwi",
    "extension": ".nii.gz",
    "modality": "dwi",
    "run": 1,
    "subject": "olf09fu",
    "suffix": "dwi"
  },
  "efc_shell01": 0.3245,
  "efc_shell02": 0.4161,
  "fa_degenerate": 0.0,
  "fa_nans": 0.0,
  "fber_shell01": -1.0,
  "fber_shell02": 985609.6875,
  "fd_mean": 65.3182,
  "fd_num": 64,
  "fd_perc": 98.46153846153847,
  "ndc": 0.9408,
  "provenance": {
    "md5sum": "931f211bcfd224becee00c8f7aed43b3",
    "settings": {
      "testing": false
    },
    "software": "mriqc",
    "version": "25.1.0.dev45+g699d1691"
  },
  "sigma_cc": 47.4433,
  "sigma_pca": 13.6059,
  "sigma_piesno": 0.7598,
  "snr_cc_shell0": 5.39,
  "snr_cc_shell1_best": 3.94,
  "snr_cc_shell1_worst": 3.94,
  "spikes_global": 1442.9,
  "spikes_slice_i": 7312.29,
  "spikes_slice_j": 6780.26,
  "spikes_slice_k": 4635.85,
  "summary_bg_k": 346.5943,
  "summary_bg_mad": 0.0,
  "summary_bg_mean": 10.0049,
  "summary_bg_median": 0.0,
  "summary_bg_n": 901092.0,
  "summary_bg_p05": 0.0,
  "summary_bg_p95": 43.0,
  "summary_bg_stdv": 44.7211,
  "summary_fg_k": 4.3433,
  "summary_fg_mad": 174.9471,
  "summary_fg_mean": 474.3825,
  "summary_fg_median": 302.0,
  "summary_fg_n": 213020.0,
  "summary_fg_p05": 116.0,
  "summary_fg_p95": 1416.0,
  "summary_fg_stdv": 406.4862,
  "summary_wm_k": 35.0686,
  "summary_wm_mad": 47.4433,
  "summary_wm_mean": 258.0514,
  "summary_wm_median": 243.0,
  "summary_wm_n": 30400.0,
  "summary_wm_p05": 177.0,
  "summary_wm_p95": 378.0,
  "summary_wm_stdv": 83.7142
}
