{
  "aor": 0.0033915499999999997,
  "aqi": 0.006093424599999999,
  "bids_meta": {
    "AcquisitionMatrixPE": 81,
    "AcquisitionNumber": 13,
    "AcquisitionTime": "08:44:59.600000",
    "BodyPartExamined": "BRAIN",
    "CoilString": "MULTI_COIL",
    "ConversionSoftware": "dcm2niix",
    "ConversionSoftwareVersion": "v1.0.20181125  (JP2:OpenJPEG) GCC9.3.0",
    "Dcm2bidsVersion": "3.1.1",
    "DeviceSerialNumber": "85054",
    "EchoTime": 0.03,
    "EchoTrainLength": 27,
    "FileSize": 0.06856247130781412,
    "FileSizeUnits": "GB",
    "FlipAngle": 90,
    "ImageOrientationPatientDICOM": [
      0.999989,
      -0.00372994,
      -0.00276749,
      0.00298431,
      0.972593,
      -0.232497
    ],
    "ImageType": [
      "ORIGINAL",
      "PRIMARY",
      "M",
      "FFE",
      "M",
      "FFE"
    ],
    "ImagingFrequency": 127.777,
    "InPlanePhaseEncodingDirectionDICOM": "COL",
    "InstitutionAddress": "Nemirovicha-Danchenko_132",
    "InstitutionName": "Novosib_Neurosurgery_Center",
    "InstitutionalDepartmentName": "MRI",
    "MRAcquisitionType": "2D",
    "MagneticFieldStrength": 3,
    "Manufacturer": "Philips",
    "ManufacturersModelName": "Ingenia",
    "Modality": "MR",
    "NumberOfVolumes": 200,
    "PartialFourier": 0.333333,
    "PatientPosition": "HFS",
    "PercentPhaseFOV": 100,
    "PhaseEncodingAxis": "j",
    "PhaseEncodingSteps": 81,
    "PhilipsRWVIntercept": 0,
    "PhilipsRWVSlope": 0.796337,
    "PhilipsRescaleIntercept": 0,
    "PhilipsRescaleSlope": 0.796337,
    "PhilipsScaleSlope": 0.0171639,
    "PixelBandwidth": 2082,
    "ProcedureStepDescription": "HEAD+C_OL_FAKT.MENING.",
    "ProtocolName": "rest-fMRI",
    "ReconMatrixPE": 96,
    "RepetitionTime": 3,
    "SAR": 0.108574,
    "ScanOptions": "FS",
    "ScanningSequence": "GR",
    "SequenceVariant": "SK",
    "SeriesDescription": "rest-fMRI",
    "SeriesNumber": 1301,
    "SliceThickness": 3,
    "SoftwareVersions": "5.4.1_5.4.1.3",
    "SpacingBetweenSlices": 3,
    "StationName": "PHILIPS-F7TK6PR",
    "TaskName": "rest",
    "UsePhilipsFloatNotDisplayScaling": 1,
    "dataset": "<unset>",
    "datatype": "func",
    "extension": ".nii.gz",
    "modality": "bold",
    "subject": "olf22",
    "suffix": "bold",
    "task": "rest"
  },
  "dummy_trs": 0,
  "dvars_nstd": 29.987720288442222,
  "dvars_std": 1.215547452512563,
  "dvars_vstd": 1.034437289447237,
  "efc": 0.3887,
  "fber": 248284.8125,
  "fd_mean": 0.19029468550635656,
  "fd_num": 52,
  "fd_perc": 26.0,
  "fwhm_avg": 2.963376858120395,
  "fwhm_x": 3.072696219572047,
  "fwhm_y": 3.2841510214558047,
  "fwhm_z": 2.5332833333333333,
  "gcor": 0.00841945,
  "gsr_x": -0.007987767457962036,
  "gsr_y": 0.001586187514476478,
  "provenance": {
    "md5sum": "f8cb3b39604b70c07e48a677ddf96b18",
    "settings": {
      "fd_thres": 0.2,
      "testing": false
    },
    "software": "mriqc",
    "version": "25.1.0.dev45+g699d1691"
  },
  "size_t": 200,
  "size_x": 96,
  "size_y": 96,
  "size_z": 45,
  "snr": 2.9744242263667062,
  "spacing_tr": 2.9999990463256836,
  "spacing_x": 2.5508997440338135,
  "spacing_y": 2.5508997440338135,
  "spacing_z": 3.0,
  "summary_bg_k": 89.9354,
  "summary_bg_mad": 2.2911,
  "summary_bg_mean": 21.0933,
  "summary_bg_median": 2.0,
  "summary_bg_n": 342910.0,
  "summary_bg_p05": 0.0,
  "summary_bg_p95": 92.0,
  "summary_bg_stdv": 63.4117,
  "summary_fg_k": 1.1734,
  "summary_fg_mad": 197.1515,
  "summary_fg_mean": 901.7957,
  "summary_fg_median": 922.0,
  "summary_fg_n": 71810.0,
  "summary_fg_p05": 234.0,
  "summary_fg_p95": 1403.0,
  "summary_fg_stdv": 309.9738,
  "tsnr": 60.45037702587433
}
