{
  "aor": 0.00561425,
  "aqi": 0.011334095849999998,
  "bids_meta": {
    "AcquisitionMatrixPE": 80,
    "AcquisitionNumber": 13,
    "AcquisitionTime": "13:32:45.650000",
    "BodyPartExamined": "BRAIN",
    "CoilString": "MULTI_COIL",
    "ConversionSoftware": "dcm2niix",
    "ConversionSoftwareVersion": "v1.0.20181125  (JP2:OpenJPEG) GCC9.3.0",
    "Dcm2bidsVersion": "3.1.1",
    "DeviceSerialNumber": "85054",
    "EchoTime": 0.03,
    "EchoTrainLength": 27,
    "FileSize": 0.05768399499356747,
    "FileSizeUnits": "GB",
    "FlipAngle": 90,
    "ImageOrientationPatientDICOM": [
      0.999628,
      0.0139728,
      -0.0234385,
      -0.0157681,
      0.996809,
      -0.0782462
    ],
    "ImageType": [
      "ORIGINAL",
      "PRIMARY",
      "M",
      "FFE",
      "M",
      "FFE"
    ],
    "ImagingFrequency": 127.767,
    "InPlanePhaseEncodingDirectionDICOM": "COL",
    "InstitutionAddress": "Nemirovicha-Danchenko_132",
    "InstitutionName": "Novosib_Neurosurgery_Center",
    "InstitutionalDepartmentName": "MRI",
    "MRAcquisitionType": "2D",
    "MagneticFieldStrength": 3,
    "Manufacturer": "Philips",
    "ManufacturersModelName": "Ingenia",
    "Modality": "MR",
    "NumberOfVolumes": 200,
    "PartialFourier": 0.3375,
    "PatientPosition": "HFS",
    "PercentPhaseFOV": 100,
    "PhaseEncodingAxis": "j",
    "PhaseEncodingSteps": 80,
    "PhilipsRWVIntercept": 0,
    "PhilipsRWVSlope": 0.794628,
    "PhilipsRescaleIntercept": 0,
    "PhilipsRescaleSlope": 0.794628,
    "PhilipsScaleSlope": 0.0156521,
    "PixelBandwidth": 2266,
    "ProcedureStepDescription": "HEAD_MENINGIOMA_OLFAKTOR+C",
    "ProtocolName": "rest-fMRI",
    "ReconMatrixPE": 80,
    "RepetitionTime": 3,
    "SAR": 0.108383,
    "ScanOptions": "FS",
    "ScanningSequence": "GR",
    "SequenceVariant": "SK",
    "SeriesDescription": "rest-fMRI",
    "SeriesNumber": 1301,
    "SliceThickness": 3,
    "SoftwareVersions": "5.4.1_5.4.1.3",
    "SpacingBetweenSlices": 3,
    "StationName": "PHILIPS-F7TK6PR",
    "TaskName": "rest",
    "UsePhilipsFloatNotDisplayScaling": 1,
    "dataset": "<unset>",
    "datatype": "func",
    "extension": ".nii.gz",
    "modality": "bold",
    "subject": "olf17",
    "suffix": "bold",
    "task": "rest"
  },
  "dummy_trs": 0,
  "dvars_nstd": 40.52167349954774,
  "dvars_std": 1.20929992758794,
  "dvars_vstd": 1.0497835365326627,
  "efc": 0.4294,
  "fber": 15666.0938,
  "fd_mean": 0.4188910661364845,
  "fd_num": 156,
  "fd_perc": 78.0,
  "fwhm_avg": 2.885485555555556,
  "fwhm_x": 2.8594866666666667,
  "fwhm_y": 3.02065,
  "fwhm_z": 2.77632,
  "gcor": 0.0423074,
  "gsr_x": 0.005567973013967276,
  "gsr_y": 0.0016053490107879043,
  "provenance": {
    "md5sum": "5eea3196fc4c6349edd7ed738fb71fc2",
    "settings": {
      "fd_thres": 0.2,
      "testing": false
    },
    "software": "mriqc",
    "version": "25.1.0.dev45+g699d1691"
  },
  "size_t": 200,
  "size_x": 80,
  "size_y": 80,
  "size_z": 45,
  "snr": 2.97569090610795,
  "spacing_tr": 2.9999990463256836,
  "spacing_x": 3.0,
  "spacing_y": 3.0,
  "spacing_z": 3.0,
  "summary_bg_k": 50.5455,
  "summary_bg_mad": 12.9675,
  "summary_bg_mean": 39.7336,
  "summary_bg_median": 9.0,
  "summary_bg_n": 233805.0,
  "summary_bg_p05": 0.0,
  "summary_bg_p95": 169.0,
  "summary_bg_stdv": 91.5952,
  "summary_fg_k": 1.1517,
  "summary_fg_mad": 218.5343,
  "summary_fg_mean": 1050.4405,
  "summary_fg_median": 1073.0,
  "summary_fg_n": 54195.0,
  "summary_fg_p05": 254.0,
  "summary_fg_p95": 1630.0,
  "summary_fg_stdv": 360.5852,
  "tsnr": 42.63704781513661
}
