{
  "aor": 0.02250995,
  "aqi": 0.09734784899999999,
  "bids_meta": {
    "AcquisitionMatrixPE": 80,
    "AcquisitionNumber": 13,
    "AcquisitionTime": "14:59:22.090000",
    "BodyPartExamined": "BRAIN",
    "CoilString": "MULTI_COIL",
    "ConversionSoftware": "dcm2niix",
    "ConversionSoftwareVersion": "v1.0.20181125  (JP2:OpenJPEG) GCC9.3.0",
    "Dcm2bidsVersion": "3.1.1",
    "DeviceSerialNumber": "85054",
    "EchoTime": 0.030001,
    "EchoTrainLength": 27,
    "FileSize": 0.05256005469709635,
    "FileSizeUnits": "GB",
    "FlipAngle": 90,
    "ImageOrientationPatientDICOM": [
      0.999112,
      0.0413524,
      0.00809079,
      -0.0407961,
      0.997375,
      -0.0598169
    ],
    "ImageType": [
      "ORIGINAL",
      "PRIMARY",
      "M",
      "FFE",
      "M",
      "FFE"
    ],
    "ImagingFrequency": 127.777,
    "InPlanePhaseEncodingDirectionDICOM": "COL",
    "InstitutionAddress": "Nemirovicha-Danchenko_132",
    "InstitutionName": "Novosib_Neurosurgery_Center",
    "InstitutionalDepartmentName": "MRI",
    "MRAcquisitionType": "2D",
    "MagneticFieldStrength": 3,
    "Manufacturer": "Philips",
    "ManufacturersModelName": "Ingenia",
    "Modality": "MR",
    "NumberOfVolumes": 200,
    "PartialFourier": 0.3375,
    "PatientPosition": "HFS",
    "PercentPhaseFOV": 100,
    "PhaseEncodingAxis": "j",
    "PhaseEncodingSteps": 80,
    "PhilipsRWVIntercept": 0,
    "PhilipsRWVSlope": 0.77094,
    "PhilipsRescaleIntercept": 0,
    "PhilipsRescaleSlope": 0.77094,
    "PhilipsScaleSlope": 0.0137567,
    "PixelBandwidth": 2288,
    "ProcedureStepDescription": "MENINGIOMA_OLFACTOR",
    "ProtocolName": "rest-fMRI",
    "ReconMatrixPE": 80,
    "RepetitionTime": 3,
    "SAR": 0.108433,
    "ScanOptions": "FS",
    "ScanningSequence": "GR",
    "SequenceVariant": "SK",
    "SeriesDescription": "rest-fMRI",
    "SeriesNumber": 1301,
    "SliceThickness": 3,
    "SoftwareVersions": "5.4.1_5.4.1.3",
    "SpacingBetweenSlices": 3,
    "StationName": "PHILIPS-F7TK6PR",
    "TaskName": "rest",
    "UsePhilipsFloatNotDisplayScaling": 1,
    "dataset": "<unset>",
    "datatype": "func",
    "extension": ".nii.gz",
    "modality": "bold",
    "subject": "olf21",
    "suffix": "bold",
    "task": "rest"
  },
  "dummy_trs": 0,
  "dvars_nstd": 56.49549951075376,
  "dvars_std": 0.8841123614070354,
  "dvars_vstd": 0.967074961155779,
  "efc": 0.4042,
  "fber": 103716.4062,
  "fd_mean": 1.093789265201238,
  "fd_num": 157,
  "fd_perc": 78.5,
  "fwhm_avg": 2.9216233333333332,
  "fwhm_x": 2.8409033333333333,
  "fwhm_y": 3.097663333333333,
  "fwhm_z": 2.8263033333333336,
  "gcor": 0.00754987,
  "gsr_x": -0.0137577373534441,
  "gsr_y": 0.018771789968013763,
  "provenance": {
    "md5sum": "7a034bbeded9644cafe4864262e0d4de",
    "settings": {
      "fd_thres": 0.2,
      "testing": false
    },
    "software": "mriqc",
    "version": "25.1.0.dev45+g699d1691"
  },
  "size_t": 200,
  "size_x": 80,
  "size_y": 80,
  "size_z": 45,
  "snr": 3.2669462190823904,
  "spacing_tr": 2.9999990463256836,
  "spacing_x": 3.0,
  "spacing_y": 3.0,
  "spacing_z": 3.0,
  "summary_bg_k": 159.932,
  "summary_bg_mad": 3.9842,
  "summary_bg_mean": 23.9781,
  "summary_bg_median": 3.0,
  "summary_bg_n": 234463.0,
  "summary_bg_p05": 0.0,
  "summary_bg_p95": 96.0,
  "summary_bg_stdv": 68.9069,
  "summary_fg_k": 0.8602,
  "summary_fg_mad": 223.3282,
  "summary_fg_mean": 1082.5203,
  "summary_fg_median": 1075.0,
  "summary_fg_n": 53537.0,
  "summary_fg_p05": 424.0,
  "summary_fg_p95": 1656.0,
  "summary_fg_stdv": 329.0504,
  "tsnr": 14.003237684839405
}
