{
    "Modality": "MR",
    "MagneticFieldStrength": 3,
    "ImagingFrequency": 127.777024,
    "Manufacturer": "Philips",
    "ManufacturersModelName": "Ingenia",
    "InstitutionName": "Novosib Neurosurgery Center",
    "InstitutionalDepartmentName": "MRI",
    "InstitutionAddress": "Nemirovicha-Danchenko 132",
    "DeviceSerialNumber": "85054",
    "StationName": "PHILIPS-F7TK6PR",
    "BodyPartExamined": "BRAIN",
    "PatientPosition": "HFS",
    "ProcedureStepDescription": "HEAD+CE",
    "SoftwareVersions": "5.4.1\\5.4.1.3",
    "MRAcquisitionType": "2D",
    "SeriesDescription": "rest-fMRI",
    "ProtocolName": "rest-fMRI",
    "TaskName": "rest",
    "ScanningSequence": "GR",
    "SequenceVariant": "SK",
    "ScanOptions": "FS",
    "PulseSequenceName": "FEEPI",
    "ImageType": [
        "ORIGINAL",
        "PRIMARY",
        "M",
        "FFE",
        "M",
        "FFE"
    ],
    "SeriesNumber": 1301,
    "AcquisitionTime": "18:15:51.680000",
    "AcquisitionNumber": 13,
    "PhilipsRWVSlope": 0.80928,
    "PhilipsRWVIntercept": 0,
    "PhilipsRescaleSlope": 0.80928,
    "PhilipsRescaleIntercept": 0,
    "PhilipsScaleSlope": 0.0132869,
    "UsePhilipsFloatNotDisplayScaling": 1,
    "SliceThickness": 3,
    "SpacingBetweenSlices": 3,
    "SAR": 0.108433,
    "EchoTime": 0.030001,
    "RepetitionTime": 3,
    "MTState": false,
    "FlipAngle": 90,
    "CoilString": "MULTI COIL",
    "PercentPhaseFOV": 100,
    "PercentSampling": 100,
    "EchoTrainLength": 27,
    "PhaseEncodingSteps": 80,
    "FrequencyEncodingSteps": 80,
    "PhaseEncodingStepsOutOfPlane": 1,
    "AcquisitionMatrixPE": 80,
    "ReconMatrixPE": 80,
    "ParallelReductionFactorInPlane": 3,
    "ParallelAcquisitionTechnique": "SENSE",
    "WaterFatShift": 6.77069,
    "EstimatedEffectiveEchoSpacing": 0.00019023,
    "EstimatedTotalReadoutTime": 0.0150282,
    "AcquisitionDuration": 620.91,
    "PixelBandwidth": 2283,
    "PhaseEncodingAxis": "j",
    "ImageOrientationPatientDICOM": [
        0.996109,
        0.0879435,
        -0.00567572,
        -0.0879422,
        0.996125,
        0.000486241
    ],
    "InPlanePhaseEncodingDirectionDICOM": "COL",
    "ConversionSoftware": "dcm2niix",
    "ConversionSoftwareVersion": "v1.0.20230411",
    "Dcm2bidsVersion": "3.0.1"
}
