{
  "aor": 0.007422850000000001,
  "aqi": 0.034056379,
  "bids_meta": {
    "AcquisitionMatrixPE": 80,
    "AcquisitionNumber": 14,
    "AcquisitionTime": "08:53:28.000000",
    "BodyPartExamined": "BRAIN",
    "CoilString": "MULTI_COIL",
    "ConversionSoftware": "dcm2niix",
    "ConversionSoftwareVersion": "v1.0.20181125  (JP2:OpenJPEG) GCC9.3.0",
    "Dcm2bidsVersion": "3.1.1",
    "DeviceSerialNumber": "85054",
    "EchoTime": 0.03,
    "EchoTrainLength": 27,
    "FileSize": 0.047791508957743645,
    "FileSizeUnits": "GB",
    "FlipAngle": 90,
    "ImageOrientationPatientDICOM": [
      0.999702,
      -0.0132833,
      0.0205001,
      0.0147106,
      0.997359,
      -0.0711218
    ],
    "ImageType": [
      "ORIGINAL",
      "PRIMARY",
      "M",
      "FFE",
      "M",
      "FFE"
    ],
    "ImagingFrequency": 127.777,
    "InPlanePhaseEncodingDirectionDICOM": "COL",
    "InstitutionAddress": "Nemirovicha-Danchenko_132",
    "InstitutionName": "Novosib_Neurosurgery_Center",
    "InstitutionalDepartmentName": "MRI",
    "MRAcquisitionType": "2D",
    "MagneticFieldStrength": 3,
    "Manufacturer": "Philips",
    "ManufacturersModelName": "Ingenia",
    "Modality": "MR",
    "NumberOfVolumes": 200,
    "PartialFourier": 0.3375,
    "PatientPosition": "HFS",
    "PercentPhaseFOV": 100,
    "PhaseEncodingAxis": "j",
    "PhaseEncodingSteps": 80,
    "PhilipsRWVIntercept": 0,
    "PhilipsRWVSlope": 0.830769,
    "PhilipsRescaleIntercept": 0,
    "PhilipsRescaleSlope": 0.830769,
    "PhilipsScaleSlope": 0.0126808,
    "PixelBandwidth": 2266,
    "ProcedureStepDescription": "HEAD+C",
    "ProtocolName": "rest-fMRI",
    "ReconMatrixPE": 80,
    "RepetitionTime": 3,
    "SAR": 0.108433,
    "ScanOptions": "FS",
    "ScanningSequence": "GR",
    "SequenceVariant": "SK",
    "SeriesDescription": "rest-fMRI",
    "SeriesNumber": 1401,
    "SliceThickness": 3,
    "SoftwareVersions": "5.4.1_5.4.1.3",
    "SpacingBetweenSlices": 3,
    "StationName": "PHILIPS-F7TK6PR",
    "TaskName": "rest",
    "UsePhilipsFloatNotDisplayScaling": 1,
    "dataset": "<unset>",
    "datatype": "func",
    "extension": ".nii.gz",
    "modality": "bold",
    "subject": "olf02fu",
    "suffix": "bold",
    "task": "rest"
  },
  "dummy_trs": 0,
  "dvars_nstd": 64.74943367030147,
  "dvars_std": 1.21007514120603,
  "dvars_vstd": 1.0436360485929648,
  "efc": 0.3726,
  "fber": 229043.4062,
  "fd_mean": 0.8238020006703719,
  "fd_num": 185,
  "fd_perc": 92.5,
  "fwhm_avg": 2.4998600000000004,
  "fwhm_x": 2.6067833333333335,
  "fwhm_y": 2.491636666666667,
  "fwhm_z": 2.40116,
  "gcor": 0.0124959,
  "gsr_x": -0.0051172343082726,
  "gsr_y": 0.006160196848213673,
  "provenance": {
    "md5sum": "1d9454faaa8d4177946b44c88de031be",
    "settings": {
      "fd_thres": 0.2,
      "testing": false
    },
    "software": "mriqc",
    "version": "25.1.0.dev45+g699d1691"
  },
  "size_t": 200,
  "size_x": 80,
  "size_y": 80,
  "size_z": 45,
  "snr": 2.9103626358433967,
  "spacing_tr": 2.9999990463256836,
  "spacing_x": 3.0,
  "spacing_y": 3.0,
  "spacing_z": 3.0,
  "summary_bg_k": 185.8839,
  "summary_bg_mad": 2.7309,
  "summary_bg_mean": 20.4998,
  "summary_bg_median": 2.0,
  "summary_bg_n": 240942.0,
  "summary_bg_p05": 0.0,
  "summary_bg_p95": 86.0,
  "summary_bg_stdv": 64.1188,
  "summary_fg_k": 1.0452,
  "summary_fg_mad": 226.8049,
  "summary_fg_mean": 988.3657,
  "summary_fg_median": 1011.0,
  "summary_fg_n": 47058.0,
  "summary_fg_p05": 255.0,
  "summary_fg_p95": 1533.0,
  "summary_fg_stdv": 347.3757,
  "tsnr": 24.436648562608752
}
