{
  "bids_meta": {
    "AcquisitionDuration": 370.893,
    "AcquisitionMatrixPE": 240,
    "AcquisitionNumber": 4,
    "AcquisitionTime": "20:29:27.630000",
    "BodyPartExamined": "BRAIN",
    "CoilString": "MULTI COIL",
    "ConversionSoftware": "dcm2niix",
    "ConversionSoftwareVersion": "v1.0.20230411",
    "Dcm2bidsVersion": "3.0.1",
    "DeviceSerialNumber": "85054",
    "EchoTime": 0.003111,
    "EchoTrainLength": 204,
    "EstimatedEffectiveEchoSpacing": 7.1789e-6,
    "EstimatedTotalReadoutTime": 0.00366842,
    "FileSize": 0.02465361263602972,
    "FileSizeUnits": "GB",
    "FlipAngle": 8,
    "FrequencyEncodingSteps": 240,
    "ImageOrientationPatientDICOM": [
      0.999306,
      0.0307911,
      0.0209514,
      -0.0211429,
      0.932142,
      -0.361475
    ],
    "ImageType": [
      "ORIGINAL",
      "PRIMARY",
      "M",
      "FFE",
      "M",
      "FFE"
    ],
    "ImagingFrequency": 127.776992,
    "InPlanePhaseEncodingDirectionDICOM": "COL",
    "InstitutionAddress": "Nemirovicha-Danchenko 132",
    "InstitutionName": "Novosib Neurosurgery Center",
    "InstitutionalDepartmentName": "MRI",
    "MRAcquisitionType": "3D",
    "MTState": false,
    "MagneticFieldStrength": 3,
    "Manufacturer": "Philips",
    "ManufacturersModelName": "Ingenia",
    "Modality": "MR",
    "NumberOfVolumes": 1,
    "ParallelAcquisitionTechnique": "SENSE",
    "ParallelReductionFactorOutOfPlane": 2.2,
    "PartialFourierDirection": "PHASE",
    "PartialFourierEnabled": "YES",
    "PatientPosition": "HFS",
    "PercentPhaseFOV": 100,
    "PercentSampling": 100,
    "PhaseEncodingAxis": "j",
    "PhaseEncodingStepsNoPartialFourier": 240,
    "PhaseEncodingStepsOutOfPlane": 192,
    "PhilipsRWVIntercept": 0,
    "PhilipsRWVSlope": 4.21172,
    "PhilipsRescaleIntercept": 0,
    "PhilipsRescaleSlope": 4.21172,
    "PhilipsScaleSlope": 0.0123702,
    "PixelBandwidth": 271,
    "ProcedureStepDescription": "HEAD+C+OLFAKTORNAYA",
    "ProtocolName": "sT1W_3D",
    "PulseSequenceName": "T1TFE",
    "ReconMatrixPE": 512,
    "RepetitionTime": 0.006882,
    "SAR": 0.0231826,
    "ScanOptions": "PFP",
    "ScanningSequence": "GR",
    "SequenceVariant": "MP",
    "SeriesDescription": "sT1W_3D",
    "SeriesNumber": 401,
    "SliceThickness": 1,
    "SoftwareVersions": "5.4.1\\5.4.1.3",
    "SpacingBetweenSlices": 1,
    "SpoilingState": true,
    "SpoilingType": "COMBINED",
    "StationName": "PHILIPS-F7TK6PR",
    "UsePhilipsFloatNotDisplayScaling": 1,
    "WaterFatShift": 1.60153,
    "dataset": "<unset>",
    "datatype": "anat",
    "extension": ".nii.gz",
    "modality": "T1w",
    "run": 1,
    "subject": "olf29",
    "suffix": "T1w"
  },
  "cjv": 0.4936065527065527,
  "cnr": 2.071848797831911,
  "efc": 0.7492,
  "fber": 16635.4719,
  "fwhm_avg": 6.478519333333334,
  "fwhm_x": 7.744255999999999,
  "fwhm_y": 7.740672,
  "fwhm_z": 3.95063,
  "icvs_csf": 0.2699883556336573,
  "icvs_gm": 0.3855775914779053,
  "icvs_wm": 0.34443405288843737,
  "inu_med": 0.6536743640899658,
  "inu_range": 0.30931724011898026,
  "provenance": {
    "md5sum": "f18703c2ee5d43220364a70589c769fb",
    "settings": {
      "testing": false
    },
    "software": "mriqc",
    "version": "25.1.0.dev45+g699d1691",
    "warnings": {
      "large_rot_frame": true,
      "small_air_mask": false
    }
  },
  "qi_1": 0.0,
  "qi_2": 0.001216401029958575,
  "rpve_csf": 7.24053321761986,
  "rpve_gm": 7.173344336490939,
  "rpve_wm": 7.282798817247854,
  "size_x": 512,
  "size_y": 512,
  "size_z": 192,
  "snr_csf": 1.752891301708439,
  "snr_gm": 4.57985540976963,
  "snr_total": 5.262724325287965,
  "snr_wm": 9.455426264385824,
  "snrd_csf": 9.874367651754808,
  "snrd_gm": 17.043046992153073,
  "snrd_total": 17.917049402007077,
  "snrd_wm": 26.83373356211335,
  "spacing_x": 0.46875,
  "spacing_y": 0.46875,
  "spacing_z": 1.0,
  "summary_bg_k": 254.4905,
  "summary_bg_mad": 0.0,
  "summary_bg_mean": 2.4239,
  "summary_bg_median": 0.0,
  "summary_bg_n": 23134315.0,
  "summary_bg_p05": 0.0,
  "summary_bg_p95": 0.0,
  "summary_bg_stdv": 23.4869,
  "summary_csf_k": -1.023,
  "summary_csf_mad": 160.3494,
  "summary_csf_mean": 351.4359,
  "summary_csf_median": 354.0,
  "summary_csf_n": 1846878.8365835242,
  "summary_csf_p05": 45.0,
  "summary_csf_p95": 668.0,
  "summary_csf_stdv": 201.952,
  "summary_gm_k": -0.4549,
  "summary_gm_mad": 100.4187,
  "summary_gm_mean": 620.1817,
  "summary_gm_median": 611.0,
  "summary_gm_n": 2637577.061018321,
  "summary_gm_p05": 417.0,
  "summary_gm_p95": 861.0,
  "summary_gm_stdv": 133.4103,
  "summary_wm_k": 0.0385,
  "summary_wm_mad": 72.8372,
  "summary_wm_mean": 935.8531,
  "summary_wm_median": 962.0,
  "summary_wm_n": 2356131.1056744116,
  "summary_wm_p05": 730.0,
  "summary_wm_p95": 1059.0,
  "summary_wm_stdv": 101.7405,
  "tpm_overlap_csf": 0.19413051624528052,
  "tpm_overlap_gm": 0.49159443907009437,
  "tpm_overlap_wm": 0.48665419626831974,
  "wm2max": 0.6464031772500651
}
