{
  "aor": 0.0012234,
  "aqi": 0.005294263099999999,
  "bids_meta": {
    "AcquisitionDuration": 620.91,
    "AcquisitionMatrixPE": 80,
    "AcquisitionNumber": 13,
    "AcquisitionTime": "10:02:30.280000",
    "BodyPartExamined": "BRAIN",
    "CoilString": "MULTI COIL",
    "ConversionSoftware": "dcm2niix",
    "ConversionSoftwareVersion": "v1.0.20230411",
    "Dcm2bidsVersion": "3.0.1",
    "DeviceSerialNumber": "85054",
    "EchoTime": 0.03,
    "EchoTrainLength": 27,
    "EstimatedEffectiveEchoSpacing": 0.000191392,
    "EstimatedTotalReadoutTime": 0.01512,
    "FileSize": 0.05140495765954256,
    "FileSizeUnits": "GB",
    "FlipAngle": 90,
    "FrequencyEncodingSteps": 80,
    "ImageOrientationPatientDICOM": [
      0.999082,
      0.0233642,
      -0.035911,
      -0.0242412,
      0.999414,
      -0.0241829
    ],
    "ImageType": [
      "ORIGINAL",
      "PRIMARY",
      "M",
      "FFE",
      "M",
      "FFE"
    ],
    "ImagingFrequency": 127.776952,
    "InPlanePhaseEncodingDirectionDICOM": "COL",
    "InstitutionAddress": "Nemirovicha-Danchenko 132",
    "InstitutionName": "Novosib Neurosurgery Center",
    "InstitutionalDepartmentName": "MRI",
    "MRAcquisitionType": "2D",
    "MTState": false,
    "MagneticFieldStrength": 3,
    "Manufacturer": "Philips",
    "ManufacturersModelName": "Ingenia",
    "Modality": "MR",
    "NumberOfVolumes": 200,
    "ParallelAcquisitionTechnique": "SENSE",
    "ParallelReductionFactorInPlane": 3,
    "PatientPosition": "HFS",
    "PercentPhaseFOV": 100,
    "PercentSampling": 100,
    "PhaseEncodingAxis": "j",
    "PhaseEncodingSteps": 80,
    "PhaseEncodingStepsOutOfPlane": 1,
    "PhilipsRWVIntercept": 0,
    "PhilipsRWVSlope": 0.818071,
    "PhilipsRescaleIntercept": 0,
    "PhilipsRescaleSlope": 0.818071,
    "PhilipsScaleSlope": 0.0125957,
    "PixelBandwidth": 2265,
    "ProcedureStepDescription": "HEAD+C+ANEST",
    "ProtocolName": "rest-fMRI",
    "PulseSequenceName": "FEEPI",
    "ReconMatrixPE": 80,
    "RepetitionTime": 3,
    "SAR": 0.108433,
    "ScanOptions": "FS",
    "ScanningSequence": "GR",
    "SequenceVariant": "SK",
    "SeriesDescription": "rest-fMRI",
    "SeriesNumber": 1301,
    "SliceThickness": 3,
    "SoftwareVersions": "5.4.1\\5.4.1.3",
    "SpacingBetweenSlices": 3,
    "StationName": "PHILIPS-F7TK6PR",
    "TaskName": "rest",
    "UsePhilipsFloatNotDisplayScaling": 1,
    "WaterFatShift": 6.81205,
    "dataset": "<unset>",
    "datatype": "func",
    "extension": ".nii.gz",
    "modality": "bold",
    "subject": "olf32",
    "suffix": "bold",
    "task": "rest"
  },
  "dummy_trs": 0,
  "dvars_nstd": 25.573188963819106,
  "dvars_std": 1.1557219214070356,
  "dvars_vstd": 1.0055261236683422,
  "efc": 0.3791,
  "fber": 135216.0625,
  "fd_mean": 0.14716002811176898,
  "fd_num": 53,
  "fd_perc": 26.5,
  "fwhm_avg": 2.462128888888889,
  "fwhm_x": 2.5269033333333333,
  "fwhm_y": 2.4625766666666666,
  "fwhm_z": 2.3969066666666667,
  "gcor": 0.0017549,
  "gsr_x": -0.010135886259377003,
  "gsr_y": 0.012304454110562801,
  "provenance": {
    "md5sum": "e40de09405cf611b7a5eb3bac244420e",
    "settings": {
      "fd_thres": 0.2,
      "testing": false
    },
    "software": "mriqc",
    "version": "25.1.0.dev45+g699d1691"
  },
  "size_t": 200,
  "size_x": 80,
  "size_y": 80,
  "size_z": 45,
  "snr": 4.1625676826412645,
  "spacing_tr": 2.9999990463256836,
  "spacing_x": 3.0,
  "spacing_y": 3.0,
  "spacing_z": 3.0,
  "summary_bg_k": 74.7935,
  "summary_bg_mad": 421.5324,
  "summary_bg_mean": 3558.7586,
  "summary_bg_median": 329.0,
  "summary_bg_n": 245779.0,
  "summary_bg_p05": 15.0,
  "summary_bg_p95": 14087.0,
  "summary_bg_stdv": 12085.1348,
  "summary_fg_k": 2.1835,
  "summary_fg_mad": 22078.1709,
  "summary_fg_mean": 119434.3969,
  "summary_fg_median": 121007.0,
  "summary_fg_n": 42221.0,
  "summary_fg_p05": 59928.0,
  "summary_fg_p95": 160805.0,
  "summary_fg_stdv": 29069.9338,
  "tsnr": 72.8200749848038
}
