{
  "aor": 0.0020560000000000005,
  "aqi": 0.012888464399999999,
  "bids_meta": {
    "AcquisitionDuration": 620.91,
    "AcquisitionMatrixPE": 80,
    "AcquisitionNumber": 14,
    "AcquisitionTime": "16:31:8.280000",
    "BodyPartExamined": "BRAIN",
    "CoilString": "MULTI COIL",
    "ConversionSoftware": "dcm2niix",
    "ConversionSoftwareVersion": "v1.0.20230411",
    "Dcm2bidsVersion": "3.0.1",
    "DeviceSerialNumber": "85054",
    "EchoTime": 0.030001,
    "EchoTrainLength": 27,
    "EstimatedEffectiveEchoSpacing": 0.000191461,
    "EstimatedTotalReadoutTime": 0.0151254,
    "FileSize": 0.04993138089776039,
    "FileSizeUnits": "GB",
    "FlipAngle": 90,
    "FrequencyEncodingSteps": 80,
    "ImageOrientationPatientDICOM": [
      0.996279,
      -0.0552424,
      0.0661528,
      0.0559486,
      0.998394,
      -0.00886979
    ],
    "ImageType": [
      "ORIGINAL",
      "PRIMARY",
      "M",
      "FFE",
      "M",
      "FFE"
    ],
    "ImagingFrequency": 127.776912,
    "InPlanePhaseEncodingDirectionDICOM": "COL",
    "InstitutionAddress": "Nemirovicha-Danchenko 132",
    "InstitutionName": "Novosib Neurosurgery Center",
    "InstitutionalDepartmentName": "MRI",
    "MRAcquisitionType": "2D",
    "MTState": false,
    "MagneticFieldStrength": 3,
    "Manufacturer": "Philips",
    "ManufacturersModelName": "Ingenia",
    "Modality": "MR",
    "NumberOfVolumes": 200,
    "ParallelAcquisitionTechnique": "SENSE",
    "ParallelReductionFactorInPlane": 3,
    "PatientPosition": "HFS",
    "PercentPhaseFOV": 100,
    "PercentSampling": 100,
    "PhaseEncodingAxis": "j",
    "PhaseEncodingSteps": 80,
    "PhaseEncodingStepsOutOfPlane": 1,
    "PhilipsRWVIntercept": 0,
    "PhilipsRWVSlope": 0.775092,
    "PhilipsRescaleIntercept": 0,
    "PhilipsRescaleSlope": 0.775092,
    "PhilipsScaleSlope": 0.0124315,
    "PixelBandwidth": 2264,
    "ProcedureStepDescription": "HEAD+C",
    "ProtocolName": "rest-fMRI",
    "PulseSequenceName": "FEEPI",
    "ReconMatrixPE": 80,
    "RepetitionTime": 3,
    "SAR": 0.108433,
    "ScanOptions": "FS",
    "ScanningSequence": "GR",
    "SequenceVariant": "SK",
    "SeriesDescription": "rest-fMRI",
    "SeriesNumber": 1401,
    "SliceThickness": 3,
    "SoftwareVersions": "5.4.1\\5.4.1.3",
    "SpacingBetweenSlices": 3,
    "StationName": "PHILIPS-F7TK6PR",
    "TaskName": "rest",
    "UsePhilipsFloatNotDisplayScaling": 1,
    "WaterFatShift": 6.81448,
    "dataset": "<unset>",
    "datatype": "func",
    "extension": ".nii.gz",
    "modality": "bold",
    "subject": "olf27",
    "suffix": "bold",
    "task": "rest"
  },
  "dummy_trs": 0,
  "dvars_nstd": 29.83751176241206,
  "dvars_std": 1.0984797021105528,
  "dvars_vstd": 0.9677504092462308,
  "efc": 0.3879,
  "fber": 176773.25,
  "fd_mean": 0.18314841718332328,
  "fd_num": 43,
  "fd_perc": 21.5,
  "fwhm_avg": 2.5333399999999995,
  "fwhm_x": 2.51973,
  "fwhm_y": 2.610603333333333,
  "fwhm_z": 2.4696866666666666,
  "gcor": 0.00551073,
  "gsr_x": -0.007923542521893978,
  "gsr_y": 0.016314825043082237,
  "provenance": {
    "md5sum": "eccb769329bf6882b9a0edb02e66aa4c",
    "settings": {
      "fd_thres": 0.2,
      "testing": false
    },
    "software": "mriqc",
    "version": "25.1.0.dev45+g699d1691"
  },
  "size_t": 200,
  "size_x": 80,
  "size_y": 80,
  "size_z": 45,
  "snr": 3.2528576398919884,
  "spacing_tr": 2.9999990463256836,
  "spacing_x": 3.0,
  "spacing_y": 3.0,
  "spacing_z": 3.0,
  "summary_bg_k": 191.7101,
  "summary_bg_mad": 317.208,
  "summary_bg_mean": 2142.7868,
  "summary_bg_median": 240.0,
  "summary_bg_n": 238434.0,
  "summary_bg_p05": 7.0,
  "summary_bg_p95": 9231.0,
  "summary_bg_stdv": 6421.4084,
  "summary_fg_k": 1.3107,
  "summary_fg_mad": 21057.7584,
  "summary_fg_mean": 99023.4021,
  "summary_fg_median": 101019.0,
  "summary_fg_n": 49566.0,
  "summary_fg_p05": 31517.0,
  "summary_fg_p95": 146902.0,
  "summary_fg_stdv": 31055.1497,
  "tsnr": 44.45726096490398
}
