{
  "bids_meta": {
    "AcquisitionMatrixPE": 240,
    "AcquisitionNumber": 3,
    "AcquisitionTime": "08:12:22.560000",
    "BodyPartExamined": "BRAIN",
    "CoilString": "MULTI_COIL",
    "ConversionSoftware": "dcm2niix",
    "ConversionSoftwareVersion": "v1.0.20181125  (JP2:OpenJPEG) GCC9.3.0",
    "Dcm2bidsVersion": "3.1.1",
    "DeviceSerialNumber": "85054",
    "EchoTime": 0.003048,
    "EchoTrainLength": 204,
    "FileSize": 0.02732191886752844,
    "FileSizeUnits": "GB",
    "FlipAngle": 8,
    "ImageOrientationPatientDICOM": [
      0.991851,
      0.119045,
      -0.0453948,
      -0.119167,
      0.992874,
      0.0000205167
    ],
    "ImageType": [
      "ORIGINAL",
      "PRIMARY",
      "M",
      "FFE",
      "M",
      "FFE"
    ],
    "ImagingFrequency": 127.766,
    "InPlanePhaseEncodingDirectionDICOM": "COL",
    "InstitutionAddress": "Nemirovicha-Danchenko_132",
    "InstitutionName": "Novosib_Neurosurgery_Center",
    "InstitutionalDepartmentName": "MRI",
    "MRAcquisitionType": "3D",
    "MagneticFieldStrength": 3,
    "Manufacturer": "Philips",
    "ManufacturersModelName": "Ingenia",
    "Modality": "MR",
    "NumberOfVolumes": 1,
    "PatientPosition": "HFS",
    "PercentPhaseFOV": 100,
    "PhaseEncodingSteps": 240,
    "PhilipsRWVIntercept": 0,
    "PhilipsRWVSlope": 4.22808,
    "PhilipsRescaleIntercept": 0,
    "PhilipsRescaleSlope": 4.22808,
    "PhilipsScaleSlope": 0.013179,
    "PixelBandwidth": 271,
    "ProcedureStepDescription": "HEAD+C_MENINGEOMA_OLFAKTOR",
    "ProtocolName": "sT1W_3D",
    "ReconMatrixPE": 512,
    "RepetitionTime": 0.006685,
    "SAR": 0.0231826,
    "ScanOptions": "PFP",
    "ScanningSequence": "GR",
    "SequenceVariant": "MP",
    "SeriesDescription": "sT1W_3D",
    "SeriesNumber": 301,
    "SliceThickness": 1,
    "SoftwareVersions": "5.4.1_5.4.1.3",
    "SpacingBetweenSlices": 1,
    "StationName": "PHILIPS-F7TK6PR",
    "UsePhilipsFloatNotDisplayScaling": 1,
    "dataset": "<unset>",
    "datatype": "anat",
    "extension": ".nii.gz",
    "modality": "T1w",
    "run": 1,
    "subject": "olf11fu",
    "suffix": "T1w"
  },
  "cjv": 0.6496863221884499,
  "cnr": 1.5052228455055316,
  "efc": 0.7501,
  "fber": -1.0,
  "fwhm_avg": 6.690781333333334,
  "fwhm_x": 7.979178666666667,
  "fwhm_y": 7.990485333333334,
  "fwhm_z": 4.10268,
  "icvs_csf": 0.29078646015383575,
  "icvs_gm": 0.360213067795327,
  "icvs_wm": 0.34900047205083734,
  "inu_med": 0.8051947951316833,
  "inu_range": 0.3703597962856292,
  "provenance": {
    "md5sum": "181fd397f6f3c01fe4dd9080d27bff9b",
    "settings": {
      "testing": false
    },
    "software": "mriqc",
    "version": "25.1.0.dev45+g699d1691",
    "warnings": {
      "large_rot_frame": true,
      "small_air_mask": false
    }
  },
  "qi_1": 0.0,
  "qi_2": 0.0010049940436145006,
  "rpve_csf": 7.125370767269792,
  "rpve_gm": 7.028668147695497,
  "rpve_wm": 7.121336250425018,
  "size_x": 512,
  "size_y": 512,
  "size_z": 192,
  "snr_csf": 1.375149781363501,
  "snr_gm": 3.272261311727584,
  "snr_total": 4.267229934007686,
  "snr_wm": 8.154278708931972,
  "snrd_csf": 5.373200284323911,
  "snrd_gm": 14.40017676198808,
  "snrd_total": 14.010122222829752,
  "snrd_wm": 22.256989622177265,
  "spacing_x": 0.46875,
  "spacing_y": 0.46875,
  "spacing_z": 1.0,
  "summary_bg_k": 155.7327,
  "summary_bg_mad": 0.0,
  "summary_bg_mean": 4.1306,
  "summary_bg_median": 0.0,
  "summary_bg_n": 20252382.0,
  "summary_bg_p05": 0.0,
  "summary_bg_p95": 8.0,
  "summary_bg_stdv": 27.4335,
  "summary_csf_k": -0.953,
  "summary_csf_mad": 157.1084,
  "summary_csf_mean": 247.6729,
  "summary_csf_median": 225.0,
  "summary_csf_n": 2027101.2022361376,
  "summary_csf_p05": 30.0,
  "summary_csf_p95": 547.0,
  "summary_csf_stdv": 163.6185,
  "summary_gm_k": 0.8977,
  "summary_gm_mad": 116.5621,
  "summary_gm_mean": 599.0106,
  "summary_gm_median": 603.0,
  "summary_gm_n": 2511080.9574929336,
  "summary_gm_p05": 280.0,
  "summary_gm_p95": 924.0,
  "summary_gm_stdv": 184.2762,
  "summary_wm_k": -0.3897,
  "summary_wm_mad": 97.1847,
  "summary_wm_mean": 909.6832,
  "summary_wm_median": 932.0,
  "summary_wm_n": 2432916.8424862777,
  "summary_wm_p05": 695.0,
  "summary_wm_p95": 1065.0,
  "summary_wm_stdv": 114.2958,
  "tpm_overlap_csf": 0.17929559787163038,
  "tpm_overlap_gm": 0.49072882354946096,
  "tpm_overlap_wm": 0.5322088054286472,
  "wm2max": 0.5591031089823421
}
