{
  "bids_meta": {
    "AcquisitionDuration": 318.5,
    "AcquisitionMatrixPE": 252,
    "AcquisitionNumber": 2,
    "AcquisitionTime": "14:18:27.300000",
    "BodyPartExamined": "BRAIN",
    "CoilString": "MULTI COIL",
    "ConversionSoftware": "dcm2niix",
    "ConversionSoftwareVersion": "v1.0.20230411",
    "Dcm2bidsVersion": "3.0.1",
    "DeviceSerialNumber": "85054",
    "EchoTime": 0.3,
    "EstimatedEffectiveEchoSpacing": 1.1639e-6,
    "EstimatedTotalReadoutTime": 0.00059475,
    "FileSize": 0.05832067225128412,
    "FileSizeUnits": "GB",
    "FlipAngle": 90,
    "FrequencyEncodingSteps": 252,
    "ImageOrientationPatientDICOM": [
      0.047975,
      0.998848,
      -0.00128401,
      0.0174127,
      -0.00212164,
      -0.999846
    ],
    "ImageType": [
      "ORIGINAL",
      "PRIMARY",
      "M",
      "SE",
      "M",
      "SE"
    ],
    "ImagingFrequency": 127.766024,
    "InPlanePhaseEncodingDirectionDICOM": "ROW",
    "InstitutionAddress": "Nemirovicha-Danchenko 132",
    "InstitutionName": "Novosib Neurosurgery Center",
    "InstitutionalDepartmentName": "MRI",
    "MRAcquisitionType": "3D",
    "MTState": false,
    "MagneticFieldStrength": 3,
    "Manufacturer": "Philips",
    "ManufacturersModelName": "Ingenia",
    "Modality": "MR",
    "NumberOfAverages": 2,
    "NumberOfVolumes": 1,
    "ParallelAcquisitionTechnique": "SENSE",
    "ParallelReductionFactorInPlane": 2.4,
    "ParallelReductionFactorOutOfPlane": 2.1,
    "PatientPosition": "HFS",
    "PercentPhaseFOV": 100,
    "PercentSampling": 78.2281,
    "PhaseEncodingSteps": 252,
    "PhaseEncodingStepsOutOfPlane": 180,
    "PhilipsRWVIntercept": 0,
    "PhilipsRWVSlope": 1.90427,
    "PhilipsRescaleIntercept": 0,
    "PhilipsRescaleSlope": 1.90427,
    "PhilipsScaleSlope": 0.0110884,
    "PixelBandwidth": 841,
    "ProcedureStepDescription": "HEAD+CE+MENINGIOMA",
    "ProtocolName": "3D_T2_1mm",
    "PulseSequenceName": "TSE",
    "ReconMatrixPE": 512,
    "RepetitionTime": 3.5,
    "SAR": 0.0259759,
    "ScanOptions": "FS",
    "ScanningSequence": "SE",
    "SequenceVariant": "SK",
    "SeriesDescription": "3D_T2_1mm",
    "SeriesNumber": 201,
    "SliceThickness": 1,
    "SoftwareVersions": "5.4.1\\5.4.1.3",
    "SpacingBetweenSlices": 0.5,
    "StationName": "PHILIPS-F7TK6PR",
    "UsePhilipsFloatNotDisplayScaling": 1,
    "WaterFatShift": 0.516724,
    "dataset": "<unset>",
    "datatype": "anat",
    "extension": ".nii.gz",
    "modality": "T2w",
    "subject": "olf37",
    "suffix": "T2w"
  },
  "cjv": 9.184464102564103,
  "cnr": 0.1667088139430099,
  "efc": 0.6327,
  "fber": 55.5308,
  "fwhm_avg": 6.733693706666667,
  "fwhm_x": 6.75506,
  "fwhm_y": 7.24590592,
  "fwhm_z": 6.2001152,
  "icvs_csf": 0.25796338199239766,
  "icvs_gm": 0.4287110805236306,
  "icvs_wm": 0.31332553748397174,
  "inu_med": 0.9520190954208374,
  "inu_range": 0.5300358980894089,
  "provenance": {
    "md5sum": "90b4ca6be5b97617dba53dc7483f38d7",
    "settings": {
      "testing": false
    },
    "software": "mriqc",
    "version": "25.1.0.dev45+g699d1691",
    "warnings": {
      "large_rot_frame": true,
      "small_air_mask": false
    }
  },
  "qi_1": 0.0,
  "qi_2": 0.0012852121277632815,
  "rpve_csf": 6.750737695822103,
  "rpve_gm": 6.585952701608256,
  "rpve_wm": 6.607143786111277,
  "size_x": 360,
  "size_y": 512,
  "size_z": 512,
  "snr_csf": 1.2879053971030205,
  "snr_gm": 5.909223494174474,
  "snr_total": 3.6176147598365236,
  "snr_wm": 3.655715388232076,
  "snrd_csf": 6.087343644114568,
  "snrd_gm": 6.078189743897854,
  "snrd_total": 6.20024174678737,
  "snrd_wm": 6.4351918523496865,
  "spacing_x": 0.5,
  "spacing_y": 0.48828125,
  "spacing_z": 0.48828125,
  "summary_bg_k": 11.2384,
  "summary_bg_mad": 0.0,
  "summary_bg_mean": 26.6005,
  "summary_bg_median": 0.0,
  "summary_bg_n": 29172931.0,
  "summary_bg_p05": 0.0,
  "summary_bg_p95": 205.0,
  "summary_bg_stdv": 71.5691,
  "summary_csf_k": -0.7956,
  "summary_csf_mad": 793.4359,
  "summary_csf_mean": 708.1811,
  "summary_csf_median": 665.0,
  "summary_csf_n": 3542210.249536516,
  "summary_csf_p05": 49.0,
  "summary_csf_p95": 1675.0,
  "summary_csf_stdv": 516.3422,
  "summary_gm_k": 33.699,
  "summary_gm_mad": 102.6535,
  "summary_gm_mean": 669.9368,
  "summary_gm_median": 664.0,
  "summary_gm_n": 5886823.0513640605,
  "summary_gm_p05": 505.0,
  "summary_gm_p95": 849.0,
  "summary_gm_stdv": 112.3667,
  "summary_wm_k": 3.1264,
  "summary_wm_mad": 255.5406,
  "summary_wm_mean": 722.7249,
  "summary_wm_median": 703.0,
  "summary_wm_n": 4302412.698054839,
  "summary_wm_p05": 460.0,
  "summary_wm_p95": 1064.0,
  "summary_wm_stdv": 192.3016,
  "tpm_overlap_csf": 0.1878766066864995,
  "tpm_overlap_gm": 0.5059134878942024,
  "tpm_overlap_wm": 0.4879847287706559,
  "wm2max": 0.31875856315505974
}
