{
  "NumberOfShells": 1,
  "bValues": [
    0.0,
    1500.0
  ],
  "bValuesEstimation": [
    1500.0
  ],
  "bdiffs_max": 0.0483,
  "bdiffs_mean": 0.0307,
  "bdiffs_median": 0.0322,
  "bdiffs_min": 0.003,
  "bids_meta": {
    "AcquisitionDuration": 802.927,
    "AcquisitionMatrixPE": 126,
    "AcquisitionNumber": 9,
    "AcquisitionTime": "08:27:45.650000",
    "BodyPartExamined": "BRAIN",
    "CoilString": "MULTI COIL",
    "ConversionSoftware": "dcm2niix",
    "ConversionSoftwareVersion": "v1.0.20230411",
    "Dcm2bidsVersion": "3.0.1",
    "DeviceSerialNumber": "85054",
    "EchoTime": 0.106946,
    "EchoTrainLength": 51,
    "EstimatedEffectiveEchoSpacing": 0.000384709,
    "EstimatedTotalReadoutTime": 0.048858,
    "FileSize": 0.02946596872061491,
    "FileSizeUnits": "GB",
    "FlipAngle": 90,
    "FrequencyEncodingSteps": 128,
    "ImageOrientationPatientDICOM": [
      0.996089,
      0.0525992,
      -0.0709948,
      -0.0652444,
      0.979699,
      -0.189561
    ],
    "ImageType": [
      "ORIGINAL",
      "PRIMARY",
      "M",
      "SE",
      "M",
      "SE"
    ],
    "ImagingFrequency": 127.776928,
    "InPlanePhaseEncodingDirectionDICOM": "COL",
    "InstitutionAddress": "Nemirovicha-Danchenko 132",
    "InstitutionName": "Novosib Neurosurgery Center",
    "InstitutionalDepartmentName": "MRI",
    "MRAcquisitionType": "2D",
    "MTState": false,
    "MagneticFieldStrength": 3,
    "Manufacturer": "Philips",
    "ManufacturersModelName": "Ingenia",
    "Modality": "MR",
    "NumberOfVolumes": 65,
    "ParallelAcquisitionTechnique": "SENSE",
    "ParallelReductionFactorInPlane": 2.5,
    "PartialFourierDirection": "PHASE",
    "PartialFourierEnabled": "YES",
    "PatientPosition": "HFS",
    "PercentPhaseFOV": 100,
    "PercentSampling": 100,
    "PhaseEncodingAxis": "j",
    "PhaseEncodingStepsNoPartialFourier": 126,
    "PhaseEncodingStepsOutOfPlane": 1,
    "PhilipsRWVIntercept": 0,
    "PhilipsRWVSlope": 1.64493,
    "PhilipsRescaleIntercept": 0,
    "PhilipsRescaleSlope": 1.64493,
    "PhilipsScaleSlope": 0.0124197,
    "PixelBandwidth": 1352,
    "ProcedureStepDescription": "HEAD+CE",
    "ProtocolName": "DTIshort_64dir_b1500_AP",
    "PulseSequenceName": "DwiSE",
    "ReconMatrixPE": 128,
    "RepetitionTime": 10.032,
    "SAR": 0.096977,
    "ScanOptions": "FS",
    "ScanningSequence": "SE",
    "SequenceVariant": "SK",
    "SeriesDescription": "DTIshort_64dir_b1500_AP",
    "SeriesNumber": 901,
    "SliceThickness": 2,
    "SoftwareVersions": "5.4.1\\5.4.1.3",
    "SpacingBetweenSlices": 2,
    "StationName": "PHILIPS-F7TK6PR",
    "UsePhilipsFloatNotDisplayScaling": 1,
    "WaterFatShift": 21.6421,
    "dataset": "<unset>",
    "datatype": "dwi",
    "extension": ".nii.gz",
    "modality": "dwi",
    "run": 1,
    "subject": "olf34fu",
    "suffix": "dwi"
  },
  "efc_shell01": 0.2946,
  "efc_shell02": 0.4196,
  "fa_degenerate": 0.0,
  "fa_nans": 0.0,
  "fber_shell01": 706844.5,
  "fber_shell02": 253425.7656,
  "fd_mean": 2.2887,
  "fd_num": 64,
  "fd_perc": 98.46153846153847,
  "ndc": 0.8075,
  "provenance": {
    "md5sum": "39d69cf9be3e8566a09c1d1b8c009dfd",
    "settings": {
      "testing": false
    },
    "software": "mriqc",
    "version": "25.1.0.dev45+g699d1691"
  },
  "sigma_cc": 2327.6855,
  "sigma_pca": 609.4589,
  "sigma_piesno": 26.5829,
  "snr_cc_shell0": 4.53,
  "snr_cc_shell1_best": 55.12,
  "snr_cc_shell1_worst": 55.12,
  "spikes_global": 1132.6,
  "spikes_slice_i": 6113.9,
  "spikes_slice_j": 6014.92,
  "spikes_slice_k": 4105.32,
  "summary_bg_k": 129.9338,
  "summary_bg_mad": 0.0,
  "summary_bg_mean": 501.5909,
  "summary_bg_median": 0.0,
  "summary_bg_n": 943186.0,
  "summary_bg_p05": 0.0,
  "summary_bg_p95": 2173.0,
  "summary_bg_stdv": 1708.9411,
  "summary_fg_k": 0.0465,
  "summary_fg_mad": 5730.2576,
  "summary_fg_mean": 11376.6148,
  "summary_fg_median": 11191.0,
  "summary_fg_n": 170926.0,
  "summary_fg_p05": 0.0,
  "summary_fg_p95": 26812.0,
  "summary_fg_stdv": 7717.5938,
  "summary_wm_k": 6.9624,
  "summary_wm_mad": 2386.9896,
  "summary_wm_mean": 11577.3301,
  "summary_wm_median": 11272.0,
  "summary_wm_n": 28645.0,
  "summary_wm_p05": 7488.0,
  "summary_wm_p95": 16506.0,
  "summary_wm_stdv": 3301.8993
}
