{
  "bids_meta": {
    "AcquisitionMatrixPE": 252,
    "AcquisitionNumber": 3,
    "AcquisitionTime": "08:39:28.200000",
    "BodyPartExamined": "BRAIN",
    "CoilString": "MULTI_COIL",
    "ConversionSoftware": "dcm2niix",
    "ConversionSoftwareVersion": "v1.0.20181125  (JP2:OpenJPEG) GCC9.3.0",
    "Dcm2bidsVersion": "3.1.1",
    "DeviceSerialNumber": "85054",
    "EchoTime": 0.3,
    "EchoTrainLength": 155,
    "FileSize": 0.06232541147619486,
    "FileSizeUnits": "GB",
    "FlipAngle": 90,
    "ImageOrientationPatientDICOM": [
      0.0157004,
      0.999863,
      0.00527336,
      0.0248194,
      0.00488267,
      -0.99968
    ],
    "ImageType": [
      "ORIGINAL",
      "PRIMARY",
      "M",
      "SE",
      "M",
      "SE"
    ],
    "ImagingFrequency": 127.767,
    "InPlanePhaseEncodingDirectionDICOM": "ROW",
    "InstitutionAddress": "Nemirovicha-Danchenko_132",
    "InstitutionName": "Novosib_Neurosurgery_Center",
    "InstitutionalDepartmentName": "MRI",
    "MRAcquisitionType": "3D",
    "MagneticFieldStrength": 3,
    "Manufacturer": "Philips",
    "ManufacturersModelName": "Ingenia",
    "Modality": "MR",
    "NumberOfVolumes": 1,
    "PatientPosition": "HFS",
    "PercentPhaseFOV": 100,
    "PhaseEncodingSteps": 252,
    "PhilipsRWVIntercept": 0,
    "PhilipsRWVSlope": 1.83761,
    "PhilipsRescaleIntercept": 0,
    "PhilipsRescaleSlope": 1.83761,
    "PhilipsScaleSlope": 0.0106678,
    "PixelBandwidth": 841,
    "ProcedureStepDescription": "TRIGEMINAL_1_2",
    "ProtocolName": "3D_T2_1mm",
    "ReconMatrixPE": 512,
    "RepetitionTime": 3.5,
    "SAR": 0.0259759,
    "ScanOptions": "FS",
    "ScanningSequence": "SE",
    "SequenceVariant": "SK",
    "SeriesDescription": "3D_T2_1mm",
    "SeriesNumber": 301,
    "SliceThickness": 1,
    "SoftwareVersions": "5.4.1_5.4.1.3",
    "SpacingBetweenSlices": 0.5,
    "StationName": "PHILIPS-F7TK6PR",
    "UsePhilipsFloatNotDisplayScaling": 1,
    "dataset": "<unset>",
    "datatype": "anat",
    "extension": ".nii.gz",
    "modality": "T2w",
    "subject": "olf14fu",
    "suffix": "T2w"
  },
  "cjv": 1.685714074074074,
  "cnr": 0.5669997562929894,
  "efc": 0.589,
  "fber": 71.4503,
  "fwhm_avg": 5.6480312533333334,
  "fwhm_x": 5.40644,
  "fwhm_y": 6.1207756799999995,
  "fwhm_z": 5.41687808,
  "icvs_csf": 0.27912973548296083,
  "icvs_gm": 0.31898453250944564,
  "icvs_wm": 0.40188573200759353,
  "inu_med": 0.9445809125900269,
  "inu_range": 0.44951844215393066,
  "provenance": {
    "md5sum": "9fcdbd43d229eb829046369b226c97b1",
    "settings": {
      "testing": false
    },
    "software": "mriqc",
    "version": "25.1.0.dev45+g699d1691",
    "warnings": {
      "large_rot_frame": true,
      "small_air_mask": false
    }
  },
  "qi_1": 0.0,
  "qi_2": 0.0017837357234636766,
  "rpve_csf": 7.1415551415363066,
  "rpve_gm": 7.02132985838676,
  "rpve_wm": 7.070254436168991,
  "size_x": 360,
  "size_y": 512,
  "size_z": 512,
  "snr_csf": 1.6788795408873836,
  "snr_gm": 3.101561417992679,
  "snr_total": 3.5868407196072085,
  "snr_wm": 5.980081199941564,
  "snrd_csf": 8.990559075533229,
  "snrd_gm": 6.19433880428146,
  "snrd_total": 6.699870152756357,
  "snrd_wm": 4.914712578454379,
  "spacing_x": 0.5,
  "spacing_y": 0.48828125,
  "spacing_z": 0.48828125,
  "summary_bg_k": 7.7523,
  "summary_bg_mad": 0.0,
  "summary_bg_mean": 57.5054,
  "summary_bg_median": 0.0,
  "summary_bg_n": 31016920.0,
  "summary_bg_p05": 0.0,
  "summary_bg_p95": 416.0,
  "summary_bg_stdv": 138.2332,
  "summary_csf_k": -1.1874,
  "summary_csf_mad": 1628.1243,
  "summary_csf_mean": 1837.4354,
  "summary_csf_median": 1897.0,
  "summary_csf_n": 3630308.5855231443,
  "summary_csf_p05": 120.0,
  "summary_csf_p95": 3714.0,
  "summary_csf_stdv": 1129.9201,
  "summary_gm_k": 8.9133,
  "summary_gm_mad": 303.9475,
  "summary_gm_mean": 1315.6461,
  "summary_gm_median": 1307.0,
  "summary_gm_n": 4148652.543285975,
  "summary_gm_p05": 681.0,
  "summary_gm_p95": 2031.0,
  "summary_gm_stdv": 421.4006,
  "summary_wm_k": 80.4242,
  "summary_wm_mad": 151.1953,
  "summary_wm_mean": 1042.9522,
  "summary_wm_median": 1037.0,
  "summary_wm_n": 5226849.8760336535,
  "summary_wm_p05": 790.0,
  "summary_wm_p95": 1310.0,
  "summary_wm_stdv": 173.409,
  "tpm_overlap_csf": 0.20807507531484107,
  "tpm_overlap_gm": 0.44679739594942336,
  "tpm_overlap_wm": 0.4922330530384205,
  "wm2max": 0.2607525554386839
}
