{
  "aor": 0.0059998000000000004,
  "aqi": 0.02339984995,
  "bids_meta": {
    "AcquisitionDuration": 620.91,
    "AcquisitionMatrixPE": 80,
    "AcquisitionNumber": 13,
    "AcquisitionTime": "08:43:8.930000",
    "BodyPartExamined": "BRAIN",
    "CoilString": "MULTI COIL",
    "ConversionSoftware": "dcm2niix",
    "ConversionSoftwareVersion": "v1.0.20230411",
    "Dcm2bidsVersion": "3.0.1",
    "DeviceSerialNumber": "85054",
    "EchoTime": 0.03,
    "EchoTrainLength": 27,
    "EstimatedEffectiveEchoSpacing": 0.000191324,
    "EstimatedTotalReadoutTime": 0.0151146,
    "FileSize": 0.04992248024791479,
    "FileSizeUnits": "GB",
    "FlipAngle": 90,
    "FrequencyEncodingSteps": 80,
    "ImageOrientationPatientDICOM": [
      0.995686,
      0.05607,
      -0.0739299,
      -0.0504528,
      0.995848,
      0.0757757
    ],
    "ImageType": [
      "ORIGINAL",
      "PRIMARY",
      "M",
      "FFE",
      "M",
      "FFE"
    ],
    "ImagingFrequency": 127.77696,
    "InPlanePhaseEncodingDirectionDICOM": "COL",
    "InstitutionAddress": "Nemirovicha-Danchenko 132",
    "InstitutionName": "Novosib Neurosurgery Center",
    "InstitutionalDepartmentName": "MRI",
    "MRAcquisitionType": "2D",
    "MTState": false,
    "MagneticFieldStrength": 3,
    "Manufacturer": "Philips",
    "ManufacturersModelName": "Ingenia",
    "Modality": "MR",
    "NumberOfVolumes": 200,
    "ParallelAcquisitionTechnique": "SENSE",
    "ParallelReductionFactorInPlane": 3,
    "PatientPosition": "HFS",
    "PercentPhaseFOV": 100,
    "PercentSampling": 100,
    "PhaseEncodingAxis": "j",
    "PhaseEncodingSteps": 80,
    "PhaseEncodingStepsOutOfPlane": 1,
    "PhilipsRWVIntercept": 0,
    "PhilipsRWVSlope": 0.80757,
    "PhilipsRescaleIntercept": 0,
    "PhilipsRescaleSlope": 0.80757,
    "PhilipsScaleSlope": 0.013037,
    "PixelBandwidth": 2266,
    "ProcedureStepDescription": "HEAD+CE",
    "ProtocolName": "rest-fMRI",
    "PulseSequenceName": "FEEPI",
    "ReconMatrixPE": 80,
    "RepetitionTime": 3,
    "SAR": 0.108486,
    "ScanOptions": "FS",
    "ScanningSequence": "GR",
    "SequenceVariant": "SK",
    "SeriesDescription": "rest-fMRI",
    "SeriesNumber": 1301,
    "SliceThickness": 3,
    "SoftwareVersions": "5.4.1\\5.4.1.3",
    "SpacingBetweenSlices": 3,
    "StationName": "PHILIPS-F7TK6PR",
    "UsePhilipsFloatNotDisplayScaling": 1,
    "WaterFatShift": 6.80961,
    "dataset": "<unset>",
    "datatype": "func",
    "extension": ".nii.gz",
    "modality": "bold",
    "subject": "olf34fu",
    "suffix": "bold",
    "task": "rest"
  },
  "dummy_trs": 0,
  "dvars_nstd": 47.64198949201005,
  "dvars_std": 1.2006618948743724,
  "dvars_vstd": 1.0454885381909549,
  "efc": 0.3747,
  "fber": 138239.8594,
  "fd_mean": 0.4681033276139227,
  "fd_num": 175,
  "fd_perc": 87.5,
  "fwhm_avg": 2.270081111111111,
  "fwhm_x": 2.3580200000000002,
  "fwhm_y": 2.29908,
  "fwhm_z": 2.1531433333333334,
  "gcor": 0.020049,
  "gsr_x": -0.006932991091161966,
  "gsr_y": 0.00992630422115326,
  "provenance": {
    "md5sum": "e13b007c913f21c5fb8132552b170813",
    "settings": {
      "fd_thres": 0.2,
      "testing": false
    },
    "software": "mriqc",
    "version": "25.1.0.dev45+g699d1691"
  },
  "size_t": 200,
  "size_x": 80,
  "size_y": 80,
  "size_z": 45,
  "snr": 3.0738878757498025,
  "spacing_tr": 2.9999990463256836,
  "spacing_x": 3.0,
  "spacing_y": 3.0,
  "spacing_z": 3.0,
  "summary_bg_k": 129.4615,
  "summary_bg_mad": 352.9204,
  "summary_bg_mean": 2106.2413,
  "summary_bg_median": 259.0,
  "summary_bg_n": 242445.0,
  "summary_bg_p05": 5.0,
  "summary_bg_p95": 9019.0,
  "summary_bg_stdv": 5521.1502,
  "summary_fg_k": 1.1472,
  "summary_fg_mad": 21331.4954,
  "summary_fg_mean": 95322.8291,
  "summary_fg_median": 96303.0,
  "summary_fg_n": 45555.0,
  "summary_fg_p05": 27997.0,
  "summary_fg_p95": 144174.0,
  "summary_fg_stdv": 31329.0357,
  "tsnr": 31.794745871331543
}
