{
  "aor": 0.0038625000000000005,
  "aqi": 0.035558562499999995,
  "bids_meta": {
    "AcquisitionMatrixPE": 80,
    "AcquisitionNumber": 13,
    "AcquisitionTime": "16:25:26.540000",
    "BodyPartExamined": "BRAIN",
    "CoilString": "MULTI_COIL",
    "ConversionSoftware": "dcm2niix",
    "ConversionSoftwareVersion": "v1.0.20181125  (JP2:OpenJPEG) GCC9.3.0",
    "Dcm2bidsVersion": "3.1.1",
    "DeviceSerialNumber": "85054",
    "EchoTime": 0.030001,
    "EchoTrainLength": 27,
    "FileSize": 0.0484203239902854,
    "FileSizeUnits": "GB",
    "FlipAngle": 90,
    "ImageOrientationPatientDICOM": [
      0.999462,
      0.029092,
      0.0151303,
      -0.0281033,
      0.997687,
      -0.0618957
    ],
    "ImageType": [
      "ORIGINAL",
      "PRIMARY",
      "M",
      "FFE",
      "M",
      "FFE"
    ],
    "ImagingFrequency": 127.766,
    "InPlanePhaseEncodingDirectionDICOM": "COL",
    "InstitutionAddress": "Nemirovicha-Danchenko_132",
    "InstitutionName": "Novosib_Neurosurgery_Center",
    "InstitutionalDepartmentName": "MRI",
    "MRAcquisitionType": "2D",
    "MagneticFieldStrength": 3,
    "Manufacturer": "Philips",
    "ManufacturersModelName": "Ingenia",
    "Modality": "MR",
    "NumberOfVolumes": 200,
    "PartialFourier": 0.3375,
    "PatientPosition": "HFS",
    "PercentPhaseFOV": 100,
    "PhaseEncodingAxis": "j",
    "PhaseEncodingSteps": 80,
    "PhilipsRWVIntercept": 0,
    "PhilipsRWVSlope": 0.815385,
    "PhilipsRescaleIntercept": 0,
    "PhilipsRescaleSlope": 0.815385,
    "PhilipsScaleSlope": 0.012293,
    "PixelBandwidth": 2264,
    "ProcedureStepDescription": "HEAD+CE+MENINGIOMA_OL`FAK_YAMKI",
    "ProtocolName": "rest-fMRI",
    "ReconMatrixPE": 80,
    "RepetitionTime": 3,
    "SAR": 0.108433,
    "ScanOptions": "FS",
    "ScanningSequence": "GR",
    "SequenceVariant": "SK",
    "SeriesDescription": "rest-fMRI",
    "SeriesNumber": 1301,
    "SliceThickness": 3,
    "SoftwareVersions": "5.4.1_5.4.1.3",
    "SpacingBetweenSlices": 3,
    "StationName": "PHILIPS-F7TK6PR",
    "TaskName": "rest",
    "UsePhilipsFloatNotDisplayScaling": 1,
    "dataset": "<unset>",
    "datatype": "func",
    "extension": ".nii.gz",
    "modality": "bold",
    "subject": "olf05",
    "suffix": "bold",
    "task": "rest"
  },
  "dummy_trs": 0,
  "dvars_nstd": 64.99820962281409,
  "dvars_std": 1.2059647819597992,
  "dvars_vstd": 1.0088641314070357,
  "efc": 0.396,
  "fber": 191182.0938,
  "fd_mean": 0.7267566193470313,
  "fd_num": 194,
  "fd_perc": 97.0,
  "fwhm_avg": 2.37755,
  "fwhm_x": 2.3227966666666666,
  "fwhm_y": 2.5237666666666665,
  "fwhm_z": 2.2860866666666664,
  "gcor": 0.0165995,
  "gsr_x": -0.014435808174312115,
  "gsr_y": 0.011847540736198425,
  "provenance": {
    "md5sum": "b02fe4deaabe14a5ce2b755f13ea6a3c",
    "settings": {
      "fd_thres": 0.2,
      "testing": false
    },
    "software": "mriqc",
    "version": "25.1.0.dev45+g699d1691"
  },
  "size_t": 200,
  "size_x": 80,
  "size_y": 80,
  "size_z": 45,
  "snr": 3.088884583765401,
  "spacing_tr": 2.9999990463256836,
  "spacing_x": 3.0,
  "spacing_y": 3.0,
  "spacing_z": 3.0,
  "summary_bg_k": 204.095,
  "summary_bg_mad": 2.823,
  "summary_bg_mean": 20.4085,
  "summary_bg_median": 2.0,
  "summary_bg_n": 235770.0,
  "summary_bg_p05": 0.0,
  "summary_bg_p95": 84.0,
  "summary_bg_stdv": 67.8995,
  "summary_fg_k": 1.2017,
  "summary_fg_mad": 198.8976,
  "summary_fg_mean": 870.1395,
  "summary_fg_median": 902.0,
  "summary_fg_n": 52230.0,
  "summary_fg_p05": 241.0,
  "summary_fg_p95": 1278.0,
  "summary_fg_stdv": 292.012,
  "tsnr": 27.333616370684467
}
