{
  "bids_meta": {
    "AcquisitionMatrixPE": 252,
    "AcquisitionNumber": 2,
    "AcquisitionTime": "07:58:20.250000",
    "BodyPartExamined": "BRAIN",
    "CoilString": "MULTI_COIL",
    "ConversionSoftware": "dcm2niix",
    "ConversionSoftwareVersion": "v1.0.20181125  (JP2:OpenJPEG) GCC9.3.0",
    "Dcm2bidsVersion": "3.1.1",
    "DeviceSerialNumber": "85054",
    "EchoTime": 0.3,
    "EchoTrainLength": 155,
    "FileSize": 0.05699304398149252,
    "FileSizeUnits": "GB",
    "FlipAngle": 90,
    "ImageOrientationPatientDICOM": [
      0.0856555,
      0.996323,
      0.00199844,
      0.0855776,
      -0.00535881,
      -0.996317
    ],
    "ImageType": [
      "ORIGINAL",
      "PRIMARY",
      "M",
      "SE",
      "M",
      "SE"
    ],
    "ImagingFrequency": 127.766,
    "InPlanePhaseEncodingDirectionDICOM": "ROW",
    "InstitutionAddress": "Nemirovicha-Danchenko_132",
    "InstitutionName": "Novosib_Neurosurgery_Center",
    "InstitutionalDepartmentName": "MRI",
    "MRAcquisitionType": "3D",
    "MagneticFieldStrength": 3,
    "Manufacturer": "Philips",
    "ManufacturersModelName": "Ingenia",
    "Modality": "MR",
    "NumberOfVolumes": 1,
    "PatientPosition": "HFS",
    "PercentPhaseFOV": 100,
    "PhaseEncodingSteps": 252,
    "PhilipsRWVIntercept": 0,
    "PhilipsRWVSlope": 1.86349,
    "PhilipsRescaleIntercept": 0,
    "PhilipsRescaleSlope": 1.86349,
    "PhilipsScaleSlope": 0.0102136,
    "PixelBandwidth": 886,
    "ProcedureStepDescription": "HEAD+C_OLFAKTORNAYA_MENINGIOMA",
    "ProtocolName": "3D_T2_1mm",
    "ReconMatrixPE": 512,
    "RepetitionTime": 3.5,
    "SAR": 0.025976,
    "ScanOptions": "FS",
    "ScanningSequence": "SE",
    "SequenceVariant": "SK",
    "SeriesDescription": "3D_T2_1mm",
    "SeriesNumber": 201,
    "SliceThickness": 1,
    "SoftwareVersions": "5.4.1_5.4.1.3",
    "SpacingBetweenSlices": 0.5,
    "StationName": "PHILIPS-F7TK6PR",
    "UsePhilipsFloatNotDisplayScaling": 1,
    "dataset": "<unset>",
    "datatype": "anat",
    "extension": ".nii.gz",
    "modality": "T2w",
    "subject": "olf12fu",
    "suffix": "T2w"
  },
  "cjv": 0.8994907216494845,
  "cnr": 1.0424045969750668,
  "efc": 0.5873,
  "fber": 167.1034,
  "fwhm_avg": 6.92802752,
  "fwhm_x": 6.55464,
  "fwhm_y": 7.65845504,
  "fwhm_z": 6.57098752,
  "icvs_csf": 0.2548360128685872,
  "icvs_gm": 0.4711234567573011,
  "icvs_wm": 0.2740405303741117,
  "inu_med": 0.9395774900913239,
  "inu_range": 0.4440376251935959,
  "provenance": {
    "md5sum": "0c48f88883938b12b58df78c8f90d79f",
    "settings": {
      "testing": false
    },
    "software": "mriqc",
    "version": "25.1.0.dev45+g699d1691",
    "warnings": {
      "large_rot_frame": true,
      "small_air_mask": false
    }
  },
  "qi_1": 0.0,
  "qi_2": 0.0012135229680234822,
  "rpve_csf": 6.741552418823695,
  "rpve_gm": 6.7254047848456056,
  "rpve_wm": 6.760364357101711,
  "size_x": 360,
  "size_y": 512,
  "size_z": 512,
  "snr_csf": 1.3247475162725817,
  "snr_gm": 4.489673401595016,
  "snr_total": 2.6800659852106556,
  "snr_wm": 2.225777037764371,
  "snrd_csf": 5.504446811064433,
  "snrd_gm": 5.468703649953625,
  "snrd_total": 7.2141613508647495,
  "snrd_wm": 10.66933359157619,
  "spacing_x": 0.5,
  "spacing_y": 0.48828125,
  "spacing_z": 0.48828125,
  "summary_bg_k": 9.6385,
  "summary_bg_mad": 0.0,
  "summary_bg_mean": 13.7995,
  "summary_bg_median": 0.0,
  "summary_bg_n": 31081233.0,
  "summary_bg_p05": 0.0,
  "summary_bg_p95": 110.0,
  "summary_bg_stdv": 36.658,
  "summary_csf_k": -0.2185,
  "summary_csf_mad": 355.8717,
  "summary_csf_mean": 329.6119,
  "summary_csf_median": 308.0,
  "summary_csf_n": 3481451.873594305,
  "summary_csf_p05": 28.0,
  "summary_csf_p95": 735.0,
  "summary_csf_stdv": 232.4971,
  "summary_gm_k": 11.1265,
  "summary_gm_mad": 65.6841,
  "summary_gm_mean": 314.5012,
  "summary_gm_median": 306.0,
  "summary_gm_n": 6436271.00722118,
  "summary_gm_p05": 221.0,
  "summary_gm_p95": 434.0,
  "summary_gm_stdv": 68.1564,
  "summary_wm_k": -0.9589,
  "summary_wm_mad": 196.0677,
  "summary_wm_mean": 621.2652,
  "summary_wm_median": 597.0,
  "summary_wm_n": 3743815.1192693217,
  "summary_wm_p05": 235.0,
  "summary_wm_p95": 1057.0,
  "summary_wm_stdv": 268.2209,
  "tpm_overlap_csf": 0.2114454096254257,
  "tpm_overlap_gm": 0.4580849327102028,
  "tpm_overlap_wm": 0.31359121391543054,
  "wm2max": 0.5337601241034046
}
