{
  "bids_meta": {
    "AcquisitionMatrixPE": 240,
    "AcquisitionNumber": 16,
    "AcquisitionTime": "08:57:50.330000",
    "BodyPartExamined": "BRAIN",
    "CoilString": "MULTI_COIL",
    "ConversionSoftware": "dcm2niix",
    "ConversionSoftwareVersion": "v1.0.20181125  (JP2:OpenJPEG) GCC9.3.0",
    "Dcm2bidsVersion": "3.1.1",
    "DeviceSerialNumber": "85054",
    "EchoTime": 0.003055,
    "EchoTrainLength": 204,
    "FileSize": 0.02759934403002262,
    "FileSizeUnits": "GB",
    "FlipAngle": 8,
    "ImageOrientationPatientDICOM": [
      0.992643,
      -0.0905379,
      0.0803945,
      0.0856555,
      0.994379,
      0.0622397
    ],
    "ImageType": [
      "ORIGINAL",
      "PRIMARY",
      "M",
      "FFE",
      "M",
      "FFE"
    ],
    "ImagingFrequency": 127.766,
    "InPlanePhaseEncodingDirectionDICOM": "COL",
    "InstitutionAddress": "Nemirovicha-Danchenko_132",
    "InstitutionName": "Novosib_Neurosurgery_Center",
    "InstitutionalDepartmentName": "MRI",
    "MRAcquisitionType": "3D",
    "MagneticFieldStrength": 3,
    "Manufacturer": "Philips",
    "ManufacturersModelName": "Ingenia",
    "Modality": "MR",
    "NumberOfVolumes": 1,
    "PatientPosition": "HFS",
    "PercentPhaseFOV": 100,
    "PhaseEncodingSteps": 240,
    "PhilipsRWVIntercept": 0,
    "PhilipsRWVSlope": 2.85592,
    "PhilipsRescaleIntercept": 0,
    "PhilipsRescaleSlope": 2.85592,
    "PhilipsScaleSlope": 0.0101289,
    "PixelBandwidth": 271,
    "ProcedureStepDescription": "HEAD+C_OLFAKTORNAYA_MENINGIOMA",
    "ProtocolName": "sT1W_3D_CE",
    "ReconMatrixPE": 512,
    "RepetitionTime": 0.0067412,
    "SAR": 0.0231826,
    "ScanOptions": "PFP",
    "ScanningSequence": "GR",
    "SequenceVariant": "MP",
    "SeriesDescription": "sT1W_3D_CE",
    "SeriesNumber": 1601,
    "SliceThickness": 1,
    "SoftwareVersions": "5.4.1_5.4.1.3",
    "SpacingBetweenSlices": 1,
    "StationName": "PHILIPS-F7TK6PR",
    "UsePhilipsFloatNotDisplayScaling": 1,
    "dataset": "<unset>",
    "datatype": "anat",
    "extension": ".nii.gz",
    "modality": "T1w",
    "run": 2,
    "subject": "olf12fu",
    "suffix": "T1w"
  },
  "cjv": 1.341651886792453,
  "cnr": 0.7994282398015005,
  "efc": 0.7465,
  "fber": -1.0,
  "fwhm_avg": 4.456234,
  "fwhm_x": 5.133248,
  "fwhm_y": 5.559743999999999,
  "fwhm_z": 2.67571,
  "icvs_csf": 0.21718100180040698,
  "icvs_gm": 0.3938263632105444,
  "icvs_wm": 0.38899263498904874,
  "inu_med": 0.9017597436904907,
  "inu_range": 0.4327126979827881,
  "provenance": {
    "md5sum": "8efb7b8b0629e387d2442254ff82cb72",
    "settings": {
      "testing": false
    },
    "software": "mriqc",
    "version": "25.1.0.dev45+g699d1691",
    "warnings": {
      "large_rot_frame": true,
      "small_air_mask": false
    }
  },
  "qi_1": 0.0,
  "qi_2": 0.0015033998585676032,
  "rpve_csf": 6.58246207836266,
  "rpve_gm": 6.460531699575074,
  "rpve_wm": 6.500857266242007,
  "size_x": 512,
  "size_y": 512,
  "size_z": 192,
  "snr_csf": 1.0409367342295688,
  "snr_gm": 2.024503455269644,
  "snr_total": 2.7288016760623464,
  "snr_wm": 5.120964838687826,
  "snrd_csf": 11.857464538874996,
  "snrd_gm": 9.948211774140889,
  "snrd_total": 12.10628946059473,
  "snrd_wm": 14.513192068768308,
  "spacing_x": 0.46875,
  "spacing_y": 0.46875,
  "spacing_z": 1.0,
  "summary_bg_k": 563.6733,
  "summary_bg_mad": 0.0,
  "summary_bg_mean": 4.1866,
  "summary_bg_median": 0.0,
  "summary_bg_n": 20472814.0,
  "summary_bg_p05": 0.0,
  "summary_bg_p95": 0.0,
  "summary_bg_stdv": 45.6373,
  "summary_csf_k": -1.3721,
  "summary_csf_mad": 1157.966,
  "summary_csf_mean": 993.8745,
  "summary_csf_median": 826.0,
  "summary_csf_n": 1622226.3260790948,
  "summary_csf_p05": 65.0,
  "summary_csf_p95": 2767.0,
  "summary_csf_stdv": 793.5158,
  "summary_gm_k": 1.0748,
  "summary_gm_mad": 226.7455,
  "summary_gm_mean": 647.8323,
  "summary_gm_median": 693.0,
  "summary_gm_n": 2941673.02391979,
  "summary_gm_p05": 69.0,
  "summary_gm_p95": 1201.0,
  "summary_gm_stdv": 342.3061,
  "summary_wm_k": 2.0075,
  "summary_wm_mad": 199.8998,
  "summary_wm_mean": 999.3731,
  "summary_wm_median": 1011.0,
  "summary_wm_n": 2905567.6504800445,
  "summary_wm_p05": 682.0,
  "summary_wm_p95": 1274.0,
  "summary_wm_stdv": 197.4237,
  "tpm_overlap_csf": 0.25927420510831983,
  "tpm_overlap_gm": 0.464271925252945,
  "tpm_overlap_wm": 0.48861919413590393,
  "wm2max": 0.31242555309767706
}
