{
  "bids_meta": {
    "AcquisitionMatrixPE": 240,
    "AcquisitionNumber": 3,
    "AcquisitionTime": "08:04:12.200000",
    "BodyPartExamined": "BRAIN",
    "CoilString": "MULTI_COIL",
    "ConversionSoftware": "dcm2niix",
    "ConversionSoftwareVersion": "v1.0.20181125  (JP2:OpenJPEG) GCC9.3.0",
    "Dcm2bidsVersion": "3.1.1",
    "DeviceSerialNumber": "85054",
    "EchoTime": 0.003055,
    "EchoTrainLength": 204,
    "FileSize": 0.025222606025636196,
    "FileSizeUnits": "GB",
    "FlipAngle": 8,
    "ImageOrientationPatientDICOM": [
      0.992643,
      -0.0905379,
      0.0803945,
      0.0856555,
      0.994379,
      0.0622397
    ],
    "ImageType": [
      "ORIGINAL",
      "PRIMARY",
      "M",
      "FFE",
      "M",
      "FFE"
    ],
    "ImagingFrequency": 127.766,
    "InPlanePhaseEncodingDirectionDICOM": "COL",
    "InstitutionAddress": "Nemirovicha-Danchenko_132",
    "InstitutionName": "Novosib_Neurosurgery_Center",
    "InstitutionalDepartmentName": "MRI",
    "MRAcquisitionType": "3D",
    "MagneticFieldStrength": 3,
    "Manufacturer": "Philips",
    "ManufacturersModelName": "Ingenia",
    "Modality": "MR",
    "NumberOfVolumes": 1,
    "PatientPosition": "HFS",
    "PercentPhaseFOV": 100,
    "PhaseEncodingSteps": 240,
    "PhilipsRWVIntercept": 0,
    "PhilipsRWVSlope": 4.4044,
    "PhilipsRescaleIntercept": 0,
    "PhilipsRescaleSlope": 4.4044,
    "PhilipsScaleSlope": 0.0101289,
    "PixelBandwidth": 271,
    "ProcedureStepDescription": "HEAD+C_OLFAKTORNAYA_MENINGIOMA",
    "ProtocolName": "sT1W_3D",
    "ReconMatrixPE": 512,
    "RepetitionTime": 0.0067412,
    "SAR": 0.0231826,
    "ScanOptions": "PFP",
    "ScanningSequence": "GR",
    "SequenceVariant": "MP",
    "SeriesDescription": "sT1W_3D",
    "SeriesNumber": 301,
    "SliceThickness": 1,
    "SoftwareVersions": "5.4.1_5.4.1.3",
    "SpacingBetweenSlices": 1,
    "StationName": "PHILIPS-F7TK6PR",
    "UsePhilipsFloatNotDisplayScaling": 1,
    "dataset": "<unset>",
    "datatype": "anat",
    "extension": ".nii.gz",
    "modality": "T1w",
    "run": 1,
    "subject": "olf12fu",
    "suffix": "T1w"
  },
  "cjv": 0.8519088135593221,
  "cnr": 0.9877492674225763,
  "efc": 0.74,
  "fber": -1.0,
  "fwhm_avg": 6.558001999999999,
  "fwhm_x": 7.782208,
  "fwhm_y": 8.017408,
  "fwhm_z": 3.87439,
  "icvs_csf": 0.28745603882875587,
  "icvs_gm": 0.3585088269810171,
  "icvs_wm": 0.3540351341902271,
  "inu_med": 0.8388122916221619,
  "inu_range": 0.3547015309333801,
  "provenance": {
    "md5sum": "ebcea8ee67fecaf8ceef93a31a00b195",
    "settings": {
      "testing": false
    },
    "software": "mriqc",
    "version": "25.1.0.dev45+g699d1691",
    "warnings": {
      "large_rot_frame": true,
      "small_air_mask": false
    }
  },
  "qi_1": 0.0,
  "qi_2": 0.0014611332360040298,
  "rpve_csf": 6.605368048471447,
  "rpve_gm": 6.445882332715405,
  "rpve_wm": 6.548139252540098,
  "size_x": 512,
  "size_y": 512,
  "size_z": 192,
  "snr_csf": 1.1039948862411229,
  "snr_gm": 2.4003709193192377,
  "snr_total": 2.93605912617439,
  "snr_wm": 5.3038115729628075,
  "snrd_csf": 3.933597572197748,
  "snrd_gm": 12.61316612824278,
  "snrd_total": 11.822170964268231,
  "snrd_wm": 18.91974919236417,
  "spacing_x": 0.46875,
  "spacing_y": 0.46875,
  "spacing_z": 1.0,
  "summary_bg_k": 178.8242,
  "summary_bg_mad": 0.0,
  "summary_bg_mean": 3.2957,
  "summary_bg_median": 0.0,
  "summary_bg_n": 21446964.0,
  "summary_bg_p05": 0.0,
  "summary_bg_p95": 0.0,
  "summary_bg_stdv": 30.645,
  "summary_csf_k": -0.7351,
  "summary_csf_mad": 153.8289,
  "summary_csf_mean": 222.7247,
  "summary_csf_median": 184.0,
  "summary_csf_n": 2154723.611707265,
  "summary_csf_p05": 23.0,
  "summary_csf_p95": 543.0,
  "summary_csf_stdv": 166.6674,
  "summary_gm_k": 6.1398,
  "summary_gm_mad": 94.4483,
  "summary_gm_mean": 577.0931,
  "summary_gm_median": 590.0,
  "summary_gm_n": 2687323.7300875094,
  "summary_gm_p05": 87.0,
  "summary_gm_p95": 997.0,
  "summary_gm_stdv": 245.7953,
  "summary_wm_k": -0.7427,
  "summary_wm_mad": 156.8648,
  "summary_wm_mean": 851.3679,
  "summary_wm_median": 885.0,
  "summary_wm_n": 2653789.6581399646,
  "summary_wm_p05": 565.0,
  "summary_wm_p95": 1067.0,
  "summary_wm_stdv": 166.8611,
  "tpm_overlap_csf": 0.16356647670749022,
  "tpm_overlap_gm": 0.5033733863154248,
  "tpm_overlap_wm": 0.48851867500046164,
  "wm2max": 0.49873219536353464
}
