{
  "bids_meta": {
    "AcquisitionMatrixPE": 240,
    "AcquisitionNumber": 15,
    "AcquisitionTime": "09:33:46.630000",
    "BodyPartExamined": "BRAIN",
    "CoilString": "MULTI_COIL",
    "ConversionSoftware": "dcm2niix",
    "ConversionSoftwareVersion": "v1.0.20181125  (JP2:OpenJPEG) GCC9.3.0",
    "Dcm2bidsVersion": "3.1.1",
    "DeviceSerialNumber": "85054",
    "EchoTime": 0.003027,
    "EchoTrainLength": 204,
    "FileSize": 0.026317558251321316,
    "FileSizeUnits": "GB",
    "FlipAngle": 8,
    "ImageOrientationPatientDICOM": [
      0.994579,
      -0.10017,
      -0.0278873,
      0.098955,
      0.994205,
      -0.0419946
    ],
    "ImageType": [
      "ORIGINAL",
      "PRIMARY",
      "M",
      "FFE",
      "M",
      "FFE"
    ],
    "ImagingFrequency": 127.777,
    "InPlanePhaseEncodingDirectionDICOM": "COL",
    "InstitutionAddress": "Nemirovicha-Danchenko_132",
    "InstitutionName": "Novosib_Neurosurgery_Center",
    "InstitutionalDepartmentName": "MRI",
    "MRAcquisitionType": "3D",
    "MagneticFieldStrength": 3,
    "Manufacturer": "Philips",
    "ManufacturersModelName": "Ingenia",
    "Modality": "MR",
    "NumberOfVolumes": 1,
    "PatientPosition": "HFS",
    "PercentPhaseFOV": 100,
    "PhaseEncodingSteps": 240,
    "PhilipsRWVIntercept": 0,
    "PhilipsRWVSlope": 2.29182,
    "PhilipsRescaleIntercept": 0,
    "PhilipsRescaleSlope": 2.29182,
    "PhilipsScaleSlope": 0.0125375,
    "PixelBandwidth": 271,
    "ProcedureStepDescription": "HEAD+C(NAUKA)",
    "ProtocolName": "sT1W_3D_CE",
    "ReconMatrixPE": 512,
    "RepetitionTime": 0.0066744,
    "SAR": 0.0231826,
    "ScanOptions": "PFP",
    "ScanningSequence": "GR",
    "SequenceVariant": "MP",
    "SeriesDescription": "sT1W_3D_CE",
    "SeriesNumber": 1501,
    "SliceThickness": 1,
    "SoftwareVersions": "5.4.1_5.4.1.3",
    "SpacingBetweenSlices": 1,
    "StationName": "PHILIPS-F7TK6PR",
    "UsePhilipsFloatNotDisplayScaling": 1,
    "dataset": "<unset>",
    "datatype": "anat",
    "extension": ".nii.gz",
    "modality": "T1w",
    "run": 2,
    "subject": "olf04fu",
    "suffix": "T1w"
  },
  "cjv": 0.7580461538461538,
  "cnr": 1.0971931534688204,
  "efc": 0.7266,
  "fber": -1.0,
  "fwhm_avg": 4.260083111111112,
  "fwhm_x": 4.961600000000001,
  "fwhm_y": 5.2769493333333335,
  "fwhm_z": 2.5417,
  "icvs_csf": 0.23206802554191217,
  "icvs_gm": 0.387543319728984,
  "icvs_wm": 0.38038865472910377,
  "inu_med": 0.8153033256530762,
  "inu_range": 0.4167860448360441,
  "provenance": {
    "md5sum": "65746a9f691582078e557abfc9037ef5",
    "settings": {
      "testing": false
    },
    "software": "mriqc",
    "version": "25.1.0.dev45+g699d1691",
    "warnings": {
      "large_rot_frame": true,
      "small_air_mask": false
    }
  },
  "qi_1": 0.0,
  "qi_2": 0.0016286532143878732,
  "rpve_csf": 7.628514839339175,
  "rpve_gm": 7.5269549955987305,
  "rpve_wm": 7.5768911393721785,
  "size_x": 512,
  "size_y": 512,
  "size_z": 192,
  "snr_csf": 0.9904001015914041,
  "snr_gm": 3.392562189975142,
  "snr_total": 4.047429330604014,
  "snr_wm": 7.759325700245495,
  "snrd_csf": 13.062325474823808,
  "snrd_gm": 13.13950317334566,
  "snrd_total": 14.785960741811882,
  "snrd_wm": 18.156053577266178,
  "spacing_x": 0.46875,
  "spacing_y": 0.46875,
  "spacing_z": 1.0,
  "summary_bg_k": 613.5667,
  "summary_bg_mad": 0.0,
  "summary_bg_mean": 3.6382,
  "summary_bg_median": 0.0,
  "summary_bg_n": 22011504.0,
  "summary_bg_p05": 0.0,
  "summary_bg_p95": 11.0,
  "summary_bg_stdv": 33.9547,
  "summary_csf_k": -0.6351,
  "summary_csf_mad": 837.3108,
  "summary_csf_mean": 818.495,
  "summary_csf_median": 677.0,
  "summary_csf_n": 1505810.0507565392,
  "summary_csf_p05": 74.0,
  "summary_csf_p95": 2402.0,
  "summary_csf_stdv": 683.5619,
  "summary_gm_k": 27.2817,
  "summary_gm_mad": 101.5403,
  "summary_gm_mean": 673.2678,
  "summary_gm_median": 681.0,
  "summary_gm_n": 2514636.062373294,
  "summary_gm_p05": 308.0,
  "summary_gm_p95": 999.0,
  "summary_gm_stdv": 200.7332,
  "summary_wm_k": 81.9099,
  "summary_wm_mad": 95.5517,
  "summary_wm_mean": 923.2158,
  "summary_wm_median": 941.0,
  "summary_wm_n": 2468211.888075875,
  "summary_wm_p05": 714.0,
  "summary_wm_p95": 1087.0,
  "summary_wm_stdv": 121.2734,
  "tpm_overlap_csf": 0.24188071423146812,
  "tpm_overlap_gm": 0.5067122885187161,
  "tpm_overlap_wm": 0.550832760937759,
  "wm2max": 0.33867593562534987
}
