{
  "bids_meta": {
    "AcquisitionDuration": 370.893,
    "AcquisitionMatrixPE": 240,
    "AcquisitionNumber": 11,
    "AcquisitionTime": "15:42:28.360000",
    "BodyPartExamined": "BRAIN",
    "CoilString": "MULTI COIL",
    "ConversionSoftware": "dcm2niix",
    "ConversionSoftwareVersion": "v1.0.20230411",
    "Dcm2bidsVersion": "3.0.1",
    "DeviceSerialNumber": "85054",
    "EchoTime": 0.00311,
    "EchoTrainLength": 204,
    "EstimatedEffectiveEchoSpacing": 7.1789e-6,
    "EstimatedTotalReadoutTime": 0.00366842,
    "FileSize": 0.03624569810926914,
    "FileSizeUnits": "GB",
    "FlipAngle": 8,
    "FrequencyEncodingSteps": 240,
    "ImageOrientationPatientDICOM": [
      0.999699,
      0.0219132,
      -0.0110056,
      -0.0244537,
      0.924262,
      -0.380976
    ],
    "ImageType": [
      "ORIGINAL",
      "PRIMARY",
      "M",
      "FFE",
      "M",
      "FFE"
    ],
    "ImagingFrequency": 127.777328,
    "InPlanePhaseEncodingDirectionDICOM": "COL",
    "InstitutionAddress": "Nemirovicha-Danchenko 132",
    "InstitutionName": "Novosib Neurosurgery Center",
    "InstitutionalDepartmentName": "MRI",
    "MRAcquisitionType": "3D",
    "MTState": false,
    "MagneticFieldStrength": 3,
    "Manufacturer": "Philips",
    "ManufacturersModelName": "Ingenia",
    "Modality": "MR",
    "NumberOfVolumes": 1,
    "ParallelAcquisitionTechnique": "SENSE",
    "ParallelReductionFactorOutOfPlane": 2.2,
    "PartialFourierDirection": "PHASE",
    "PartialFourierEnabled": "YES",
    "PatientPosition": "HFS",
    "PercentPhaseFOV": 100,
    "PercentSampling": 100,
    "PhaseEncodingAxis": "j",
    "PhaseEncodingStepsNoPartialFourier": 240,
    "PhaseEncodingStepsOutOfPlane": 192,
    "PhilipsRWVIntercept": 0,
    "PhilipsRWVSlope": 2.40806,
    "PhilipsRescaleIntercept": 0,
    "PhilipsRescaleSlope": 2.40806,
    "PhilipsScaleSlope": 0.0152007,
    "PixelBandwidth": 271,
    "ProcedureStepDescription": "HEAD+CE+MENINGIOMA",
    "ProtocolName": "sT1W_3D_CE",
    "PulseSequenceName": "T1TFE",
    "ReconMatrixPE": 512,
    "RepetitionTime": 0.0068782,
    "SAR": 0.0231826,
    "ScanOptions": "PFP",
    "ScanningSequence": "GR",
    "SequenceVariant": "MP",
    "SeriesDescription": "sT1W_3D_CE",
    "SeriesNumber": 1101,
    "SliceThickness": 1,
    "SoftwareVersions": "5.4.1\\5.4.1.3",
    "SpacingBetweenSlices": 1,
    "SpoilingState": true,
    "SpoilingType": "COMBINED",
    "StationName": "PHILIPS-F7TK6PR",
    "UsePhilipsFloatNotDisplayScaling": 1,
    "WaterFatShift": 1.60153,
    "dataset": "<unset>",
    "datatype": "anat",
    "extension": ".nii.gz",
    "modality": "T1w",
    "run": 2,
    "subject": "olf36",
    "suffix": "T1w"
  },
  "cjv": 0.9306771186440677,
  "cnr": 0.9737894309522274,
  "efc": 0.7216,
  "fber": -1.0,
  "fwhm_avg": 4.795119555555556,
  "fwhm_x": 5.63424,
  "fwhm_y": 5.799338666666667,
  "fwhm_z": 2.95178,
  "icvs_csf": 0.24726116539306922,
  "icvs_gm": 0.3938645025835521,
  "icvs_wm": 0.3588743320233788,
  "inu_med": 0.8024635910987854,
  "inu_range": 0.364684522151947,
  "provenance": {
    "md5sum": "1ac770c67af02449b1a1ff593528edb2",
    "settings": {
      "testing": false
    },
    "software": "mriqc",
    "version": "25.1.0.dev45+g699d1691",
    "warnings": {
      "large_rot_frame": true,
      "small_air_mask": false
    }
  },
  "qi_1": 0.0,
  "qi_2": 0.00113198397518578,
  "rpve_csf": 7.356588603678416,
  "rpve_gm": 7.217014832916482,
  "rpve_wm": 7.247781358216838,
  "size_x": 512,
  "size_y": 512,
  "size_z": 192,
  "snr_csf": 1.5543399704380851,
  "snr_gm": 3.747769944528568,
  "snr_total": 3.744563064926494,
  "snr_wm": 5.931579279812828,
  "snrd_csf": 16.611017370102665,
  "snrd_gm": 12.11293803960578,
  "snrd_total": 15.005403750817687,
  "snrd_wm": 16.292255842744616,
  "spacing_x": 0.46875,
  "spacing_y": 0.46875,
  "spacing_z": 1.0,
  "summary_bg_k": 398.8245,
  "summary_bg_mad": 0.0,
  "summary_bg_mean": 6.1954,
  "summary_bg_median": 0.0,
  "summary_bg_n": 19108335.0,
  "summary_bg_p05": 0.0,
  "summary_bg_p95": 35.0,
  "summary_bg_stdv": 36.9946,
  "summary_csf_k": -1.27,
  "summary_csf_mad": 1009.1468,
  "summary_csf_mean": 1000.6752,
  "summary_csf_median": 938.0,
  "summary_csf_n": 1663334.51368477,
  "summary_csf_p05": 136.0,
  "summary_csf_p95": 2051.0,
  "summary_csf_stdv": 603.4714,
  "summary_gm_k": 9.219,
  "summary_gm_mad": 107.7901,
  "summary_gm_mean": 697.6459,
  "summary_gm_median": 684.0,
  "summary_gm_n": 2649540.2940492244,
  "summary_gm_p05": 405.0,
  "summary_gm_p95": 1012.0,
  "summary_gm_stdv": 182.5085,
  "summary_wm_k": 1.4108,
  "summary_wm_mad": 111.8497,
  "summary_wm_mean": 891.8786,
  "summary_wm_median": 920.0,
  "summary_wm_n": 2414160.1920427796,
  "summary_wm_p05": 618.0,
  "summary_wm_p95": 1099.0,
  "summary_wm_stdv": 155.102,
  "tpm_overlap_csf": 0.22391157850400678,
  "tpm_overlap_gm": 0.5046884855358194,
  "tpm_overlap_wm": 0.5217395748681112,
  "wm2max": 0.3564184877629989
}
