{
  "bids_meta": {
    "AcquisitionMatrixPE": 240,
    "AcquisitionNumber": 4,
    "AcquisitionTime": "08:05:2.150000",
    "BodyPartExamined": "BRAIN",
    "CoilString": "MULTI_COIL",
    "ConversionSoftware": "dcm2niix",
    "ConversionSoftwareVersion": "v1.0.20181125  (JP2:OpenJPEG) GCC9.3.0",
    "Dcm2bidsVersion": "3.1.1",
    "DeviceSerialNumber": "85054",
    "EchoTime": 0.002959,
    "EchoTrainLength": 204,
    "FileSize": 0.026364948600530624,
    "FileSizeUnits": "GB",
    "FlipAngle": 8,
    "ImageOrientationPatientDICOM": [
      0.999699,
      0.00409953,
      0.0241802,
      -0.00413962,
      0.99999,
      0.00160811
    ],
    "ImageType": [
      "ORIGINAL",
      "PRIMARY",
      "M",
      "FFE",
      "M",
      "FFE"
    ],
    "ImagingFrequency": 127.777,
    "InPlanePhaseEncodingDirectionDICOM": "COL",
    "InstitutionAddress": "Nemirovicha-Danchenko_132",
    "InstitutionName": "Novosib_Neurosurgery_Center",
    "InstitutionalDepartmentName": "MRI",
    "MRAcquisitionType": "3D",
    "MagneticFieldStrength": 3,
    "Manufacturer": "Philips",
    "ManufacturersModelName": "Ingenia",
    "Modality": "MR",
    "NumberOfVolumes": 1,
    "PatientPosition": "HFS",
    "PercentPhaseFOV": 100,
    "PhaseEncodingSteps": 240,
    "PhilipsRWVIntercept": 0,
    "PhilipsRWVSlope": 107.902,
    "PhilipsRescaleIntercept": 0,
    "PhilipsRescaleSlope": 107.902,
    "PhilipsScaleSlope": 0.0140312,
    "PixelBandwidth": 271,
    "ProcedureStepDescription": "HEAD+C",
    "ProtocolName": "sT1W_3D",
    "ReconMatrixPE": 512,
    "RepetitionTime": 0.0065682,
    "SAR": 0.0231826,
    "ScanOptions": "PFP",
    "ScanningSequence": "GR",
    "SequenceVariant": "MP",
    "SeriesDescription": "sT1W_3D",
    "SeriesNumber": 401,
    "SliceThickness": 1,
    "SoftwareVersions": "5.4.1_5.4.1.3",
    "SpacingBetweenSlices": 1,
    "StationName": "PHILIPS-F7TK6PR",
    "UsePhilipsFloatNotDisplayScaling": 1,
    "dataset": "<unset>",
    "datatype": "anat",
    "extension": ".nii.gz",
    "modality": "T1w",
    "run": 1,
    "subject": "olf05fu",
    "suffix": "T1w"
  },
  "cjv": 0.6416866883116883,
  "cnr": 1.4749058524633343,
  "efc": 0.748,
  "fber": -1.0,
  "fwhm_avg": 6.401029111111112,
  "fwhm_x": 7.696469333333334,
  "fwhm_y": 7.761728000000001,
  "fwhm_z": 3.74489,
  "icvs_csf": 0.28767867906117656,
  "icvs_gm": 0.365303067872719,
  "icvs_wm": 0.3470182530661045,
  "inu_med": 0.7748922407627106,
  "inu_range": 0.35020996630191803,
  "provenance": {
    "md5sum": "7f1046a342eb236bcc7d45c36545ad14",
    "settings": {
      "testing": false
    },
    "software": "mriqc",
    "version": "25.1.0.dev45+g699d1691",
    "warnings": {
      "large_rot_frame": true,
      "small_air_mask": false
    }
  },
  "qi_1": 0.0,
  "qi_2": 0.001719456332323298,
  "rpve_csf": 7.3360188622829074,
  "rpve_gm": 7.225879895864086,
  "rpve_wm": 7.313449056009411,
  "size_x": 512,
  "size_y": 512,
  "size_z": 192,
  "snr_csf": 1.3301882897912798,
  "snr_gm": 3.6897954885591986,
  "snr_total": 4.1382492044200925,
  "snr_wm": 7.394763834909799,
  "snrd_csf": 5.623240882980831,
  "snrd_gm": 14.682906750005502,
  "snrd_total": 14.130195039285164,
  "snrd_wm": 22.08443748486916,
  "spacing_x": 0.46875,
  "spacing_y": 0.46875,
  "spacing_z": 1.0,
  "summary_bg_k": 204.265,
  "summary_bg_mad": 0.0,
  "summary_bg_mean": 3.3346,
  "summary_bg_median": 0.0,
  "summary_bg_n": 19757351.0,
  "summary_bg_p05": 0.0,
  "summary_bg_p95": 7.0,
  "summary_bg_stdv": 27.2622,
  "summary_csf_k": -0.8796,
  "summary_csf_mad": 161.1129,
  "summary_csf_mean": 263.921,
  "summary_csf_median": 234.0,
  "summary_csf_n": 1949344.1006648808,
  "summary_csf_p05": 32.0,
  "summary_csf_p95": 590.0,
  "summary_csf_stdv": 175.9149,
  "summary_gm_k": 0.6829,
  "summary_gm_mad": 97.3775,
  "summary_gm_mean": 611.9073,
  "summary_gm_median": 611.0,
  "summary_gm_n": 2475335.963848175,
  "summary_gm_p05": 330.0,
  "summary_gm_p95": 915.0,
  "summary_gm_stdv": 165.5918,
  "summary_wm_k": -0.3732,
  "summary_wm_mad": 100.262,
  "summary_wm_mean": 888.3861,
  "summary_wm_median": 919.0,
  "summary_wm_n": 2351435.9376406576,
  "summary_wm_p05": 651.0,
  "summary_wm_p95": 1048.0,
  "summary_wm_stdv": 124.2771,
  "tpm_overlap_csf": 0.18409771393530944,
  "tpm_overlap_gm": 0.500259015291603,
  "tpm_overlap_wm": 0.5363930964225414,
  "wm2max": 0.5375065765653727
}
