{
    "Modality": "MR",
    "MagneticFieldStrength": 3,
    "ImagingFrequency": 127.777016,
    "Manufacturer": "Philips",
    "ManufacturersModelName": "Ingenia",
    "InstitutionName": "Novosib Neurosurgery Center",
    "InstitutionalDepartmentName": "MRI",
    "InstitutionAddress": "Nemirovicha-Danchenko 132",
    "DeviceSerialNumber": "85054",
    "StationName": "PHILIPS-F7TK6PR",
    "BodyPartExamined": "BRAIN",
    "PatientPosition": "HFS",
    "ProcedureStepDescription": "HEAD+C (OL`FAKT)",
    "SoftwareVersions": "5.4.1\\5.4.1.3",
    "MRAcquisitionType": "2D",
    "SeriesDescription": "rest-fMRI",
    "ProtocolName": "rest-fMRI",
    "TaskName": "rest",
    "ScanningSequence": "GR",
    "SequenceVariant": "SK",
    "ScanOptions": "FS",
    "PulseSequenceName": "FEEPI",
    "ImageType": [
        "ORIGINAL",
        "PRIMARY",
        "M",
        "FFE",
        "M",
        "FFE"
    ],
    "SeriesNumber": 1301,
    "AcquisitionTime": "17:42:17.850000",
    "AcquisitionNumber": 13,
    "PhilipsRWVSlope": 0.776557,
    "PhilipsRWVIntercept": 0,
    "PhilipsRescaleSlope": 0.776557,
    "PhilipsRescaleIntercept": 0,
    "PhilipsScaleSlope": 0.0133917,
    "UsePhilipsFloatNotDisplayScaling": 1,
    "SliceThickness": 3,
    "SpacingBetweenSlices": 3,
    "SAR": 0.108433,
    "EchoTime": 0.03,
    "RepetitionTime": 3,
    "MTState": false,
    "FlipAngle": 90,
    "CoilString": "MULTI COIL",
    "PercentPhaseFOV": 100,
    "PercentSampling": 100,
    "EchoTrainLength": 27,
    "PhaseEncodingSteps": 80,
    "FrequencyEncodingSteps": 80,
    "PhaseEncodingStepsOutOfPlane": 1,
    "AcquisitionMatrixPE": 80,
    "ReconMatrixPE": 80,
    "ParallelReductionFactorInPlane": 3,
    "ParallelAcquisitionTechnique": "SENSE",
    "WaterFatShift": 6.79745,
    "EstimatedEffectiveEchoSpacing": 0.000190982,
    "EstimatedTotalReadoutTime": 0.0150876,
    "AcquisitionDuration": 620.91,
    "PixelBandwidth": 2272,
    "PhaseEncodingAxis": "j",
    "ImageOrientationPatientDICOM": [
        0.995785,
        -0.0366444,
        0.0840833,
        0.0311491,
        0.997349,
        0.0657609
    ],
    "InPlanePhaseEncodingDirectionDICOM": "COL",
    "ConversionSoftware": "dcm2niix",
    "ConversionSoftwareVersion": "v1.0.20230411",
    "Dcm2bidsVersion": "3.0.1"
}
