{
  "aor": 0.0016766,
  "aqi": 0.006296263899999999,
  "bids_meta": {
    "AcquisitionDuration": 620.91,
    "AcquisitionMatrixPE": 80,
    "AcquisitionNumber": 13,
    "AcquisitionTime": "21:01:33.540000",
    "BodyPartExamined": "BRAIN",
    "CoilString": "MULTI COIL",
    "ConversionSoftware": "dcm2niix",
    "ConversionSoftwareVersion": "v1.0.20230411",
    "Dcm2bidsVersion": "3.0.1",
    "DeviceSerialNumber": "85054",
    "EchoTime": 0.030001,
    "EchoTrainLength": 27,
    "EstimatedEffectiveEchoSpacing": 0.000189752,
    "EstimatedTotalReadoutTime": 0.0149904,
    "FileSize": 0.04942027200013399,
    "FileSizeUnits": "GB",
    "FlipAngle": 90,
    "FrequencyEncodingSteps": 80,
    "ImageOrientationPatientDICOM": [
      0.999181,
      0.0328412,
      0.0236586,
      -0.0295702,
      0.991415,
      -0.127365
    ],
    "ImageType": [
      "ORIGINAL",
      "PRIMARY",
      "M",
      "FFE",
      "M",
      "FFE"
    ],
    "ImagingFrequency": 127.777016,
    "InPlanePhaseEncodingDirectionDICOM": "COL",
    "InstitutionAddress": "Nemirovicha-Danchenko 132",
    "InstitutionName": "Novosib Neurosurgery Center",
    "InstitutionalDepartmentName": "MRI",
    "MRAcquisitionType": "2D",
    "MTState": false,
    "MagneticFieldStrength": 3,
    "Manufacturer": "Philips",
    "ManufacturersModelName": "Ingenia",
    "Modality": "MR",
    "NumberOfVolumes": 200,
    "ParallelAcquisitionTechnique": "SENSE",
    "ParallelReductionFactorInPlane": 3,
    "PatientPosition": "HFS",
    "PercentPhaseFOV": 100,
    "PercentSampling": 100,
    "PhaseEncodingAxis": "j",
    "PhaseEncodingSteps": 80,
    "PhaseEncodingStepsOutOfPlane": 1,
    "PhilipsRWVIntercept": 0,
    "PhilipsRWVSlope": 0.783883,
    "PhilipsRescaleIntercept": 0,
    "PhilipsRescaleSlope": 0.783883,
    "PhilipsScaleSlope": 0.0125069,
    "PixelBandwidth": 2290,
    "ProcedureStepDescription": "HEAD+C+OLFAKTORNAYA",
    "ProtocolName": "rest-fMRI",
    "PulseSequenceName": "FEEPI",
    "ReconMatrixPE": 80,
    "RepetitionTime": 3,
    "SAR": 0.108486,
    "ScanOptions": "FS",
    "ScanningSequence": "GR",
    "SequenceVariant": "SK",
    "SeriesDescription": "rest-fMRI",
    "SeriesNumber": 1301,
    "SliceThickness": 3,
    "SoftwareVersions": "5.4.1\\5.4.1.3",
    "SpacingBetweenSlices": 3,
    "StationName": "PHILIPS-F7TK6PR",
    "TaskName": "rest",
    "UsePhilipsFloatNotDisplayScaling": 1,
    "WaterFatShift": 6.75366,
    "dataset": "<unset>",
    "datatype": "func",
    "extension": ".nii.gz",
    "modality": "bold",
    "subject": "olf29",
    "suffix": "bold",
    "task": "rest"
  },
  "dummy_trs": 0,
  "dvars_nstd": 29.954202086532657,
  "dvars_std": 1.2805981911055273,
  "dvars_vstd": 1.017384771658291,
  "efc": 0.3884,
  "fber": 220611.8594,
  "fd_mean": 0.11456269502633463,
  "fd_num": 17,
  "fd_perc": 8.5,
  "fwhm_avg": 2.475078888888889,
  "fwhm_x": 2.39826,
  "fwhm_y": 2.5949,
  "fwhm_z": 2.4320766666666667,
  "gcor": 0.00715116,
  "gsr_x": -0.006466086953878403,
  "gsr_y": 0.008980882354080677,
  "provenance": {
    "md5sum": "6f83f33080c0a96da3672ab5d61a96da",
    "settings": {
      "fd_thres": 0.2,
      "testing": false
    },
    "software": "mriqc",
    "version": "25.1.0.dev45+g699d1691"
  },
  "size_t": 200,
  "size_x": 80,
  "size_y": 80,
  "size_z": 45,
  "snr": 3.393067757061809,
  "spacing_tr": 2.9999990463256836,
  "spacing_x": 3.0,
  "spacing_y": 3.0,
  "spacing_z": 3.0,
  "summary_bg_k": 102.6292,
  "summary_bg_mad": 294.7259,
  "summary_bg_mean": 1932.6109,
  "summary_bg_median": 223.0,
  "summary_bg_n": 237389.0,
  "summary_bg_p05": 6.0,
  "summary_bg_p95": 8126.0,
  "summary_bg_stdv": 5344.0673,
  "summary_fg_k": 1.8111,
  "summary_fg_mad": 21134.6336,
  "summary_fg_mean": 102049.15,
  "summary_fg_median": 104601.0,
  "summary_fg_n": 50611.0,
  "summary_fg_p05": 34819.0,
  "summary_fg_p95": 144737.0,
  "summary_fg_stdv": 30827.5502,
  "tsnr": 62.2599437457975
}
