{
  "aor": 0.0009185,
  "aqi": 0.00794051045,
  "bids_meta": {
    "AcquisitionDuration": 620.91,
    "AcquisitionMatrixPE": 80,
    "AcquisitionNumber": 13,
    "AcquisitionTime": "19:12:39.700000",
    "BodyPartExamined": "BRAIN",
    "CoilString": "MULTI COIL",
    "ConversionSoftware": "dcm2niix",
    "ConversionSoftwareVersion": "v1.0.20230411",
    "Dcm2bidsVersion": "3.0.1",
    "DeviceSerialNumber": "85054",
    "EchoTime": 0.03,
    "EchoTrainLength": 27,
    "EstimatedEffectiveEchoSpacing": 0.000189957,
    "EstimatedTotalReadoutTime": 0.0150066,
    "FileSize": 0.05221318639814854,
    "FileSizeUnits": "GB",
    "FlipAngle": 90,
    "FrequencyEncodingSteps": 80,
    "ImageOrientationPatientDICOM": [
      0.988694,
      0.138621,
      0.0571645,
      -0.135575,
      0.989288,
      -0.054122
    ],
    "ImageType": [
      "ORIGINAL",
      "PRIMARY",
      "M",
      "FFE",
      "M",
      "FFE"
    ],
    "ImagingFrequency": 127.776992,
    "InPlanePhaseEncodingDirectionDICOM": "COL",
    "InstitutionAddress": "Nemirovicha-Danchenko 132",
    "InstitutionName": "Novosib Neurosurgery Center",
    "InstitutionalDepartmentName": "MRI",
    "MRAcquisitionType": "2D",
    "MTState": false,
    "MagneticFieldStrength": 3,
    "Manufacturer": "Philips",
    "ManufacturersModelName": "Ingenia",
    "Modality": "MR",
    "NumberOfVolumes": 200,
    "ParallelAcquisitionTechnique": "SENSE",
    "ParallelReductionFactorInPlane": 3,
    "PatientPosition": "HFS",
    "PercentPhaseFOV": 100,
    "PercentSampling": 100,
    "PhaseEncodingAxis": "j",
    "PhaseEncodingSteps": 80,
    "PhaseEncodingStepsOutOfPlane": 1,
    "PhilipsRWVIntercept": 0,
    "PhilipsRWVSlope": 0.808303,
    "PhilipsRescaleIntercept": 0,
    "PhilipsRescaleSlope": 0.808303,
    "PhilipsScaleSlope": 0.0116953,
    "PixelBandwidth": 2287,
    "ProcedureStepDescription": "MENINGIOMA OL`F+C",
    "ProtocolName": "rest-fMRI",
    "PulseSequenceName": "FEEPI",
    "ReconMatrixPE": 80,
    "RepetitionTime": 3,
    "SAR": 0.108433,
    "ScanOptions": "FS",
    "ScanningSequence": "GR",
    "SequenceVariant": "SK",
    "SeriesDescription": "rest-fMRI",
    "SeriesNumber": 1301,
    "SliceThickness": 3,
    "SoftwareVersions": "5.4.1\\5.4.1.3",
    "SpacingBetweenSlices": 3,
    "StationName": "PHILIPS-F7TK6PR",
    "TaskName": "rest",
    "UsePhilipsFloatNotDisplayScaling": 1,
    "WaterFatShift": 6.76096,
    "dataset": "<unset>",
    "datatype": "func",
    "extension": ".nii.gz",
    "modality": "bold",
    "subject": "olf28",
    "suffix": "bold",
    "task": "rest"
  },
  "dummy_trs": 0,
  "dvars_nstd": 29.85584137311557,
  "dvars_std": 1.1053749099497492,
  "dvars_vstd": 0.9831955314070351,
  "efc": 0.4165,
  "fber": 107680.7891,
  "fd_mean": 0.15646983986005825,
  "fd_num": 43,
  "fd_perc": 21.5,
  "fwhm_avg": 2.9359066666666664,
  "fwhm_x": 2.7980766666666668,
  "fwhm_y": 3.1051966666666666,
  "fwhm_z": 2.904446666666667,
  "gcor": 0.0159508,
  "gsr_x": -0.00810257252305746,
  "gsr_y": 0.011274064891040325,
  "provenance": {
    "md5sum": "58a9e1b3b6a600c55b2bb69d81034da0",
    "settings": {
      "fd_thres": 0.2,
      "testing": false
    },
    "software": "mriqc",
    "version": "25.1.0.dev45+g699d1691"
  },
  "size_t": 200,
  "size_x": 80,
  "size_y": 80,
  "size_z": 45,
  "snr": 2.705116128669513,
  "spacing_tr": 2.9999990463256836,
  "spacing_x": 3.0,
  "spacing_y": 3.0,
  "spacing_z": 3.0,
  "summary_bg_k": 128.4518,
  "summary_bg_mad": 414.0075,
  "summary_bg_mean": 2658.5033,
  "summary_bg_median": 289.0,
  "summary_bg_n": 231264.0,
  "summary_bg_p05": 2.0,
  "summary_bg_p95": 11750.0,
  "summary_bg_stdv": 7177.2601,
  "summary_fg_k": 1.3985,
  "summary_fg_mad": 20993.3463,
  "summary_fg_mean": 97046.3582,
  "summary_fg_median": 94958.0,
  "summary_fg_n": 56736.0,
  "summary_fg_p05": 32119.0,
  "summary_fg_p95": 173529.0,
  "summary_fg_stdv": 35102.8047,
  "tsnr": 51.43643757747486
}
