{
	"Modality": "MR",
	"MagneticFieldStrength": 3,
	"ImagingFrequency": 127.767144,
	"Manufacturer": "Philips",
	"ManufacturersModelName": "Ingenia",
	"InstitutionName": "Novosib Neurosurgery Center",
	"InstitutionalDepartmentName": "MRI",
	"InstitutionAddress": "Nemirovicha-Danchenko 132",
	"DeviceSerialNumber": "85054",
	"StationName": "PHILIPS-F7TK6PR",
	"BodyPartExamined": "BRAIN",
	"PatientPosition": "HFS",
	"ProcedureStepDescription": "HEAD+CE+MENINGIOMA",
	"SoftwareVersions": "5.4.1\\5.4.1.3",
	"MRAcquisitionType": "3D",
	"SeriesDescription": "sT1W_3D_CE",
	"ProtocolName": "sT1W_3D_CE",
	"ScanningSequence": "GR",
	"SequenceVariant": "MP",
	"ScanOptions": "PFP",
	"PulseSequenceName": "T1TFE",
	"ImageType": ["ORIGINAL", "PRIMARY", "M", "FFE", "M", "FFE"],
	"SeriesNumber": 1301,
	"AcquisitionTime": "13:45:57.450000",
	"AcquisitionNumber": 13,
	"PhilipsRWVSlope": 3.38632,
	"PhilipsRWVIntercept": 0,
	"PhilipsRescaleSlope": 3.38632,
	"PhilipsRescaleIntercept": 0,
	"PhilipsScaleSlope": 0.0150108,
	"UsePhilipsFloatNotDisplayScaling": 1,
	"SliceThickness": 1,
	"SpacingBetweenSlices": 1,
	"SAR": 0.0231826,
	"EchoTime": 0.003086,
	"RepetitionTime": 0.006776,
	"MTState": false,
	"SpoilingState": true,
	"SpoilingType": "COMBINED",
	"FlipAngle": 8,
	"CoilString": "MULTI COIL",
	"PercentPhaseFOV": 100,
	"PercentSampling": 100,
	"EchoTrainLength": 204,
	"PartialFourierDirection": "PHASE",
	"PartialFourierEnabled": "YES",
	"PhaseEncodingStepsNoPartialFourier": 240,
	"FrequencyEncodingSteps": 240,
	"PhaseEncodingStepsOutOfPlane": 192,
	"AcquisitionMatrixPE": 240,
	"ReconMatrixPE": 512,
	"ParallelAcquisitionTechnique": "SENSE",
	"ParallelReductionFactorOutOfPlane": 2.2,
	"WaterFatShift": 1.6014,
	"EstimatedEffectiveEchoSpacing": 7.1789e-06,
	"EstimatedTotalReadoutTime": 0.00366842,
	"AcquisitionDuration": 370.881,
	"PixelBandwidth": 271,
	"PhaseEncodingAxis": "j",
	"ImageOrientationPatientDICOM": [
		0.98779,
		-0.103481,
		0.116461,
		0.107458,
		0.993804,
		-0.0283896	],
	"InPlanePhaseEncodingDirectionDICOM": "COL",
	"BidsGuess": ["anat","_acq-MPGRT1TFE_run-1301_T1w"],
	"ConversionSoftware": "dcm2niix",
	"ConversionSoftwareVersion": "v1.0.20240202"
}
