{
	"Modality": "MR",
	"MagneticFieldStrength": 3,
	"ImagingFrequency": 127.767,
	"Manufacturer": "Philips",
	"ManufacturersModelName": "Ingenia",
	"InstitutionName": "Novosib Neurosurgery Center",
	"InstitutionalDepartmentName": "MRI",
	"InstitutionAddress": "Nemirovicha-Danchenko 132",
	"DeviceSerialNumber": "85054",
	"StationName": "PHILIPS-F7TK6PR",
	"BodyPartExamined": "BRAIN",
	"PatientPosition": "HFS",
	"ProcedureStepDescription": "HEAD+CE+MENINGIOMA",
	"SoftwareVersions": "5.4.1\\5.4.1.3",
	"MRAcquisitionType": "3D",
	"SeriesDescription": "3D_T2_1mm",
	"ProtocolName": "3D_T2_1mm",
	"ScanningSequence": "SE",
	"SequenceVariant": "SK",
	"ScanOptions": "FS",
	"ImageType": ["ORIGINAL", "PRIMARY", "M", "SE", "M", "SE"],
	"SeriesNumber": 201,
	"AcquisitionTime": "12:57:50.960000",
	"AcquisitionNumber": 2,
	"PhilipsRWVSlope": 1.74554,
	"PhilipsRWVIntercept": 0,
	"PhilipsRescaleSlope": 1.74554,
	"PhilipsRescaleIntercept": 0,
	"PhilipsScaleSlope": 0.0110556,
	"UsePhilipsFloatNotDisplayScaling": 1,
	"SliceThickness": 1,
	"SpacingBetweenSlices": 0.5,
	"SAR": 0.0259761,
	"NumberOfAverages": 2,
	"EchoTime": 0.3,
	"RepetitionTime": 3.5,
	"MTState": false,
	"FlipAngle": 90,
	"CoilString": "MULTI COIL",
	"PercentPhaseFOV": 100,
	"PercentSampling": 78.2281,
	"EchoTrainLength": 155,
	"PhaseEncodingSteps": 252,
	"AcquisitionMatrixPE": 252,
	"ReconMatrixPE": 512,
	"ParallelReductionFactorInPlane": 2.4,
	"ParallelAcquisitionTechnique": "SENSE",
	"ParallelReductionOutOfPlane": 2.1,
	"WaterFatShift": 0.464165,
	"EstimatedEffectiveEchoSpacing": 2.07759e-06,
	"EstimatedTotalReadoutTime": 0.00106165,
	"PixelBandwidth": 936,
	"PhaseEncodingAxis": "i",
	"ImageOrientationPatientDICOM": [
		0.118329,
		0.992971,
		0.00254149,
		0.0966077,
		-0.00896497,
		-0.995282	],
	"InPlanePhaseEncodingDirectionDICOM": "ROW",
	"ConversionSoftware": "dcm2niix",
	"ConversionSoftwareVersion": "v1.0.20211006"
}
