{
  "bids_meta": {
    "AcquisitionMatrixPE": 240,
    "AcquisitionNumber": 3,
    "AcquisitionTime": "08:06:58.540000",
    "BodyPartExamined": "BRAIN",
    "CoilString": "MULTI_COIL",
    "ConversionSoftware": "dcm2niix",
    "ConversionSoftwareVersion": "v1.0.20181125  (JP2:OpenJPEG) GCC9.3.0",
    "Dcm2bidsVersion": "3.1.1",
    "DeviceSerialNumber": "85054",
    "EchoTime": 0.003066,
    "EchoTrainLength": 204,
    "FileSize": 0.025194786489009857,
    "FileSizeUnits": "GB",
    "FlipAngle": 8,
    "ImageOrientationPatientDICOM": [
      0.99113,
      -0.0927823,
      0.0951473,
      0.0910811,
      0.995599,
      0.0220784
    ],
    "ImageType": [
      "ORIGINAL",
      "PRIMARY",
      "M",
      "FFE",
      "M",
      "FFE"
    ],
    "ImagingFrequency": 127.766,
    "InPlanePhaseEncodingDirectionDICOM": "COL",
    "InstitutionAddress": "Nemirovicha-Danchenko_132",
    "InstitutionName": "Novosib_Neurosurgery_Center",
    "InstitutionalDepartmentName": "MRI",
    "MRAcquisitionType": "3D",
    "MagneticFieldStrength": 3,
    "Manufacturer": "Philips",
    "ManufacturersModelName": "Ingenia",
    "Modality": "MR",
    "NumberOfVolumes": 1,
    "PatientPosition": "HFS",
    "PercentPhaseFOV": 100,
    "PhaseEncodingSteps": 240,
    "PhilipsRWVIntercept": 0,
    "PhilipsRWVSlope": 4.57363,
    "PhilipsRescaleIntercept": 0,
    "PhilipsRescaleSlope": 4.57363,
    "PhilipsScaleSlope": 0.0125276,
    "PixelBandwidth": 271,
    "ProcedureStepDescription": "HEAD_+C_OLFAKTORNAYA_MENINGIOMA",
    "ProtocolName": "sT1W_3D",
    "ReconMatrixPE": 512,
    "RepetitionTime": 0.0067401,
    "SAR": 0.0231826,
    "ScanOptions": "PFP",
    "ScanningSequence": "GR",
    "SequenceVariant": "MP",
    "SeriesDescription": "sT1W_3D",
    "SeriesNumber": 301,
    "SliceThickness": 1,
    "SoftwareVersions": "5.4.1_5.4.1.3",
    "SpacingBetweenSlices": 1,
    "StationName": "PHILIPS-F7TK6PR",
    "UsePhilipsFloatNotDisplayScaling": 1,
    "dataset": "<unset>",
    "datatype": "anat",
    "extension": ".nii.gz",
    "modality": "T1w",
    "run": 1,
    "subject": "olf10fu",
    "suffix": "T1w"
  },
  "cjv": 0.6850529605263158,
  "cnr": 1.3495506004067912,
  "efc": 0.7475,
  "fber": -1.0,
  "fwhm_avg": 6.437064444444445,
  "fwhm_x": 7.759722666666667,
  "fwhm_y": 7.671210666666667,
  "fwhm_z": 3.88026,
  "icvs_csf": 0.28237004550063804,
  "icvs_gm": 0.358979134931441,
  "icvs_wm": 0.35865081956792105,
  "inu_med": 0.771868109703064,
  "inu_range": 0.34243234694004054,
  "provenance": {
    "md5sum": "c4fc1e41699ec6869c7b9242153d03f3",
    "settings": {
      "testing": false
    },
    "software": "mriqc",
    "version": "25.1.0.dev45+g699d1691",
    "warnings": {
      "large_rot_frame": true,
      "small_air_mask": false
    }
  },
  "qi_1": 0.0,
  "qi_2": 0.0007094237925242752,
  "rpve_csf": 7.408227141934524,
  "rpve_gm": 7.291343931655634,
  "rpve_wm": 7.383161340616891,
  "size_x": 512,
  "size_y": 512,
  "size_z": 192,
  "snr_csf": 1.2502886922342678,
  "snr_gm": 3.2710059490987398,
  "snr_total": 4.0176485692056225,
  "snr_wm": 7.53165106628386,
  "snrd_csf": 5.622893361864227,
  "snrd_gm": 15.764641662943541,
  "snrd_total": 14.985823860919728,
  "snrd_wm": 23.569936557951415,
  "spacing_x": 0.46875,
  "spacing_y": 0.46875,
  "spacing_z": 1.0,
  "summary_bg_k": 209.2303,
  "summary_bg_mad": 0.0,
  "summary_bg_mean": 3.023,
  "summary_bg_median": 0.0,
  "summary_bg_n": 20306765.0,
  "summary_bg_p05": 0.0,
  "summary_bg_p95": 6.0,
  "summary_bg_stdv": 25.5162,
  "summary_csf_k": -0.7287,
  "summary_csf_mad": 166.8737,
  "summary_csf_mean": 250.252,
  "summary_csf_median": 219.0,
  "summary_csf_n": 1894051.2961918311,
  "summary_csf_p05": 28.0,
  "summary_csf_p95": 578.0,
  "summary_csf_stdv": 175.1595,
  "summary_gm_k": 2.285,
  "summary_gm_mad": 101.8635,
  "summary_gm_mean": 609.9159,
  "summary_gm_median": 614.0,
  "summary_gm_n": 2407921.472751194,
  "summary_gm_p05": 280.0,
  "summary_gm_p95": 944.0,
  "summary_gm_stdv": 187.7098,
  "summary_wm_k": -0.4292,
  "summary_wm_mad": 106.3926,
  "summary_wm_mean": 890.219,
  "summary_wm_median": 918.0,
  "summary_wm_n": 2405719.2344127325,
  "summary_wm_p05": 663.0,
  "summary_wm_p95": 1049.0,
  "summary_wm_stdv": 121.8856,
  "tpm_overlap_csf": 0.18758305880471715,
  "tpm_overlap_gm": 0.49195911265388725,
  "tpm_overlap_wm": 0.528608139637568,
  "wm2max": 0.5881670067163168
}
