{
  "aor": 0.0026891,
  "aqi": 0.026570006600000005,
  "bids_meta": {
    "AcquisitionMatrixPE": 80,
    "AcquisitionNumber": 13,
    "AcquisitionTime": "08:42:40.210000",
    "BodyPartExamined": "BRAIN",
    "CoilString": "MULTI_COIL",
    "ConversionSoftware": "dcm2niix",
    "ConversionSoftwareVersion": "v1.0.20181125  (JP2:OpenJPEG) GCC9.3.0",
    "Dcm2bidsVersion": "3.1.1",
    "DeviceSerialNumber": "85054",
    "EchoTime": 0.030001,
    "EchoTrainLength": 27,
    "FileSize": 0.05148287117481232,
    "FileSizeUnits": "GB",
    "FlipAngle": 90,
    "ImageOrientationPatientDICOM": [
      0.992643,
      -0.0905379,
      0.0803945,
      0.0856555,
      0.994379,
      0.0622397
    ],
    "ImageType": [
      "ORIGINAL",
      "PRIMARY",
      "M",
      "FFE",
      "M",
      "FFE"
    ],
    "ImagingFrequency": 127.766,
    "InPlanePhaseEncodingDirectionDICOM": "COL",
    "InstitutionAddress": "Nemirovicha-Danchenko_132",
    "InstitutionName": "Novosib_Neurosurgery_Center",
    "InstitutionalDepartmentName": "MRI",
    "MRAcquisitionType": "2D",
    "MagneticFieldStrength": 3,
    "Manufacturer": "Philips",
    "ManufacturersModelName": "Ingenia",
    "Modality": "MR",
    "NumberOfVolumes": 200,
    "PartialFourier": 0.3375,
    "PatientPosition": "HFS",
    "PercentPhaseFOV": 100,
    "PhaseEncodingAxis": "j",
    "PhaseEncodingSteps": 80,
    "PhilipsRWVIntercept": 0,
    "PhilipsRWVSlope": 0.778999,
    "PhilipsRescaleIntercept": 0,
    "PhilipsRescaleSlope": 0.778999,
    "PhilipsScaleSlope": 0.0124872,
    "PixelBandwidth": 2264,
    "ProcedureStepDescription": "HEAD+C_OLFAKTORNAYA_MENINGIOMA",
    "ProtocolName": "rest-fMRI",
    "ReconMatrixPE": 80,
    "RepetitionTime": 3,
    "SAR": 0.108486,
    "ScanOptions": "FS",
    "ScanningSequence": "GR",
    "SequenceVariant": "SK",
    "SeriesDescription": "rest-fMRI",
    "SeriesNumber": 1301,
    "SliceThickness": 3,
    "SoftwareVersions": "5.4.1_5.4.1.3",
    "SpacingBetweenSlices": 3,
    "StationName": "PHILIPS-F7TK6PR",
    "TaskName": "rest",
    "UsePhilipsFloatNotDisplayScaling": 1,
    "dataset": "<unset>",
    "datatype": "func",
    "extension": ".nii.gz",
    "modality": "bold",
    "subject": "olf12fu",
    "suffix": "bold",
    "task": "rest"
  },
  "dummy_trs": 0,
  "dvars_nstd": 39.92493309366834,
  "dvars_std": 1.1756197382412064,
  "dvars_vstd": 0.9477148884422103,
  "efc": 0.4096,
  "fber": 132986.3906,
  "fd_mean": 0.2308656689280598,
  "fd_num": 86,
  "fd_perc": 43.0,
  "fwhm_avg": 2.6103733333333334,
  "fwhm_x": 2.527703333333333,
  "fwhm_y": 2.8206066666666665,
  "fwhm_z": 2.48281,
  "gcor": 0.00661205,
  "gsr_x": -0.014982806518673897,
  "gsr_y": 0.014973432756960392,
  "provenance": {
    "md5sum": "6796e47b691e0fcbc73eecd82a5c8d55",
    "settings": {
      "fd_thres": 0.2,
      "testing": false
    },
    "software": "mriqc",
    "version": "25.1.0.dev45+g699d1691"
  },
  "size_t": 200,
  "size_x": 80,
  "size_y": 80,
  "size_z": 45,
  "snr": 2.7288445874484917,
  "spacing_tr": 2.9999990463256836,
  "spacing_x": 3.0,
  "spacing_y": 3.0,
  "spacing_z": 3.0,
  "summary_bg_k": 154.5427,
  "summary_bg_mad": 2.8278,
  "summary_bg_mean": 24.5456,
  "summary_bg_median": 2.0,
  "summary_bg_n": 232494.0,
  "summary_bg_p05": 0.0,
  "summary_bg_p95": 101.0,
  "summary_bg_stdv": 75.5506,
  "summary_fg_k": 1.2338,
  "summary_fg_mad": 216.3024,
  "summary_fg_mean": 900.495,
  "summary_fg_median": 903.0,
  "summary_fg_n": 55506.0,
  "summary_fg_p05": 235.0,
  "summary_fg_p95": 1533.0,
  "summary_fg_stdv": 330.9063,
  "tsnr": 31.34635460388381
}
