{
  "NumberOfShells": 1,
  "bValues": [
    0.0,
    1500.0
  ],
  "bValuesEstimation": [
    1500.0
  ],
  "bdiffs_max": 0.0172,
  "bdiffs_mean": 0.0072,
  "bdiffs_median": 0.0063,
  "bdiffs_min": 0.0008,
  "bids_meta": {
    "AcquisitionDuration": 763.378,
    "AcquisitionMatrixPE": 126,
    "AcquisitionNumber": 9,
    "AcquisitionTime": "08:26:28.550000",
    "BodyPartExamined": "BRAIN",
    "CoilString": "MULTI COIL",
    "ConversionSoftware": "dcm2niix",
    "ConversionSoftwareVersion": "v1.0.20230411",
    "Dcm2bidsVersion": "3.0.1",
    "DeviceSerialNumber": "85054",
    "EchoTime": 0.103006,
    "EchoTrainLength": 51,
    "EstimatedEffectiveEchoSpacing": 0.000312746,
    "EstimatedTotalReadoutTime": 0.0397188,
    "FileSize": 0.026209737174212933,
    "FileSizeUnits": "GB",
    "FlipAngle": 90,
    "FrequencyEncodingSteps": 128,
    "ImageOrientationPatientDICOM": [
      0.999671,
      -0.0252399,
      0.00464076,
      0.0256583,
      0.979554,
      -0.199539
    ],
    "ImageType": [
      "ORIGINAL",
      "PRIMARY",
      "M",
      "SE",
      "M",
      "SE"
    ],
    "ImagingFrequency": 127.777144,
    "InPlanePhaseEncodingDirectionDICOM": "COL",
    "InstitutionAddress": "Nemirovicha-Danchenko 132",
    "InstitutionName": "Novosib Neurosurgery Center",
    "InstitutionalDepartmentName": "MRI",
    "MRAcquisitionType": "2D",
    "MTState": false,
    "MagneticFieldStrength": 3,
    "Manufacturer": "Philips",
    "ManufacturersModelName": "Ingenia",
    "Modality": "MR",
    "NumberOfVolumes": 65,
    "ParallelAcquisitionTechnique": "SENSE",
    "ParallelReductionFactorInPlane": 2.5,
    "PartialFourierDirection": "PHASE",
    "PartialFourierEnabled": "YES",
    "PatientPosition": "HFS",
    "PercentPhaseFOV": 100,
    "PercentSampling": 100,
    "PhaseEncodingAxis": "j",
    "PhaseEncodingStepsNoPartialFourier": 126,
    "PhaseEncodingStepsOutOfPlane": 1,
    "PhilipsRWVIntercept": 0,
    "PhilipsRWVSlope": 2.15482,
    "PhilipsRescaleIntercept": 0,
    "PhilipsRescaleSlope": 2.15482,
    "PhilipsScaleSlope": 0.00976142,
    "PixelBandwidth": 1784,
    "ProcedureStepDescription": "HAED+C (OL`F MENING)",
    "ProtocolName": "DTIshort_64dir_b1500_AP",
    "PulseSequenceName": "DwiSE",
    "ReconMatrixPE": 128,
    "RepetitionTime": 9.44174,
    "SAR": 0.103151,
    "ScanOptions": "FS",
    "ScanningSequence": "SE",
    "SequenceVariant": "SK",
    "SeriesDescription": "DTIshort_64dir_b1500_AP",
    "SeriesNumber": 901,
    "SliceThickness": 2,
    "SoftwareVersions": "5.4.1\\5.4.1.3",
    "SpacingBetweenSlices": 2,
    "StationName": "PHILIPS-F7TK6PR",
    "UsePhilipsFloatNotDisplayScaling": 1,
    "WaterFatShift": 17.5939,
    "dataset": "<unset>",
    "datatype": "dwi",
    "extension": ".nii.gz",
    "modality": "dwi",
    "run": 1,
    "subject": "olf23fu",
    "suffix": "dwi"
  },
  "efc_shell01": 0.3006,
  "efc_shell02": 0.4139,
  "fa_degenerate": 0.0,
  "fa_nans": 0.0,
  "fber_shell01": 9949062.0,
  "fber_shell02": 1799958.125,
  "fd_mean": 2.696,
  "fd_num": 64,
  "fd_perc": 98.46153846153847,
  "ndc": 0.7705,
  "provenance": {
    "md5sum": "3665ac67af8a96d6fe3f100164af42c9",
    "settings": {
      "testing": false
    },
    "software": "mriqc",
    "version": "25.1.0.dev45+g699d1691"
  },
  "sigma_cc": 2504.8564,
  "sigma_pca": 681.1389,
  "sigma_piesno": 33.8375,
  "snr_cc_shell0": 4.42,
  "snr_cc_shell1_best": 12.77,
  "snr_cc_shell1_worst": 12.77,
  "spikes_global": 1304.09,
  "spikes_slice_i": 7158.51,
  "spikes_slice_j": 6207.58,
  "spikes_slice_k": 4362.61,
  "summary_bg_k": 137.8983,
  "summary_bg_mad": 0.0,
  "summary_bg_mean": 451.98,
  "summary_bg_median": 0.0,
  "summary_bg_n": 927180.0,
  "summary_bg_p05": 0.0,
  "summary_bg_p95": 1947.0,
  "summary_bg_stdv": 1742.6257,
  "summary_fg_k": -0.2162,
  "summary_fg_mad": 6533.828,
  "summary_fg_mean": 11342.5696,
  "summary_fg_median": 11267.0,
  "summary_fg_n": 186932.0,
  "summary_fg_p05": 0.0,
  "summary_fg_p95": 27044.0,
  "summary_fg_stdv": 8067.1549,
  "summary_wm_k": 10.0357,
  "summary_wm_mad": 1970.3783,
  "summary_wm_mean": 11457.3511,
  "summary_wm_median": 11267.0,
  "summary_wm_n": 28027.0,
  "summary_wm_p05": 7888.0,
  "summary_wm_p95": 15367.0,
  "summary_wm_stdv": 2920.2098
}
