{
  "bids_meta": {
    "AcquisitionMatrixPE": 240,
    "AcquisitionNumber": 16,
    "AcquisitionTime": "13:48:56.690000",
    "BodyPartExamined": "BRAIN",
    "CoilString": "MULTI_COIL",
    "ConversionSoftware": "dcm2niix",
    "ConversionSoftwareVersion": "v1.0.20181125  (JP2:OpenJPEG) GCC9.3.0",
    "Dcm2bidsVersion": "3.1.1",
    "DeviceSerialNumber": "85054",
    "EchoTime": 0.002963,
    "EchoTrainLength": 204,
    "FileSize": 0.04097057320177555,
    "FileSizeUnits": "GB",
    "FlipAngle": 8,
    "ImageOrientationPatientDICOM": [
      0.999808,
      0.0139616,
      -0.0137643,
      -0.0150093,
      0.996745,
      -0.0792089
    ],
    "ImageType": [
      "ORIGINAL",
      "PRIMARY",
      "M",
      "FFE",
      "M",
      "FFE"
    ],
    "ImagingFrequency": 127.767,
    "InPlanePhaseEncodingDirectionDICOM": "COL",
    "InstitutionAddress": "Nemirovicha-Danchenko_132",
    "InstitutionName": "Novosib_Neurosurgery_Center",
    "InstitutionalDepartmentName": "MRI",
    "MRAcquisitionType": "3D",
    "MagneticFieldStrength": 3,
    "Manufacturer": "Philips",
    "ManufacturersModelName": "Ingenia",
    "Modality": "MR",
    "NumberOfVolumes": 1,
    "PatientPosition": "HFS",
    "PercentPhaseFOV": 100,
    "PhaseEncodingSteps": 240,
    "PhilipsRWVIntercept": 0,
    "PhilipsRWVSlope": 2.61416,
    "PhilipsRescaleIntercept": 0,
    "PhilipsRescaleSlope": 2.61416,
    "PhilipsScaleSlope": 0.0125823,
    "PixelBandwidth": 271,
    "ProcedureStepDescription": "HEAD_MENINGIOMA_OLFAKTOR+C",
    "ProtocolName": "sT1W_3D_CE",
    "ReconMatrixPE": 512,
    "RepetitionTime": 0.0066159,
    "SAR": 0.0231826,
    "ScanOptions": "PFP",
    "ScanningSequence": "GR",
    "SequenceVariant": "MP",
    "SeriesDescription": "sT1W_3D_CE",
    "SeriesNumber": 1601,
    "SliceThickness": 1,
    "SoftwareVersions": "5.4.1_5.4.1.3",
    "SpacingBetweenSlices": 1,
    "StationName": "PHILIPS-F7TK6PR",
    "UsePhilipsFloatNotDisplayScaling": 1,
    "dataset": "<unset>",
    "datatype": "anat",
    "extension": ".nii.gz",
    "modality": "T1w",
    "run": 2,
    "subject": "olf17",
    "suffix": "T1w"
  },
  "cjv": 1.11024824120603,
  "cnr": 0.8496208104697425,
  "efc": 0.7239,
  "fber": -1.0,
  "fwhm_avg": 4.326220666666667,
  "fwhm_x": 5.083477333333334,
  "fwhm_y": 5.325034666666666,
  "fwhm_z": 2.57015,
  "icvs_csf": 0.22130296954922474,
  "icvs_gm": 0.40129005593554506,
  "icvs_wm": 0.3774069745152303,
  "inu_med": 0.892769455909729,
  "inu_range": 0.48640097677707683,
  "provenance": {
    "md5sum": "69ad7d3b5e347f7d6cff2342f4fba4c3",
    "settings": {
      "testing": false
    },
    "software": "mriqc",
    "version": "25.1.0.dev45+g699d1691",
    "warnings": {
      "large_rot_frame": true,
      "small_air_mask": false
    }
  },
  "qi_1": 0.0,
  "qi_2": 0.0009517848479165068,
  "rpve_csf": 6.543409640597448,
  "rpve_gm": 6.378558551341375,
  "rpve_wm": 6.402048438044146,
  "size_x": 512,
  "size_y": 512,
  "size_z": 192,
  "snr_csf": 1.322749256016497,
  "snr_gm": 4.307453522373,
  "snr_total": 4.046994087885251,
  "snr_wm": 6.510779485266256,
  "snrd_csf": 12.241847981242636,
  "snrd_gm": 9.82466780660237,
  "snrd_total": 11.492435489821908,
  "snrd_wm": 12.41079068162072,
  "spacing_x": 0.46875,
  "spacing_y": 0.46875,
  "spacing_z": 1.0,
  "summary_bg_k": 372.4732,
  "summary_bg_mad": 0.0,
  "summary_bg_mean": 9.5696,
  "summary_bg_median": 0.0,
  "summary_bg_n": 19396821.0,
  "summary_bg_p05": 0.0,
  "summary_bg_p95": 56.0,
  "summary_bg_stdv": 50.4122,
  "summary_csf_k": -1.3637,
  "summary_csf_mad": 1084.1034,
  "summary_csf_mean": 1069.0227,
  "summary_csf_median": 942.0,
  "summary_csf_n": 1674041.8869631523,
  "summary_csf_p05": 126.0,
  "summary_csf_p95": 2413.0,
  "summary_csf_stdv": 712.1529,
  "summary_gm_k": 8.5959,
  "summary_gm_mad": 111.4126,
  "summary_gm_mean": 770.6535,
  "summary_gm_median": 756.0,
  "summary_gm_n": 3035550.602082927,
  "summary_gm_p05": 499.0,
  "summary_gm_p95": 1068.0,
  "summary_gm_stdv": 175.5097,
  "summary_wm_k": 1.3641,
  "summary_wm_mad": 109.5268,
  "summary_wm_mean": 934.4598,
  "summary_wm_median": 955.0,
  "summary_wm_n": 2854887.510354891,
  "summary_wm_p05": 677.0,
  "summary_wm_p95": 1147.0,
  "summary_wm_stdv": 146.6798,
  "tpm_overlap_csf": 0.22416574663260697,
  "tpm_overlap_gm": 0.5176176659169943,
  "tpm_overlap_wm": 0.5179845986142848,
  "wm2max": 0.31201819461965613
}
