{
  "bids_meta": {
    "AcquisitionMatrixPE": 240,
    "AcquisitionNumber": 3,
    "AcquisitionTime": "12:53:47.460000",
    "BodyPartExamined": "BRAIN",
    "CoilString": "MULTI_COIL",
    "ConversionSoftware": "dcm2niix",
    "ConversionSoftwareVersion": "v1.0.20181125  (JP2:OpenJPEG) GCC9.3.0",
    "Dcm2bidsVersion": "3.1.1",
    "DeviceSerialNumber": "85054",
    "EchoTime": 0.002963,
    "EchoTrainLength": 204,
    "FileSize": 0.03627269249409437,
    "FileSizeUnits": "GB",
    "FlipAngle": 8,
    "ImageOrientationPatientDICOM": [
      0.999808,
      0.0139616,
      -0.0137643,
      -0.0150093,
      0.996745,
      -0.0792089
    ],
    "ImageType": [
      "ORIGINAL",
      "PRIMARY",
      "M",
      "FFE",
      "M",
      "FFE"
    ],
    "ImagingFrequency": 127.767,
    "InPlanePhaseEncodingDirectionDICOM": "COL",
    "InstitutionAddress": "Nemirovicha-Danchenko_132",
    "InstitutionName": "Novosib_Neurosurgery_Center",
    "InstitutionalDepartmentName": "MRI",
    "MRAcquisitionType": "3D",
    "MagneticFieldStrength": 3,
    "Manufacturer": "Philips",
    "ManufacturersModelName": "Ingenia",
    "Modality": "MR",
    "NumberOfVolumes": 1,
    "PatientPosition": "HFS",
    "PercentPhaseFOV": 100,
    "PhaseEncodingSteps": 240,
    "PhilipsRWVIntercept": 0,
    "PhilipsRWVSlope": 4.01441,
    "PhilipsRescaleIntercept": 0,
    "PhilipsRescaleSlope": 4.01441,
    "PhilipsScaleSlope": 0.0125823,
    "PixelBandwidth": 271,
    "ProcedureStepDescription": "HEAD_MENINGIOMA_OLFAKTOR+C",
    "ProtocolName": "sT1W_3D",
    "ReconMatrixPE": 512,
    "RepetitionTime": 0.0066159,
    "SAR": 0.0231826,
    "ScanOptions": "PFP",
    "ScanningSequence": "GR",
    "SequenceVariant": "MP",
    "SeriesDescription": "sT1W_3D",
    "SeriesNumber": 301,
    "SliceThickness": 1,
    "SoftwareVersions": "5.4.1_5.4.1.3",
    "SpacingBetweenSlices": 1,
    "StationName": "PHILIPS-F7TK6PR",
    "UsePhilipsFloatNotDisplayScaling": 1,
    "dataset": "<unset>",
    "datatype": "anat",
    "extension": ".nii.gz",
    "modality": "T1w",
    "run": 1,
    "subject": "olf17",
    "suffix": "T1w"
  },
  "cjv": 0.6450382456140351,
  "cnr": 1.4916973900275086,
  "efc": 0.7657,
  "fber": 9313.7818,
  "fwhm_avg": 5.986441555555555,
  "fwhm_x": 7.232362666666666,
  "fwhm_y": 7.065151999999999,
  "fwhm_z": 3.66181,
  "icvs_csf": 0.25765726653745263,
  "icvs_gm": 0.3858785568218948,
  "icvs_wm": 0.35646417664065255,
  "inu_med": 0.7393078505992889,
  "inu_range": 0.34483833611011505,
  "provenance": {
    "md5sum": "0df58b5afbe37b3cc02fe3f4c502cb67",
    "settings": {
      "testing": false
    },
    "software": "mriqc",
    "version": "25.1.0.dev45+g699d1691",
    "warnings": {
      "large_rot_frame": true,
      "small_air_mask": false
    }
  },
  "qi_1": 0.0,
  "qi_2": 0.0006472014642462454,
  "rpve_csf": 6.437022714572455,
  "rpve_gm": 6.324226880734486,
  "rpve_wm": 6.433933946833186,
  "size_x": 512,
  "size_y": 512,
  "size_z": 192,
  "snr_csf": 2.0185489976492534,
  "snr_gm": 4.570060522904134,
  "snr_total": 4.5781446437462545,
  "snr_wm": 7.145824410685376,
  "snrd_csf": 7.644999360965554,
  "snrd_gm": 11.431094282586589,
  "snrd_total": 11.898288687978928,
  "snrd_wm": 16.618772420384644,
  "spacing_x": 0.46875,
  "spacing_y": 0.46875,
  "spacing_z": 1.0,
  "summary_bg_k": 123.5864,
  "summary_bg_mad": 0.0,
  "summary_bg_mean": 5.8831,
  "summary_bg_median": 0.0,
  "summary_bg_n": 17821774.0,
  "summary_bg_p05": 0.0,
  "summary_bg_p95": 24.0,
  "summary_bg_stdv": 35.9918,
  "summary_csf_k": -0.3202,
  "summary_csf_mad": 157.3357,
  "summary_csf_mean": 406.8847,
  "summary_csf_median": 420.0,
  "summary_csf_n": 1974624.999079218,
  "summary_csf_p05": 68.0,
  "summary_csf_p95": 734.0,
  "summary_csf_stdv": 208.0702,
  "summary_gm_k": -0.0203,
  "summary_gm_mad": 96.1251,
  "summary_gm_mean": 638.9182,
  "summary_gm_median": 628.0,
  "summary_gm_n": 2957282.96410521,
  "summary_gm_p05": 433.0,
  "summary_gm_p95": 902.0,
  "summary_gm_stdv": 137.4161,
  "summary_wm_k": 2.446,
  "summary_wm_mad": 87.7108,
  "summary_wm_mean": 883.5574,
  "summary_wm_median": 913.0,
  "summary_wm_n": 2731858.0373455426,
  "summary_wm_p05": 639.0,
  "summary_wm_p95": 1047.0,
  "summary_wm_stdv": 127.7669,
  "tpm_overlap_csf": 0.2046464586674546,
  "tpm_overlap_gm": 0.5001392641870923,
  "tpm_overlap_wm": 0.48518627246228235,
  "wm2max": 0.5003463997011092
}
