{
  "bids_meta": {
    "AcquisitionMatrixPE": 252,
    "AcquisitionNumber": 2,
    "AcquisitionTime": "12:48:5.170000",
    "BodyPartExamined": "BRAIN",
    "CoilString": "MULTI_COIL",
    "ConversionSoftware": "dcm2niix",
    "ConversionSoftwareVersion": "v1.0.20181125  (JP2:OpenJPEG) GCC9.3.0",
    "Dcm2bidsVersion": "3.1.1",
    "DeviceSerialNumber": "85054",
    "EchoTime": 0.3,
    "EchoTrainLength": 155,
    "FileSize": 0.06958277337253094,
    "FileSizeUnits": "GB",
    "FlipAngle": 90,
    "ImageOrientationPatientDICOM": [
      -0.0150093,
      0.999884,
      -0.0027314,
      -0.0126136,
      -0.00292084,
      -0.999916
    ],
    "ImageType": [
      "ORIGINAL",
      "PRIMARY",
      "M",
      "SE",
      "M",
      "SE"
    ],
    "ImagingFrequency": 127.767,
    "InPlanePhaseEncodingDirectionDICOM": "ROW",
    "InstitutionAddress": "Nemirovicha-Danchenko_132",
    "InstitutionName": "Novosib_Neurosurgery_Center",
    "InstitutionalDepartmentName": "MRI",
    "MRAcquisitionType": "3D",
    "MagneticFieldStrength": 3,
    "Manufacturer": "Philips",
    "ManufacturersModelName": "Ingenia",
    "Modality": "MR",
    "NumberOfVolumes": 1,
    "PatientPosition": "HFS",
    "PercentPhaseFOV": 100,
    "PhaseEncodingSteps": 252,
    "PhilipsRWVIntercept": 0,
    "PhilipsRWVSlope": 1.95482,
    "PhilipsRescaleIntercept": 0,
    "PhilipsRescaleSlope": 1.95482,
    "PhilipsScaleSlope": 0.0107331,
    "PixelBandwidth": 841,
    "ProcedureStepDescription": "HEAD_MENINGIOMA_OLFAKTOR+C",
    "ProtocolName": "3D_T2_1mm",
    "ReconMatrixPE": 512,
    "RepetitionTime": 3.5,
    "SAR": 0.0259759,
    "ScanOptions": "FS",
    "ScanningSequence": "SE",
    "SequenceVariant": "SK",
    "SeriesDescription": "3D_T2_1mm",
    "SeriesNumber": 201,
    "SliceThickness": 1,
    "SoftwareVersions": "5.4.1_5.4.1.3",
    "SpacingBetweenSlices": 0.5,
    "StationName": "PHILIPS-F7TK6PR",
    "UsePhilipsFloatNotDisplayScaling": 1,
    "dataset": "<unset>",
    "datatype": "anat",
    "extension": ".nii.gz",
    "modality": "T2w",
    "subject": "olf17",
    "suffix": "T2w"
  },
  "cjv": 1.5978556,
  "cnr": 0.6083785821134271,
  "efc": 0.6414,
  "fber": 31.6635,
  "fwhm_avg": 6.377341173333334,
  "fwhm_x": 6.46414,
  "fwhm_y": 6.71494144,
  "fwhm_z": 5.95294208,
  "icvs_csf": 0.2571821538227711,
  "icvs_gm": 0.3670475739617877,
  "icvs_wm": 0.3757702722154412,
  "inu_med": 0.9375723600387573,
  "inu_range": 0.4816036820411682,
  "provenance": {
    "md5sum": "cfa9ef2d385499c05115d3834b00ca2b",
    "settings": {
      "testing": false
    },
    "software": "mriqc",
    "version": "25.1.0.dev45+g699d1691",
    "warnings": {
      "large_rot_frame": true,
      "small_air_mask": false
    }
  },
  "qi_1": 0.0,
  "qi_2": 0.001527543975271914,
  "rpve_csf": 6.6682095421338605,
  "rpve_gm": 6.533775518567669,
  "rpve_wm": 6.574750436142485,
  "size_x": 360,
  "size_y": 512,
  "size_z": 512,
  "snr_csf": 1.2916677168003539,
  "snr_gm": 3.6071890381658673,
  "snr_total": 3.414253685141191,
  "snr_wm": 5.343904300457352,
  "snrd_csf": 5.095645953918844,
  "snrd_gm": 5.8521424120636585,
  "snrd_total": 5.203490312731941,
  "snrd_wm": 4.662682572213321,
  "spacing_x": 0.5,
  "spacing_y": 0.48828125,
  "spacing_z": 0.48828125,
  "summary_bg_k": 6.5139,
  "summary_bg_mad": 0.0,
  "summary_bg_mean": 61.6619,
  "summary_bg_median": 0.0,
  "summary_bg_n": 31061666.0,
  "summary_bg_p05": 0.0,
  "summary_bg_p95": 393.0,
  "summary_bg_stdv": 137.6962,
  "summary_csf_k": -1.3486,
  "summary_csf_mad": 1331.305,
  "summary_csf_mean": 1158.0387,
  "summary_csf_median": 1071.0,
  "summary_csf_n": 3567527.708086024,
  "summary_csf_p05": 81.0,
  "summary_csf_p95": 2742.0,
  "summary_csf_stdv": 829.1605,
  "summary_gm_k": 7.6956,
  "summary_gm_mad": 254.3498,
  "summary_gm_mean": 1250.3547,
  "summary_gm_median": 1230.0,
  "summary_gm_n": 5091536.76034924,
  "summary_gm_p05": 751.0,
  "summary_gm_p95": 1807.0,
  "summary_gm_stdv": 340.9857,
  "summary_wm_k": 66.6369,
  "summary_wm_mad": 145.1141,
  "summary_wm_mean": 993.8295,
  "summary_wm_median": 980.0,
  "summary_wm_n": 5212534.532732104,
  "summary_wm_p05": 737.0,
  "summary_wm_p95": 1289.0,
  "summary_wm_stdv": 183.3865,
  "tpm_overlap_csf": 0.21132977072649886,
  "tpm_overlap_gm": 0.48797224594275945,
  "tpm_overlap_wm": 0.46052847378729683,
  "wm2max": 0.3111953029663197
}
