{
  "aor": 0.0009881,
  "aqi": 0.0062463516,
  "bids_meta": {
    "AcquisitionMatrixPE": 80,
    "AcquisitionNumber": 13,
    "AcquisitionTime": "08:37:38.840000",
    "BodyPartExamined": "BRAIN",
    "CoilString": "MULTI_COIL",
    "ConversionSoftware": "dcm2niix",
    "ConversionSoftwareVersion": "v1.0.20181125  (JP2:OpenJPEG) GCC9.3.0",
    "Dcm2bidsVersion": "3.1.1",
    "DeviceSerialNumber": "85054",
    "EchoTime": 0.030001,
    "EchoTrainLength": 27,
    "FileSize": 0.046433513052761555,
    "FileSizeUnits": "GB",
    "FlipAngle": 90,
    "ImageOrientationPatientDICOM": [
      0.99893,
      -0.00381578,
      0.0460877,
      0.0111454,
      0.987079,
      -0.159847
    ],
    "ImageType": [
      "ORIGINAL",
      "PRIMARY",
      "M",
      "FFE",
      "M",
      "FFE"
    ],
    "ImagingFrequency": 127.766,
    "InPlanePhaseEncodingDirectionDICOM": "COL",
    "InstitutionAddress": "Nemirovicha-Danchenko_132",
    "InstitutionName": "Novosib_Neurosurgery_Center",
    "InstitutionalDepartmentName": "MRI",
    "MRAcquisitionType": "2D",
    "MagneticFieldStrength": 3,
    "Manufacturer": "Philips",
    "ManufacturersModelName": "Ingenia",
    "Modality": "MR",
    "NumberOfVolumes": 200,
    "PartialFourier": 0.3375,
    "PatientPosition": "HFS",
    "PercentPhaseFOV": 100,
    "PhaseEncodingAxis": "j",
    "PhaseEncodingSteps": 80,
    "PhilipsRWVIntercept": 0,
    "PhilipsRWVSlope": 0.769475,
    "PhilipsRescaleIntercept": 0,
    "PhilipsRescaleSlope": 0.769475,
    "PhilipsScaleSlope": 0.0133072,
    "PixelBandwidth": 2270,
    "ProcedureStepDescription": "OLFACTOR.MENINGIOMA_NAUKA",
    "ProtocolName": "rest-fMRI",
    "ReconMatrixPE": 80,
    "RepetitionTime": 3,
    "SAR": 0.108542,
    "ScanOptions": "FS",
    "ScanningSequence": "GR",
    "SequenceVariant": "SK",
    "SeriesDescription": "rest-fMRI",
    "SeriesNumber": 1301,
    "SliceThickness": 3,
    "SoftwareVersions": "5.4.1_5.4.1.3",
    "SpacingBetweenSlices": 3,
    "StationName": "PHILIPS-F7TK6PR",
    "TaskName": "rest",
    "UsePhilipsFloatNotDisplayScaling": 1,
    "dataset": "<unset>",
    "datatype": "func",
    "extension": ".nii.gz",
    "modality": "bold",
    "subject": "olf16fu",
    "suffix": "bold",
    "task": "rest"
  },
  "dummy_trs": 0,
  "dvars_nstd": 31.410480921206037,
  "dvars_std": 1.1361498933668344,
  "dvars_vstd": 0.9992836212060306,
  "efc": 0.364,
  "fber": 281331.3125,
  "fd_mean": 0.2044903719355703,
  "fd_num": 98,
  "fd_perc": 49.0,
  "fwhm_avg": 2.4564922222222223,
  "fwhm_x": 2.4483366666666666,
  "fwhm_y": 2.5246333333333335,
  "fwhm_z": 2.396506666666667,
  "gcor": 0.00900407,
  "gsr_x": -0.01995420828461647,
  "gsr_y": 0.0026765461079776287,
  "provenance": {
    "md5sum": "499c901b9ffcf6e2e757f7fd07eb43cf",
    "settings": {
      "fd_thres": 0.2,
      "testing": false
    },
    "software": "mriqc",
    "version": "25.1.0.dev45+g699d1691"
  },
  "size_t": 200,
  "size_x": 80,
  "size_y": 80,
  "size_z": 45,
  "snr": 2.9006655978242977,
  "spacing_tr": 2.9999990463256836,
  "spacing_x": 3.0,
  "spacing_y": 3.0,
  "spacing_z": 3.0,
  "summary_bg_k": 138.194,
  "summary_bg_mad": 2.8906,
  "summary_bg_mean": 23.3761,
  "summary_bg_median": 2.0,
  "summary_bg_n": 246109.0,
  "summary_bg_p05": 0.0,
  "summary_bg_p95": 100.0,
  "summary_bg_stdv": 72.9395,
  "summary_fg_k": 0.8008,
  "summary_fg_mad": 216.9636,
  "summary_fg_mean": 857.7253,
  "summary_fg_median": 902.0,
  "summary_fg_n": 41891.0,
  "summary_fg_p05": 184.0,
  "summary_fg_p95": 1289.0,
  "summary_fg_stdv": 310.9594,
  "tsnr": 54.71558405738324
}
