{
  "bids_meta": {
    "AcquisitionMatrixPE": 240,
    "AcquisitionNumber": 3,
    "AcquisitionTime": "20:36:22.550000",
    "BodyPartExamined": "BRAIN",
    "CoilString": "MULTI_COIL",
    "ConversionSoftware": "dcm2niix",
    "ConversionSoftwareVersion": "v1.0.20181125  (JP2:OpenJPEG) GCC9.3.0",
    "Dcm2bidsVersion": "3.1.1",
    "DeviceSerialNumber": "85054",
    "EchoTime": 0.002991,
    "EchoTrainLength": 204,
    "FileSize": 0.02759609743952751,
    "FileSizeUnits": "GB",
    "FlipAngle": 8,
    "ImageOrientationPatientDICOM": [
      0.998464,
      -0.0479453,
      0.0277553,
      0.0479857,
      0.998848,
      -0.000790996
    ],
    "ImageType": [
      "ORIGINAL",
      "PRIMARY",
      "M",
      "FFE",
      "M",
      "FFE"
    ],
    "ImagingFrequency": 127.767,
    "InPlanePhaseEncodingDirectionDICOM": "COL",
    "InstitutionAddress": "Nemirovicha-Danchenko_132",
    "InstitutionName": "Novosib_Neurosurgery_Center",
    "InstitutionalDepartmentName": "MRI",
    "MRAcquisitionType": "3D",
    "MagneticFieldStrength": 3,
    "Manufacturer": "Philips",
    "ManufacturersModelName": "Ingenia",
    "Modality": "MR",
    "NumberOfVolumes": 1,
    "PatientPosition": "HFS",
    "PercentPhaseFOV": 100,
    "PhaseEncodingSteps": 240,
    "PhilipsRWVIntercept": 0,
    "PhilipsRWVSlope": 3.85104,
    "PhilipsRescaleIntercept": 0,
    "PhilipsRescaleSlope": 3.85104,
    "PhilipsScaleSlope": 0.0132868,
    "PixelBandwidth": 271,
    "ProtocolName": "sT1W_3D",
    "ReconMatrixPE": 512,
    "RepetitionTime": 0.0066079,
    "SAR": 0.0231826,
    "ScanOptions": "PFP",
    "ScanningSequence": "GR",
    "SequenceVariant": "MP",
    "SeriesDescription": "sT1W_3D",
    "SeriesNumber": 301,
    "SliceThickness": 1,
    "SoftwareVersions": "5.4.1_5.4.1.3",
    "SpacingBetweenSlices": 1,
    "StationName": "PHILIPS-F7TK6PR",
    "UsePhilipsFloatNotDisplayScaling": 1,
    "dataset": "<unset>",
    "datatype": "anat",
    "extension": ".nii.gz",
    "modality": "T1w",
    "run": 1,
    "subject": "olf14",
    "suffix": "T1w"
  },
  "cjv": 0.5950365384615386,
  "cnr": 1.7401930827474246,
  "efc": 0.7481,
  "fber": -1.0,
  "fwhm_avg": 6.456029333333333,
  "fwhm_x": 7.793322666666667,
  "fwhm_y": 7.6250453333333335,
  "fwhm_z": 3.94972,
  "icvs_csf": 0.2768555608503922,
  "icvs_gm": 0.3707651648176088,
  "icvs_wm": 0.3523792743319989,
  "inu_med": 0.6545343995094299,
  "inu_range": 0.2594119787216186,
  "provenance": {
    "md5sum": "66915b0b5b539fa038099c3a0e087fb8",
    "settings": {
      "testing": false
    },
    "software": "mriqc",
    "version": "25.1.0.dev45+g699d1691",
    "warnings": {
      "large_rot_frame": true,
      "small_air_mask": false
    }
  },
  "qi_1": 0.0,
  "qi_2": 0.0018311880035970696,
  "rpve_csf": 6.972367891390554,
  "rpve_gm": 6.892260040310704,
  "rpve_wm": 6.981273293067044,
  "size_x": 512,
  "size_y": 512,
  "size_z": 192,
  "snr_csf": 1.592193987372965,
  "snr_gm": 4.218290183624493,
  "snr_total": 5.44259682749838,
  "snr_wm": 10.517306311497682,
  "snrd_csf": 7.344265090244725,
  "snrd_gm": 16.340354508745182,
  "snrd_total": 15.984576961120872,
  "snrd_wm": 24.26911128437271,
  "spacing_x": 0.46875,
  "spacing_y": 0.46875,
  "spacing_z": 1.0,
  "summary_bg_k": 190.7081,
  "summary_bg_mad": 0.0,
  "summary_bg_mean": 3.4097,
  "summary_bg_median": 0.0,
  "summary_bg_n": 21356963.0,
  "summary_bg_p05": 0.0,
  "summary_bg_p95": 7.0,
  "summary_bg_stdv": 25.7799,
  "summary_csf_k": -0.9618,
  "summary_csf_mad": 164.2044,
  "summary_csf_mean": 305.0886,
  "summary_csf_median": 289.0,
  "summary_csf_n": 1972563.4798634627,
  "summary_csf_p05": 49.0,
  "summary_csf_p95": 626.0,
  "summary_csf_stdv": 181.5105,
  "summary_gm_k": -0.4503,
  "summary_gm_mad": 111.3812,
  "summary_gm_mean": 645.099,
  "summary_gm_median": 643.0,
  "summary_gm_n": 2641658.4210132062,
  "summary_gm_p05": 397.0,
  "summary_gm_p95": 924.0,
  "summary_gm_stdv": 152.4314,
  "summary_wm_k": -0.434,
  "summary_wm_mad": 74.2702,
  "summary_wm_mean": 936.0526,
  "summary_wm_median": 955.0,
  "summary_wm_n": 2510661.102392319,
  "summary_wm_p05": 758.0,
  "summary_wm_p95": 1055.0,
  "summary_wm_stdv": 90.8027,
  "tpm_overlap_csf": 0.19140761422343985,
  "tpm_overlap_gm": 0.4954768653709381,
  "tpm_overlap_wm": 0.519883654558157,
  "wm2max": 0.5766285968591945
}
