{
  "bids_meta": {
    "AcquisitionMatrixPE": 252,
    "AcquisitionNumber": 2,
    "AcquisitionTime": "20:30:46.750000",
    "BodyPartExamined": "BRAIN",
    "CoilString": "MULTI_COIL",
    "ConversionSoftware": "dcm2niix",
    "ConversionSoftwareVersion": "v1.0.20181125  (JP2:OpenJPEG) GCC9.3.0",
    "Dcm2bidsVersion": "3.1.1",
    "DeviceSerialNumber": "85054",
    "EchoTime": 0.3,
    "EchoTrainLength": 155,
    "FileSize": 0.05995339713990688,
    "FileSizeUnits": "GB",
    "FlipAngle": 90,
    "ImageOrientationPatientDICOM": [
      0.0479857,
      0.998848,
      -0.000790996,
      0.0276853,
      -0.00212164,
      -0.999614
    ],
    "ImageType": [
      "ORIGINAL",
      "PRIMARY",
      "M",
      "SE",
      "M",
      "SE"
    ],
    "ImagingFrequency": 127.767,
    "InPlanePhaseEncodingDirectionDICOM": "ROW",
    "InstitutionAddress": "Nemirovicha-Danchenko_132",
    "InstitutionName": "Novosib_Neurosurgery_Center",
    "InstitutionalDepartmentName": "MRI",
    "MRAcquisitionType": "3D",
    "MagneticFieldStrength": 3,
    "Manufacturer": "Philips",
    "ManufacturersModelName": "Ingenia",
    "Modality": "MR",
    "NumberOfVolumes": 1,
    "PatientPosition": "HFS",
    "PercentPhaseFOV": 100,
    "PhaseEncodingSteps": 252,
    "PhilipsRWVIntercept": 0,
    "PhilipsRWVSlope": 1.7558,
    "PhilipsRescaleIntercept": 0,
    "PhilipsRescaleSlope": 1.7558,
    "PhilipsScaleSlope": 0.0108806,
    "PixelBandwidth": 841,
    "ProtocolName": "3D_T2_1mm",
    "ReconMatrixPE": 512,
    "RepetitionTime": 3.5,
    "SAR": 0.0259759,
    "ScanOptions": "FS",
    "ScanningSequence": "SE",
    "SequenceVariant": "SK",
    "SeriesDescription": "3D_T2_1mm",
    "SeriesNumber": 201,
    "SliceThickness": 1,
    "SoftwareVersions": "5.4.1_5.4.1.3",
    "SpacingBetweenSlices": 0.5,
    "StationName": "PHILIPS-F7TK6PR",
    "UsePhilipsFloatNotDisplayScaling": 1,
    "dataset": "<unset>",
    "datatype": "anat",
    "extension": ".nii.gz",
    "modality": "T2w",
    "subject": "olf14",
    "suffix": "T2w"
  },
  "cjv": 1.4615335793357933,
  "cnr": 0.6418252702742705,
  "efc": 0.5983,
  "fber": 97.9823,
  "fwhm_avg": 6.083763306666666,
  "fwhm_x": 6.04308,
  "fwhm_y": 6.40722944,
  "fwhm_z": 5.80098048,
  "icvs_csf": 0.26736432921307524,
  "icvs_gm": 0.3404461635253879,
  "icvs_wm": 0.39218950726153695,
  "inu_med": 0.9512336254119873,
  "inu_range": 0.4351479262113569,
  "provenance": {
    "md5sum": "1cb6aa937d2aaace9808534eb529d4e5",
    "settings": {
      "testing": false
    },
    "software": "mriqc",
    "version": "25.1.0.dev45+g699d1691",
    "warnings": {
      "large_rot_frame": true,
      "small_air_mask": false
    }
  },
  "qi_1": 0.0,
  "qi_2": 0.001259997574380092,
  "rpve_csf": 7.154546072174353,
  "rpve_gm": 7.0237747893306945,
  "rpve_wm": 7.07019610317205,
  "size_x": 360,
  "size_y": 512,
  "size_z": 512,
  "snr_csf": 1.669814067355634,
  "snr_gm": 3.5569982958574253,
  "snr_total": 3.664738723521664,
  "snr_wm": 5.767403807351933,
  "snrd_csf": 9.218545771063257,
  "snrd_gm": 6.779888280884608,
  "snrd_total": 7.118006740370585,
  "snrd_wm": 5.355586169163888,
  "spacing_x": 0.5,
  "spacing_y": 0.48828125,
  "spacing_z": 0.48828125,
  "summary_bg_k": 7.8185,
  "summary_bg_mad": 0.0,
  "summary_bg_mean": 49.3034,
  "summary_bg_median": 0.0,
  "summary_bg_n": 33398359.0,
  "summary_bg_p05": 0.0,
  "summary_bg_p95": 383.0,
  "summary_bg_stdv": 124.6519,
  "summary_csf_k": -1.0479,
  "summary_csf_mad": 1541.0773,
  "summary_csf_mean": 1738.5212,
  "summary_csf_median": 1754.0,
  "summary_csf_n": 3471044.036993957,
  "summary_csf_p05": 150.0,
  "summary_csf_p95": 3661.0,
  "summary_csf_stdv": 1050.4162,
  "summary_gm_k": 15.1629,
  "summary_gm_mad": 248.4994,
  "summary_gm_mean": 1296.3184,
  "summary_gm_median": 1290.0,
  "summary_gm_n": 4419825.297190308,
  "summary_gm_p05": 748.0,
  "summary_gm_p95": 1899.0,
  "summary_gm_stdv": 362.6653,
  "summary_wm_k": 66.2891,
  "summary_wm_mad": 147.5762,
  "summary_wm_mean": 1024.7002,
  "summary_wm_median": 1019.0,
  "summary_wm_n": 5091580.670310236,
  "summary_wm_p05": 765.0,
  "summary_wm_p95": 1301.0,
  "summary_wm_stdv": 176.6826,
  "tpm_overlap_csf": 0.21689480276632067,
  "tpm_overlap_gm": 0.46460168188697604,
  "tpm_overlap_wm": 0.4830733814433765,
  "wm2max": 0.2581251502658175
}
