{
  "aor": 0.007464500000000001,
  "aqi": 0.029994703299999998,
  "bids_meta": {
    "AcquisitionMatrixPE": 80,
    "AcquisitionNumber": 13,
    "AcquisitionTime": "10:39:14.530000",
    "BodyPartExamined": "BRAIN",
    "CoilString": "MULTI_COIL",
    "ConversionSoftware": "dcm2niix",
    "ConversionSoftwareVersion": "v1.0.20181125  (JP2:OpenJPEG) GCC9.3.0",
    "Dcm2bidsVersion": "3.1.1",
    "DeviceSerialNumber": "85054",
    "EchoTime": 0.03,
    "EchoTrainLength": 27,
    "FileSize": 0.04996517486870289,
    "FileSizeUnits": "GB",
    "FlipAngle": 90,
    "ImageOrientationPatientDICOM": [
      0.999545,
      0.00118704,
      0.0301533,
      -0.00114992,
      0.999999,
      -0.00124829
    ],
    "ImageType": [
      "ORIGINAL",
      "PRIMARY",
      "M",
      "FFE",
      "M",
      "FFE"
    ],
    "ImagingFrequency": 127.767,
    "InPlanePhaseEncodingDirectionDICOM": "COL",
    "InstitutionAddress": "Nemirovicha-Danchenko_132",
    "InstitutionName": "Novosib_Neurosurgery_Center",
    "InstitutionalDepartmentName": "MRI",
    "MRAcquisitionType": "2D",
    "MagneticFieldStrength": 3,
    "Manufacturer": "Philips",
    "ManufacturersModelName": "Ingenia",
    "Modality": "MR",
    "NumberOfVolumes": 200,
    "PartialFourier": 0.3375,
    "PatientPosition": "HFS",
    "PercentPhaseFOV": 100,
    "PhaseEncodingAxis": "j",
    "PhaseEncodingSteps": 80,
    "PhilipsRWVIntercept": 0,
    "PhilipsRWVSlope": 0.892063,
    "PhilipsRescaleIntercept": 0,
    "PhilipsRescaleSlope": 0.892063,
    "PhilipsScaleSlope": 0.0136166,
    "PixelBandwidth": 2271,
    "ProcedureStepDescription": "HEAD_OLFAKTORNAYA_MENINGIOMA",
    "ProtocolName": "rest-fMRI",
    "ReconMatrixPE": 80,
    "RepetitionTime": 3,
    "SAR": 0.108383,
    "ScanOptions": "FS",
    "ScanningSequence": "GR",
    "SequenceVariant": "SK",
    "SeriesDescription": "rest-fMRI",
    "SeriesNumber": 1301,
    "SliceThickness": 3,
    "SoftwareVersions": "5.4.1_5.4.1.3",
    "SpacingBetweenSlices": 3,
    "StationName": "PHILIPS-F7TK6PR",
    "TaskName": "rest",
    "UsePhilipsFloatNotDisplayScaling": 1,
    "dataset": "<unset>",
    "datatype": "func",
    "extension": ".nii.gz",
    "modality": "bold",
    "subject": "olf13fu",
    "suffix": "bold",
    "task": "rest"
  },
  "dummy_trs": 0,
  "dvars_nstd": 37.58051040306534,
  "dvars_std": 1.0555347470351757,
  "dvars_vstd": 0.9809278839698491,
  "efc": 0.3796,
  "fber": 153271.25,
  "fd_mean": 0.3861969285278178,
  "fd_num": 117,
  "fd_perc": 58.5,
  "fwhm_avg": 2.4123544444444445,
  "fwhm_x": 2.4269333333333334,
  "fwhm_y": 2.483146666666667,
  "fwhm_z": 2.326983333333333,
  "gcor": 0.0191599,
  "gsr_x": -0.013116821646690369,
  "gsr_y": 0.012033999897539616,
  "provenance": {
    "md5sum": "f39be301528b330c8f0745bb688964bd",
    "settings": {
      "fd_thres": 0.2,
      "testing": false
    },
    "software": "mriqc",
    "version": "25.1.0.dev45+g699d1691"
  },
  "size_t": 200,
  "size_x": 80,
  "size_y": 80,
  "size_z": 45,
  "snr": 3.1770947734174744,
  "spacing_tr": 2.9999990463256836,
  "spacing_x": 3.0,
  "spacing_y": 3.0,
  "spacing_z": 3.0,
  "summary_bg_k": 196.0079,
  "summary_bg_mad": 3.964,
  "summary_bg_mean": 25.205,
  "summary_bg_median": 3.0,
  "summary_bg_n": 241058.0,
  "summary_bg_p05": 0.0,
  "summary_bg_p95": 106.0,
  "summary_bg_stdv": 71.8911,
  "summary_fg_k": 1.3341,
  "summary_fg_mad": 236.4966,
  "summary_fg_mean": 1110.8137,
  "summary_fg_median": 1161.0,
  "summary_fg_n": 46942.0,
  "summary_fg_p05": 297.0,
  "summary_fg_p95": 1607.0,
  "summary_fg_stdv": 365.4243,
  "tsnr": 33.16952576523181
}
