{
  "aor": 0.002909246231155779,
  "aqi": 0.01282228175879397,
  "bids_meta": {
    "AcquisitionDuration": 620.91,
    "AcquisitionMatrixPE": 80,
    "AcquisitionNumber": 14,
    "AcquisitionTime": "01:02:47.760000",
    "BodyPartExamined": "BRAIN",
    "CoilString": "MULTI COIL",
    "ConversionSoftware": "dcm2niix",
    "ConversionSoftwareVersion": "v1.0.20230411",
    "Dcm2bidsVersion": "3.0.1",
    "DeviceSerialNumber": "85054",
    "EchoTime": 0.03,
    "EchoTrainLength": 27,
    "EstimatedEffectiveEchoSpacing": 0.000191392,
    "EstimatedTotalReadoutTime": 0.01512,
    "FileSize": 0.049426217563450336,
    "FileSizeUnits": "GB",
    "FlipAngle": 90,
    "FrequencyEncodingSteps": 80,
    "ImageOrientationPatientDICOM": [
      0.994874,
      -0.0279758,
      0.0971769,
      0.0607492,
      0.933584,
      -0.353171
    ],
    "ImageType": [
      "ORIGINAL",
      "PRIMARY",
      "M",
      "FFE",
      "M",
      "FFE"
    ],
    "ImagingFrequency": 127.776976,
    "InPlanePhaseEncodingDirectionDICOM": "COL",
    "InstitutionAddress": "Nemirovicha-Danchenko 132",
    "InstitutionName": "Novosib Neurosurgery Center",
    "InstitutionalDepartmentName": "MRI",
    "MRAcquisitionType": "2D",
    "MTState": false,
    "MagneticFieldStrength": 3,
    "Manufacturer": "Philips",
    "ManufacturersModelName": "Ingenia",
    "Modality": "MR",
    "NumberOfVolumes": 200,
    "ParallelAcquisitionTechnique": "SENSE",
    "ParallelReductionFactorInPlane": 3,
    "PatientPosition": "HFS",
    "PercentPhaseFOV": 100,
    "PercentSampling": 100,
    "PhaseEncodingAxis": "j",
    "PhaseEncodingSteps": 80,
    "PhaseEncodingStepsOutOfPlane": 1,
    "PhilipsRWVIntercept": 0,
    "PhilipsRWVSlope": 0.836386,
    "PhilipsRescaleIntercept": 0,
    "PhilipsRescaleSlope": 0.836386,
    "PhilipsScaleSlope": 0.0129461,
    "PixelBandwidth": 2265,
    "ProcedureStepDescription": "HEAD",
    "ProtocolName": "rest-fMRI",
    "PulseSequenceName": "FEEPI",
    "ReconMatrixPE": 80,
    "RepetitionTime": 3,
    "SAR": 0.108729,
    "ScanOptions": "FS",
    "ScanningSequence": "GR",
    "SequenceVariant": "SK",
    "SeriesDescription": "rest-fMRI",
    "SeriesNumber": 1401,
    "SliceThickness": 3,
    "SoftwareVersions": "5.4.1\\5.4.1.3",
    "SpacingBetweenSlices": 3,
    "StationName": "PHILIPS-F7TK6PR",
    "TaskName": "rest",
    "UsePhilipsFloatNotDisplayScaling": 1,
    "WaterFatShift": 6.81205,
    "dataset": "<unset>",
    "datatype": "func",
    "extension": ".nii.gz",
    "modality": "bold",
    "subject": "olf31",
    "suffix": "bold",
    "task": "rest"
  },
  "dummy_trs": 1,
  "dvars_nstd": 39.011841533181816,
  "dvars_std": 1.2569898914646471,
  "dvars_vstd": 1.0104805888383837,
  "efc": 0.4004,
  "fber": 183090.0781,
  "fd_mean": 0.2022490739524734,
  "fd_num": 86,
  "fd_perc": 43.21608040201005,
  "fwhm_avg": 2.40023,
  "fwhm_x": 2.4447666666666668,
  "fwhm_y": 2.4609733333333335,
  "fwhm_z": 2.29495,
  "gcor": 0.0807048,
  "gsr_x": -0.010819047689437866,
  "gsr_y": 0.0028199555817991495,
  "provenance": {
    "md5sum": "a5438e4ca42cde60cb7bdfed3fa58110",
    "settings": {
      "fd_thres": 0.2,
      "testing": false
    },
    "software": "mriqc",
    "version": "25.1.0.dev45+g699d1691"
  },
  "size_t": 199,
  "size_x": 80,
  "size_y": 80,
  "size_z": 45,
  "snr": 3.036786239484744,
  "spacing_tr": 2.9999990463256836,
  "spacing_x": 3.0,
  "spacing_y": 3.0,
  "spacing_z": 3.0,
  "summary_bg_k": 101.0599,
  "summary_bg_mad": 298.9127,
  "summary_bg_mean": 2624.6315,
  "summary_bg_median": 210.0,
  "summary_bg_n": 237760.0,
  "summary_bg_p05": 1.0,
  "summary_bg_p95": 12733.5,
  "summary_bg_stdv": 7586.9928,
  "summary_fg_k": 1.1473,
  "summary_fg_mad": 19135.4082,
  "summary_fg_mean": 87225.4063,
  "summary_fg_median": 89778.0,
  "summary_fg_n": 50240.0,
  "summary_fg_p05": 23138.0,
  "summary_fg_p95": 131218.0,
  "summary_fg_stdv": 29563.1959,
  "tsnr": 41.50542277225759
}
