{
  "aor": 0.0068605,
  "aqi": 0.03903263915,
  "bids_meta": {
    "AcquisitionMatrixPE": 80,
    "AcquisitionNumber": 13,
    "AcquisitionTime": "13:13:34.690000",
    "BodyPartExamined": "BRAIN",
    "CoilString": "MULTI_COIL",
    "ConversionSoftware": "dcm2niix",
    "ConversionSoftwareVersion": "v1.0.20181125  (JP2:OpenJPEG) GCC9.3.0",
    "Dcm2bidsVersion": "3.1.1",
    "DeviceSerialNumber": "85054",
    "EchoTime": 0.03,
    "EchoTrainLength": 27,
    "FileSize": 0.05188602767884731,
    "FileSizeUnits": "GB",
    "FlipAngle": 90,
    "ImageOrientationPatientDICOM": [
      0.994111,
      0.0890379,
      -0.0617717,
      -0.0894163,
      0.995989,
      -0.00338435
    ],
    "ImageType": [
      "ORIGINAL",
      "PRIMARY",
      "M",
      "FFE",
      "M",
      "FFE"
    ],
    "ImagingFrequency": 127.767,
    "InPlanePhaseEncodingDirectionDICOM": "COL",
    "InstitutionAddress": "Nemirovicha-Danchenko_132",
    "InstitutionName": "Novosib_Neurosurgery_Center",
    "InstitutionalDepartmentName": "MRI",
    "MRAcquisitionType": "2D",
    "MagneticFieldStrength": 3,
    "Manufacturer": "Philips",
    "ManufacturersModelName": "Ingenia",
    "Modality": "MR",
    "NumberOfVolumes": 200,
    "PartialFourier": 0.3375,
    "PatientPosition": "HFS",
    "PercentPhaseFOV": 100,
    "PhaseEncodingAxis": "j",
    "PhaseEncodingSteps": 80,
    "PhilipsRWVIntercept": 0,
    "PhilipsRWVSlope": 0.757753,
    "PhilipsRescaleIntercept": 0,
    "PhilipsRescaleSlope": 0.757753,
    "PhilipsScaleSlope": 0.0109508,
    "PixelBandwidth": 2287,
    "ProcedureStepDescription": "HEAD+C",
    "ProtocolName": "rest-fMRI",
    "ReconMatrixPE": 80,
    "RepetitionTime": 3,
    "SAR": 0.108486,
    "ScanOptions": "FS",
    "ScanningSequence": "GR",
    "SequenceVariant": "SK",
    "SeriesDescription": "rest-fMRI",
    "SeriesNumber": 1301,
    "SliceThickness": 3,
    "SoftwareVersions": "5.4.1_5.4.1.3",
    "SpacingBetweenSlices": 3,
    "StationName": "PHILIPS-F7TK6PR",
    "TaskName": "rest",
    "UsePhilipsFloatNotDisplayScaling": 1,
    "dataset": "<unset>",
    "datatype": "func",
    "extension": ".nii.gz",
    "modality": "bold",
    "subject": "olf11",
    "suffix": "bold",
    "task": "rest"
  },
  "dummy_trs": 0,
  "dvars_nstd": 58.82318236020099,
  "dvars_std": 1.1824226695979907,
  "dvars_vstd": 0.9932256034170854,
  "efc": 0.4126,
  "fber": 84935.0469,
  "fd_mean": 0.5279466742130164,
  "fd_num": 178,
  "fd_perc": 89.0,
  "fwhm_avg": 2.367818888888889,
  "fwhm_x": 2.317806666666667,
  "fwhm_y": 2.4263166666666667,
  "fwhm_z": 2.3593333333333333,
  "gcor": 0.00929004,
  "gsr_x": -0.016613628715276718,
  "gsr_y": 0.00702314916998148,
  "provenance": {
    "md5sum": "13d8e878f537f6fa17d5be08fd357d3e",
    "settings": {
      "fd_thres": 0.2,
      "testing": false
    },
    "software": "mriqc",
    "version": "25.1.0.dev45+g699d1691"
  },
  "size_t": 200,
  "size_x": 80,
  "size_y": 80,
  "size_z": 45,
  "snr": 3.0909040103440195,
  "spacing_tr": 2.9999990463256836,
  "spacing_x": 3.0,
  "spacing_y": 3.0,
  "spacing_z": 3.0,
  "summary_bg_k": 102.932,
  "summary_bg_mad": 4.2985,
  "summary_bg_mean": 24.4833,
  "summary_bg_median": 3.0,
  "summary_bg_n": 234683.0,
  "summary_bg_p05": 0.0,
  "summary_bg_p95": 104.0,
  "summary_bg_stdv": 65.7169,
  "summary_fg_k": 1.384,
  "summary_fg_mad": 197.3845,
  "summary_fg_mean": 844.9252,
  "summary_fg_median": 851.0,
  "summary_fg_n": 53317.0,
  "summary_fg_p05": 274.0,
  "summary_fg_p95": 1261.0,
  "summary_fg_stdv": 275.3214,
  "tsnr": 25.657685928512365
}
