{
  "aor": 0.022203499999999998,
  "aqi": 0.021305786700000003,
  "bids_meta": {
    "AcquisitionMatrixPE": 80,
    "AcquisitionNumber": 13,
    "AcquisitionTime": "16:18:7.380000",
    "BodyPartExamined": "BRAIN",
    "CoilString": "MULTI_COIL",
    "ConversionSoftware": "dcm2niix",
    "ConversionSoftwareVersion": "v1.0.20181125  (JP2:OpenJPEG) GCC9.3.0",
    "Dcm2bidsVersion": "3.1.1",
    "DeviceSerialNumber": "85054",
    "EchoTime": 0.03,
    "EchoTrainLength": 27,
    "FileSize": 0.05014083348214626,
    "FileSizeUnits": "GB",
    "FlipAngle": 90,
    "ImageOrientationPatientDICOM": [
      0.998712,
      0.0503526,
      0.00630392,
      -0.0503245,
      0.998723,
      -0.00454532
    ],
    "ImageType": [
      "ORIGINAL",
      "PRIMARY",
      "M",
      "FFE",
      "M",
      "FFE"
    ],
    "ImagingFrequency": 127.777,
    "InPlanePhaseEncodingDirectionDICOM": "COL",
    "InstitutionAddress": "Nemirovicha-Danchenko_132",
    "InstitutionName": "Novosib_Neurosurgery_Center",
    "InstitutionalDepartmentName": "MRI",
    "MRAcquisitionType": "2D",
    "MagneticFieldStrength": 3,
    "Manufacturer": "Philips",
    "ManufacturersModelName": "Ingenia",
    "Modality": "MR",
    "NumberOfVolumes": 200,
    "PartialFourier": 0.3375,
    "PatientPosition": "HFS",
    "PercentPhaseFOV": 100,
    "PhaseEncodingAxis": "j",
    "PhaseEncodingSteps": 80,
    "PhilipsRWVIntercept": 0,
    "PhilipsRWVSlope": 0.771673,
    "PhilipsRescaleIntercept": 0,
    "PhilipsRescaleSlope": 0.771673,
    "PhilipsScaleSlope": 0.0139479,
    "PixelBandwidth": 2287,
    "ProcedureStepDescription": "HEAD+C",
    "ProtocolName": "rest-fMRI",
    "ReconMatrixPE": 80,
    "RepetitionTime": 3,
    "SAR": 0.108383,
    "ScanOptions": "FS",
    "ScanningSequence": "GR",
    "SequenceVariant": "SK",
    "SeriesDescription": "rest-fMRI",
    "SeriesNumber": 1301,
    "SliceThickness": 3,
    "SoftwareVersions": "5.4.1_5.4.1.3",
    "SpacingBetweenSlices": 3,
    "StationName": "PHILIPS-F7TK6PR",
    "TaskName": "rest",
    "UsePhilipsFloatNotDisplayScaling": 1,
    "dataset": "<unset>",
    "datatype": "func",
    "extension": ".nii.gz",
    "modality": "bold",
    "subject": "olf02",
    "suffix": "bold",
    "task": "rest"
  },
  "dummy_trs": 0,
  "dvars_nstd": 42.65375812110553,
  "dvars_std": 1.2111185558793969,
  "dvars_vstd": 1.1918350955276384,
  "efc": 0.3781,
  "fber": 154788.3438,
  "fd_mean": 0.656946513718056,
  "fd_num": 118,
  "fd_perc": 59.0,
  "fwhm_avg": 2.8294566666666667,
  "fwhm_x": 2.8586266666666664,
  "fwhm_y": 2.8948666666666667,
  "fwhm_z": 2.7348766666666666,
  "gcor": 0.0143249,
  "gsr_x": -0.007651713211089373,
  "gsr_y": 0.007146529387682676,
  "provenance": {
    "md5sum": "bf011f7f5be63268eb2c395216426ff4",
    "settings": {
      "fd_thres": 0.2,
      "testing": false
    },
    "software": "mriqc",
    "version": "25.1.0.dev45+g699d1691"
  },
  "size_t": 200,
  "size_x": 80,
  "size_y": 80,
  "size_z": 45,
  "snr": 2.9247865222054634,
  "spacing_tr": 2.9999990463256836,
  "spacing_x": 3.0,
  "spacing_y": 3.0,
  "spacing_z": 3.0,
  "summary_bg_k": 186.9917,
  "summary_bg_mad": 3.9813,
  "summary_bg_mean": 25.2401,
  "summary_bg_median": 3.0,
  "summary_bg_n": 241342.0,
  "summary_bg_p05": 0.0,
  "summary_bg_p95": 104.0,
  "summary_bg_stdv": 80.9017,
  "summary_fg_k": 0.7856,
  "summary_fg_mad": 239.9557,
  "summary_fg_mean": 1042.7724,
  "summary_fg_median": 1042.0,
  "summary_fg_n": 46658.0,
  "summary_fg_p05": 311.0,
  "summary_fg_p95": 1645.0,
  "summary_fg_stdv": 356.2615,
  "tsnr": 28.395867688581347
}
