{
  "bids_meta": {
    "AcquisitionMatrixPE": 240,
    "AcquisitionNumber": 4,
    "AcquisitionTime": "08:13:9.190000",
    "BodyPartExamined": "BRAIN",
    "CoilString": "MULTI_COIL",
    "ConversionSoftware": "dcm2niix",
    "ConversionSoftwareVersion": "v1.0.20181125  (JP2:OpenJPEG) GCC9.3.0",
    "Dcm2bidsVersion": "3.1.1",
    "DeviceSerialNumber": "85054",
    "EchoTime": 0.0031,
    "EchoTrainLength": 204,
    "FileSize": 0.027721712365746498,
    "FileSizeUnits": "GB",
    "FlipAngle": 8,
    "ImageOrientationPatientDICOM": [
      0.998809,
      0.0361704,
      -0.0327574,
      -0.0446815,
      0.947738,
      -0.315906
    ],
    "ImageType": [
      "ORIGINAL",
      "PRIMARY",
      "M",
      "FFE",
      "M",
      "FFE"
    ],
    "ImagingFrequency": 127.777,
    "InPlanePhaseEncodingDirectionDICOM": "COL",
    "InstitutionAddress": "Nemirovicha-Danchenko_132",
    "InstitutionName": "Novosib_Neurosurgery_Center",
    "InstitutionalDepartmentName": "MRI",
    "MRAcquisitionType": "3D",
    "MagneticFieldStrength": 3,
    "Manufacturer": "Philips",
    "ManufacturersModelName": "Ingenia",
    "Modality": "MR",
    "NumberOfVolumes": 1,
    "PatientPosition": "HFS",
    "PercentPhaseFOV": 100,
    "PhaseEncodingSteps": 240,
    "PhilipsRWVIntercept": 0,
    "PhilipsRWVSlope": 4.19536,
    "PhilipsRescaleIntercept": 0,
    "PhilipsRescaleSlope": 4.19536,
    "PhilipsScaleSlope": 0.0143352,
    "PixelBandwidth": 271,
    "ProcedureStepDescription": "HEAD+C_OL_FAKT.MENING.",
    "ProtocolName": "sT1W_3D",
    "ReconMatrixPE": 512,
    "RepetitionTime": 0.0068667,
    "SAR": 0.0231826,
    "ScanOptions": "PFP",
    "ScanningSequence": "GR",
    "SequenceVariant": "MP",
    "SeriesDescription": "sT1W_3D",
    "SeriesNumber": 401,
    "SliceThickness": 1,
    "SoftwareVersions": "5.4.1_5.4.1.3",
    "SpacingBetweenSlices": 1,
    "StationName": "PHILIPS-F7TK6PR",
    "UsePhilipsFloatNotDisplayScaling": 1,
    "dataset": "<unset>",
    "datatype": "anat",
    "extension": ".nii.gz",
    "modality": "T1w",
    "run": 1,
    "subject": "olf22",
    "suffix": "T1w"
  },
  "cjv": 0.6114976666666666,
  "cnr": 1.5064300331454166,
  "efc": 0.759,
  "fber": 15842.6646,
  "fwhm_avg": 6.264063111111111,
  "fwhm_x": 7.5912533333333325,
  "fwhm_y": 7.456576,
  "fwhm_z": 3.74436,
  "icvs_csf": 0.26171434268129484,
  "icvs_gm": 0.3888166246760398,
  "icvs_wm": 0.34946903264266527,
  "inu_med": 0.6975946724414825,
  "inu_range": 0.3510504275560379,
  "provenance": {
    "md5sum": "493a9e5c49151bf286b4650742cd6356",
    "settings": {
      "testing": false
    },
    "software": "mriqc",
    "version": "25.1.0.dev45+g699d1691",
    "warnings": {
      "large_rot_frame": true,
      "small_air_mask": false
    }
  },
  "qi_1": 0.0,
  "qi_2": 0.0015498110237946359,
  "rpve_csf": 7.261117868408566,
  "rpve_gm": 7.142312689104675,
  "rpve_wm": 7.253748920899212,
  "size_x": 512,
  "size_y": 512,
  "size_z": 192,
  "snr_csf": 1.9589322312071655,
  "snr_gm": 4.470343096612009,
  "snr_total": 4.312298466493437,
  "snr_wm": 6.507620071661138,
  "snrd_csf": 9.833442511148027,
  "snrd_gm": 14.726296187811489,
  "snrd_total": 15.48210285331235,
  "snrd_wm": 21.88656986097753,
  "spacing_x": 0.46875,
  "spacing_y": 0.46875,
  "spacing_z": 1.0,
  "summary_bg_k": 225.1109,
  "summary_bg_mad": 0.0,
  "summary_bg_mean": 3.0395,
  "summary_bg_median": 0.0,
  "summary_bg_n": 19292837.0,
  "summary_bg_p05": 0.0,
  "summary_bg_p95": 6.0,
  "summary_bg_stdv": 27.4488,
  "summary_csf_k": -0.7702,
  "summary_csf_mad": 172.9415,
  "summary_csf_mean": 399.4567,
  "summary_csf_median": 412.0,
  "summary_csf_n": 1781427.2426744136,
  "summary_csf_p05": 61.0,
  "summary_csf_p95": 721.0,
  "summary_csf_stdv": 210.3186,
  "summary_gm_k": -0.1659,
  "summary_gm_mad": 89.658,
  "summary_gm_mean": 628.439,
  "summary_gm_median": 617.0,
  "summary_gm_n": 2646582.2258969173,
  "summary_gm_p05": 420.0,
  "summary_gm_p95": 902.0,
  "summary_gm_stdv": 138.0207,
  "summary_wm_k": 0.4485,
  "summary_wm_mad": 93.7913,
  "summary_wm_mean": 871.9073,
  "summary_wm_median": 917.0,
  "summary_wm_n": 2378752.531644162,
  "summary_wm_p05": 602.0,
  "summary_wm_p95": 1038.0,
  "summary_wm_stdv": 140.9117,
  "tpm_overlap_csf": 0.19702157412634516,
  "tpm_overlap_gm": 0.5034963748825935,
  "tpm_overlap_wm": 0.48081196701568785,
  "wm2max": 0.525121722644197
}
