{
  "bids_meta": {
    "AcquisitionMatrixPE": 252,
    "AcquisitionNumber": 2,
    "AcquisitionTime": "15:41:20.800000",
    "BodyPartExamined": "BRAIN",
    "CoilString": "MULTI_COIL",
    "ConversionSoftware": "dcm2niix",
    "ConversionSoftwareVersion": "v1.0.20181125  (JP2:OpenJPEG) GCC9.3.0",
    "Dcm2bidsVersion": "3.1.1",
    "DeviceSerialNumber": "85054",
    "EchoTime": 0.3,
    "EchoTrainLength": 155,
    "FileSize": 0.0535868164151907,
    "FileSizeUnits": "GB",
    "FlipAngle": 90,
    "ImageOrientationPatientDICOM": [
      -0.0285412,
      0.999592,
      -0.00134751,
      0.0162045,
      -0.000885198,
      -0.999868
    ],
    "ImageType": [
      "ORIGINAL",
      "PRIMARY",
      "M",
      "SE",
      "M",
      "SE"
    ],
    "ImagingFrequency": 127.766,
    "InPlanePhaseEncodingDirectionDICOM": "ROW",
    "InstitutionAddress": "Nemirovicha-Danchenko_132",
    "InstitutionName": "Novosib_Neurosurgery_Center",
    "InstitutionalDepartmentName": "MRI",
    "MRAcquisitionType": "3D",
    "MagneticFieldStrength": 3,
    "Manufacturer": "Philips",
    "ManufacturersModelName": "Ingenia",
    "Modality": "MR",
    "NumberOfVolumes": 1,
    "PatientPosition": "HFS",
    "PercentPhaseFOV": 100,
    "PhaseEncodingSteps": 252,
    "PhilipsRWVIntercept": 0,
    "PhilipsRWVSlope": 1.84444,
    "PhilipsRescaleIntercept": 0,
    "PhilipsRescaleSlope": 1.84444,
    "PhilipsScaleSlope": 0.0115973,
    "PixelBandwidth": 841,
    "ProcedureStepDescription": "HEAD+CE+MENINGIOMA_OL`FAK_YAMKI",
    "ProtocolName": "3D_T2_1mm",
    "ReconMatrixPE": 512,
    "RepetitionTime": 3.5,
    "SAR": 0.0259759,
    "ScanOptions": "FS",
    "ScanningSequence": "SE",
    "SequenceVariant": "SK",
    "SeriesDescription": "3D_T2_1mm",
    "SeriesNumber": 201,
    "SliceThickness": 1,
    "SoftwareVersions": "5.4.1_5.4.1.3",
    "SpacingBetweenSlices": 0.5,
    "StationName": "PHILIPS-F7TK6PR",
    "UsePhilipsFloatNotDisplayScaling": 1,
    "dataset": "<unset>",
    "datatype": "anat",
    "extension": ".nii.gz",
    "modality": "T2w",
    "subject": "olf05",
    "suffix": "T2w"
  },
  "cjv": 1.666975965665236,
  "cnr": 0.5840252428282199,
  "efc": 0.5998,
  "fber": 296.7345,
  "fwhm_avg": 5.651265066666667,
  "fwhm_x": 5.34952,
  "fwhm_y": 6.19055104,
  "fwhm_z": 5.41372416,
  "icvs_csf": 0.28180592378036046,
  "icvs_gm": 0.3237770399154388,
  "icvs_wm": 0.3944170363042008,
  "inu_med": 0.9652749300003052,
  "inu_range": 0.5038190364837646,
  "provenance": {
    "md5sum": "249876fc7aa8e2a85d739895f887c8b1",
    "settings": {
      "testing": false
    },
    "software": "mriqc",
    "version": "25.1.0.dev45+g699d1691",
    "warnings": {
      "large_rot_frame": true,
      "small_air_mask": false
    }
  },
  "qi_1": 0.0,
  "qi_2": 0.0018549766918764087,
  "rpve_csf": 7.3922064376679275,
  "rpve_gm": 7.2697369832518195,
  "rpve_wm": 7.3086365797401305,
  "size_x": 360,
  "size_y": 512,
  "size_z": 512,
  "snr_csf": 1.4322264073251945,
  "snr_gm": 3.6025466896085727,
  "snr_total": 3.9153355754681627,
  "snr_wm": 6.711233629470721,
  "snrd_csf": 8.298624757383966,
  "snrd_gm": 7.2677754641350205,
  "snrd_total": 7.16411464135021,
  "snrd_wm": 5.925943702531645,
  "spacing_x": 0.5,
  "spacing_y": 0.48828125,
  "spacing_z": 0.48828125,
  "summary_bg_k": 13.9989,
  "summary_bg_mad": 0.0,
  "summary_bg_mean": 37.828,
  "summary_bg_median": 0.0,
  "summary_bg_n": 32539497.0,
  "summary_bg_p05": 0.0,
  "summary_bg_p95": 341.0,
  "summary_bg_stdv": 113.76,
  "summary_csf_k": -1.4628,
  "summary_csf_mad": 1636.1377,
  "summary_csf_mean": 1498.6849,
  "summary_csf_median": 1441.0,
  "summary_csf_n": 3542778.6881269934,
  "summary_csf_p05": 98.0,
  "summary_csf_p95": 3255.0,
  "summary_csf_stdv": 1006.1257,
  "summary_gm_k": 7.818,
  "summary_gm_mad": 256.5473,
  "summary_gm_mean": 1281.1291,
  "summary_gm_median": 1262.0,
  "summary_gm_n": 4070426.843160636,
  "summary_gm_p05": 769.0,
  "summary_gm_p95": 1894.0,
  "summary_gm_stdv": 350.3077,
  "summary_wm_k": 63.6615,
  "summary_wm_mad": 131.8581,
  "summary_wm_mean": 1035.2662,
  "summary_wm_median": 1029.0,
  "summary_wm_n": 4958491.474231088,
  "summary_wm_p05": 808.0,
  "summary_wm_p95": 1276.0,
  "summary_wm_stdv": 153.325,
  "tpm_overlap_csf": 0.1921141923181233,
  "tpm_overlap_gm": 0.44551634692269687,
  "tpm_overlap_wm": 0.45770160687607025,
  "wm2max": 0.2926065974842886
}
