{
  "bids_meta": {
    "AcquisitionMatrixPE": 240,
    "AcquisitionNumber": 16,
    "AcquisitionTime": "16:42:36.310000",
    "BodyPartExamined": "BRAIN",
    "CoilString": "MULTI_COIL",
    "ConversionSoftware": "dcm2niix",
    "ConversionSoftwareVersion": "v1.0.20181125  (JP2:OpenJPEG) GCC9.3.0",
    "Dcm2bidsVersion": "3.1.1",
    "DeviceSerialNumber": "85054",
    "EchoTime": 0.002972,
    "EchoTrainLength": 204,
    "FileSize": 0.027761025354266167,
    "FileSizeUnits": "GB",
    "FlipAngle": 8,
    "ImageOrientationPatientDICOM": [
      0.999461,
      0.0291178,
      0.0151439,
      -0.0285412,
      0.998908,
      -0.036991
    ],
    "ImageType": [
      "ORIGINAL",
      "PRIMARY",
      "M",
      "FFE",
      "M",
      "FFE"
    ],
    "ImagingFrequency": 127.766,
    "InPlanePhaseEncodingDirectionDICOM": "COL",
    "InstitutionAddress": "Nemirovicha-Danchenko_132",
    "InstitutionName": "Novosib_Neurosurgery_Center",
    "InstitutionalDepartmentName": "MRI",
    "MRAcquisitionType": "3D",
    "MagneticFieldStrength": 3,
    "Manufacturer": "Philips",
    "ManufacturersModelName": "Ingenia",
    "Modality": "MR",
    "NumberOfVolumes": 1,
    "PatientPosition": "HFS",
    "PercentPhaseFOV": 100,
    "PhaseEncodingSteps": 240,
    "PhilipsRWVIntercept": 0,
    "PhilipsRWVSlope": 2.24298,
    "PhilipsRescaleIntercept": 0,
    "PhilipsRescaleSlope": 2.24298,
    "PhilipsScaleSlope": 0.0146475,
    "PixelBandwidth": 271,
    "ProcedureStepDescription": "HEAD+CE+MENINGIOMA_OL`FAK_YAMKI",
    "ProtocolName": "sT1W_3D_CE",
    "ReconMatrixPE": 512,
    "RepetitionTime": 0.0066009,
    "SAR": 0.0231826,
    "ScanOptions": "PFP",
    "ScanningSequence": "GR",
    "SequenceVariant": "MP",
    "SeriesDescription": "sT1W_3D_CE",
    "SeriesNumber": 1601,
    "SliceThickness": 1,
    "SoftwareVersions": "5.4.1_5.4.1.3",
    "SpacingBetweenSlices": 1,
    "StationName": "PHILIPS-F7TK6PR",
    "UsePhilipsFloatNotDisplayScaling": 1,
    "dataset": "<unset>",
    "datatype": "anat",
    "extension": ".nii.gz",
    "modality": "T1w",
    "run": 2,
    "subject": "olf05",
    "suffix": "T1w"
  },
  "cjv": 0.9556619469026549,
  "cnr": 0.9101713790561222,
  "efc": 0.7264,
  "fber": -1.0,
  "fwhm_avg": 4.281022,
  "fwhm_x": 4.961365333333333,
  "fwhm_y": 5.374250666666667,
  "fwhm_z": 2.50745,
  "icvs_csf": 0.21368843480320113,
  "icvs_gm": 0.3960079490238904,
  "icvs_wm": 0.39030361617290843,
  "inu_med": 0.8815625309944153,
  "inu_range": 0.5031759530305863,
  "provenance": {
    "md5sum": "acede568b4422f3e31c330003c9244b1",
    "settings": {
      "testing": false
    },
    "software": "mriqc",
    "version": "25.1.0.dev45+g699d1691",
    "warnings": {
      "large_rot_frame": true,
      "small_air_mask": false
    }
  },
  "qi_1": 0.0,
  "qi_2": 0.0006631145197953958,
  "rpve_csf": 7.1743691930431845,
  "rpve_gm": 7.032689849892944,
  "rpve_wm": 7.068884320930831,
  "size_x": 512,
  "size_y": 512,
  "size_z": 192,
  "snr_csf": 1.0340707246271474,
  "snr_gm": 3.2412921051577626,
  "snr_total": 3.605466049721828,
  "snr_wm": 6.5410353193805735,
  "snrd_csf": 13.347259226485226,
  "snrd_gm": 11.156421222137906,
  "snrd_total": 13.156263092772896,
  "snrd_wm": 14.965108829695557,
  "spacing_x": 0.46875,
  "spacing_y": 0.46875,
  "spacing_z": 1.0,
  "summary_bg_k": 552.4645,
  "summary_bg_mad": 0.0,
  "summary_bg_mean": 4.5479,
  "summary_bg_median": 0.0,
  "summary_bg_n": 21166355.0,
  "summary_bg_p05": 0.0,
  "summary_bg_p95": 15.0,
  "summary_bg_stdv": 38.8745,
  "summary_csf_k": -1.3826,
  "summary_csf_mad": 1023.2443,
  "summary_csf_mean": 997.8379,
  "summary_csf_median": 792.0,
  "summary_csf_n": 1475033.1419438226,
  "summary_csf_p05": 84.0,
  "summary_csf_p95": 2524.0,
  "summary_csf_stdv": 765.9048,
  "summary_gm_k": 15.9842,
  "summary_gm_mad": 99.4666,
  "summary_gm_mean": 658.4747,
  "summary_gm_median": 662.0,
  "summary_gm_n": 2733535.15748943,
  "summary_gm_p05": 288.0,
  "summary_gm_p95": 993.0,
  "summary_gm_stdv": 204.2395,
  "summary_wm_k": 16.2213,
  "summary_wm_mad": 116.513,
  "summary_wm_mean": 872.3605,
  "summary_wm_median": 888.0,
  "summary_wm_n": 2694159.699404268,
  "summary_wm_p05": 642.0,
  "summary_wm_p95": 1067.0,
  "summary_wm_stdv": 135.7583,
  "tpm_overlap_csf": 0.24129142581281635,
  "tpm_overlap_gm": 0.5014569259266289,
  "tpm_overlap_wm": 0.5295191039450804,
  "wm2max": 0.30113079932387415
}
