{
  "aor": 0.0009398000000000001,
  "aqi": 0.013588249949999999,
  "bids_meta": {
    "AcquisitionMatrixPE": 80,
    "AcquisitionNumber": 13,
    "AcquisitionTime": "09:19:9.140000",
    "BodyPartExamined": "BRAIN",
    "CoilString": "MULTI_COIL",
    "ConversionSoftware": "dcm2niix",
    "ConversionSoftwareVersion": "v1.0.20181125  (JP2:OpenJPEG) GCC9.3.0",
    "Dcm2bidsVersion": "3.1.1",
    "DeviceSerialNumber": "85054",
    "EchoTime": 0.030001,
    "EchoTrainLength": 27,
    "FileSize": 0.048375001177191734,
    "FileSizeUnits": "GB",
    "FlipAngle": 90,
    "ImageOrientationPatientDICOM": [
      0.996097,
      -0.0882194,
      -0.0030045,
      0.0882705,
      0.995572,
      0.0323352
    ],
    "ImageType": [
      "ORIGINAL",
      "PRIMARY",
      "M",
      "FFE",
      "M",
      "FFE"
    ],
    "ImagingFrequency": 127.777,
    "InPlanePhaseEncodingDirectionDICOM": "COL",
    "InstitutionAddress": "Nemirovicha-Danchenko_132",
    "InstitutionName": "Novosib_Neurosurgery_Center",
    "InstitutionalDepartmentName": "MRI",
    "MRAcquisitionType": "2D",
    "MagneticFieldStrength": 3,
    "Manufacturer": "Philips",
    "ManufacturersModelName": "Ingenia",
    "Modality": "MR",
    "NumberOfVolumes": 200,
    "PartialFourier": 0.3375,
    "PatientPosition": "HFS",
    "PercentPhaseFOV": 100,
    "PhaseEncodingAxis": "j",
    "PhaseEncodingSteps": 80,
    "PhilipsRWVIntercept": 0,
    "PhilipsRWVSlope": 0.848596,
    "PhilipsRescaleIntercept": 0,
    "PhilipsRescaleSlope": 0.848596,
    "PhilipsScaleSlope": 0.0125193,
    "PixelBandwidth": 2283,
    "ProcedureStepDescription": "HEAD+C(NAUKA)",
    "ProtocolName": "rest-fMRI",
    "ReconMatrixPE": 80,
    "RepetitionTime": 3,
    "SAR": 0.108486,
    "ScanOptions": "FS",
    "ScanningSequence": "GR",
    "SequenceVariant": "SK",
    "SeriesDescription": "rest-fMRI",
    "SeriesNumber": 1301,
    "SliceThickness": 3,
    "SoftwareVersions": "5.4.1_5.4.1.3",
    "SpacingBetweenSlices": 3,
    "StationName": "PHILIPS-F7TK6PR",
    "TaskName": "rest",
    "UsePhilipsFloatNotDisplayScaling": 1,
    "dataset": "<unset>",
    "datatype": "func",
    "extension": ".nii.gz",
    "modality": "bold",
    "subject": "olf04fu",
    "suffix": "bold",
    "task": "rest"
  },
  "dummy_trs": 0,
  "dvars_nstd": 38.979388194321615,
  "dvars_std": 1.1261644680904523,
  "dvars_vstd": 0.9751765581407033,
  "efc": 0.3841,
  "fber": 210822.3906,
  "fd_mean": 0.27549893568486633,
  "fd_num": 146,
  "fd_perc": 73.0,
  "fwhm_avg": 2.4363588888888885,
  "fwhm_x": 2.43295,
  "fwhm_y": 2.55891,
  "fwhm_z": 2.3172166666666665,
  "gcor": 0.0114031,
  "gsr_x": -0.014674403704702854,
  "gsr_y": 0.008841247297823429,
  "provenance": {
    "md5sum": "06145aeb76425ce3841327aed31d5ed0",
    "settings": {
      "fd_thres": 0.2,
      "testing": false
    },
    "software": "mriqc",
    "version": "25.1.0.dev45+g699d1691"
  },
  "size_t": 200,
  "size_x": 80,
  "size_y": 80,
  "size_z": 45,
  "snr": 2.912981880176899,
  "spacing_tr": 2.9999990463256836,
  "spacing_x": 3.0,
  "spacing_y": 3.0,
  "spacing_z": 3.0,
  "summary_bg_k": 167.7193,
  "summary_bg_mad": 2.8421,
  "summary_bg_mean": 24.4296,
  "summary_bg_median": 2.0,
  "summary_bg_n": 239975.0,
  "summary_bg_p05": 0.0,
  "summary_bg_p95": 102.0,
  "summary_bg_stdv": 77.285,
  "summary_fg_k": 0.8077,
  "summary_fg_mad": 224.4647,
  "summary_fg_mean": 919.6428,
  "summary_fg_median": 966.0,
  "summary_fg_n": 48025.0,
  "summary_fg_p05": 196.0,
  "summary_fg_p95": 1375.0,
  "summary_fg_stdv": 331.6155,
  "tsnr": 40.80468870163895
}
