{
    "Modality": "MR",
    "MagneticFieldStrength": 3,
    "ImagingFrequency": 127.777136,
    "Manufacturer": "Philips",
    "ManufacturersModelName": "Ingenia",
    "InstitutionName": "Novosib Neurosurgery Center",
    "InstitutionalDepartmentName": "MRI",
    "InstitutionAddress": "Nemirovicha-Danchenko 132",
    "DeviceSerialNumber": "85054",
    "StationName": "PHILIPS-F7TK6PR",
    "BodyPartExamined": "BRAIN",
    "PatientPosition": "HFS",
    "ProcedureStepDescription": "HEAD OL`FAKT MENING+C",
    "SoftwareVersions": "5.4.1\\5.4.1.3",
    "MRAcquisitionType": "2D",
    "SeriesDescription": "DTIshort_64dir_b01_PA",
    "ProtocolName": "DTIshort_64dir_b01_PA",
    "ScanningSequence": "SE",
    "SequenceVariant": "SK",
    "ScanOptions": "FS",
    "PulseSequenceName": "DwiSE",
    "ImageType": [
        "ORIGINAL",
        "PRIMARY",
        "M",
        "SE",
        "M",
        "SE"
    ],
    "SeriesNumber": 1001,
    "AcquisitionTime": "08:46:37.400000",
    "AcquisitionNumber": 10,
    "PhilipsRWVSlope": 2.01563,
    "PhilipsRWVIntercept": 0,
    "PhilipsRescaleSlope": 2.01563,
    "PhilipsRescaleIntercept": 0,
    "PhilipsScaleSlope": 0.0143513,
    "UsePhilipsFloatNotDisplayScaling": 1,
    "SliceThickness": 2,
    "SpacingBetweenSlices": 2,
    "SAR": 0.191577,
    "EchoTime": 0.040222,
    "RepetitionTime": 5.16684,
    "MTState": false,
    "FlipAngle": 90,
    "CoilString": "MULTI COIL",
    "PercentPhaseFOV": 100,
    "PercentSampling": 100,
    "EchoTrainLength": 51,
    "PartialFourierDirection": "PHASE",
    "PartialFourierEnabled": "YES",
    "PhaseEncodingStepsNoPartialFourier": 126,
    "FrequencyEncodingSteps": 128,
    "PhaseEncodingStepsOutOfPlane": 1,
    "AcquisitionMatrixPE": 126,
    "ReconMatrixPE": 128,
    "ParallelReductionFactorInPlane": 2.5,
    "ParallelAcquisitionTechnique": "SENSE",
    "WaterFatShift": 17.5826,
    "EstimatedEffectiveEchoSpacing": 0.000312546,
    "EstimatedTotalReadoutTime": 0.0396933,
    "AcquisitionDuration": 17.5125,
    "PixelBandwidth": 1786,
    "PhaseEncodingAxis": "j",
    "ImageOrientationPatientDICOM": [
        0.99173,
        -0.128208,
        -0.00584498,
        0.12599,
        0.98123,
        -0.145992
    ],
    "InPlanePhaseEncodingDirectionDICOM": "COL",
    "ConversionSoftware": "dcm2niix",
    "ConversionSoftwareVersion": "v1.0.20230411",
    "Dcm2bidsVersion": "3.0.1"
}