{
    "Modality": "MR",
    "MagneticFieldStrength": 3,
    "ImagingFrequency": 127.767,
    "Manufacturer": "Philips",
    "ManufacturersModelName": "Ingenia",
    "InstitutionName": "Novosib_Neurosurgery_Center",
    "InstitutionalDepartmentName": "MRI",
    "InstitutionAddress": "Nemirovicha-Danchenko_132",
    "DeviceSerialNumber": "85054",
    "StationName": "PHILIPS-F7TK6PR",
    "BodyPartExamined": "BRAIN",
    "PatientPosition": "HFS",
    "ProcedureStepDescription": "HEAD_MENINGIOMA_OLFAKTOR+C",
    "SoftwareVersions": "5.4.1_5.4.1.3",
    "MRAcquisitionType": "2D",
    "SeriesDescription": "DTIshort_64dir_b1500_AP",
    "ProtocolName": "DTIshort_64dir_b1500_AP",
    "ScanningSequence": "SE",
    "SequenceVariant": "SK",
    "ScanOptions": "FS",
    "ImageType": [
        "ORIGINAL",
        "PRIMARY",
        "M",
        "SE",
        "M",
        "SE"
    ],
    "SeriesNumber": 301,
    "AcquisitionTime": "08:28:34.240000",
    "AcquisitionNumber": 3,
    "PhilipsRWVSlope": 3.05421,
    "PhilipsRWVIntercept": 0,
    "PhilipsRescaleSlope": 3.05421,
    "PhilipsRescaleIntercept": 0,
    "PhilipsScaleSlope": 0.00929183,
    "UsePhilipsFloatNotDisplayScaling": 1,
    "SliceThickness": 2,
    "SpacingBetweenSlices": 2,
    "SAR": 0.103146,
    "EchoTime": 0.1031,
    "RepetitionTime": 9.43926,
    "FlipAngle": 90,
    "CoilString": "MULTI_COIL",
    "PartialFourier": 0.404762,
    "PercentPhaseFOV": 100,
    "EchoTrainLength": 51,
    "PhaseEncodingSteps": 126,
    "AcquisitionMatrixPE": 126,
    "ReconMatrixPE": 128,
    "PixelBandwidth": 1784,
    "PhaseEncodingAxis": "j",
    "ImageOrientationPatientDICOM": [
        0.99816,
        0.0605381,
        -0.00335331,
        -0.0604926,
        0.998093,
        0.012329
    ],
    "InPlanePhaseEncodingDirectionDICOM": "COL",
    "ConversionSoftware": "dcm2niix",
    "ConversionSoftwareVersion": "v1.0.20181125  (JP2:OpenJPEG) GCC9.3.0",
    "Dcm2bidsVersion": "3.1.1"
}