{
  "bids_meta": {
    "AcquisitionMatrixPE": 252,
    "AcquisitionNumber": 2,
    "AcquisitionTime": "08:01:42.870000",
    "BodyPartExamined": "BRAIN",
    "CoilString": "MULTI_COIL",
    "ConversionSoftware": "dcm2niix",
    "ConversionSoftwareVersion": "v1.0.20181125  (JP2:OpenJPEG) GCC9.3.0",
    "Dcm2bidsVersion": "3.1.1",
    "DeviceSerialNumber": "85054",
    "EchoTime": 0.3,
    "EchoTrainLength": 155,
    "FileSize": 0.05307410564273596,
    "FileSizeUnits": "GB",
    "FlipAngle": 90,
    "ImageOrientationPatientDICOM": [
      -0.0459215,
      0.998935,
      0.00457606,
      -0.0576823,
      0.00192163,
      -0.998333
    ],
    "ImageType": [
      "ORIGINAL",
      "PRIMARY",
      "M",
      "SE",
      "M",
      "SE"
    ],
    "ImagingFrequency": 127.766,
    "InPlanePhaseEncodingDirectionDICOM": "ROW",
    "InstitutionAddress": "Nemirovicha-Danchenko_132",
    "InstitutionName": "Novosib_Neurosurgery_Center",
    "InstitutionalDepartmentName": "MRI",
    "MRAcquisitionType": "3D",
    "MagneticFieldStrength": 3,
    "Manufacturer": "Philips",
    "ManufacturersModelName": "Ingenia",
    "Modality": "MR",
    "NumberOfVolumes": 1,
    "PatientPosition": "HFS",
    "PercentPhaseFOV": 100,
    "PhaseEncodingSteps": 252,
    "PhilipsRWVIntercept": 0,
    "PhilipsRWVSlope": 1.89328,
    "PhilipsRescaleIntercept": 0,
    "PhilipsRescaleSlope": 1.89328,
    "PhilipsScaleSlope": 0.00959559,
    "PixelBandwidth": 841,
    "ProcedureStepDescription": "MENINGIOMA_OLFACTOR+CE",
    "ProtocolName": "3D_T2_1mm",
    "ReconMatrixPE": 512,
    "RepetitionTime": 3.5,
    "SAR": 0.0259759,
    "ScanOptions": "FS",
    "ScanningSequence": "SE",
    "SequenceVariant": "SK",
    "SeriesDescription": "3D_T2_1mm",
    "SeriesNumber": 201,
    "SliceThickness": 1,
    "SoftwareVersions": "5.4.1_5.4.1.3",
    "SpacingBetweenSlices": 0.5,
    "StationName": "PHILIPS-F7TK6PR",
    "UsePhilipsFloatNotDisplayScaling": 1,
    "dataset": "<unset>",
    "datatype": "anat",
    "extension": ".nii.gz",
    "modality": "T2w",
    "subject": "olf09fu",
    "suffix": "T2w"
  },
  "cjv": 1.008627607361963,
  "cnr": 0.8130969000621759,
  "efc": 0.5998,
  "fber": 289.4909,
  "fwhm_avg": 6.772170026666667,
  "fwhm_x": 6.68152,
  "fwhm_y": 7.3964544,
  "fwhm_z": 6.23853568,
  "icvs_csf": 0.23906805217248225,
  "icvs_gm": 0.3237031733514112,
  "icvs_wm": 0.4372287744761065,
  "inu_med": 0.9397318661212921,
  "inu_range": 0.6309370696544647,
  "provenance": {
    "md5sum": "0ad53be83f8ae785c437a18720946582",
    "settings": {
      "testing": false
    },
    "software": "mriqc",
    "version": "25.1.0.dev45+g699d1691",
    "warnings": {
      "large_rot_frame": true,
      "small_air_mask": false
    }
  },
  "qi_1": 0.0,
  "qi_2": 0.002135422005825662,
  "rpve_csf": 6.398500139653898,
  "rpve_gm": 6.348290644152264,
  "rpve_wm": 6.43725333534145,
  "size_x": 360,
  "size_y": 512,
  "size_z": 512,
  "snr_csf": 1.664242674719772,
  "snr_gm": 2.16599112082605,
  "snr_total": 3.118715209548704,
  "snr_wm": 5.52591183310029,
  "snrd_csf": 12.452326779959074,
  "snrd_gm": 12.02244208099616,
  "snrd_total": 10.608599071073689,
  "snrd_wm": 7.351028352265829,
  "spacing_x": 0.5,
  "spacing_y": 0.48828125,
  "spacing_z": 0.48828125,
  "summary_bg_k": 16.2349,
  "summary_bg_mad": 0.0,
  "summary_bg_mean": 28.4427,
  "summary_bg_median": 0.0,
  "summary_bg_n": 29831937.0,
  "summary_bg_p05": 0.0,
  "summary_bg_p95": 247.0,
  "summary_bg_stdv": 91.4389,
  "summary_csf_k": -1.56,
  "summary_csf_mad": 2098.8493,
  "summary_csf_mean": 1807.0491,
  "summary_csf_median": 1738.0,
  "summary_csf_n": 3428655.6688769553,
  "summary_csf_p05": 141.0,
  "summary_csf_p95": 3417.0,
  "summary_csf_stdv": 1044.3187,
  "summary_gm_k": 0.6445,
  "summary_gm_mad": 482.7116,
  "summary_gm_mean": 1779.4014,
  "summary_gm_median": 1678.0,
  "summary_gm_n": 4642471.924872804,
  "summary_gm_p05": 589.0,
  "summary_gm_p95": 3202.0,
  "summary_gm_stdv": 774.703,
  "summary_wm_k": 27.4162,
  "summary_wm_mad": 174.9136,
  "summary_wm_mean": 1039.7611,
  "summary_wm_median": 1026.0,
  "summary_wm_n": 6270628.394638252,
  "summary_wm_p05": 777.0,
  "summary_wm_p95": 1348.0,
  "summary_wm_stdv": 185.6707,
  "tpm_overlap_csf": 0.26821476731673194,
  "tpm_overlap_gm": 0.4377864237593643,
  "tpm_overlap_wm": 0.4744264267369512,
  "wm2max": 0.27927647107189474
}
