{
  "bids_meta": {
    "AcquisitionMatrixPE": 240,
    "AcquisitionNumber": 3,
    "AcquisitionTime": "08:07:18.570000",
    "BodyPartExamined": "BRAIN",
    "CoilString": "MULTI_COIL",
    "ConversionSoftware": "dcm2niix",
    "ConversionSoftwareVersion": "v1.0.20181125  (JP2:OpenJPEG) GCC9.3.0",
    "Dcm2bidsVersion": "3.1.1",
    "DeviceSerialNumber": "85054",
    "EchoTime": 0.003011,
    "EchoTrainLength": 204,
    "FileSize": 0.025964874774217606,
    "FileSizeUnits": "GB",
    "FlipAngle": 8,
    "ImageOrientationPatientDICOM": [
      0.998585,
      -0.0118899,
      -0.0518395,
      0.0180276,
      0.99266,
      0.11959
    ],
    "ImageType": [
      "ORIGINAL",
      "PRIMARY",
      "M",
      "FFE",
      "M",
      "FFE"
    ],
    "ImagingFrequency": 127.766,
    "InPlanePhaseEncodingDirectionDICOM": "COL",
    "InstitutionAddress": "Nemirovicha-Danchenko_132",
    "InstitutionName": "Novosib_Neurosurgery_Center",
    "InstitutionalDepartmentName": "MRI",
    "MRAcquisitionType": "3D",
    "MagneticFieldStrength": 3,
    "Manufacturer": "Philips",
    "ManufacturersModelName": "Ingenia",
    "Modality": "MR",
    "NumberOfVolumes": 1,
    "PatientPosition": "HFS",
    "PercentPhaseFOV": 100,
    "PhaseEncodingSteps": 240,
    "PhilipsRWVIntercept": 0,
    "PhilipsRWVSlope": 5.16093,
    "PhilipsRescaleIntercept": 0,
    "PhilipsRescaleSlope": 5.16093,
    "PhilipsScaleSlope": 0.0121509,
    "PixelBandwidth": 271,
    "ProcedureStepDescription": "MENINGIOMA_OLFACTOR+CE",
    "ProtocolName": "sT1W_3D",
    "ReconMatrixPE": 512,
    "RepetitionTime": 0.0067103,
    "SAR": 0.0231826,
    "ScanOptions": "PFP",
    "ScanningSequence": "GR",
    "SequenceVariant": "MP",
    "SeriesDescription": "sT1W_3D",
    "SeriesNumber": 301,
    "SliceThickness": 1,
    "SoftwareVersions": "5.4.1_5.4.1.3",
    "SpacingBetweenSlices": 1,
    "StationName": "PHILIPS-F7TK6PR",
    "UsePhilipsFloatNotDisplayScaling": 1,
    "dataset": "<unset>",
    "datatype": "anat",
    "extension": ".nii.gz",
    "modality": "T1w",
    "run": 1,
    "subject": "olf09fu",
    "suffix": "T1w"
  },
  "cjv": 0.6144725333333333,
  "cnr": 1.4390018156896955,
  "efc": 0.7573,
  "fber": -1.0,
  "fwhm_avg": 6.474871333333333,
  "fwhm_x": 7.603925333333334,
  "fwhm_y": 7.992938666666666,
  "fwhm_z": 3.82775,
  "icvs_csf": 0.2870616993488547,
  "icvs_gm": 0.3577739177132522,
  "icvs_wm": 0.35516438293789326,
  "inu_med": 0.841638833284378,
  "inu_range": 0.40448101162910466,
  "provenance": {
    "md5sum": "334e78c4195a66b432fd017002b6bd41",
    "settings": {
      "testing": false
    },
    "software": "mriqc",
    "version": "25.1.0.dev45+g699d1691",
    "warnings": {
      "large_rot_frame": true,
      "small_air_mask": false
    }
  },
  "qi_1": 0.0,
  "qi_2": 0.0013033731511895134,
  "rpve_csf": 6.301104047950262,
  "rpve_gm": 6.204312751969644,
  "rpve_wm": 6.3262331378222045,
  "size_x": 512,
  "size_y": 512,
  "size_z": 192,
  "snr_csf": 1.2481228805424593,
  "snr_gm": 2.453998142819737,
  "snr_total": 3.6727208438953483,
  "snr_wm": 7.316041508323849,
  "snrd_csf": 5.362644474761256,
  "snrd_gm": 14.807301907922868,
  "snrd_total": 14.994060670725501,
  "snrd_wm": 24.812235629492374,
  "spacing_x": 0.46875,
  "spacing_y": 0.46875,
  "spacing_z": 1.0,
  "summary_bg_k": 289.7257,
  "summary_bg_mad": 0.0,
  "summary_bg_mean": 2.7335,
  "summary_bg_median": 0.0,
  "summary_bg_n": 18333083.0,
  "summary_bg_p05": 0.0,
  "summary_bg_p95": 0.0,
  "summary_bg_stdv": 24.5555,
  "summary_csf_k": -0.6768,
  "summary_csf_mad": 148.2082,
  "summary_csf_mean": 231.954,
  "summary_csf_median": 201.0,
  "summary_csf_n": 2248510.6582855354,
  "summary_csf_p05": 26.0,
  "summary_csf_p95": 532.0,
  "summary_csf_stdv": 161.0418,
  "summary_gm_k": 4.1252,
  "summary_gm_mad": 122.659,
  "summary_gm_mean": 536.3337,
  "summary_gm_median": 555.0,
  "summary_gm_n": 2802388.7166402964,
  "summary_gm_p05": 108.0,
  "summary_gm_p95": 931.0,
  "summary_gm_stdv": 226.1615,
  "summary_wm_k": -0.3337,
  "summary_wm_mad": 107.7682,
  "summary_wm_mean": 899.2221,
  "summary_wm_median": 930.0,
  "summary_wm_n": 2781948.6273881574,
  "summary_wm_p05": 657.0,
  "summary_wm_p95": 1061.0,
  "summary_wm_stdv": 127.1179,
  "tpm_overlap_csf": 0.20414055194036615,
  "tpm_overlap_gm": 0.4857223338337456,
  "tpm_overlap_wm": 0.5196901721651286,
  "wm2max": 0.6485188988741295
}
