{
  "bids_meta": {
    "AcquisitionMatrixPE": 252,
    "AcquisitionNumber": 2,
    "AcquisitionTime": "17:13:29.560000",
    "BodyPartExamined": "BRAIN",
    "CoilString": "MULTI_COIL",
    "ConversionSoftware": "dcm2niix",
    "ConversionSoftwareVersion": "v1.0.20181125  (JP2:OpenJPEG) GCC9.3.0",
    "Dcm2bidsVersion": "3.1.1",
    "DeviceSerialNumber": "85054",
    "EchoTime": 0.3,
    "EchoTrainLength": 155,
    "FileSize": 0.054225982166826725,
    "FileSizeUnits": "GB",
    "FlipAngle": 90,
    "ImageOrientationPatientDICOM": [
      -0.043337,
      0.999061,
      0.0000636474,
      0.0454857,
      0.00203671,
      -0.998963
    ],
    "ImageType": [
      "ORIGINAL",
      "PRIMARY",
      "M",
      "SE",
      "M",
      "SE"
    ],
    "ImagingFrequency": 127.767,
    "InPlanePhaseEncodingDirectionDICOM": "ROW",
    "InstitutionAddress": "Nemirovicha-Danchenko_132",
    "InstitutionName": "Novosib_Neurosurgery_Center",
    "InstitutionalDepartmentName": "MRI",
    "MRAcquisitionType": "3D",
    "MagneticFieldStrength": 3,
    "Manufacturer": "Philips",
    "ManufacturersModelName": "Ingenia",
    "Modality": "MR",
    "NumberOfVolumes": 1,
    "PatientPosition": "HFS",
    "PercentPhaseFOV": 100,
    "PhaseEncodingSteps": 252,
    "PhilipsRWVIntercept": 0,
    "PhilipsRWVSlope": 1.93993,
    "PhilipsRescaleIntercept": 0,
    "PhilipsRescaleSlope": 1.93993,
    "PhilipsScaleSlope": 0.0109096,
    "PixelBandwidth": 841,
    "ProtocolName": "3D_T2_1mm",
    "ReconMatrixPE": 512,
    "RepetitionTime": 3.5,
    "SAR": 0.0259759,
    "ScanOptions": "FS",
    "ScanningSequence": "SE",
    "SequenceVariant": "SK",
    "SeriesDescription": "3D_T2_1mm",
    "SeriesNumber": 201,
    "SliceThickness": 1,
    "SoftwareVersions": "5.4.1_5.4.1.3",
    "SpacingBetweenSlices": 0.5,
    "StationName": "PHILIPS-F7TK6PR",
    "UsePhilipsFloatNotDisplayScaling": 1,
    "dataset": "<unset>",
    "datatype": "anat",
    "extension": ".nii.gz",
    "modality": "T2w",
    "subject": "olf12",
    "suffix": "T2w"
  },
  "cjv": 0.9498310344827587,
  "cnr": 0.8975660312531377,
  "efc": 0.5918,
  "fber": 86.3299,
  "fwhm_avg": 8.240388746666667,
  "fwhm_x": 7.79674,
  "fwhm_y": 9.01115904,
  "fwhm_z": 7.9132672,
  "icvs_csf": 0.2480959802002536,
  "icvs_gm": 0.475128866319955,
  "icvs_wm": 0.2767751534797913,
  "inu_med": 0.9243094325065613,
  "inu_range": 0.41156353056430817,
  "provenance": {
    "md5sum": "c11f59a8ea12e2495b0ddf99ea4fa941",
    "settings": {
      "testing": false
    },
    "software": "mriqc",
    "version": "25.1.0.dev45+g699d1691",
    "warnings": {
      "large_rot_frame": true,
      "small_air_mask": false
    }
  },
  "qi_1": 0.0,
  "qi_2": 0.0011153343634635533,
  "rpve_csf": 6.156192226936095,
  "rpve_gm": 6.103355405698038,
  "rpve_wm": 6.209181716536996,
  "size_x": 331,
  "size_y": 512,
  "size_z": 512,
  "snr_csf": 1.6381055065227343,
  "snr_gm": 4.457423353787358,
  "snr_total": 2.7124864451818156,
  "snr_wm": 2.0419304752353544,
  "snrd_csf": 4.196912740327329,
  "snrd_gm": 5.204171798005888,
  "snrd_total": 6.3289444124136125,
  "snrd_wm": 9.585748698907619,
  "spacing_x": 0.5,
  "spacing_y": 0.48828125,
  "spacing_z": 0.48828125,
  "summary_bg_k": 10.2429,
  "summary_bg_mad": 0.0,
  "summary_bg_mean": 14.5801,
  "summary_bg_median": 0.0,
  "summary_bg_n": 28390187.0,
  "summary_bg_p05": 0.0,
  "summary_bg_p95": 115.0,
  "summary_bg_stdv": 39.0249,
  "summary_csf_k": 5.8237,
  "summary_csf_mad": 262.0384,
  "summary_csf_mean": 244.6239,
  "summary_csf_median": 250.0,
  "summary_csf_n": 3406887.7413085764,
  "summary_csf_p05": 26.0,
  "summary_csf_p95": 498.0,
  "summary_csf_stdv": 152.6153,
  "summary_gm_k": 8.6767,
  "summary_gm_mad": 70.2574,
  "summary_gm_mean": 317.1127,
  "summary_gm_median": 310.0,
  "summary_gm_n": 6524534.210109871,
  "summary_gm_p05": 218.0,
  "summary_gm_p95": 437.0,
  "summary_gm_stdv": 69.5469,
  "summary_wm_k": -1.2237,
  "summary_wm_mad": 177.6485,
  "summary_wm_mean": 633.2633,
  "summary_wm_median": 571.0,
  "summary_wm_n": 3800714.0491675604,
  "summary_wm_p05": 234.0,
  "summary_wm_p95": 1092.0,
  "summary_wm_stdv": 279.6373,
  "tpm_overlap_csf": 0.1969882953846512,
  "tpm_overlap_gm": 0.4952542845169105,
  "tpm_overlap_wm": 0.3479091110590582,
  "wm2max": 0.500665068304346
}
