{
  "bids_meta": {
    "AcquisitionMatrixPE": 252,
    "AcquisitionNumber": 2,
    "AcquisitionTime": "14:58:11.000000",
    "BodyPartExamined": "BRAIN",
    "CoilString": "MULTI_COIL",
    "ConversionSoftware": "dcm2niix",
    "ConversionSoftwareVersion": "v1.0.20181125  (JP2:OpenJPEG) GCC9.3.0",
    "Dcm2bidsVersion": "3.1.1",
    "DeviceSerialNumber": "85054",
    "EchoTime": 0.3,
    "EchoTrainLength": 155,
    "FileSize": 0.050986829213798046,
    "FileSizeUnits": "GB",
    "FlipAngle": 90,
    "ImageOrientationPatientDICOM": [
      0.0479922,
      0.998848,
      0.0000636474,
      0.0454819,
      -0.00212164,
      -0.998963
    ],
    "ImageType": [
      "ORIGINAL",
      "PRIMARY",
      "M",
      "SE",
      "M",
      "SE"
    ],
    "ImagingFrequency": 127.767,
    "InPlanePhaseEncodingDirectionDICOM": "ROW",
    "InstitutionAddress": "Nemirovicha-Danchenko_132",
    "InstitutionName": "Novosib_Neurosurgery_Center",
    "InstitutionalDepartmentName": "MRI",
    "MRAcquisitionType": "3D",
    "MagneticFieldStrength": 3,
    "Manufacturer": "Philips",
    "ManufacturersModelName": "Ingenia",
    "Modality": "MR",
    "NumberOfVolumes": 1,
    "PatientPosition": "HFS",
    "PercentPhaseFOV": 100,
    "PhaseEncodingSteps": 252,
    "PhilipsRWVIntercept": 0,
    "PhilipsRWVSlope": 1.91258,
    "PhilipsRescaleIntercept": 0,
    "PhilipsRescaleSlope": 1.91258,
    "PhilipsScaleSlope": 0.00950424,
    "PixelBandwidth": 841,
    "ProtocolName": "3D_T2_1mm",
    "ReconMatrixPE": 512,
    "RepetitionTime": 3.5,
    "SAR": 0.0259759,
    "ScanOptions": "FS",
    "ScanningSequence": "SE",
    "SequenceVariant": "SK",
    "SeriesDescription": "3D_T2_1mm",
    "SeriesNumber": 201,
    "SliceThickness": 1,
    "SoftwareVersions": "5.4.1_5.4.1.3",
    "SpacingBetweenSlices": 0.5,
    "StationName": "PHILIPS-F7TK6PR",
    "UsePhilipsFloatNotDisplayScaling": 1,
    "dataset": "<unset>",
    "datatype": "anat",
    "extension": ".nii.gz",
    "modality": "T2w",
    "subject": "olf10",
    "suffix": "T2w"
  },
  "cjv": 8.004345098039215,
  "cnr": 0.1651757832284499,
  "efc": 0.6048,
  "fber": 201.1058,
  "fwhm_avg": 5.976701973333334,
  "fwhm_x": 5.63332,
  "fwhm_y": 6.3895142400000005,
  "fwhm_z": 5.90727168,
  "icvs_csf": 0.2743566881767224,
  "icvs_gm": 0.4171038698338601,
  "icvs_wm": 0.3085394419894174,
  "inu_med": 0.8955698907375336,
  "inu_range": 0.44131391942501064,
  "provenance": {
    "md5sum": "5af48a629cc6999a1ba4ccfdfeeba71a",
    "settings": {
      "testing": false
    },
    "software": "mriqc",
    "version": "25.1.0.dev45+g699d1691",
    "warnings": {
      "large_rot_frame": true,
      "small_air_mask": false
    }
  },
  "qi_1": 0.0,
  "qi_2": 0.0013097584016433447,
  "rpve_csf": 6.746812147865817,
  "rpve_gm": 6.58854256664091,
  "rpve_wm": 6.599124067153079,
  "size_x": 321,
  "size_y": 512,
  "size_z": 512,
  "snr_csf": 1.6189833983584254,
  "snr_gm": 5.3374153198671594,
  "snr_total": 3.373718684258692,
  "snr_wm": 3.164757334550491,
  "snrd_csf": 8.149830761031113,
  "snrd_gm": 5.662065392854044,
  "snrd_total": 6.616816097950683,
  "snrd_wm": 6.038552139966893,
  "spacing_x": 0.5,
  "spacing_y": 0.48828125,
  "spacing_z": 0.48828125,
  "summary_bg_k": 14.6517,
  "summary_bg_mad": 0.0,
  "summary_bg_mean": 27.5216,
  "summary_bg_median": 0.0,
  "summary_bg_n": 35209338.0,
  "summary_bg_p05": 0.0,
  "summary_bg_p95": 247.0,
  "summary_bg_stdv": 88.7467,
  "summary_csf_k": -1.1485,
  "summary_csf_mad": 1029.0471,
  "summary_csf_mean": 1087.7555,
  "summary_csf_median": 1104.0,
  "summary_csf_n": 3363520.2646156177,
  "summary_csf_p05": 78.0,
  "summary_csf_p95": 2290.0,
  "summary_csf_stdv": 681.9093,
  "summary_gm_k": 13.3042,
  "summary_gm_mad": 122.9047,
  "summary_gm_mean": 775.5544,
  "summary_gm_median": 767.0,
  "summary_gm_n": 5113552.46325216,
  "summary_gm_p05": 565.0,
  "summary_gm_p95": 1015.0,
  "summary_gm_stdv": 143.7025,
  "summary_wm_k": 3.2772,
  "summary_wm_mad": 285.3169,
  "summary_wm_mean": 858.6742,
  "summary_wm_median": 818.0,
  "summary_wm_n": 3782589.2726046178,
  "summary_wm_p05": 509.0,
  "summary_wm_p95": 1335.0,
  "summary_wm_stdv": 258.4716,
  "tpm_overlap_csf": 0.19804896511275927,
  "tpm_overlap_gm": 0.5066003216264735,
  "tpm_overlap_wm": 0.49380777756571503,
  "wm2max": 0.3161939280250469
}
