{
    "Modality": "MR",
    "MagneticFieldStrength": 3,
    "ImagingFrequency": 127.776968,
    "Manufacturer": "Philips",
    "ManufacturersModelName": "Ingenia",
    "InstitutionName": "Novosib Neurosurgery Center",
    "InstitutionalDepartmentName": "MRI",
    "InstitutionAddress": "Nemirovicha-Danchenko 132",
    "DeviceSerialNumber": "85054",
    "StationName": "PHILIPS-F7TK6PR",
    "BodyPartExamined": "BRAIN",
    "PatientPosition": "HFS",
    "ProcedureStepDescription": "HEAD+C+ANEST",
    "SoftwareVersions": "5.4.1\\5.4.1.3",
    "MRAcquisitionType": "3D",
    "SeriesDescription": "sT1W_3D_CE",
    "ProtocolName": "sT1W_3D_CE",
    "ScanningSequence": "GR",
    "SequenceVariant": "MP",
    "ScanOptions": "PFP",
    "PulseSequenceName": "T1TFE",
    "ImageType": [
        "ORIGINAL",
        "PRIMARY",
        "M",
        "FFE",
        "M",
        "FFE"
    ],
    "SeriesNumber": 1501,
    "AcquisitionTime": "10:15:47.430000",
    "AcquisitionNumber": 15,
    "PhilipsRWVSlope": 1.94603,
    "PhilipsRWVIntercept": 0,
    "PhilipsRescaleSlope": 1.94603,
    "PhilipsRescaleIntercept": 0,
    "PhilipsScaleSlope": 0.00983997,
    "UsePhilipsFloatNotDisplayScaling": 1,
    "SliceThickness": 1,
    "SpacingBetweenSlices": 1,
    "SAR": 0.0231826,
    "EchoTime": 0.003165,
    "RepetitionTime": 0.0069387,
    "MTState": false,
    "SpoilingState": true,
    "SpoilingType": "COMBINED",
    "FlipAngle": 8,
    "CoilString": "MULTI COIL",
    "PercentPhaseFOV": 100,
    "PercentSampling": 100,
    "EchoTrainLength": 204,
    "PartialFourierDirection": "PHASE",
    "PartialFourierEnabled": "YES",
    "PhaseEncodingStepsNoPartialFourier": 240,
    "FrequencyEncodingSteps": 240,
    "PhaseEncodingStepsOutOfPlane": 192,
    "AcquisitionMatrixPE": 240,
    "ReconMatrixPE": 512,
    "ParallelAcquisitionTechnique": "SENSE",
    "ParallelReductionFactorOutOfPlane": 2.2,
    "WaterFatShift": 1.60153,
    "EstimatedEffectiveEchoSpacing": 7.1789e-06,
    "EstimatedTotalReadoutTime": 0.00366842,
    "AcquisitionDuration": 370.9,
    "PixelBandwidth": 271,
    "PhaseEncodingAxis": "j",
    "ImageOrientationPatientDICOM": [
        0.999475,
        0.0214884,
        -0.0242528,
        -0.0313748,
        0.828829,
        -0.558622
    ],
    "InPlanePhaseEncodingDirectionDICOM": "COL",
    "ConversionSoftware": "dcm2niix",
    "ConversionSoftwareVersion": "v1.0.20230411",
    "Dcm2bidsVersion": "3.0.1"
}