{
  "aor": 0.0028328999999999997,
  "aqi": 0.02723043985,
  "bids_meta": {
    "AcquisitionMatrixPE": 80,
    "AcquisitionNumber": 13,
    "AcquisitionTime": "09:17:49.920000",
    "BodyPartExamined": "BRAIN",
    "CoilString": "MULTI_COIL",
    "ConversionSoftware": "dcm2niix",
    "ConversionSoftwareVersion": "v1.0.20181125  (JP2:OpenJPEG) GCC9.3.0",
    "Dcm2bidsVersion": "3.1.1",
    "DeviceSerialNumber": "85054",
    "EchoTime": 0.03,
    "EchoTrainLength": 27,
    "FileSize": 0.05266514141112566,
    "FileSizeUnits": "GB",
    "FlipAngle": 90,
    "ImageOrientationPatientDICOM": [
      0.999569,
      -0.0170733,
      0.0238958,
      0.0157004,
      0.998279,
      0.0565079
    ],
    "ImageType": [
      "ORIGINAL",
      "PRIMARY",
      "M",
      "FFE",
      "M",
      "FFE"
    ],
    "ImagingFrequency": 127.767,
    "InPlanePhaseEncodingDirectionDICOM": "COL",
    "InstitutionAddress": "Nemirovicha-Danchenko_132",
    "InstitutionName": "Novosib_Neurosurgery_Center",
    "InstitutionalDepartmentName": "MRI",
    "MRAcquisitionType": "2D",
    "MagneticFieldStrength": 3,
    "Manufacturer": "Philips",
    "ManufacturersModelName": "Ingenia",
    "Modality": "MR",
    "NumberOfVolumes": 200,
    "PartialFourier": 0.3375,
    "PatientPosition": "HFS",
    "PercentPhaseFOV": 100,
    "PhaseEncodingAxis": "j",
    "PhaseEncodingSteps": 80,
    "PhilipsRWVIntercept": 0,
    "PhilipsRWVSlope": 0.815385,
    "PhilipsRescaleIntercept": 0,
    "PhilipsRescaleSlope": 0.815385,
    "PhilipsScaleSlope": 0.0128718,
    "PixelBandwidth": 2266,
    "ProcedureStepDescription": "TRIGEMINAL_1_2",
    "ProtocolName": "rest-fMRI",
    "ReconMatrixPE": 80,
    "RepetitionTime": 3,
    "SAR": 0.108433,
    "ScanOptions": "FS",
    "ScanningSequence": "GR",
    "SequenceVariant": "SK",
    "SeriesDescription": "rest-fMRI",
    "SeriesNumber": 1301,
    "SliceThickness": 3,
    "SoftwareVersions": "5.4.1_5.4.1.3",
    "SpacingBetweenSlices": 3,
    "StationName": "PHILIPS-F7TK6PR",
    "TaskName": "rest",
    "UsePhilipsFloatNotDisplayScaling": 1,
    "dataset": "<unset>",
    "datatype": "func",
    "extension": ".nii.gz",
    "modality": "bold",
    "subject": "olf14fu",
    "suffix": "bold",
    "task": "rest"
  },
  "dummy_trs": 0,
  "dvars_nstd": 68.83277604537692,
  "dvars_std": 1.1401574110050254,
  "dvars_vstd": 0.9867870095979898,
  "efc": 0.4074,
  "fber": 69608.5312,
  "fd_mean": 0.8470004191406377,
  "fd_num": 187,
  "fd_perc": 93.5,
  "fwhm_avg": 2.517204444444445,
  "fwhm_x": 2.4874233333333335,
  "fwhm_y": 2.6371333333333333,
  "fwhm_z": 2.4270566666666666,
  "gcor": 0.00834853,
  "gsr_x": -0.010778981260955334,
  "gsr_y": 0.008413601666688919,
  "provenance": {
    "md5sum": "4b5c5654f4cb87878abcaafb1604f0bc",
    "settings": {
      "fd_thres": 0.2,
      "testing": false
    },
    "software": "mriqc",
    "version": "25.1.0.dev45+g699d1691"
  },
  "size_t": 200,
  "size_x": 80,
  "size_y": 80,
  "size_z": 45,
  "snr": 2.76909633835217,
  "spacing_tr": 2.9999990463256836,
  "spacing_x": 3.0,
  "spacing_y": 3.0,
  "spacing_z": 3.0,
  "summary_bg_k": 91.8369,
  "summary_bg_mad": 4.2614,
  "summary_bg_mean": 25.8317,
  "summary_bg_median": 3.0,
  "summary_bg_n": 234847.0,
  "summary_bg_p05": 0.0,
  "summary_bg_p95": 104.0,
  "summary_bg_stdv": 64.2776,
  "summary_fg_k": 1.2054,
  "summary_fg_mad": 226.3793,
  "summary_fg_mean": 906.7414,
  "summary_fg_median": 919.0,
  "summary_fg_n": 53153.0,
  "summary_fg_p05": 213.0,
  "summary_fg_p95": 1399.0,
  "summary_fg_stdv": 331.8741,
  "tsnr": 27.411403849720955
}
