{
    "Modality": "MR",
    "MagneticFieldStrength": 3,
    "ImagingFrequency": 127.767,
    "Manufacturer": "Philips",
    "ManufacturersModelName": "Ingenia",
    "InstitutionName": "Novosib_Neurosurgery_Center",
    "InstitutionalDepartmentName": "MRI",
    "InstitutionAddress": "Nemirovicha-Danchenko_132",
    "DeviceSerialNumber": "85054",
    "StationName": "PHILIPS-F7TK6PR",
    "BodyPartExamined": "BRAIN",
    "PatientPosition": "HFS",
    "ProcedureStepDescription": "HEAD+C_MENINGIOMA_OLFAKTONAYA",
    "SoftwareVersions": "5.4.1_5.4.1.3",
    "MRAcquisitionType": "3D",
    "SeriesDescription": "sT1W_3D",
    "ProtocolName": "sT1W_3D",
    "ScanningSequence": "GR",
    "SequenceVariant": "MP",
    "ScanOptions": "PFP",
    "ImageType": [
        "ORIGINAL",
        "PRIMARY",
        "M",
        "FFE",
        "M",
        "FFE"
    ],
    "SeriesNumber": 301,
    "AcquisitionTime": "12:55:12.370000",
    "AcquisitionNumber": 3,
    "PhilipsRWVSlope": 3.39878,
    "PhilipsRWVIntercept": 0,
    "PhilipsRescaleSlope": 3.39878,
    "PhilipsRescaleIntercept": 0,
    "PhilipsScaleSlope": 0.0132356,
    "UsePhilipsFloatNotDisplayScaling": 1,
    "SliceThickness": 1,
    "SpacingBetweenSlices": 1,
    "SAR": 0.0231826,
    "EchoTime": 0.002976,
    "RepetitionTime": 0.0065845,
    "FlipAngle": 8,
    "CoilString": "MULTI_COIL",
    "PercentPhaseFOV": 100,
    "EchoTrainLength": 204,
    "PhaseEncodingSteps": 240,
    "AcquisitionMatrixPE": 240,
    "ReconMatrixPE": 512,
    "PixelBandwidth": 271,
    "ImageOrientationPatientDICOM": [
        0.999113,
        0.0394725,
        -0.0146632,
        -0.0395181,
        0.999215,
        -0.00282769
    ],
    "InPlanePhaseEncodingDirectionDICOM": "COL",
    "ConversionSoftware": "dcm2niix",
    "ConversionSoftwareVersion": "v1.0.20181125  (JP2:OpenJPEG) GCC9.3.0",
    "Dcm2bidsVersion": "3.1.1"
}