{
  "NumberOfShells": 1,
  "bValues": [
    0.0,
    1500.0
  ],
  "bValuesEstimation": [
    1500.0
  ],
  "bdiffs_max": 0.4038,
  "bdiffs_mean": 0.2383,
  "bdiffs_median": 0.2387,
  "bdiffs_min": 0.0636,
  "bids_meta": {
    "AcquisitionMatrixPE": 126,
    "AcquisitionNumber": 9,
    "AcquisitionTime": "13:17:49.330000",
    "BodyPartExamined": "BRAIN",
    "CoilString": "MULTI_COIL",
    "ConversionSoftware": "dcm2niix",
    "ConversionSoftwareVersion": "v1.0.20181125  (JP2:OpenJPEG) GCC9.3.0",
    "Dcm2bidsVersion": "3.1.1",
    "DeviceSerialNumber": "85054",
    "EchoTime": 0.1031,
    "EchoTrainLength": 51,
    "FileSize": 0.03181150369346142,
    "FileSizeUnits": "GB",
    "FlipAngle": 90,
    "ImageOrientationPatientDICOM": [
      0.999808,
      0.0139616,
      -0.0137643,
      -0.0150093,
      0.996745,
      -0.0792089
    ],
    "ImageType": [
      "ORIGINAL",
      "PRIMARY",
      "M",
      "SE",
      "M",
      "SE"
    ],
    "ImagingFrequency": 127.767,
    "InPlanePhaseEncodingDirectionDICOM": "COL",
    "InstitutionAddress": "Nemirovicha-Danchenko_132",
    "InstitutionName": "Novosib_Neurosurgery_Center",
    "InstitutionalDepartmentName": "MRI",
    "MRAcquisitionType": "2D",
    "MagneticFieldStrength": 3,
    "Manufacturer": "Philips",
    "ManufacturersModelName": "Ingenia",
    "Modality": "MR",
    "NumberOfVolumes": 65,
    "PartialFourier": 0.404762,
    "PatientPosition": "HFS",
    "PercentPhaseFOV": 100,
    "PhaseEncodingAxis": "j",
    "PhaseEncodingSteps": 126,
    "PhilipsRWVIntercept": 0,
    "PhilipsRWVSlope": 3.57118,
    "PhilipsRescaleIntercept": 0,
    "PhilipsRescaleSlope": 3.57118,
    "PhilipsScaleSlope": 0.00969732,
    "PixelBandwidth": 1785,
    "ProcedureStepDescription": "HEAD_MENINGIOMA_OLFAKTOR+C",
    "ProtocolName": "DTIshort_64dir_b1500_AP",
    "ReconMatrixPE": 128,
    "RepetitionTime": 9.43854,
    "SAR": 0.103154,
    "ScanOptions": "FS",
    "ScanningSequence": "SE",
    "SequenceVariant": "SK",
    "SeriesDescription": "DTIshort_64dir_b1500_AP",
    "SeriesNumber": 901,
    "SliceThickness": 2,
    "SoftwareVersions": "5.4.1_5.4.1.3",
    "SpacingBetweenSlices": 2,
    "StationName": "PHILIPS-F7TK6PR",
    "UsePhilipsFloatNotDisplayScaling": 1,
    "dataset": "<unset>",
    "datatype": "dwi",
    "extension": ".nii.gz",
    "modality": "dwi",
    "run": 1,
    "subject": "olf17",
    "suffix": "dwi"
  },
  "efc_shell01": 0.376,
  "efc_shell02": 0.4706,
  "fa_degenerate": 0.0,
  "fa_nans": 0.0,
  "fber_shell01": -1.0,
  "fber_shell02": 116483.125,
  "fd_mean": 44.2171,
  "fd_num": 64,
  "fd_perc": 98.46153846153847,
  "ndc": 0.4625,
  "provenance": {
    "md5sum": "a35d4d13ba170159f0cf58db477bb54b",
    "settings": {
      "testing": false
    },
    "software": "mriqc",
    "version": "25.1.0.dev45+g699d1691"
  },
  "sigma_cc": 69.6823,
  "sigma_pca": 25.2776,
  "sigma_piesno": 7.0851,
  "snr_cc_shell0": 5.47,
  "snr_cc_shell1_best": 5.13,
  "snr_cc_shell1_worst": 5.13,
  "spikes_global": 1452.19,
  "spikes_slice_i": 6849.19,
  "spikes_slice_j": 6513.36,
  "spikes_slice_k": 4660.27,
  "summary_bg_k": 272.3703,
  "summary_bg_mad": 0.0,
  "summary_bg_mean": 24.6535,
  "summary_bg_median": 0.0,
  "summary_bg_n": 908248.0,
  "summary_bg_p05": 0.0,
  "summary_bg_p95": 92.0,
  "summary_bg_stdv": 87.6562,
  "summary_fg_k": 14.2524,
  "summary_fg_mad": 158.6384,
  "summary_fg_mean": 493.7086,
  "summary_fg_median": 382.0,
  "summary_fg_n": 205864.0,
  "summary_fg_p05": 135.0,
  "summary_fg_p95": 1217.0,
  "summary_fg_stdv": 360.4228,
  "summary_wm_k": 39.4578,
  "summary_wm_mad": 69.6823,
  "summary_wm_mean": 351.6905,
  "summary_wm_median": 332.0,
  "summary_wm_n": 53765.0,
  "summary_wm_p05": 207.0,
  "summary_wm_p95": 549.0,
  "summary_wm_stdv": 139.4757
}
