{
  "bids_meta": {
    "AcquisitionMatrixPE": 240,
    "AcquisitionNumber": 3,
    "AcquisitionTime": "12:55:12.370000",
    "BodyPartExamined": "BRAIN",
    "CoilString": "MULTI_COIL",
    "ConversionSoftware": "dcm2niix",
    "ConversionSoftwareVersion": "v1.0.20181125  (JP2:OpenJPEG) GCC9.3.0",
    "Dcm2bidsVersion": "3.1.1",
    "DeviceSerialNumber": "85054",
    "EchoTime": 0.002976,
    "EchoTrainLength": 204,
    "FileSize": 0.02533564157783985,
    "FileSizeUnits": "GB",
    "FlipAngle": 8,
    "ImageOrientationPatientDICOM": [
      0.999113,
      0.0394725,
      -0.0146632,
      -0.0395181,
      0.999215,
      -0.00282769
    ],
    "ImageType": [
      "ORIGINAL",
      "PRIMARY",
      "M",
      "FFE",
      "M",
      "FFE"
    ],
    "ImagingFrequency": 127.767,
    "InPlanePhaseEncodingDirectionDICOM": "COL",
    "InstitutionAddress": "Nemirovicha-Danchenko_132",
    "InstitutionName": "Novosib_Neurosurgery_Center",
    "InstitutionalDepartmentName": "MRI",
    "MRAcquisitionType": "3D",
    "MagneticFieldStrength": 3,
    "Manufacturer": "Philips",
    "ManufacturersModelName": "Ingenia",
    "Modality": "MR",
    "NumberOfVolumes": 1,
    "PatientPosition": "HFS",
    "PercentPhaseFOV": 100,
    "PhaseEncodingSteps": 240,
    "PhilipsRWVIntercept": 0,
    "PhilipsRWVSlope": 3.39878,
    "PhilipsRescaleIntercept": 0,
    "PhilipsRescaleSlope": 3.39878,
    "PhilipsScaleSlope": 0.0132356,
    "PixelBandwidth": 271,
    "ProcedureStepDescription": "HEAD+C_MENINGIOMA_OLFAKTONAYA",
    "ProtocolName": "sT1W_3D",
    "ReconMatrixPE": 512,
    "RepetitionTime": 0.0065845,
    "SAR": 0.0231826,
    "ScanOptions": "PFP",
    "ScanningSequence": "GR",
    "SequenceVariant": "MP",
    "SeriesDescription": "sT1W_3D",
    "SeriesNumber": 301,
    "SliceThickness": 1,
    "SoftwareVersions": "5.4.1_5.4.1.3",
    "SpacingBetweenSlices": 1,
    "StationName": "PHILIPS-F7TK6PR",
    "UsePhilipsFloatNotDisplayScaling": 1,
    "dataset": "<unset>",
    "datatype": "anat",
    "extension": ".nii.gz",
    "modality": "T1w",
    "run": 1,
    "subject": "olf07",
    "suffix": "T1w"
  },
  "cjv": 0.660107191780822,
  "cnr": 1.3838023065570546,
  "efc": 0.7558,
  "fber": 12354.8058,
  "fwhm_avg": 6.861999555555556,
  "fwhm_x": 8.347413333333334,
  "fwhm_y": 8.172885333333333,
  "fwhm_z": 4.0657,
  "icvs_csf": 0.2690881040837048,
  "icvs_gm": 0.3831448330669577,
  "icvs_wm": 0.3477670628493375,
  "inu_med": 0.756406158208847,
  "inu_range": 0.4731132999062537,
  "provenance": {
    "md5sum": "6185b77b84a4a0590568c3c8ec9de2fa",
    "settings": {
      "testing": false
    },
    "software": "mriqc",
    "version": "25.1.0.dev45+g699d1691",
    "warnings": {
      "large_rot_frame": true,
      "small_air_mask": false
    }
  },
  "qi_1": 0.0,
  "qi_2": 0.0009456811274444471,
  "rpve_csf": 7.146739032110974,
  "rpve_gm": 7.017036758829334,
  "rpve_wm": 7.132630699452401,
  "size_x": 512,
  "size_y": 512,
  "size_z": 192,
  "snr_csf": 1.9381503598128178,
  "snr_gm": 3.951982975286488,
  "snr_total": 4.097535781314876,
  "snr_wm": 6.402474008845322,
  "snrd_csf": 9.132863580057462,
  "snrd_gm": 14.801537526300024,
  "snrd_total": 15.269889504764508,
  "snrd_wm": 21.87526740793604,
  "spacing_x": 0.46875,
  "spacing_y": 0.46875,
  "spacing_z": 1.0,
  "summary_bg_k": 248.8876,
  "summary_bg_mad": 0.0,
  "summary_bg_mean": 3.1081,
  "summary_bg_median": 0.0,
  "summary_bg_n": 20612355.0,
  "summary_bg_p05": 0.0,
  "summary_bg_p95": 8.0,
  "summary_bg_stdv": 27.0437,
  "summary_csf_k": -0.6894,
  "summary_csf_mad": 149.7284,
  "summary_csf_mean": 379.0663,
  "summary_csf_median": 377.0,
  "summary_csf_n": 1860517.6675487696,
  "summary_csf_p05": 73.0,
  "summary_csf_p95": 687.0,
  "summary_csf_stdv": 194.5153,
  "summary_gm_k": 0.344,
  "summary_gm_mad": 95.2884,
  "summary_gm_mean": 621.3449,
  "summary_gm_median": 611.0,
  "summary_gm_n": 2649123.9126994424,
  "summary_gm_p05": 376.0,
  "summary_gm_p95": 920.0,
  "summary_gm_stdv": 154.6059,
  "summary_wm_k": 0.9142,
  "summary_wm_mad": 97.4629,
  "summary_wm_mean": 862.1436,
  "summary_wm_median": 903.0,
  "summary_wm_n": 2404516.419727965,
  "summary_wm_p05": 595.0,
  "summary_wm_p95": 1032.0,
  "summary_wm_stdv": 141.0392,
  "tpm_overlap_csf": 0.18030507438376575,
  "tpm_overlap_gm": 0.5031453303353284,
  "tpm_overlap_wm": 0.4786825007525311,
  "wm2max": 0.48236314265107694
}
