{
	"Modality": "MR",
	"MagneticFieldStrength": 1.5,
	"ImagingFrequency": 63.6737,
	"Manufacturer": "Siemens",
	"ManufacturersModelName": "Avanto",
	"InstitutionName": "FGBU_FNC",
	"InstitutionalDepartmentName": "Department",
	"InstitutionAddress": "Nemirovicha-Danchenko_132_Novosibirsk_Siberia_RU_630048",
	"DeviceSerialNumber": "27973",
	"StationName": "MRC27973",
	"PatientPosition": "HFS",
	"ProcedureStepDescription": "routine_head",
	"SoftwareVersions": "syngo_MR_B17",
	"MRAcquisitionType": "3D",
	"SeriesDescription": "t1_vibe_tra_iso_hires",
	"ProtocolName": "t1_vibe_tra_iso_hires",
	"ScanningSequence": "GR",
	"SequenceVariant": "SP_OSP",
	"ScanOptions": "SAT2",
	"SequenceName": "_fl3d1",
	"ImageType": ["ORIGINAL", "PRIMARY", "M", "ND", "NORM"],
	"SeriesNumber": 2,
	"AcquisitionTime": "15:34:43.737500",
	"AcquisitionNumber": 1,
	"SliceThickness": 1,
	"SAR": 0.0539572,
	"EchoTime": 0.00239,
	"RepetitionTime": 0.00616,
	"FlipAngle": 10,
	"PartialFourier": 1,
	"Interpolation2D": 1,
	"BaseResolution": 256,
	"ShimSetting": [
		-153,
		156,
		215,
		1820,
		-953,
		1563,
		-1045,
		1067	],
	"TxRefAmp": 208.893,
	"PhaseResolution": 1,
	"PhaseOversampling": 0.3,
	"ReceiveCoilName": "HeadMatrix",
	"CoilString": "d:HE1-4",
	"PulseSequenceDetails": "%SiemensSeq%_fl3d_vibe",
	"PercentPhaseFOV": 84.375,
	"PhaseEncodingSteps": 281,
	"AcquisitionMatrixPE": 216,
	"ReconMatrixPE": 512,
	"PixelBandwidth": 210,
	"DwellTime": 9.3e-06,
	"ImageOrientationPatientDICOM": [
		0.998135,
		0.0609281,
		-0.00383327,
		-0.0610485,
		0.996165,
		-0.0626734	],
	"InPlanePhaseEncodingDirectionDICOM": "ROW",
	"ConversionSoftware": "dcm2niix",
	"ConversionSoftwareVersion": "v1.0.20181125  (JP2:OpenJPEG) GCC9.3.0"
}
