{
    "Modality": "MR",
    "MagneticFieldStrength": 3,
    "ImagingFrequency": 127.767,
    "Manufacturer": "Philips",
    "ManufacturersModelName": "Ingenia",
    "InstitutionName": "Novosib_Neurosurgery_Center",
    "InstitutionalDepartmentName": "MRI",
    "InstitutionAddress": "Nemirovicha-Danchenko_132",
    "DeviceSerialNumber": "85054",
    "StationName": "PHILIPS-F7TK6PR",
    "BodyPartExamined": "BRAIN",
    "PatientPosition": "HFS",
    "ProcedureStepDescription": "HEAD_MENINGIOMA+C",
    "SoftwareVersions": "5.4.1_5.4.1.3",
    "MRAcquisitionType": "2D",
    "SeriesDescription": "DTIshort_64dir_b01_PA",
    "ProtocolName": "DTIshort_64dir_b01_PA",
    "ScanningSequence": "SE",
    "SequenceVariant": "SK",
    "ScanOptions": "FS",
    "ImageType": [
        "ORIGINAL",
        "PRIMARY",
        "M",
        "SE",
        "M",
        "SE"
    ],
    "SeriesNumber": 1001,
    "AcquisitionTime": "13:57:59.330000",
    "AcquisitionNumber": 10,
    "PhilipsRWVSlope": 1.98462,
    "PhilipsRWVIntercept": 0,
    "PhilipsRescaleSlope": 1.98462,
    "PhilipsRescaleIntercept": 0,
    "PhilipsScaleSlope": 0.0147401,
    "UsePhilipsFloatNotDisplayScaling": 1,
    "SliceThickness": 2,
    "SpacingBetweenSlices": 2,
    "SAR": 0.188866,
    "EchoTime": 0.041316,
    "RepetitionTime": 5.23673,
    "FlipAngle": 90,
    "CoilString": "MULTI_COIL",
    "PartialFourier": 0.404762,
    "PercentPhaseFOV": 100,
    "EchoTrainLength": 51,
    "PhaseEncodingSteps": 126,
    "AcquisitionMatrixPE": 126,
    "ReconMatrixPE": 128,
    "PixelBandwidth": 1786,
    "PhaseEncodingAxis": "j",
    "ImageOrientationPatientDICOM": [
        0.996949,
        -0.0492073,
        0.0605946,
        0.0479849,
        0.998617,
        0.0214673
    ],
    "InPlanePhaseEncodingDirectionDICOM": "COL",
    "ConversionSoftware": "dcm2niix",
    "ConversionSoftwareVersion": "v1.0.20181125  (JP2:OpenJPEG) GCC9.3.0",
    "Dcm2bidsVersion": "3.1.1"
}