{
  "bids_meta": {
    "AcquisitionDuration": 370.884,
    "AcquisitionMatrixPE": 240,
    "AcquisitionNumber": 4,
    "AcquisitionTime": "17:10:46.280000",
    "BodyPartExamined": "BRAIN",
    "CoilString": "MULTI COIL",
    "ConversionSoftware": "dcm2niix",
    "ConversionSoftwareVersion": "v1.0.20230411",
    "Dcm2bidsVersion": "3.0.1",
    "DeviceSerialNumber": "85054",
    "EchoTime": 0.003063,
    "EchoTrainLength": 204,
    "EstimatedEffectiveEchoSpacing": 7.1789e-6,
    "EstimatedTotalReadoutTime": 0.00366842,
    "FileSize": 0.026304151862859726,
    "FileSizeUnits": "GB",
    "FlipAngle": 8,
    "FrequencyEncodingSteps": 240,
    "ImageOrientationPatientDICOM": [
      0.996128,
      -0.0344001,
      0.0809082,
      0.0479712,
      0.983877,
      -0.172294
    ],
    "ImageType": [
      "ORIGINAL",
      "PRIMARY",
      "M",
      "FFE",
      "M",
      "FFE"
    ],
    "ImagingFrequency": 127.776992,
    "InPlanePhaseEncodingDirectionDICOM": "COL",
    "InstitutionAddress": "Nemirovicha-Danchenko 132",
    "InstitutionName": "Novosib Neurosurgery Center",
    "InstitutionalDepartmentName": "MRI",
    "MRAcquisitionType": "3D",
    "MTState": false,
    "MagneticFieldStrength": 3,
    "Manufacturer": "Philips",
    "ManufacturersModelName": "Ingenia",
    "Modality": "MR",
    "NumberOfVolumes": 1,
    "ParallelAcquisitionTechnique": "SENSE",
    "ParallelReductionFactorOutOfPlane": 2.2,
    "PartialFourierDirection": "PHASE",
    "PartialFourierEnabled": "YES",
    "PatientPosition": "HFS",
    "PercentPhaseFOV": 100,
    "PercentSampling": 100,
    "PhaseEncodingAxis": "j",
    "PhaseEncodingStepsNoPartialFourier": 240,
    "PhaseEncodingStepsOutOfPlane": 192,
    "PhilipsRWVIntercept": 0,
    "PhilipsRWVSlope": 3.62686,
    "PhilipsRescaleIntercept": 0,
    "PhilipsRescaleSlope": 3.62686,
    "PhilipsScaleSlope": 0.0147576,
    "PixelBandwidth": 271,
    "ProcedureStepDescription": "HEAD+C (OL`FAKT)",
    "ProtocolName": "sT1W_3D",
    "PulseSequenceName": "T1TFE",
    "ReconMatrixPE": 512,
    "RepetitionTime": 0.0068054,
    "SAR": 0.0231826,
    "ScanOptions": "PFP",
    "ScanningSequence": "GR",
    "SequenceVariant": "MP",
    "SeriesDescription": "sT1W_3D",
    "SeriesNumber": 401,
    "SliceThickness": 1,
    "SoftwareVersions": "5.4.1\\5.4.1.3",
    "SpacingBetweenSlices": 1,
    "SpoilingState": true,
    "SpoilingType": "COMBINED",
    "StationName": "PHILIPS-F7TK6PR",
    "UsePhilipsFloatNotDisplayScaling": 1,
    "WaterFatShift": 1.60153,
    "dataset": "<unset>",
    "datatype": "anat",
    "extension": ".nii.gz",
    "modality": "T1w",
    "run": 1,
    "subject": "olf34",
    "suffix": "T1w"
  },
  "cjv": 0.6842651685393258,
  "cnr": 1.3556875872188945,
  "efc": 0.7394,
  "fber": 10427.4017,
  "fwhm_avg": 6.674980888888889,
  "fwhm_x": 8.136554666666667,
  "fwhm_y": 7.837888,
  "fwhm_z": 4.0505,
  "icvs_csf": 0.2680328819853119,
  "icvs_gm": 0.37733974333727177,
  "icvs_wm": 0.3546273746774163,
  "inu_med": 0.7556400895118713,
  "inu_range": 0.3776758074760437,
  "provenance": {
    "md5sum": "d5e1331e61a4f70429f36280f8127373",
    "settings": {
      "testing": false
    },
    "software": "mriqc",
    "version": "25.1.0.dev45+g699d1691",
    "warnings": {
      "large_rot_frame": true,
      "small_air_mask": false
    }
  },
  "qi_1": 0.0,
  "qi_2": 0.001649352509977124,
  "rpve_csf": 8.009617130102463,
  "rpve_gm": 7.875874971222954,
  "rpve_wm": 7.968424201737709,
  "size_x": 512,
  "size_y": 512,
  "size_z": 192,
  "snr_csf": 1.612297882203444,
  "snr_gm": 4.1916299720213575,
  "snr_total": 4.283842550923854,
  "snr_wm": 7.04759979854676,
  "snrd_csf": 7.558787749558205,
  "snrd_gm": 14.902293569540388,
  "snrd_total": 14.583357377575906,
  "snrd_wm": 21.288990813629123,
  "spacing_x": 0.46875,
  "spacing_y": 0.46875,
  "spacing_z": 1.0,
  "summary_bg_k": 257.4268,
  "summary_bg_mad": 0.0,
  "summary_bg_mean": 3.384,
  "summary_bg_median": 0.0,
  "summary_bg_n": 21083507.0,
  "summary_bg_p05": 0.0,
  "summary_bg_p95": 7.0,
  "summary_bg_stdv": 27.3884,
  "summary_csf_k": -0.8977,
  "summary_csf_mad": 167.0481,
  "summary_csf_mean": 333.0786,
  "summary_csf_median": 316.0,
  "summary_csf_n": 1662731.798230044,
  "summary_csf_p05": 55.0,
  "summary_csf_p95": 658.0,
  "summary_csf_stdv": 195.9935,
  "summary_gm_k": -0.1396,
  "summary_gm_mad": 90.9943,
  "summary_gm_mean": 636.3656,
  "summary_gm_median": 623.0,
  "summary_gm_n": 2340812.7590003205,
  "summary_gm_p05": 409.0,
  "summary_gm_p95": 920.0,
  "summary_gm_stdv": 148.6295,
  "summary_wm_k": -0.0565,
  "summary_wm_mad": 91.7045,
  "summary_wm_mean": 859.9916,
  "summary_wm_median": 890.0,
  "summary_wm_n": 2199917.4430818255,
  "summary_wm_p05": 618.0,
  "summary_wm_p95": 1022.0,
  "summary_wm_stdv": 126.2841,
  "tpm_overlap_csf": 0.17846466978939832,
  "tpm_overlap_gm": 0.5005099445894983,
  "tpm_overlap_wm": 0.4891357667996561,
  "wm2max": 0.5248898098958247
}
