{
  "bids_meta": {
    "AcquisitionDuration": 370.884,
    "AcquisitionMatrixPE": 240,
    "AcquisitionNumber": 15,
    "AcquisitionTime": "17:56:25.390000",
    "BodyPartExamined": "BRAIN",
    "CoilString": "MULTI COIL",
    "ConversionSoftware": "dcm2niix",
    "ConversionSoftwareVersion": "v1.0.20230411",
    "Dcm2bidsVersion": "3.0.1",
    "DeviceSerialNumber": "85054",
    "EchoTime": 0.003063,
    "EchoTrainLength": 204,
    "EstimatedEffectiveEchoSpacing": 7.1789e-6,
    "EstimatedTotalReadoutTime": 0.00366842,
    "FileSize": 0.030400913208723068,
    "FileSizeUnits": "GB",
    "FlipAngle": 8,
    "FrequencyEncodingSteps": 240,
    "ImageOrientationPatientDICOM": [
      0.996128,
      -0.0344001,
      0.0809082,
      0.0479712,
      0.983877,
      -0.172294
    ],
    "ImageType": [
      "ORIGINAL",
      "PRIMARY",
      "M",
      "FFE",
      "M",
      "FFE"
    ],
    "ImagingFrequency": 127.777032,
    "InPlanePhaseEncodingDirectionDICOM": "COL",
    "InstitutionAddress": "Nemirovicha-Danchenko 132",
    "InstitutionName": "Novosib Neurosurgery Center",
    "InstitutionalDepartmentName": "MRI",
    "MRAcquisitionType": "3D",
    "MTState": false,
    "MagneticFieldStrength": 3,
    "Manufacturer": "Philips",
    "ManufacturersModelName": "Ingenia",
    "Modality": "MR",
    "NumberOfVolumes": 1,
    "ParallelAcquisitionTechnique": "SENSE",
    "ParallelReductionFactorOutOfPlane": 2.2,
    "PartialFourierDirection": "PHASE",
    "PartialFourierEnabled": "YES",
    "PatientPosition": "HFS",
    "PercentPhaseFOV": 100,
    "PercentSampling": 100,
    "PhaseEncodingAxis": "j",
    "PhaseEncodingStepsNoPartialFourier": 240,
    "PhaseEncodingStepsOutOfPlane": 192,
    "PhilipsRWVIntercept": 0,
    "PhilipsRWVSlope": 2.11795,
    "PhilipsRescaleIntercept": 0,
    "PhilipsRescaleSlope": 2.11795,
    "PhilipsScaleSlope": 0.0147576,
    "PixelBandwidth": 271,
    "ProcedureStepDescription": "HEAD+C (OL`FAKT)",
    "ProtocolName": "sT1W_3D_CE",
    "PulseSequenceName": "T1TFE",
    "ReconMatrixPE": 512,
    "RepetitionTime": 0.0068054,
    "SAR": 0.0231826,
    "ScanOptions": "PFP",
    "ScanningSequence": "GR",
    "SequenceVariant": "MP",
    "SeriesDescription": "sT1W_3D_CE",
    "SeriesNumber": 1501,
    "SliceThickness": 1,
    "SoftwareVersions": "5.4.1\\5.4.1.3",
    "SpacingBetweenSlices": 1,
    "SpoilingState": true,
    "SpoilingType": "COMBINED",
    "StationName": "PHILIPS-F7TK6PR",
    "UsePhilipsFloatNotDisplayScaling": 1,
    "WaterFatShift": 1.60153,
    "dataset": "<unset>",
    "datatype": "anat",
    "extension": ".nii.gz",
    "modality": "T1w",
    "run": 2,
    "subject": "olf34",
    "suffix": "T1w"
  },
  "cjv": 1.1844976076555025,
  "cnr": 0.7682086009568074,
  "efc": 0.6973,
  "fber": -1.0,
  "fwhm_avg": 5.272692444444444,
  "fwhm_x": 6.137408,
  "fwhm_y": 6.275349333333334,
  "fwhm_z": 3.40532,
  "icvs_csf": 0.23263291594701255,
  "icvs_gm": 0.38791480245235316,
  "icvs_wm": 0.37945228160063427,
  "inu_med": 0.8599558472633362,
  "inu_range": 0.6797499775886535,
  "provenance": {
    "md5sum": "b600574f5258b3387333970ac0785dfa",
    "settings": {
      "testing": false
    },
    "software": "mriqc",
    "version": "25.1.0.dev45+g699d1691",
    "warnings": {
      "large_rot_frame": true,
      "small_air_mask": false
    }
  },
  "qi_1": 0.0,
  "qi_2": 0.0007605471269521788,
  "rpve_csf": 7.973969665742819,
  "rpve_gm": 7.834672928464691,
  "rpve_wm": 7.874520125301692,
  "size_x": 512,
  "size_y": 512,
  "size_z": 192,
  "snr_csf": 1.324305493782273,
  "snr_gm": 3.6236351236790805,
  "snr_total": 3.850355885906069,
  "snr_wm": 6.603127040256854,
  "snrd_csf": 12.356436713584351,
  "snrd_gm": 12.512649567106275,
  "snrd_total": 13.548861495468385,
  "snrd_wm": 15.77749820571453,
  "spacing_x": 0.46875,
  "spacing_y": 0.46875,
  "spacing_z": 1.0,
  "summary_bg_k": 241.6003,
  "summary_bg_mad": 0.0,
  "summary_bg_mean": 6.7628,
  "summary_bg_median": 0.0,
  "summary_bg_n": 20789823.0,
  "summary_bg_p05": 0.0,
  "summary_bg_p95": 26.0,
  "summary_bg_stdv": 41.9387,
  "summary_csf_k": 0.0368,
  "summary_csf_mad": 860.6506,
  "summary_csf_mean": 872.7634,
  "summary_csf_median": 791.0,
  "summary_csf_n": 1441343.531229945,
  "summary_csf_p05": 131.0,
  "summary_csf_p95": 2070.0,
  "summary_csf_stdv": 597.294,
  "summary_gm_k": 2.6004,
  "summary_gm_mad": 130.2126,
  "summary_gm_mean": 805.0589,
  "summary_gm_median": 801.0,
  "summary_gm_n": 2403436.7144776415,
  "summary_gm_p05": 439.0,
  "summary_gm_p95": 1165.0,
  "summary_gm_stdv": 221.0487,
  "summary_wm_k": 0.3668,
  "summary_wm_mad": 117.3474,
  "summary_wm_mean": 1003.6937,
  "summary_wm_median": 1010.0,
  "summary_wm_n": 2351004.7547187665,
  "summary_wm_p05": 748.0,
  "summary_wm_p95": 1249.0,
  "summary_wm_stdv": 152.9578,
  "tpm_overlap_csf": 0.2456123665669764,
  "tpm_overlap_gm": 0.49867901265834935,
  "tpm_overlap_wm": 0.5068894477476752,
  "wm2max": 0.3249675249408066
}
