{
  "aor": 0.003083197969543148,
  "aqi": 0.017950556192893402,
  "bids_meta": {
    "AcquisitionMatrixPE": 80,
    "AcquisitionNumber": 15,
    "AcquisitionTime": "18:54:28.660000",
    "BodyPartExamined": "BRAIN",
    "CoilString": "MULTI_COIL",
    "ConversionSoftware": "dcm2niix",
    "ConversionSoftwareVersion": "v1.0.20181125  (JP2:OpenJPEG) GCC9.3.0",
    "Dcm2bidsVersion": "3.1.1",
    "DeviceSerialNumber": "85054",
    "EchoTime": 0.030001,
    "EchoTrainLength": 27,
    "FileSize": 0.050425173714756966,
    "FileSizeUnits": "GB",
    "FlipAngle": 90,
    "ImageOrientationPatientDICOM": [
      0.99564,
      0.0189894,
      0.0913266,
      0.0275747,
      0.875387,
      -0.482636
    ],
    "ImageType": [
      "ORIGINAL",
      "PRIMARY",
      "M",
      "FFE",
      "M",
      "FFE"
    ],
    "ImagingFrequency": 127.778,
    "InPlanePhaseEncodingDirectionDICOM": "COL",
    "InstitutionAddress": "Nemirovicha-Danchenko_132",
    "InstitutionName": "Novosib_Neurosurgery_Center",
    "InstitutionalDepartmentName": "MRI",
    "MRAcquisitionType": "2D",
    "MagneticFieldStrength": 3,
    "Manufacturer": "Philips",
    "ManufacturersModelName": "Ingenia",
    "Modality": "MR",
    "NumberOfVolumes": 200,
    "PartialFourier": 0.3375,
    "PatientPosition": "HFS",
    "PercentPhaseFOV": 100,
    "PhaseEncodingAxis": "j",
    "PhaseEncodingSteps": 80,
    "PhilipsRWVIntercept": 0,
    "PhilipsRWVSlope": 0.804884,
    "PhilipsRescaleIntercept": 0,
    "PhilipsRescaleSlope": 0.804884,
    "PhilipsScaleSlope": 0.0149924,
    "PixelBandwidth": 2273,
    "ProcedureStepDescription": "HEAD+C_MENINGIOMA",
    "ProtocolName": "rest-fMRI",
    "ReconMatrixPE": 80,
    "RepetitionTime": 3,
    "SAR": 0.108799,
    "ScanOptions": "FS",
    "ScanningSequence": "GR",
    "SequenceVariant": "SK",
    "SeriesDescription": "rest-fMRI",
    "SeriesNumber": 1501,
    "SliceThickness": 3,
    "SoftwareVersions": "5.4.1_5.4.1.3",
    "SpacingBetweenSlices": 3,
    "StationName": "PHILIPS-F7TK6PR",
    "TaskName": "rest",
    "UsePhilipsFloatNotDisplayScaling": 1,
    "dataset": "<unset>",
    "datatype": "func",
    "extension": ".nii.gz",
    "modality": "bold",
    "subject": "olf03",
    "suffix": "bold",
    "task": "rest"
  },
  "dummy_trs": 3,
  "dvars_nstd": 42.12108614010203,
  "dvars_std": 1.1742045722959173,
  "dvars_vstd": 1.0323174035204081,
  "efc": 0.3768,
  "fber": 157894.7031,
  "fd_mean": 0.36017600344059464,
  "fd_num": 140,
  "fd_perc": 71.06598984771574,
  "fwhm_avg": 2.352281111111111,
  "fwhm_x": 2.405743333333333,
  "fwhm_y": 2.42353,
  "fwhm_z": 2.22757,
  "gcor": 0.0194923,
  "gsr_x": -0.011954431422054768,
  "gsr_y": -0.0011473831254988909,
  "provenance": {
    "md5sum": "6484309cc46a953ceef4de2a51c4ddfc",
    "settings": {
      "fd_thres": 0.2,
      "testing": false
    },
    "software": "mriqc",
    "version": "25.1.0.dev45+g699d1691"
  },
  "size_t": 197,
  "size_x": 80,
  "size_y": 80,
  "size_z": 45,
  "snr": 3.0749260617124605,
  "spacing_tr": 2.9999990463256836,
  "spacing_x": 3.0,
  "spacing_y": 3.0,
  "spacing_z": 3.0,
  "summary_bg_k": 186.9309,
  "summary_bg_mad": 3.8843,
  "summary_bg_mean": 26.6521,
  "summary_bg_median": 3.0,
  "summary_bg_n": 242619.0,
  "summary_bg_p05": 0.0,
  "summary_bg_p95": 117.0,
  "summary_bg_stdv": 79.5037,
  "summary_fg_k": 1.0522,
  "summary_fg_mad": 221.3044,
  "summary_fg_mean": 1033.5063,
  "summary_fg_median": 1095.0,
  "summary_fg_n": 45381.0,
  "summary_fg_p05": 212.0,
  "summary_fg_p95": 1482.0,
  "summary_fg_stdv": 356.1022,
  "tsnr": 39.127993137575686
}
