{
  "aor": 0.0023878999999999997,
  "aqi": 0.007681739000000001,
  "bids_meta": {
    "AcquisitionDuration": 620.91,
    "AcquisitionMatrixPE": 80,
    "AcquisitionNumber": 13,
    "AcquisitionTime": "18:15:51.680000",
    "BodyPartExamined": "BRAIN",
    "CoilString": "MULTI COIL",
    "ConversionSoftware": "dcm2niix",
    "ConversionSoftwareVersion": "v1.0.20230411",
    "Dcm2bidsVersion": "3.0.1",
    "DeviceSerialNumber": "85054",
    "EchoTime": 0.030001,
    "EchoTrainLength": 27,
    "EstimatedEffectiveEchoSpacing": 0.00019023,
    "EstimatedTotalReadoutTime": 0.0150282,
    "FileSize": 0.04973404761403799,
    "FileSizeUnits": "GB",
    "FlipAngle": 90,
    "FrequencyEncodingSteps": 80,
    "ImageOrientationPatientDICOM": [
      0.996109,
      0.0879435,
      -0.00567572,
      -0.0879422,
      0.996125,
      0.000486241
    ],
    "ImageType": [
      "ORIGINAL",
      "PRIMARY",
      "M",
      "FFE",
      "M",
      "FFE"
    ],
    "ImagingFrequency": 127.777024,
    "InPlanePhaseEncodingDirectionDICOM": "COL",
    "InstitutionAddress": "Nemirovicha-Danchenko 132",
    "InstitutionName": "Novosib Neurosurgery Center",
    "InstitutionalDepartmentName": "MRI",
    "MRAcquisitionType": "2D",
    "MTState": false,
    "MagneticFieldStrength": 3,
    "Manufacturer": "Philips",
    "ManufacturersModelName": "Ingenia",
    "Modality": "MR",
    "NumberOfVolumes": 200,
    "ParallelAcquisitionTechnique": "SENSE",
    "ParallelReductionFactorInPlane": 3,
    "PatientPosition": "HFS",
    "PercentPhaseFOV": 100,
    "PercentSampling": 100,
    "PhaseEncodingAxis": "j",
    "PhaseEncodingSteps": 80,
    "PhaseEncodingStepsOutOfPlane": 1,
    "PhilipsRWVIntercept": 0,
    "PhilipsRWVSlope": 0.80928,
    "PhilipsRescaleIntercept": 0,
    "PhilipsRescaleSlope": 0.80928,
    "PhilipsScaleSlope": 0.0132869,
    "PixelBandwidth": 2283,
    "ProcedureStepDescription": "HEAD+CE",
    "ProtocolName": "rest-fMRI",
    "PulseSequenceName": "FEEPI",
    "ReconMatrixPE": 80,
    "RepetitionTime": 3,
    "SAR": 0.108433,
    "ScanOptions": "FS",
    "ScanningSequence": "GR",
    "SequenceVariant": "SK",
    "SeriesDescription": "rest-fMRI",
    "SeriesNumber": 1301,
    "SliceThickness": 3,
    "SoftwareVersions": "5.4.1\\5.4.1.3",
    "SpacingBetweenSlices": 3,
    "StationName": "PHILIPS-F7TK6PR",
    "TaskName": "rest",
    "UsePhilipsFloatNotDisplayScaling": 1,
    "WaterFatShift": 6.77069,
    "dataset": "<unset>",
    "datatype": "func",
    "extension": ".nii.gz",
    "modality": "bold",
    "subject": "olf26",
    "suffix": "bold",
    "task": "rest"
  },
  "dummy_trs": 0,
  "dvars_nstd": 37.247825910100495,
  "dvars_std": 1.2604048636180905,
  "dvars_vstd": 1.0264876661306532,
  "efc": 0.3844,
  "fber": 145598.3906,
  "fd_mean": 0.14435379276811916,
  "fd_num": 38,
  "fd_perc": 19.0,
  "fwhm_avg": 2.5127399999999995,
  "fwhm_x": 2.4890466666666664,
  "fwhm_y": 2.62573,
  "fwhm_z": 2.4234433333333336,
  "gcor": 0.0133875,
  "gsr_x": -0.011463416740298271,
  "gsr_y": 0.002505964832380414,
  "provenance": {
    "md5sum": "9b26f78c98949484cca3515769dfcf57",
    "settings": {
      "fd_thres": 0.2,
      "testing": false
    },
    "software": "mriqc",
    "version": "25.1.0.dev45+g699d1691"
  },
  "size_t": 200,
  "size_x": 80,
  "size_y": 80,
  "size_z": 45,
  "snr": 3.013804649278077,
  "spacing_tr": 2.9999990463256836,
  "spacing_x": 3.0,
  "spacing_y": 3.0,
  "spacing_z": 3.0,
  "summary_bg_k": 193.294,
  "summary_bg_mad": 343.7844,
  "summary_bg_mean": 2187.8546,
  "summary_bg_median": 245.0,
  "summary_bg_n": 239603.0,
  "summary_bg_p05": 2.0,
  "summary_bg_p95": 9307.0,
  "summary_bg_stdv": 6700.6207,
  "summary_fg_k": 0.9286,
  "summary_fg_mad": 21825.978,
  "summary_fg_mean": 89855.4296,
  "summary_fg_median": 93438.0,
  "summary_fg_n": 48397.0,
  "summary_fg_p05": 24039.0,
  "summary_fg_p95": 134617.0,
  "summary_fg_stdv": 31003.0163,
  "tsnr": 49.81221517920494
}
