{
  "bids_meta": {
    "AcquisitionDuration": 318.5,
    "AcquisitionMatrixPE": 252,
    "AcquisitionNumber": 3,
    "AcquisitionTime": "00:13:38.470000",
    "BodyPartExamined": "BRAIN",
    "CoilString": "MULTI COIL",
    "ConversionSoftware": "dcm2niix",
    "ConversionSoftwareVersion": "v1.0.20230411",
    "Dcm2bidsVersion": "3.0.1",
    "DeviceSerialNumber": "85054",
    "EchoTime": 0.3,
    "EstimatedEffectiveEchoSpacing": 1.1047e-6,
    "EstimatedTotalReadoutTime": 0.0005645,
    "FileSize": 0.05517727602273226,
    "FileSizeUnits": "GB",
    "FlipAngle": 90,
    "FrequencyEncodingSteps": 252,
    "ImageOrientationPatientDICOM": [
      0.04001,
      0.999178,
      -0.00658706,
      0.0909856,
      -0.0102081,
      -0.9958
    ],
    "ImageType": [
      "ORIGINAL",
      "PRIMARY",
      "M",
      "SE",
      "M",
      "SE"
    ],
    "ImagingFrequency": 127.776944,
    "InPlanePhaseEncodingDirectionDICOM": "ROW",
    "InstitutionAddress": "Nemirovicha-Danchenko 132",
    "InstitutionName": "Novosib Neurosurgery Center",
    "InstitutionalDepartmentName": "MRI",
    "MRAcquisitionType": "3D",
    "MTState": false,
    "MagneticFieldStrength": 3,
    "Manufacturer": "Philips",
    "ManufacturersModelName": "Ingenia",
    "Modality": "MR",
    "NumberOfAverages": 2,
    "NumberOfVolumes": 1,
    "ParallelAcquisitionTechnique": "SENSE",
    "ParallelReductionFactorInPlane": 2.4,
    "ParallelReductionFactorOutOfPlane": 2.1,
    "PatientPosition": "HFS",
    "PercentPhaseFOV": 100,
    "PercentSampling": 78.2281,
    "PhaseEncodingSteps": 252,
    "PhaseEncodingStepsOutOfPlane": 180,
    "PhilipsRWVIntercept": 0,
    "PhilipsRWVSlope": 1.75092,
    "PhilipsRescaleIntercept": 0,
    "PhilipsRescaleSlope": 1.75092,
    "PhilipsScaleSlope": 0.0116457,
    "PixelBandwidth": 886,
    "ProcedureStepDescription": "HEAD",
    "ProtocolName": "3D_T2_1mm",
    "PulseSequenceName": "TSE",
    "ReconMatrixPE": 512,
    "RepetitionTime": 3.5,
    "SAR": 0.025976,
    "ScanOptions": "FS",
    "ScanningSequence": "SE",
    "SequenceVariant": "SK",
    "SeriesDescription": "3D_T2_1mm",
    "SeriesNumber": 301,
    "SliceThickness": 1,
    "SoftwareVersions": "5.4.1\\5.4.1.3",
    "SpacingBetweenSlices": 0.5,
    "StationName": "PHILIPS-F7TK6PR",
    "UsePhilipsFloatNotDisplayScaling": 1,
    "WaterFatShift": 0.490484,
    "dataset": "<unset>",
    "datatype": "anat",
    "extension": ".nii.gz",
    "modality": "T2w",
    "subject": "olf31",
    "suffix": "T2w"
  },
  "cjv": 3.0387341085271315,
  "cnr": 0.33690434417056664,
  "efc": 0.5906,
  "fber": 207.888,
  "fwhm_avg": 5.851304053333333,
  "fwhm_x": 5.66134,
  "fwhm_y": 6.20832768,
  "fwhm_z": 5.68424448,
  "icvs_csf": 0.2845424489819377,
  "icvs_gm": 0.36614271145284205,
  "icvs_wm": 0.34931483956522036,
  "inu_med": 0.9298446178436279,
  "inu_range": 0.38115668296813965,
  "provenance": {
    "md5sum": "10c1676280b1fd99cc7c6ee4d35a2eb4",
    "settings": {
      "testing": false
    },
    "software": "mriqc",
    "version": "25.1.0.dev45+g699d1691",
    "warnings": {
      "large_rot_frame": true,
      "small_air_mask": false
    }
  },
  "qi_1": 0.0,
  "qi_2": 0.0013167654290078554,
  "rpve_csf": 7.801692139660323,
  "rpve_gm": 7.613329916675041,
  "rpve_wm": 7.673850556846037,
  "size_x": 360,
  "size_y": 512,
  "size_z": 512,
  "snr_csf": 1.7605995758478323,
  "snr_gm": 3.8773737522031273,
  "snr_total": 3.7154777726324575,
  "snr_wm": 5.508459989846413,
  "snrd_csf": 8.206785497245967,
  "snrd_gm": 6.051674433252314,
  "snrd_total": 6.550448162912772,
  "snrd_wm": 5.392884558240037,
  "spacing_x": 0.5,
  "spacing_y": 0.48828125,
  "spacing_z": 0.48828125,
  "summary_bg_k": 12.1141,
  "summary_bg_mad": 0.0,
  "summary_bg_mean": 45.1555,
  "summary_bg_median": 0.0,
  "summary_bg_n": 29955437.0,
  "summary_bg_p05": 0.0,
  "summary_bg_p95": 368.0,
  "summary_bg_stdv": 128.2846,
  "summary_csf_k": -1.0419,
  "summary_csf_mad": 1262.6704,
  "summary_csf_mean": 1539.6346,
  "summary_csf_median": 1607.0,
  "summary_csf_n": 3391899.929607028,
  "summary_csf_p05": 134.0,
  "summary_csf_p95": 3126.0,
  "summary_csf_stdv": 912.7571,
  "summary_gm_k": 6.0346,
  "summary_gm_mad": 239.4714,
  "summary_gm_mean": 1218.5742,
  "summary_gm_median": 1185.0,
  "summary_gm_n": 4364619.204081765,
  "summary_gm_p05": 788.0,
  "summary_gm_p95": 1770.0,
  "summary_gm_stdv": 305.6192,
  "summary_wm_k": 65.7865,
  "summary_wm_mad": 152.5253,
  "summary_wm_mean": 1064.8579,
  "summary_wm_median": 1056.0,
  "summary_wm_n": 4164021.8672862165,
  "summary_wm_p05": 787.0,
  "summary_wm_p95": 1367.0,
  "summary_wm_stdv": 191.7051,
  "tpm_overlap_csf": 0.18383668676755022,
  "tpm_overlap_gm": 0.504435856779832,
  "tpm_overlap_wm": 0.48575256534670913,
  "wm2max": 0.3005701586326138
}
