{
  "bids_meta": {
    "AcquisitionMatrixPE": 240,
    "AcquisitionNumber": 2,
    "AcquisitionTime": "08:22:8.820000",
    "BodyPartExamined": "BRAIN",
    "CoilString": "MULTI_COIL",
    "ConversionSoftware": "dcm2niix",
    "ConversionSoftwareVersion": "v1.0.20181125  (JP2:OpenJPEG) GCC9.3.0",
    "Dcm2bidsVersion": "3.1.1",
    "DeviceSerialNumber": "85054",
    "EchoTime": 0.002983,
    "EchoTrainLength": 204,
    "FileSize": 0.02533707022666931,
    "FileSizeUnits": "GB",
    "FlipAngle": 8,
    "ImageOrientationPatientDICOM": [
      0.99816,
      0.0605381,
      -0.00335331,
      -0.0604926,
      0.998093,
      0.012329
    ],
    "ImageType": [
      "ORIGINAL",
      "PRIMARY",
      "M",
      "FFE",
      "M",
      "FFE"
    ],
    "ImagingFrequency": 127.767,
    "InPlanePhaseEncodingDirectionDICOM": "COL",
    "InstitutionAddress": "Nemirovicha-Danchenko_132",
    "InstitutionName": "Novosib_Neurosurgery_Center",
    "InstitutionalDepartmentName": "MRI",
    "MRAcquisitionType": "3D",
    "MagneticFieldStrength": 3,
    "Manufacturer": "Philips",
    "ManufacturersModelName": "Ingenia",
    "Modality": "MR",
    "NumberOfVolumes": 1,
    "PatientPosition": "HFS",
    "PercentPhaseFOV": 100,
    "PhaseEncodingSteps": 240,
    "PhilipsRWVIntercept": 0,
    "PhilipsRWVSlope": 3.81465,
    "PhilipsRescaleIntercept": 0,
    "PhilipsRescaleSlope": 3.81465,
    "PhilipsScaleSlope": 0.0123445,
    "PixelBandwidth": 271,
    "ProcedureStepDescription": "HEAD_MENINGIOMA_OLFAKTOR+C",
    "ProtocolName": "sT1W_3D",
    "ReconMatrixPE": 512,
    "RepetitionTime": 0.0065938,
    "SAR": 0.0231826,
    "ScanOptions": "PFP",
    "ScanningSequence": "GR",
    "SequenceVariant": "MP",
    "SeriesDescription": "sT1W_3D",
    "SeriesNumber": 201,
    "SliceThickness": 1,
    "SoftwareVersions": "5.4.1_5.4.1.3",
    "SpacingBetweenSlices": 1,
    "StationName": "PHILIPS-F7TK6PR",
    "UsePhilipsFloatNotDisplayScaling": 1,
    "dataset": "<unset>",
    "datatype": "anat",
    "extension": ".nii.gz",
    "modality": "T1w",
    "run": 1,
    "subject": "olf20",
    "suffix": "T1w"
  },
  "cjv": 0.7440306513409962,
  "cnr": 1.366287600848122,
  "efc": 0.7609,
  "fber": -1.0,
  "fwhm_avg": 6.11466711111111,
  "fwhm_x": 7.430229333333333,
  "fwhm_y": 7.217792,
  "fwhm_z": 3.69598,
  "icvs_csf": 0.2572544600671575,
  "icvs_gm": 0.39055697769230274,
  "icvs_wm": 0.3521885622405399,
  "inu_med": 0.7659620046615601,
  "inu_range": 0.42677201032638545,
  "provenance": {
    "md5sum": "658f7d4f33b724d4799247b3b0a0d4c2",
    "settings": {
      "testing": false
    },
    "software": "mriqc",
    "version": "25.1.0.dev45+g699d1691",
    "warnings": {
      "large_rot_frame": true,
      "small_air_mask": false
    }
  },
  "qi_1": 0.0,
  "qi_2": 0.0010049621653170492,
  "rpve_csf": 7.646266929500569,
  "rpve_gm": 7.520304616542289,
  "rpve_wm": 7.62203790662815,
  "size_x": 512,
  "size_y": 512,
  "size_z": 192,
  "snr_csf": 1.9196740130736603,
  "snr_gm": 4.948410455814276,
  "snr_total": 4.413932528831254,
  "snr_wm": 6.373713117605826,
  "snrd_csf": 9.219871052067413,
  "snrd_gm": 14.248891625922365,
  "snrd_total": 14.543383821688645,
  "snrd_wm": 20.16138878707616,
  "spacing_x": 0.46875,
  "spacing_y": 0.46875,
  "spacing_z": 1.0,
  "summary_bg_k": 327.4851,
  "summary_bg_mad": 0.0,
  "summary_bg_mean": 2.9732,
  "summary_bg_median": 0.0,
  "summary_bg_n": 21033741.0,
  "summary_bg_p05": 0.0,
  "summary_bg_p95": 6.0,
  "summary_bg_stdv": 28.9202,
  "summary_csf_k": -0.5965,
  "summary_csf_mad": 161.7692,
  "summary_csf_mean": 399.0295,
  "summary_csf_median": 407.0,
  "summary_csf_n": 1665973.9665773432,
  "summary_csf_p05": 62.0,
  "summary_csf_p95": 733.0,
  "summary_csf_stdv": 212.0151,
  "summary_gm_k": -0.4667,
  "summary_gm_mad": 90.021,
  "summary_gm_mean": 636.0907,
  "summary_gm_median": 629.0,
  "summary_gm_n": 2529238.004778021,
  "summary_gm_p05": 438.0,
  "summary_gm_p95": 870.0,
  "summary_gm_stdv": 127.1115,
  "summary_wm_k": 0.557,
  "summary_wm_mad": 104.171,
  "summary_wm_mean": 857.1375,
  "summary_wm_median": 890.0,
  "summary_wm_n": 2280765.0287807384,
  "summary_wm_p05": 603.0,
  "summary_wm_p95": 1037.0,
  "summary_wm_stdv": 139.636,
  "tpm_overlap_csf": 0.20395694158803676,
  "tpm_overlap_gm": 0.498960338158212,
  "tpm_overlap_wm": 0.4935355503106693,
  "wm2max": 0.4497305285233921
}
