{
  "NumberOfShells": 1,
  "bValues": [
    0.0,
    1500.0
  ],
  "bValuesEstimation": [
    1500.0
  ],
  "bdiffs_max": 0.0635,
  "bdiffs_mean": 0.0307,
  "bdiffs_median": 0.0301,
  "bdiffs_min": 0.0048,
  "bids_meta": {
    "AcquisitionDuration": 802.986,
    "AcquisitionMatrixPE": 126,
    "AcquisitionNumber": 9,
    "AcquisitionTime": "18:00:28.180000",
    "BodyPartExamined": "BRAIN",
    "CoilString": "MULTI COIL",
    "ConversionSoftware": "dcm2niix",
    "ConversionSoftwareVersion": "v1.0.20230411",
    "Dcm2bidsVersion": "3.0.1",
    "DeviceSerialNumber": "85054",
    "EchoTime": 0.106946,
    "EchoTrainLength": 51,
    "EstimatedEffectiveEchoSpacing": 0.000384909,
    "EstimatedTotalReadoutTime": 0.0488835,
    "FileSize": 0.026343797333538532,
    "FileSizeUnits": "GB",
    "FlipAngle": 90,
    "FrequencyEncodingSteps": 128,
    "ImageOrientationPatientDICOM": [
      0.996188,
      0.0870431,
      -0.00570867,
      -0.0871752,
      0.991107,
      -0.10054
    ],
    "ImageType": [
      "ORIGINAL",
      "PRIMARY",
      "M",
      "SE",
      "M",
      "SE"
    ],
    "ImagingFrequency": 127.777008,
    "InPlanePhaseEncodingDirectionDICOM": "COL",
    "InstitutionAddress": "Nemirovicha-Danchenko 132",
    "InstitutionName": "Novosib Neurosurgery Center",
    "InstitutionalDepartmentName": "MRI",
    "MRAcquisitionType": "2D",
    "MTState": false,
    "MagneticFieldStrength": 3,
    "Manufacturer": "Philips",
    "ManufacturersModelName": "Ingenia",
    "Modality": "MR",
    "NumberOfVolumes": 65,
    "ParallelAcquisitionTechnique": "SENSE",
    "ParallelReductionFactorInPlane": 2.5,
    "PartialFourierDirection": "PHASE",
    "PartialFourierEnabled": "YES",
    "PatientPosition": "HFS",
    "PercentPhaseFOV": 100,
    "PercentSampling": 100,
    "PhaseEncodingAxis": "j",
    "PhaseEncodingStepsNoPartialFourier": 126,
    "PhaseEncodingStepsOutOfPlane": 1,
    "PhilipsRWVIntercept": 0,
    "PhilipsRWVSlope": 1.72796,
    "PhilipsRescaleIntercept": 0,
    "PhilipsRescaleSlope": 1.72796,
    "PhilipsScaleSlope": 0.0119213,
    "PixelBandwidth": 1351,
    "ProcedureStepDescription": "HEAD+CE",
    "ProtocolName": "DTIshort_64dir_b1500_AP",
    "PulseSequenceName": "DwiSE",
    "ReconMatrixPE": 128,
    "RepetitionTime": 10.0329,
    "SAR": 0.0969682,
    "ScanOptions": "FS",
    "ScanningSequence": "SE",
    "SequenceVariant": "SK",
    "SeriesDescription": "DTIshort_64dir_b1500_AP",
    "SeriesNumber": 901,
    "SliceThickness": 2,
    "SoftwareVersions": "5.4.1\\5.4.1.3",
    "SpacingBetweenSlices": 2,
    "StationName": "PHILIPS-F7TK6PR",
    "UsePhilipsFloatNotDisplayScaling": 1,
    "WaterFatShift": 21.6535,
    "dataset": "<unset>",
    "datatype": "dwi",
    "extension": ".nii.gz",
    "modality": "dwi",
    "run": 1,
    "subject": "olf26",
    "suffix": "dwi"
  },
  "efc_shell01": 0.3069,
  "efc_shell02": 0.4057,
  "fa_degenerate": 0.0,
  "fa_nans": 0.0,
  "fber_shell01": 11402165.0,
  "fber_shell02": 1732982.125,
  "fd_mean": 2.2078,
  "fd_num": 64,
  "fd_perc": 98.46153846153847,
  "ndc": 0.48,
  "provenance": {
    "md5sum": "8bde80aac2873122c5cfc11dfdf74206",
    "settings": {
      "testing": false
    },
    "software": "mriqc",
    "version": "25.1.0.dev45+g699d1691"
  },
  "sigma_cc": 2486.3239,
  "sigma_pca": 612.4872,
  "sigma_piesno": 27.8231,
  "snr_cc_shell0": 5.42,
  "snr_cc_shell1_best": 4.96,
  "snr_cc_shell1_worst": 4.96,
  "spikes_global": 1247.04,
  "spikes_slice_i": 6458.57,
  "spikes_slice_j": 6096.22,
  "spikes_slice_k": 3912.82,
  "summary_bg_k": 218.5421,
  "summary_bg_mad": 0.0,
  "summary_bg_mean": 346.1843,
  "summary_bg_median": 0.0,
  "summary_bg_n": 930349.0,
  "summary_bg_p05": 0.0,
  "summary_bg_p95": 1592.0,
  "summary_bg_stdv": 1413.3222,
  "summary_fg_k": 0.5392,
  "summary_fg_mad": 4729.5011,
  "summary_fg_mean": 12142.3178,
  "summary_fg_median": 11490.0,
  "summary_fg_n": 183763.0,
  "summary_fg_p05": 0.0,
  "summary_fg_p95": 25918.0,
  "summary_fg_stdv": 6837.347,
  "summary_wm_k": 6.1456,
  "summary_wm_mad": 2486.3239,
  "summary_wm_mean": 12206.7883,
  "summary_wm_median": 11827.0,
  "summary_wm_n": 37913.0,
  "summary_wm_p05": 8136.0,
  "summary_wm_p95": 17781.0,
  "summary_wm_stdv": 3485.7218
}
