{
  "bids_meta": {
    "AcquisitionDuration": 370.876,
    "AcquisitionMatrixPE": 240,
    "AcquisitionNumber": 15,
    "AcquisitionTime": "08:57:3.750000",
    "BodyPartExamined": "BRAIN",
    "CoilString": "MULTI COIL",
    "ConversionSoftware": "dcm2niix",
    "ConversionSoftwareVersion": "v1.0.20230411",
    "Dcm2bidsVersion": "3.0.1",
    "DeviceSerialNumber": "85054",
    "EchoTime": 0.003056,
    "EchoTrainLength": 204,
    "EstimatedEffectiveEchoSpacing": 7.1789e-6,
    "EstimatedTotalReadoutTime": 0.00366842,
    "FileSize": 0.0271289749071002,
    "FileSizeUnits": "GB",
    "FlipAngle": 8,
    "FrequencyEncodingSteps": 240,
    "ImageOrientationPatientDICOM": [
      0.992458,
      -0.0817434,
      -0.091347,
      0.0854446,
      0.995642,
      0.0373634
    ],
    "ImageType": [
      "ORIGINAL",
      "PRIMARY",
      "M",
      "FFE",
      "M",
      "FFE"
    ],
    "ImagingFrequency": 127.777072,
    "InPlanePhaseEncodingDirectionDICOM": "COL",
    "InstitutionAddress": "Nemirovicha-Danchenko 132",
    "InstitutionName": "Novosib Neurosurgery Center",
    "InstitutionalDepartmentName": "MRI",
    "MRAcquisitionType": "3D",
    "MTState": false,
    "MagneticFieldStrength": 3,
    "Manufacturer": "Philips",
    "ManufacturersModelName": "Ingenia",
    "Modality": "MR",
    "NumberOfVolumes": 1,
    "ParallelAcquisitionTechnique": "SENSE",
    "ParallelReductionFactorOutOfPlane": 2.2,
    "PartialFourierDirection": "PHASE",
    "PartialFourierEnabled": "YES",
    "PatientPosition": "HFS",
    "PercentPhaseFOV": 100,
    "PercentSampling": 100,
    "PhaseEncodingAxis": "j",
    "PhaseEncodingStepsNoPartialFourier": 240,
    "PhaseEncodingStepsOutOfPlane": 192,
    "PhilipsRWVIntercept": 0,
    "PhilipsRWVSlope": 3.16581,
    "PhilipsRescaleIntercept": 0,
    "PhilipsRescaleSlope": 3.16581,
    "PhilipsScaleSlope": 0.0129683,
    "PixelBandwidth": 271,
    "ProcedureStepDescription": "HEAD+C+NAUKA",
    "ProtocolName": "sT1W_3D_CE",
    "PulseSequenceName": "T1TFE",
    "ReconMatrixPE": 512,
    "RepetitionTime": 0.0067341,
    "SAR": 0.0231826,
    "ScanOptions": "PFP",
    "ScanningSequence": "GR",
    "SequenceVariant": "MP",
    "SeriesDescription": "sT1W_3D_CE",
    "SeriesNumber": 1501,
    "SliceThickness": 1,
    "SoftwareVersions": "5.4.1\\5.4.1.3",
    "SpacingBetweenSlices": 1,
    "SpoilingState": true,
    "SpoilingType": "COMBINED",
    "StationName": "PHILIPS-F7TK6PR",
    "UsePhilipsFloatNotDisplayScaling": 1,
    "WaterFatShift": 1.60153,
    "dataset": "<unset>",
    "datatype": "anat",
    "extension": ".nii.gz",
    "modality": "T1w",
    "run": 2,
    "subject": "olf01fu",
    "suffix": "T1w"
  },
  "cjv": 0.7889700729927007,
  "cnr": 1.08219858166797,
  "efc": 0.7233,
  "fber": -1.0,
  "fwhm_avg": 4.405051555555556,
  "fwhm_x": 5.116010666666667,
  "fwhm_y": 5.376064,
  "fwhm_z": 2.72308,
  "icvs_csf": 0.2236648747307677,
  "icvs_gm": 0.3901489341944121,
  "icvs_wm": 0.3861861910748203,
  "inu_med": 0.8182331323623657,
  "inu_range": 0.42270989716052987,
  "provenance": {
    "md5sum": "4611412ac21b071bdc7ed821ee9f7101",
    "settings": {
      "testing": false
    },
    "software": "mriqc",
    "version": "25.1.0.dev45+g699d1691",
    "warnings": {
      "large_rot_frame": true,
      "small_air_mask": false
    }
  },
  "qi_1": 0.0,
  "qi_2": 0.0013958623780031532,
  "rpve_csf": 6.956943165200096,
  "rpve_gm": 6.857701754376146,
  "rpve_wm": 6.914731890257909,
  "size_x": 512,
  "size_y": 512,
  "size_z": 192,
  "snr_csf": 1.011179842857514,
  "snr_gm": 3.0309217481498956,
  "snr_total": 3.882095090878959,
  "snr_wm": 7.604183681629468,
  "snrd_csf": 11.00508096109428,
  "snrd_gm": 10.808561658217597,
  "snrd_total": 12.369798342182362,
  "snrd_wm": 15.295752407235204,
  "spacing_x": 0.46875,
  "spacing_y": 0.46875,
  "spacing_z": 1.0,
  "summary_bg_k": 640.5585,
  "summary_bg_mad": 0.0,
  "summary_bg_mean": 4.008,
  "summary_bg_median": 0.0,
  "summary_bg_n": 21055117.0,
  "summary_bg_p05": 0.0,
  "summary_bg_p95": 12.0,
  "summary_bg_stdv": 40.0044,
  "summary_csf_k": -0.8012,
  "summary_csf_mad": 862.0018,
  "summary_csf_mean": 796.1179,
  "summary_csf_median": 672.0,
  "summary_csf_n": 1586161.5084926356,
  "summary_csf_p05": 63.0,
  "summary_csf_p95": 2353.0,
  "summary_csf_stdv": 664.57,
  "summary_gm_k": 3.9597,
  "summary_gm_mad": 108.8322,
  "summary_gm_mean": 639.2354,
  "summary_gm_median": 660.0,
  "summary_gm_n": 2766814.51543752,
  "summary_gm_p05": 225.0,
  "summary_gm_p95": 993.0,
  "summary_gm_stdv": 217.7555,
  "summary_wm_k": 13.4383,
  "summary_wm_mad": 107.3456,
  "summary_wm_mean": 913.2391,
  "summary_wm_median": 934.0,
  "summary_wm_n": 2738711.977603152,
  "summary_wm_p05": 698.0,
  "summary_wm_p95": 1084.0,
  "summary_wm_stdv": 122.8271,
  "tpm_overlap_csf": 0.26844595389229253,
  "tpm_overlap_gm": 0.5098900663331499,
  "tpm_overlap_wm": 0.5524931888335731,
  "wm2max": 0.3385478975581096
}
