{
  "bids_meta": {
    "AcquisitionDuration": 318.5,
    "AcquisitionMatrixPE": 252,
    "AcquisitionNumber": 2,
    "AcquisitionTime": "08:03:55.340000",
    "BodyPartExamined": "BRAIN",
    "CoilString": "MULTI COIL",
    "ConversionSoftware": "dcm2niix",
    "ConversionSoftwareVersion": "v1.0.20230411",
    "Dcm2bidsVersion": "3.0.1",
    "DeviceSerialNumber": "85054",
    "EchoTime": 0.3,
    "EstimatedEffectiveEchoSpacing": 1.1047e-6,
    "EstimatedTotalReadoutTime": 0.0005645,
    "FileSize": 0.05066244304180145,
    "FileSizeUnits": "GB",
    "FlipAngle": 90,
    "FrequencyEncodingSteps": 252,
    "ImageOrientationPatientDICOM": [
      0.0635389,
      0.997959,
      -0.00640106,
      -0.0895066,
      -0.000689619,
      -0.995986
    ],
    "ImageType": [
      "ORIGINAL",
      "PRIMARY",
      "M",
      "SE",
      "M",
      "SE"
    ],
    "ImagingFrequency": 127.777008,
    "InPlanePhaseEncodingDirectionDICOM": "ROW",
    "InstitutionAddress": "Nemirovicha-Danchenko 132",
    "InstitutionName": "Novosib Neurosurgery Center",
    "InstitutionalDepartmentName": "MRI",
    "MRAcquisitionType": "3D",
    "MTState": false,
    "MagneticFieldStrength": 3,
    "Manufacturer": "Philips",
    "ManufacturersModelName": "Ingenia",
    "Modality": "MR",
    "NumberOfAverages": 2,
    "NumberOfVolumes": 1,
    "ParallelAcquisitionTechnique": "SENSE",
    "ParallelReductionFactorInPlane": 2.4,
    "ParallelReductionFactorOutOfPlane": 2.1,
    "PatientPosition": "HFS",
    "PercentPhaseFOV": 100,
    "PercentSampling": 78.2281,
    "PhaseEncodingSteps": 252,
    "PhaseEncodingStepsOutOfPlane": 180,
    "PhilipsRWVIntercept": 0,
    "PhilipsRWVSlope": 1.85421,
    "PhilipsRescaleIntercept": 0,
    "PhilipsRescaleSlope": 1.85421,
    "PhilipsScaleSlope": 0.010197,
    "PixelBandwidth": 886,
    "ProcedureStepDescription": "HEAD+C+NAUKA",
    "ProtocolName": "3D_T2_1mm",
    "PulseSequenceName": "TSE",
    "ReconMatrixPE": 512,
    "RepetitionTime": 3.5,
    "SAR": 0.025976,
    "ScanOptions": "FS",
    "ScanningSequence": "SE",
    "SequenceVariant": "SK",
    "SeriesDescription": "3D_T2_1mm",
    "SeriesNumber": 201,
    "SliceThickness": 1,
    "SoftwareVersions": "5.4.1\\5.4.1.3",
    "SpacingBetweenSlices": 0.5,
    "StationName": "PHILIPS-F7TK6PR",
    "UsePhilipsFloatNotDisplayScaling": 1,
    "WaterFatShift": 0.490485,
    "dataset": "<unset>",
    "datatype": "anat",
    "extension": ".nii.gz",
    "modality": "T2w",
    "subject": "olf01fu",
    "suffix": "T2w"
  },
  "cjv": 1.6520262548262548,
  "cnr": 0.5438599691828744,
  "efc": 0.5865,
  "fber": 633.9442,
  "fwhm_avg": 5.56722272,
  "fwhm_x": 5.44756,
  "fwhm_y": 5.905387520000001,
  "fwhm_z": 5.34872064,
  "icvs_csf": 0.27113648371721144,
  "icvs_gm": 0.2947207139191051,
  "icvs_wm": 0.4341428023636834,
  "inu_med": 0.9515937864780426,
  "inu_range": 0.39699210524559003,
  "provenance": {
    "md5sum": "d2475ece755dc17f6ddb4ff5dabc9278",
    "settings": {
      "testing": false
    },
    "software": "mriqc",
    "version": "25.1.0.dev45+g699d1691",
    "warnings": {
      "large_rot_frame": true,
      "small_air_mask": false
    }
  },
  "qi_1": 0.0,
  "qi_2": 0.0010444928642447035,
  "rpve_csf": 7.0518990780244,
  "rpve_gm": 6.967119481732006,
  "rpve_wm": 7.022891501904781,
  "size_x": 360,
  "size_y": 512,
  "size_z": 512,
  "snr_csf": 1.5429741718529033,
  "snr_gm": 2.8650100394535483,
  "snr_total": 4.2399044672227015,
  "snr_wm": 8.311729190361653,
  "snrd_csf": 8.70691194232972,
  "snrd_gm": 7.204941399748847,
  "snrd_total": 7.218116579946925,
  "snrd_wm": 5.742496397762208,
  "spacing_x": 0.5,
  "spacing_y": 0.48828125,
  "spacing_z": 0.48828125,
  "summary_bg_k": 13.6706,
  "summary_bg_mad": 0.0,
  "summary_bg_mean": 40.5085,
  "summary_bg_median": 0.0,
  "summary_bg_n": 28158638.0,
  "summary_bg_p05": 0.0,
  "summary_bg_p95": 342.0,
  "summary_bg_stdv": 116.0251,
  "summary_csf_k": -1.4975,
  "summary_csf_mad": 1653.9224,
  "summary_csf_mean": 1584.3552,
  "summary_csf_median": 1542.0,
  "summary_csf_n": 3563890.6084242165,
  "summary_csf_p05": 114.0,
  "summary_csf_p95": 3200.0,
  "summary_csf_stdv": 999.3685,
  "summary_gm_k": 3.4809,
  "summary_gm_mad": 316.1741,
  "summary_gm_mean": 1324.7176,
  "summary_gm_median": 1276.0,
  "summary_gm_n": 3873888.050934046,
  "summary_gm_p05": 700.0,
  "summary_gm_p95": 2144.0,
  "summary_gm_stdv": 445.3736,
  "summary_wm_k": 100.2519,
  "summary_wm_mad": 111.7007,
  "summary_wm_mean": 1021.9095,
  "summary_wm_median": 1017.0,
  "summary_wm_n": 5706489.347529608,
  "summary_wm_p05": 843.0,
  "summary_wm_p95": 1212.0,
  "summary_wm_stdv": 122.3572,
  "tpm_overlap_csf": 0.20800077721568716,
  "tpm_overlap_gm": 0.4126466627877005,
  "tpm_overlap_wm": 0.47721005373765185,
  "wm2max": 0.29826376144273864
}
