{
    "Modality": "MR",
    "MagneticFieldStrength": 3,
    "ImagingFrequency": 127.776912,
    "Manufacturer": "Philips",
    "ManufacturersModelName": "Ingenia",
    "InstitutionName": "Novosib Neurosurgery Center",
    "InstitutionalDepartmentName": "MRI",
    "InstitutionAddress": "Nemirovicha-Danchenko 132",
    "DeviceSerialNumber": "85054",
    "StationName": "PHILIPS-F7TK6PR",
    "BodyPartExamined": "BRAIN",
    "PatientPosition": "HFS",
    "ProcedureStepDescription": "HEAD+C",
    "SoftwareVersions": "5.4.1\\5.4.1.3",
    "MRAcquisitionType": "2D",
    "SeriesDescription": "DTIshort_64dir_b02_PA",
    "ProtocolName": "DTIshort_64dir_b02_PA",
    "ScanningSequence": "SE",
    "SequenceVariant": "SK",
    "ScanOptions": "FS",
    "PulseSequenceName": "DwiSE",
    "ImageType": [
        "ORIGINAL",
        "PRIMARY",
        "M",
        "SE",
        "M",
        "SE"
    ],
    "SeriesNumber": 1301,
    "AcquisitionTime": "16:30:3.170000",
    "AcquisitionNumber": 13,
    "PhilipsRWVSlope": 2.1431,
    "PhilipsRWVIntercept": 0,
    "PhilipsRescaleSlope": 2.1431,
    "PhilipsRescaleIntercept": 0,
    "PhilipsScaleSlope": 0.0137876,
    "UsePhilipsFloatNotDisplayScaling": 1,
    "SliceThickness": 2,
    "SpacingBetweenSlices": 2,
    "SAR": 0.191327,
    "EchoTime": 0.040222,
    "RepetitionTime": 5.17656,
    "MTState": false,
    "FlipAngle": 90,
    "CoilString": "MULTI COIL",
    "PercentPhaseFOV": 100,
    "PercentSampling": 100,
    "EchoTrainLength": 51,
    "PartialFourierDirection": "PHASE",
    "PartialFourierEnabled": "YES",
    "PhaseEncodingStepsNoPartialFourier": 126,
    "FrequencyEncodingSteps": 128,
    "PhaseEncodingStepsOutOfPlane": 1,
    "AcquisitionMatrixPE": 126,
    "ReconMatrixPE": 128,
    "ParallelReductionFactorInPlane": 2.5,
    "ParallelAcquisitionTechnique": "SENSE",
    "WaterFatShift": 17.5825,
    "EstimatedEffectiveEchoSpacing": 0.000312546,
    "EstimatedTotalReadoutTime": 0.0396933,
    "AcquisitionDuration": 17.5417,
    "PixelBandwidth": 1786,
    "PhaseEncodingAxis": "j",
    "ImageOrientationPatientDICOM": [
        0.996279,
        -0.0552424,
        0.0661528,
        0.0669149,
        0.979547,
        -0.189764
    ],
    "InPlanePhaseEncodingDirectionDICOM": "COL",
    "ConversionSoftware": "dcm2niix",
    "ConversionSoftwareVersion": "v1.0.20230411",
    "Dcm2bidsVersion": "3.0.1"
}