{
  "bids_meta": {
    "AcquisitionMatrixPE": 240,
    "AcquisitionNumber": 3,
    "AcquisitionTime": "10:00:45.070000",
    "BodyPartExamined": "BRAIN",
    "CoilString": "MULTI_COIL",
    "ConversionSoftware": "dcm2niix",
    "ConversionSoftwareVersion": "v1.0.20181125  (JP2:OpenJPEG) GCC9.3.0",
    "Dcm2bidsVersion": "3.1.1",
    "DeviceSerialNumber": "85054",
    "EchoTime": 0.002961,
    "EchoTrainLength": 204,
    "FileSize": 0.023734848015010357,
    "FileSizeUnits": "GB",
    "FlipAngle": 8,
    "ImageOrientationPatientDICOM": [
      0.999545,
      0.00118704,
      0.0301533,
      -0.00114992,
      0.999999,
      -0.00124829
    ],
    "ImageType": [
      "ORIGINAL",
      "PRIMARY",
      "M",
      "FFE",
      "M",
      "FFE"
    ],
    "ImagingFrequency": 127.767,
    "InPlanePhaseEncodingDirectionDICOM": "COL",
    "InstitutionAddress": "Nemirovicha-Danchenko_132",
    "InstitutionName": "Novosib_Neurosurgery_Center",
    "InstitutionalDepartmentName": "MRI",
    "MRAcquisitionType": "3D",
    "MagneticFieldStrength": 3,
    "Manufacturer": "Philips",
    "ManufacturersModelName": "Ingenia",
    "Modality": "MR",
    "NumberOfVolumes": 1,
    "PatientPosition": "HFS",
    "PercentPhaseFOV": 100,
    "PhaseEncodingSteps": 240,
    "PhilipsRWVIntercept": 0,
    "PhilipsRWVSlope": 102.503,
    "PhilipsRescaleIntercept": 0,
    "PhilipsRescaleSlope": 102.503,
    "PhilipsScaleSlope": 0.0134167,
    "PixelBandwidth": 271,
    "ProcedureStepDescription": "HEAD_OLFAKTORNAYA_MENINGIOMA",
    "ProtocolName": "sT1W_3D",
    "ReconMatrixPE": 512,
    "RepetitionTime": 0.0065734,
    "SAR": 0.0231826,
    "ScanOptions": "PFP",
    "ScanningSequence": "GR",
    "SequenceVariant": "MP",
    "SeriesDescription": "sT1W_3D",
    "SeriesNumber": 301,
    "SliceThickness": 1,
    "SoftwareVersions": "5.4.1_5.4.1.3",
    "SpacingBetweenSlices": 1,
    "StationName": "PHILIPS-F7TK6PR",
    "UsePhilipsFloatNotDisplayScaling": 1,
    "dataset": "<unset>",
    "datatype": "anat",
    "extension": ".nii.gz",
    "modality": "T1w",
    "run": 1,
    "subject": "olf13fu",
    "suffix": "T1w"
  },
  "cjv": 0.6373172077922078,
  "cnr": 1.6973242110085254,
  "efc": 0.7349,
  "fber": 8602.7979,
  "fwhm_avg": 6.614890666666667,
  "fwhm_x": 7.851498666666667,
  "fwhm_y": 7.964373333333333,
  "fwhm_z": 4.0288,
  "icvs_csf": 0.27988101966965817,
  "icvs_gm": 0.37635858841080855,
  "icvs_wm": 0.3437603919195332,
  "inu_med": 0.7969687581062317,
  "inu_range": 0.38403207063674927,
  "provenance": {
    "md5sum": "c562e1535168392d8e90c5f5876760ee",
    "settings": {
      "testing": false
    },
    "software": "mriqc",
    "version": "25.1.0.dev45+g699d1691",
    "warnings": {
      "large_rot_frame": true,
      "small_air_mask": false
    }
  },
  "qi_1": 0.0,
  "qi_2": 0.0014835103833174279,
  "rpve_csf": 8.02917437064675,
  "rpve_gm": 7.93615307056565,
  "rpve_wm": 8.00839755773732,
  "size_x": 512,
  "size_y": 512,
  "size_z": 192,
  "snr_csf": 1.350027151050999,
  "snr_gm": 4.660248729154196,
  "snr_total": 4.570036150462201,
  "snr_wm": 7.699832571181409,
  "snrd_csf": 5.541880242968796,
  "snrd_gm": 14.413545673939852,
  "snrd_total": 13.84693887038702,
  "snrd_wm": 21.585390694252414,
  "spacing_x": 0.46875,
  "spacing_y": 0.46875,
  "spacing_z": 1.0,
  "summary_bg_k": 197.9687,
  "summary_bg_mad": 0.0,
  "summary_bg_mean": 3.4778,
  "summary_bg_median": 0.0,
  "summary_bg_n": 22885484.0,
  "summary_bg_p05": 0.0,
  "summary_bg_p95": 7.0,
  "summary_bg_stdv": 28.1353,
  "summary_csf_k": -0.9134,
  "summary_csf_mad": 168.4849,
  "summary_csf_mean": 264.415,
  "summary_csf_median": 238.0,
  "summary_csf_n": 1738040.7016609493,
  "summary_csf_p05": 32.0,
  "summary_csf_p95": 589.0,
  "summary_csf_stdv": 176.2927,
  "summary_gm_k": -0.6633,
  "summary_gm_mad": 97.8644,
  "summary_gm_mean": 621.2627,
  "summary_gm_median": 619.0,
  "summary_gm_n": 2337159.360965983,
  "summary_gm_p05": 405.0,
  "summary_gm_p95": 853.0,
  "summary_gm_stdv": 132.8255,
  "summary_wm_k": -0.2264,
  "summary_wm_mad": 98.4293,
  "summary_wm_mean": 901.0595,
  "summary_wm_median": 927.0,
  "summary_wm_n": 2134726.9403272076,
  "summary_wm_p05": 671.0,
  "summary_wm_p95": 1059.0,
  "summary_wm_stdv": 120.3922,
  "tpm_overlap_csf": 0.18488561292880262,
  "tpm_overlap_gm": 0.5194984523394751,
  "tpm_overlap_wm": 0.5597682177783926,
  "wm2max": 0.5166634513787602
}
