{
  "NumberOfShells": 1,
  "bValues": [
    0.0,
    1500.0
  ],
  "bValuesEstimation": [
    1500.0
  ],
  "bdiffs_max": 0.3652,
  "bdiffs_mean": 0.1792,
  "bdiffs_median": 0.1733,
  "bdiffs_min": 0.0007,
  "bids_meta": {
    "AcquisitionMatrixPE": 126,
    "AcquisitionNumber": 9,
    "AcquisitionTime": "08:32:31.160000",
    "BodyPartExamined": "BRAIN",
    "CoilString": "MULTI_COIL",
    "ConversionSoftware": "dcm2niix",
    "ConversionSoftwareVersion": "v1.0.20181125  (JP2:OpenJPEG) GCC9.3.0",
    "Dcm2bidsVersion": "3.1.1",
    "DeviceSerialNumber": "85054",
    "EchoTime": 0.1031,
    "EchoTrainLength": 51,
    "FileSize": 0.030190777964890003,
    "FileSizeUnits": "GB",
    "FlipAngle": 90,
    "ImageOrientationPatientDICOM": [
      0.996724,
      -0.0745734,
      -0.0312991,
      0.0767483,
      0.994206,
      0.0752574
    ],
    "ImageType": [
      "ORIGINAL",
      "PRIMARY",
      "M",
      "SE",
      "M",
      "SE"
    ],
    "ImagingFrequency": 127.767,
    "InPlanePhaseEncodingDirectionDICOM": "COL",
    "InstitutionAddress": "Nemirovicha-Danchenko_132",
    "InstitutionName": "Novosib_Neurosurgery_Center",
    "InstitutionalDepartmentName": "MRI",
    "MRAcquisitionType": "2D",
    "MagneticFieldStrength": 3,
    "Manufacturer": "Philips",
    "ManufacturersModelName": "Ingenia",
    "Modality": "MR",
    "NumberOfVolumes": 65,
    "PartialFourier": 0.404762,
    "PatientPosition": "HFS",
    "PercentPhaseFOV": 100,
    "PhaseEncodingAxis": "j",
    "PhaseEncodingSteps": 126,
    "PhilipsRWVIntercept": 0,
    "PhilipsRWVSlope": 2.07179,
    "PhilipsRescaleIntercept": 0,
    "PhilipsRescaleSlope": 2.07179,
    "PhilipsScaleSlope": 0.00949579,
    "PixelBandwidth": 1785,
    "ProcedureStepDescription": "HEAD_OLFAKTORNAYA_MENINGIOMA",
    "ProtocolName": "DTIshort_64dir_b1500_AP",
    "ReconMatrixPE": 128,
    "RepetitionTime": 9.43877,
    "SAR": 0.103151,
    "ScanOptions": "FS",
    "ScanningSequence": "SE",
    "SequenceVariant": "SK",
    "SeriesDescription": "DTIshort_64dir_b1500_AP",
    "SeriesNumber": 901,
    "SliceThickness": 2,
    "SoftwareVersions": "5.4.1_5.4.1.3",
    "SpacingBetweenSlices": 2,
    "StationName": "PHILIPS-F7TK6PR",
    "UsePhilipsFloatNotDisplayScaling": 1,
    "dataset": "<unset>",
    "datatype": "dwi",
    "extension": ".nii.gz",
    "modality": "dwi",
    "run": 1,
    "subject": "olf18fu",
    "suffix": "dwi"
  },
  "efc_shell01": 0.3447,
  "efc_shell02": 0.4441,
  "fa_degenerate": 0.0,
  "fa_nans": 0.0,
  "fber_shell01": -1.0,
  "fber_shell02": 470044.9062,
  "fd_mean": 38.0089,
  "fd_num": 64,
  "fd_perc": 98.46153846153847,
  "ndc": 0.8701,
  "provenance": {
    "md5sum": "ef8cd5c3ec82b715aa526b59ff6b5e78",
    "settings": {
      "testing": false
    },
    "software": "mriqc",
    "version": "25.1.0.dev45+g699d1691"
  },
  "sigma_cc": 51.8911,
  "sigma_pca": 13.845,
  "sigma_piesno": 3.4147,
  "snr_cc_shell0": 4.94,
  "snr_cc_shell1_best": 5.79,
  "snr_cc_shell1_worst": 5.79,
  "spikes_global": 1421.55,
  "spikes_slice_i": 8029.91,
  "spikes_slice_j": 6850.96,
  "spikes_slice_k": 4710.04,
  "summary_bg_k": 425.9588,
  "summary_bg_mad": 0.0,
  "summary_bg_mean": 15.6468,
  "summary_bg_median": 0.0,
  "summary_bg_n": 890313.0,
  "summary_bg_p05": 0.0,
  "summary_bg_p95": 62.0,
  "summary_bg_stdv": 70.5983,
  "summary_fg_k": 4.4787,
  "summary_fg_mad": 128.9864,
  "summary_fg_mean": 417.4058,
  "summary_fg_median": 256.0,
  "summary_fg_n": 223799.0,
  "summary_fg_p05": 118.0,
  "summary_fg_p95": 1216.0,
  "summary_fg_stdv": 365.2859,
  "summary_wm_k": 49.2874,
  "summary_wm_mad": 42.9955,
  "summary_wm_mean": 222.3596,
  "summary_wm_median": 213.0,
  "summary_wm_n": 48701.0,
  "summary_wm_p05": 142.0,
  "summary_wm_p95": 308.0,
  "summary_wm_stdv": 80.0212
}
