{
  "aor": 0.0013213999999999997,
  "aqi": 0.013317841700000001,
  "bids_meta": {
    "AcquisitionMatrixPE": 80,
    "AcquisitionNumber": 13,
    "AcquisitionTime": "08:45:38.940000",
    "BodyPartExamined": "BRAIN",
    "CoilString": "MULTI_COIL",
    "ConversionSoftware": "dcm2niix",
    "ConversionSoftwareVersion": "v1.0.20181125  (JP2:OpenJPEG) GCC9.3.0",
    "Dcm2bidsVersion": "3.1.1",
    "DeviceSerialNumber": "85054",
    "EchoTime": 0.03,
    "EchoTrainLength": 27,
    "FileSize": 0.04978201910853386,
    "FileSizeUnits": "GB",
    "FlipAngle": 90,
    "ImageOrientationPatientDICOM": [
      0.99113,
      -0.0927823,
      0.0951473,
      0.0910811,
      0.995599,
      0.0220784
    ],
    "ImageType": [
      "ORIGINAL",
      "PRIMARY",
      "M",
      "FFE",
      "M",
      "FFE"
    ],
    "ImagingFrequency": 127.766,
    "InPlanePhaseEncodingDirectionDICOM": "COL",
    "InstitutionAddress": "Nemirovicha-Danchenko_132",
    "InstitutionName": "Novosib_Neurosurgery_Center",
    "InstitutionalDepartmentName": "MRI",
    "MRAcquisitionType": "2D",
    "MagneticFieldStrength": 3,
    "Manufacturer": "Philips",
    "ManufacturersModelName": "Ingenia",
    "Modality": "MR",
    "NumberOfVolumes": 200,
    "PartialFourier": 0.3375,
    "PatientPosition": "HFS",
    "PercentPhaseFOV": 100,
    "PhaseEncodingAxis": "j",
    "PhaseEncodingSteps": 80,
    "PhilipsRWVIntercept": 0,
    "PhilipsRWVSlope": 0.794628,
    "PhilipsRescaleIntercept": 0,
    "PhilipsRescaleSlope": 0.794628,
    "PhilipsScaleSlope": 0.0123299,
    "PixelBandwidth": 2266,
    "ProcedureStepDescription": "HEAD_+C_OLFAKTORNAYA_MENINGIOMA",
    "ProtocolName": "rest-fMRI",
    "ReconMatrixPE": 80,
    "RepetitionTime": 3,
    "SAR": 0.108433,
    "ScanOptions": "FS",
    "ScanningSequence": "GR",
    "SequenceVariant": "SK",
    "SeriesDescription": "rest-fMRI",
    "SeriesNumber": 1301,
    "SliceThickness": 3,
    "SoftwareVersions": "5.4.1_5.4.1.3",
    "SpacingBetweenSlices": 3,
    "StationName": "PHILIPS-F7TK6PR",
    "TaskName": "rest",
    "UsePhilipsFloatNotDisplayScaling": 1,
    "dataset": "<unset>",
    "datatype": "func",
    "extension": ".nii.gz",
    "modality": "bold",
    "subject": "olf10fu",
    "suffix": "bold",
    "task": "rest"
  },
  "dummy_trs": 0,
  "dvars_nstd": 40.834227633969846,
  "dvars_std": 1.1345083063819095,
  "dvars_vstd": 0.9897047649748736,
  "efc": 0.3988,
  "fber": 151574.0156,
  "fd_mean": 0.3761389617540817,
  "fd_num": 153,
  "fd_perc": 76.5,
  "fwhm_avg": 2.3850744444444447,
  "fwhm_x": 2.377326666666667,
  "fwhm_y": 2.4359766666666665,
  "fwhm_z": 2.34192,
  "gcor": 0.00534778,
  "gsr_x": -0.010842482559382915,
  "gsr_y": 0.008010540157556534,
  "provenance": {
    "md5sum": "737da5b862d9ded69ec4e687af64c74b",
    "settings": {
      "fd_thres": 0.2,
      "testing": false
    },
    "software": "mriqc",
    "version": "25.1.0.dev45+g699d1691"
  },
  "size_t": 200,
  "size_x": 80,
  "size_y": 80,
  "size_z": 45,
  "snr": 2.954861694167962,
  "spacing_tr": 2.9999990463256836,
  "spacing_x": 3.0,
  "spacing_y": 3.0,
  "spacing_z": 3.0,
  "summary_bg_k": 171.2661,
  "summary_bg_mad": 2.8737,
  "summary_bg_mean": 22.4127,
  "summary_bg_median": 2.0,
  "summary_bg_n": 236400.0,
  "summary_bg_p05": 0.0,
  "summary_bg_p95": 100.0,
  "summary_bg_stdv": 60.3232,
  "summary_fg_k": 1.2811,
  "summary_fg_mad": 191.8522,
  "summary_fg_mean": 870.8962,
  "summary_fg_median": 894.0,
  "summary_fg_n": 51600.0,
  "summary_fg_p05": 209.0,
  "summary_fg_p95": 1316.0,
  "summary_fg_stdv": 302.5493,
  "tsnr": 42.165264222654514
}
