{
  "bids_meta": {
    "AcquisitionMatrixPE": 252,
    "AcquisitionNumber": 3,
    "AcquisitionTime": "08:01:15.690000",
    "BodyPartExamined": "BRAIN",
    "CoilString": "MULTI_COIL",
    "ConversionSoftware": "dcm2niix",
    "ConversionSoftwareVersion": "v1.0.20181125  (JP2:OpenJPEG) GCC9.3.0",
    "Dcm2bidsVersion": "3.1.1",
    "DeviceSerialNumber": "85054",
    "EchoTime": 0.3,
    "EchoTrainLength": 155,
    "FileSize": 0.05318519286811352,
    "FileSizeUnits": "GB",
    "FlipAngle": 90,
    "ImageOrientationPatientDICOM": [
      -0.0183921,
      0.997278,
      -0.0714026,
      -0.0938046,
      -0.0728208,
      -0.992924
    ],
    "ImageType": [
      "ORIGINAL",
      "PRIMARY",
      "M",
      "SE",
      "M",
      "SE"
    ],
    "ImagingFrequency": 127.777,
    "InPlanePhaseEncodingDirectionDICOM": "ROW",
    "InstitutionAddress": "Nemirovicha-Danchenko_132",
    "InstitutionName": "Novosib_Neurosurgery_Center",
    "InstitutionalDepartmentName": "MRI",
    "MRAcquisitionType": "3D",
    "MagneticFieldStrength": 3,
    "Manufacturer": "Philips",
    "ManufacturersModelName": "Ingenia",
    "Modality": "MR",
    "NumberOfVolumes": 1,
    "PatientPosition": "HFS",
    "PercentPhaseFOV": 100,
    "PhaseEncodingSteps": 252,
    "PhilipsRWVIntercept": 0,
    "PhilipsRWVSlope": 1.71258,
    "PhilipsRescaleIntercept": 0,
    "PhilipsRescaleSlope": 1.71258,
    "PhilipsScaleSlope": 0.0104519,
    "PixelBandwidth": 841,
    "ProtocolName": "3D_T2_1mm",
    "ReconMatrixPE": 512,
    "RepetitionTime": 3.5,
    "SAR": 0.0259759,
    "ScanOptions": "FS",
    "ScanningSequence": "SE",
    "SequenceVariant": "SK",
    "SeriesDescription": "3D_T2_1mm",
    "SeriesNumber": 301,
    "SliceThickness": 1,
    "SoftwareVersions": "5.4.1_5.4.1.3",
    "SpacingBetweenSlices": 0.5,
    "StationName": "PHILIPS-F7TK6PR",
    "UsePhilipsFloatNotDisplayScaling": 1,
    "dataset": "<unset>",
    "datatype": "anat",
    "extension": ".nii.gz",
    "modality": "T2w",
    "subject": "olf07fu",
    "suffix": "T2w"
  },
  "cjv": 1.4142541806020068,
  "cnr": 0.6874224690361928,
  "efc": 0.5862,
  "fber": 331.3338,
  "fwhm_avg": 5.987720053333334,
  "fwhm_x": 5.7511,
  "fwhm_y": 6.51022336,
  "fwhm_z": 5.7018368,
  "icvs_csf": 0.2672391539409208,
  "icvs_gm": 0.32970091247981687,
  "icvs_wm": 0.4030599335792623,
  "inu_med": 0.9661985039710999,
  "inu_range": 0.5606245994567871,
  "provenance": {
    "md5sum": "a8eb4fa873ec9041b0227a8a5f9e3ef5",
    "settings": {
      "testing": false
    },
    "software": "mriqc",
    "version": "25.1.0.dev45+g699d1691",
    "warnings": {
      "large_rot_frame": true,
      "small_air_mask": false
    }
  },
  "qi_1": 0.0,
  "qi_2": 0.0032586506053094272,
  "rpve_csf": 7.498332461116902,
  "rpve_gm": 7.387904849675502,
  "rpve_wm": 7.432087319239776,
  "size_x": 360,
  "size_y": 512,
  "size_z": 512,
  "snr_csf": 1.6005762441945306,
  "snr_gm": 3.3823412154522665,
  "snr_total": 3.771324630114771,
  "snr_wm": 6.331056430697515,
  "snrd_csf": 11.356495636735026,
  "snrd_gm": 9.373167312358058,
  "snrd_total": 9.330818664862464,
  "snrd_wm": 7.262793045494308,
  "spacing_x": 0.5,
  "spacing_y": 0.48828125,
  "spacing_z": 0.48828125,
  "summary_bg_k": 20.0908,
  "summary_bg_mad": 0.0,
  "summary_bg_mean": 26.6438,
  "summary_bg_median": 0.0,
  "summary_bg_n": 44093589.0,
  "summary_bg_p05": 0.0,
  "summary_bg_p95": 239.0,
  "summary_bg_stdv": 92.8204,
  "summary_csf_k": -1.3508,
  "summary_csf_mad": 1685.5755,
  "summary_csf_mean": 1636.3129,
  "summary_csf_median": 1609.0,
  "summary_csf_n": 3308691.172763247,
  "summary_csf_p05": 134.0,
  "summary_csf_p95": 3314.0,
  "summary_csf_stdv": 1005.2628,
  "summary_gm_k": 6.6225,
  "summary_gm_mad": 281.6702,
  "summary_gm_mean": 1346.9438,
  "summary_gm_median": 1328.0,
  "summary_gm_n": 4082030.954996666,
  "summary_gm_p05": 772.0,
  "summary_gm_p95": 2012.0,
  "summary_gm_stdv": 392.6274,
  "summary_wm_k": 62.43,
  "summary_wm_mad": 141.1918,
  "summary_wm_mean": 1037.4724,
  "summary_wm_median": 1029.0,
  "summary_wm_n": 4990289.87579817,
  "summary_wm_p05": 801.0,
  "summary_wm_p95": 1298.0,
  "summary_wm_stdv": 162.5321,
  "tpm_overlap_csf": 0.20362135491423167,
  "tpm_overlap_gm": 0.42874009323184303,
  "tpm_overlap_wm": 0.4417805433346259,
  "wm2max": 0.28852341483605864
}
