{
  "bids_meta": {
    "AcquisitionMatrixPE": 240,
    "AcquisitionNumber": 15,
    "AcquisitionTime": "08:51:40.060000",
    "BodyPartExamined": "BRAIN",
    "CoilString": "MULTI_COIL",
    "ConversionSoftware": "dcm2niix",
    "ConversionSoftwareVersion": "v1.0.20181125  (JP2:OpenJPEG) GCC9.3.0",
    "Dcm2bidsVersion": "3.1.1",
    "DeviceSerialNumber": "85054",
    "EchoTime": 0.00302,
    "EchoTrainLength": 204,
    "FileSize": 0.025958889164030552,
    "FileSizeUnits": "GB",
    "FlipAngle": 8,
    "ImageOrientationPatientDICOM": [
      0.995421,
      0.0115641,
      -0.0948886,
      -0.0183921,
      0.997278,
      -0.0714026
    ],
    "ImageType": [
      "ORIGINAL",
      "PRIMARY",
      "M",
      "FFE",
      "M",
      "FFE"
    ],
    "ImagingFrequency": 127.777,
    "InPlanePhaseEncodingDirectionDICOM": "COL",
    "InstitutionAddress": "Nemirovicha-Danchenko_132",
    "InstitutionName": "Novosib_Neurosurgery_Center",
    "InstitutionalDepartmentName": "MRI",
    "MRAcquisitionType": "3D",
    "MagneticFieldStrength": 3,
    "Manufacturer": "Philips",
    "ManufacturersModelName": "Ingenia",
    "Modality": "MR",
    "NumberOfVolumes": 1,
    "PatientPosition": "HFS",
    "PercentPhaseFOV": 100,
    "PhaseEncodingSteps": 240,
    "PhilipsRWVIntercept": 0,
    "PhilipsRWVSlope": 2.71844,
    "PhilipsRescaleIntercept": 0,
    "PhilipsRescaleSlope": 2.71844,
    "PhilipsScaleSlope": 0.0143149,
    "PixelBandwidth": 271,
    "ProtocolName": "sT1W_3D_CE",
    "ReconMatrixPE": 512,
    "RepetitionTime": 0.0067154,
    "SAR": 0.0231826,
    "ScanOptions": "PFP",
    "ScanningSequence": "GR",
    "SequenceVariant": "MP",
    "SeriesDescription": "sT1W_3D_CE",
    "SeriesNumber": 1501,
    "SliceThickness": 1,
    "SoftwareVersions": "5.4.1_5.4.1.3",
    "SpacingBetweenSlices": 1,
    "StationName": "PHILIPS-F7TK6PR",
    "UsePhilipsFloatNotDisplayScaling": 1,
    "dataset": "<unset>",
    "datatype": "anat",
    "extension": ".nii.gz",
    "modality": "T1w",
    "run": 2,
    "subject": "olf07fu",
    "suffix": "T1w"
  },
  "cjv": 0.8693780669144983,
  "cnr": 0.9634298149345176,
  "efc": 0.719,
  "fber": -1.0,
  "fwhm_avg": 4.414647111111111,
  "fwhm_x": 5.1650133333333335,
  "fwhm_y": 5.406848,
  "fwhm_z": 2.67208,
  "icvs_csf": 0.22232062358318788,
  "icvs_gm": 0.3888150078313896,
  "icvs_wm": 0.38886436858542245,
  "inu_med": 0.8839863538742065,
  "inu_range": 0.5686416029930115,
  "provenance": {
    "md5sum": "0544289c45e8c8bd0f784a8669896896",
    "settings": {
      "testing": false
    },
    "software": "mriqc",
    "version": "25.1.0.dev45+g699d1691",
    "warnings": {
      "large_rot_frame": true,
      "small_air_mask": false
    }
  },
  "qi_1": 0.0,
  "qi_2": 0.0015260897967564954,
  "rpve_csf": 7.365105033545423,
  "rpve_gm": 7.251511616106003,
  "rpve_wm": 7.300250859957713,
  "size_x": 512,
  "size_y": 512,
  "size_z": 192,
  "snr_csf": 1.077850579801923,
  "snr_gm": 3.003132524490186,
  "snr_total": 3.6754577301343825,
  "snr_wm": 6.945390086111038,
  "snrd_csf": 12.845880396860592,
  "snrd_gm": 12.495856407845315,
  "snrd_total": 14.18180528826889,
  "snrd_wm": 17.203679060100765,
  "spacing_x": 0.46875,
  "spacing_y": 0.46875,
  "spacing_z": 1.0,
  "summary_bg_k": 704.4736,
  "summary_bg_mad": 0.0,
  "summary_bg_mean": 4.544,
  "summary_bg_median": 0.0,
  "summary_bg_n": 24641584.0,
  "summary_bg_p05": 0.0,
  "summary_bg_p95": 18.0,
  "summary_bg_stdv": 37.4338,
  "summary_csf_k": -0.4364,
  "summary_csf_mad": 910.9831,
  "summary_csf_mean": 853.3633,
  "summary_csf_median": 734.0,
  "summary_csf_n": 1490242.0407660278,
  "summary_csf_p05": 81.0,
  "summary_csf_p95": 2406.0,
  "summary_csf_stdv": 680.9847,
  "summary_gm_k": 21.1427,
  "summary_gm_mad": 112.2264,
  "summary_gm_mean": 700.8812,
  "summary_gm_median": 714.0,
  "summary_gm_n": 2606274.044271465,
  "summary_gm_p05": 260.0,
  "summary_gm_p95": 1082.0,
  "summary_gm_stdv": 237.7517,
  "summary_wm_k": 33.2852,
  "summary_wm_mad": 121.6363,
  "summary_wm_mean": 965.7389,
  "summary_wm_median": 983.0,
  "summary_wm_n": 2606604.9153784188,
  "summary_wm_p05": 725.0,
  "summary_wm_p95": 1166.0,
  "summary_wm_stdv": 141.5327,
  "tpm_overlap_csf": 0.25821930467055165,
  "tpm_overlap_gm": 0.4823327106342738,
  "tpm_overlap_wm": 0.5133752539941755,
  "wm2max": 0.3185905335115118
}
