{
  "bids_meta": {
    "AcquisitionMatrixPE": 240,
    "AcquisitionNumber": 4,
    "AcquisitionTime": "08:06:39.350000",
    "BodyPartExamined": "BRAIN",
    "CoilString": "MULTI_COIL",
    "ConversionSoftware": "dcm2niix",
    "ConversionSoftwareVersion": "v1.0.20181125  (JP2:OpenJPEG) GCC9.3.0",
    "Dcm2bidsVersion": "3.1.1",
    "DeviceSerialNumber": "85054",
    "EchoTime": 0.00302,
    "EchoTrainLength": 204,
    "FileSize": 0.024184321984648705,
    "FileSizeUnits": "GB",
    "FlipAngle": 8,
    "ImageOrientationPatientDICOM": [
      0.995421,
      0.0115641,
      -0.0948886,
      -0.0183921,
      0.997278,
      -0.0714026
    ],
    "ImageType": [
      "ORIGINAL",
      "PRIMARY",
      "M",
      "FFE",
      "M",
      "FFE"
    ],
    "ImagingFrequency": 127.777,
    "InPlanePhaseEncodingDirectionDICOM": "COL",
    "InstitutionAddress": "Nemirovicha-Danchenko_132",
    "InstitutionName": "Novosib_Neurosurgery_Center",
    "InstitutionalDepartmentName": "MRI",
    "MRAcquisitionType": "3D",
    "MagneticFieldStrength": 3,
    "Manufacturer": "Philips",
    "ManufacturersModelName": "Ingenia",
    "Modality": "MR",
    "NumberOfVolumes": 1,
    "PatientPosition": "HFS",
    "PercentPhaseFOV": 100,
    "PhaseEncodingSteps": 240,
    "PhilipsRWVIntercept": 0,
    "PhilipsRWVSlope": 3.83297,
    "PhilipsRescaleIntercept": 0,
    "PhilipsRescaleSlope": 3.83297,
    "PhilipsScaleSlope": 0.0143149,
    "PixelBandwidth": 271,
    "ProtocolName": "sT1W_3D",
    "ReconMatrixPE": 512,
    "RepetitionTime": 0.0067154,
    "SAR": 0.0231826,
    "ScanOptions": "PFP",
    "ScanningSequence": "GR",
    "SequenceVariant": "MP",
    "SeriesDescription": "sT1W_3D",
    "SeriesNumber": 401,
    "SliceThickness": 1,
    "SoftwareVersions": "5.4.1_5.4.1.3",
    "SpacingBetweenSlices": 1,
    "StationName": "PHILIPS-F7TK6PR",
    "UsePhilipsFloatNotDisplayScaling": 1,
    "dataset": "<unset>",
    "datatype": "anat",
    "extension": ".nii.gz",
    "modality": "T1w",
    "run": 1,
    "subject": "olf07fu",
    "suffix": "T1w"
  },
  "cjv": 0.632764262295082,
  "cnr": 1.4004618791795636,
  "efc": 0.7466,
  "fber": -1.0,
  "fwhm_avg": 7.008712,
  "fwhm_x": 8.505045333333333,
  "fwhm_y": 8.398890666666667,
  "fwhm_z": 4.1222,
  "icvs_csf": 0.2830446229595056,
  "icvs_gm": 0.3661084341939478,
  "icvs_wm": 0.3508469428465466,
  "inu_med": 0.736729621887207,
  "inu_range": 0.3689765989780426,
  "provenance": {
    "md5sum": "9c8aedba35184a05948db08222b3bde7",
    "settings": {
      "testing": false
    },
    "software": "mriqc",
    "version": "25.1.0.dev45+g699d1691",
    "warnings": {
      "large_rot_frame": true,
      "small_air_mask": false
    }
  },
  "qi_1": 0.0,
  "qi_2": 0.0012095157357556406,
  "rpve_csf": 7.374270159532594,
  "rpve_gm": 7.253531385175532,
  "rpve_wm": 7.343279082740139,
  "size_x": 512,
  "size_y": 512,
  "size_z": 192,
  "snr_csf": 1.3413965199793736,
  "snr_gm": 3.506693133859665,
  "snr_total": 4.023080279883572,
  "snr_wm": 7.221151185811678,
  "snrd_csf": 6.440779097862129,
  "snrd_gm": 16.75694222918368,
  "snrd_total": 16.092850599036876,
  "snrd_wm": 25.08083047006482,
  "spacing_x": 0.46875,
  "spacing_y": 0.46875,
  "spacing_z": 1.0,
  "summary_bg_k": 273.0878,
  "summary_bg_mad": 0.0,
  "summary_bg_mean": 2.3971,
  "summary_bg_median": 0.0,
  "summary_bg_n": 22950380.0,
  "summary_bg_p05": 0.0,
  "summary_bg_p95": 0.0,
  "summary_bg_stdv": 24.0052,
  "summary_csf_k": -0.7553,
  "summary_csf_mad": 158.5307,
  "summary_csf_mean": 266.4003,
  "summary_csf_median": 236.0,
  "summary_csf_n": 1907505.3621384916,
  "summary_csf_p05": 38.0,
  "summary_csf_p95": 596.0,
  "summary_csf_stdv": 175.936,
  "summary_gm_k": 1.5329,
  "summary_gm_mad": 93.4233,
  "summary_gm_mean": 614.13,
  "summary_gm_median": 614.0,
  "summary_gm_n": 2467292.2384008477,
  "summary_gm_p05": 310.0,
  "summary_gm_p95": 940.0,
  "summary_gm_stdv": 175.0937,
  "summary_wm_k": -0.3017,
  "summary_wm_mad": 99.5698,
  "summary_wm_mean": 882.588,
  "summary_wm_median": 919.0,
  "summary_wm_n": 2364441.4006954343,
  "summary_wm_p05": 638.0,
  "summary_wm_p95": 1038.0,
  "summary_wm_stdv": 127.265,
  "tpm_overlap_csf": 0.17182490849483012,
  "tpm_overlap_gm": 0.48955541123992385,
  "tpm_overlap_wm": 0.5114255205470489,
  "wm2max": 0.5600156037038592
}
