{
  "NumberOfShells": 1,
  "bValues": [
    0.0,
    1500.0
  ],
  "bValuesEstimation": [
    1500.0
  ],
  "bdiffs_max": 0.288,
  "bdiffs_mean": 0.1084,
  "bdiffs_median": 0.0972,
  "bdiffs_min": 0.0203,
  "bids_meta": {
    "AcquisitionDuration": 763.025,
    "AcquisitionMatrixPE": 126,
    "AcquisitionNumber": 10,
    "AcquisitionTime": "16:16:16.470000",
    "BodyPartExamined": "BRAIN",
    "CoilString": "MULTI COIL",
    "ConversionSoftware": "dcm2niix",
    "ConversionSoftwareVersion": "v1.0.20230411",
    "Dcm2bidsVersion": "3.0.1",
    "DeviceSerialNumber": "85054",
    "EchoTime": 0.102941,
    "EchoTrainLength": 51,
    "EstimatedEffectiveEchoSpacing": 0.000312546,
    "EstimatedTotalReadoutTime": 0.0396933,
    "FileSize": 0.026034091599285603,
    "FileSizeUnits": "GB",
    "FlipAngle": 90,
    "FrequencyEncodingSteps": 128,
    "ImageOrientationPatientDICOM": [
      0.996279,
      -0.0552424,
      0.0661528,
      0.0669149,
      0.979547,
      -0.189764
    ],
    "ImageType": [
      "ORIGINAL",
      "PRIMARY",
      "M",
      "SE",
      "M",
      "SE"
    ],
    "ImagingFrequency": 127.776896,
    "InPlanePhaseEncodingDirectionDICOM": "COL",
    "InstitutionAddress": "Nemirovicha-Danchenko 132",
    "InstitutionName": "Novosib Neurosurgery Center",
    "InstitutionalDepartmentName": "MRI",
    "MRAcquisitionType": "2D",
    "MTState": false,
    "MagneticFieldStrength": 3,
    "Manufacturer": "Philips",
    "ManufacturersModelName": "Ingenia",
    "Modality": "MR",
    "NumberOfVolumes": 65,
    "ParallelAcquisitionTechnique": "SENSE",
    "ParallelReductionFactorInPlane": 2.5,
    "PartialFourierDirection": "PHASE",
    "PartialFourierEnabled": "YES",
    "PatientPosition": "HFS",
    "PercentPhaseFOV": 100,
    "PercentSampling": 100,
    "PhaseEncodingAxis": "j",
    "PhaseEncodingStepsNoPartialFourier": 126,
    "PhaseEncodingStepsOutOfPlane": 1,
    "PhilipsRWVIntercept": 0,
    "PhilipsRWVSlope": 2.8083,
    "PhilipsRescaleIntercept": 0,
    "PhilipsRescaleSlope": 2.8083,
    "PhilipsScaleSlope": 0.00982404,
    "PixelBandwidth": 1786,
    "ProcedureStepDescription": "HEAD+C",
    "ProtocolName": "DTIshort_64dir_b1500_AP",
    "PulseSequenceName": "DwiSE",
    "ReconMatrixPE": 128,
    "RepetitionTime": 9.43647,
    "SAR": 0.10321,
    "ScanOptions": "FS",
    "ScanningSequence": "SE",
    "SequenceVariant": "SK",
    "SeriesDescription": "DTIshort_64dir_b1500_AP",
    "SeriesNumber": 1001,
    "SliceThickness": 2,
    "SoftwareVersions": "5.4.1\\5.4.1.3",
    "SpacingBetweenSlices": 2,
    "StationName": "PHILIPS-F7TK6PR",
    "UsePhilipsFloatNotDisplayScaling": 1,
    "WaterFatShift": 17.5825,
    "dataset": "<unset>",
    "datatype": "dwi",
    "extension": ".nii.gz",
    "modality": "dwi",
    "run": 1,
    "subject": "olf27",
    "suffix": "dwi"
  },
  "efc_shell01": 0.3243,
  "efc_shell02": 0.4156,
  "fa_degenerate": 0.0,
  "fa_nans": 0.0,
  "fber_shell01": 8144816.5,
  "fber_shell02": 2013509.625,
  "fd_mean": 26.759,
  "fd_num": 64,
  "fd_perc": 98.46153846153847,
  "ndc": 0.4743,
  "provenance": {
    "md5sum": "49086a753dbedf5108f5771de57907a2",
    "settings": {
      "testing": false
    },
    "software": "mriqc",
    "version": "25.1.0.dev45+g699d1691"
  },
  "sigma_cc": 3018.5781,
  "sigma_pca": 739.4269,
  "sigma_piesno": 134.1439,
  "snr_cc_shell0": 4.93,
  "snr_cc_shell1_best": 6.08,
  "snr_cc_shell1_worst": 6.08,
  "spikes_global": 1353.43,
  "spikes_slice_i": 6561.09,
  "spikes_slice_j": 6032.59,
  "spikes_slice_k": 3914.7,
  "summary_bg_k": 141.7355,
  "summary_bg_mad": 0.0,
  "summary_bg_mean": 448.4596,
  "summary_bg_median": 0.0,
  "summary_bg_n": 931610.0,
  "summary_bg_p05": 0.0,
  "summary_bg_p95": 2240.0,
  "summary_bg_stdv": 1402.8355,
  "summary_fg_k": 0.2106,
  "summary_fg_mad": 4830.318,
  "summary_fg_mean": 12645.0961,
  "summary_fg_median": 12213.0,
  "summary_fg_n": 182502.0,
  "summary_fg_p05": 0.0,
  "summary_fg_p95": 26667.0,
  "summary_fg_stdv": 7307.1996,
  "summary_wm_k": 7.5202,
  "summary_wm_mad": 2111.2256,
  "summary_wm_mean": 12449.5398,
  "summary_wm_median": 11907.0,
  "summary_wm_n": 39351.0,
  "summary_wm_p05": 8653.0,
  "summary_wm_p95": 18730.0,
  "summary_wm_stdv": 3593.6906
}
