{
  "aor": 0.00573,
  "aqi": 0.026003368643216083,
  "bids_meta": {
    "AcquisitionMatrixPE": 80,
    "AcquisitionNumber": 13,
    "AcquisitionTime": "15:09:29.640000",
    "BodyPartExamined": "BRAIN",
    "CoilString": "MULTI_COIL",
    "ConversionSoftware": "dcm2niix",
    "ConversionSoftwareVersion": "v1.0.20181125  (JP2:OpenJPEG) GCC9.3.0",
    "Dcm2bidsVersion": "3.1.1",
    "DeviceSerialNumber": "85054",
    "EchoTime": 0.03,
    "EchoTrainLength": 27,
    "FileSize": 0.05058587156236172,
    "FileSizeUnits": "GB",
    "FlipAngle": 90,
    "ImageOrientationPatientDICOM": [
      0.99752,
      0.0275066,
      -0.0647894,
      -0.0134589,
      0.978034,
      0.208011
    ],
    "ImageType": [
      "ORIGINAL",
      "PRIMARY",
      "M",
      "FFE",
      "M",
      "FFE"
    ],
    "ImagingFrequency": 127.766,
    "InPlanePhaseEncodingDirectionDICOM": "COL",
    "InstitutionAddress": "Nemirovicha-Danchenko_132",
    "InstitutionName": "Novosib_Neurosurgery_Center",
    "InstitutionalDepartmentName": "MRI",
    "MRAcquisitionType": "2D",
    "MagneticFieldStrength": 3,
    "Manufacturer": "Philips",
    "ManufacturersModelName": "Ingenia",
    "Modality": "MR",
    "NumberOfVolumes": 200,
    "PartialFourier": 0.3375,
    "PatientPosition": "HFS",
    "PercentPhaseFOV": 100,
    "PhaseEncodingAxis": "j",
    "PhaseEncodingSteps": 80,
    "PhilipsRWVIntercept": 0,
    "PhilipsRWVSlope": 0.793895,
    "PhilipsRescaleIntercept": 0,
    "PhilipsRescaleSlope": 0.793895,
    "PhilipsScaleSlope": 0.0128348,
    "PixelBandwidth": 2272,
    "ProcedureStepDescription": "HEAD+CE+OL`FAKT",
    "ProtocolName": "rest-fMRI",
    "ReconMatrixPE": 80,
    "RepetitionTime": 3,
    "SAR": 0.108486,
    "ScanOptions": "FS",
    "ScanningSequence": "GR",
    "SequenceVariant": "SK",
    "SeriesDescription": "rest-fMRI",
    "SeriesNumber": 1301,
    "SliceThickness": 3,
    "SoftwareVersions": "5.4.1_5.4.1.3",
    "SpacingBetweenSlices": 3,
    "StationName": "PHILIPS-F7TK6PR",
    "TaskName": "rest",
    "UsePhilipsFloatNotDisplayScaling": 1,
    "dataset": "<unset>",
    "datatype": "func",
    "extension": ".nii.gz",
    "modality": "bold",
    "subject": "olf01",
    "suffix": "bold",
    "task": "rest"
  },
  "dummy_trs": 1,
  "dvars_nstd": 43.709442167626236,
  "dvars_std": 1.2140447851010103,
  "dvars_vstd": 1.0156021696464645,
  "efc": 0.4082,
  "fber": 207922.75,
  "fd_mean": 0.3862993287463429,
  "fd_num": 156,
  "fd_perc": 78.39195979899498,
  "fwhm_avg": 2.327657777777778,
  "fwhm_x": 2.27213,
  "fwhm_y": 2.4169133333333335,
  "fwhm_z": 2.29393,
  "gcor": 0.0126018,
  "gsr_x": -0.012846791185438633,
  "gsr_y": 0.011959764175117016,
  "provenance": {
    "md5sum": "6f96c171a1844145dba2d66a0faae504",
    "settings": {
      "fd_thres": 0.2,
      "testing": false
    },
    "software": "mriqc",
    "version": "25.1.0.dev45+g699d1691"
  },
  "size_t": 199,
  "size_x": 80,
  "size_y": 80,
  "size_z": 45,
  "snr": 3.437128953972018,
  "spacing_tr": 2.9999990463256836,
  "spacing_x": 3.0,
  "spacing_y": 3.0,
  "spacing_z": 3.0,
  "summary_bg_k": 181.2863,
  "summary_bg_mad": 2.9135,
  "summary_bg_mean": 22.9902,
  "summary_bg_median": 2.0,
  "summary_bg_n": 233575.0,
  "summary_bg_p05": 0.0,
  "summary_bg_p95": 102.0,
  "summary_bg_stdv": 64.6317,
  "summary_fg_k": 1.3864,
  "summary_fg_mad": 213.9539,
  "summary_fg_mean": 1004.8798,
  "summary_fg_median": 1047.0,
  "summary_fg_n": 54425.0,
  "summary_fg_p05": 332.0,
  "summary_fg_p95": 1415.0,
  "summary_fg_stdv": 304.6119,
  "tsnr": 35.54912979947403
}
