{
  "aor": 0.0013173000000000002,
  "aqi": 0.005477078200000001,
  "bids_meta": {
    "AcquisitionDuration": 620.91,
    "AcquisitionMatrixPE": 80,
    "AcquisitionNumber": 13,
    "AcquisitionTime": "08:41:11.660000",
    "BodyPartExamined": "BRAIN",
    "CoilString": "MULTI COIL",
    "ConversionSoftware": "dcm2niix",
    "ConversionSoftwareVersion": "v1.0.20230411",
    "Dcm2bidsVersion": "3.0.1",
    "DeviceSerialNumber": "85054",
    "EchoTime": 0.03,
    "EchoTrainLength": 27,
    "EstimatedEffectiveEchoSpacing": 0.000191461,
    "EstimatedTotalReadoutTime": 0.0151254,
    "FileSize": 0.048761497251689434,
    "FileSizeUnits": "GB",
    "FlipAngle": 90,
    "FrequencyEncodingSteps": 80,
    "ImageOrientationPatientDICOM": [
      0.999663,
      -0.025468,
      0.00498744,
      0.0259377,
      0.98681,
      -0.159792
    ],
    "ImageType": [
      "ORIGINAL",
      "PRIMARY",
      "M",
      "FFE",
      "M",
      "FFE"
    ],
    "ImagingFrequency": 127.777168,
    "InPlanePhaseEncodingDirectionDICOM": "COL",
    "InstitutionAddress": "Nemirovicha-Danchenko 132",
    "InstitutionName": "Novosib Neurosurgery Center",
    "InstitutionalDepartmentName": "MRI",
    "MRAcquisitionType": "2D",
    "MTState": false,
    "MagneticFieldStrength": 3,
    "Manufacturer": "Philips",
    "ManufacturersModelName": "Ingenia",
    "Modality": "MR",
    "NumberOfVolumes": 200,
    "ParallelAcquisitionTechnique": "SENSE",
    "ParallelReductionFactorInPlane": 3,
    "PatientPosition": "HFS",
    "PercentPhaseFOV": 100,
    "PercentSampling": 100,
    "PhaseEncodingAxis": "j",
    "PhaseEncodingSteps": 80,
    "PhaseEncodingStepsOutOfPlane": 1,
    "PhilipsRWVIntercept": 0,
    "PhilipsRWVSlope": 0.799023,
    "PhilipsRescaleIntercept": 0,
    "PhilipsRescaleSlope": 0.799023,
    "PhilipsScaleSlope": 0.0121681,
    "PixelBandwidth": 2264,
    "ProcedureStepDescription": "HAED+C (OL`F MENING)",
    "ProtocolName": "rest-fMRI",
    "PulseSequenceName": "FEEPI",
    "ReconMatrixPE": 80,
    "RepetitionTime": 3,
    "SAR": 0.108486,
    "ScanOptions": "FS",
    "ScanningSequence": "GR",
    "SequenceVariant": "SK",
    "SeriesDescription": "rest-fMRI",
    "SeriesNumber": 1301,
    "SliceThickness": 3,
    "SoftwareVersions": "5.4.1\\5.4.1.3",
    "SpacingBetweenSlices": 3,
    "StationName": "PHILIPS-F7TK6PR",
    "TaskName": "rest",
    "UsePhilipsFloatNotDisplayScaling": 1,
    "WaterFatShift": 6.81449,
    "dataset": "<unset>",
    "datatype": "func",
    "extension": ".nii.gz",
    "modality": "bold",
    "subject": "olf23fu",
    "suffix": "bold",
    "task": "rest"
  },
  "dummy_trs": 0,
  "dvars_nstd": 31.877376115527635,
  "dvars_std": 1.128292536683417,
  "dvars_vstd": 1.0062476269346732,
  "efc": 0.3868,
  "fber": 226625.0625,
  "fd_mean": 0.27118680931956296,
  "fd_num": 141,
  "fd_perc": 70.5,
  "fwhm_avg": 2.384478888888889,
  "fwhm_x": 2.35491,
  "fwhm_y": 2.4788433333333333,
  "fwhm_z": 2.3196833333333333,
  "gcor": 0.00972411,
  "gsr_x": -0.008736437186598778,
  "gsr_y": 0.008210575208067894,
  "provenance": {
    "md5sum": "6bb13f6b699be63044a855785ed16f3a",
    "settings": {
      "fd_thres": 0.2,
      "testing": false
    },
    "software": "mriqc",
    "version": "25.1.0.dev45+g699d1691"
  },
  "size_t": 200,
  "size_x": 80,
  "size_y": 80,
  "size_z": 45,
  "snr": 2.8817613299075404,
  "spacing_tr": 2.9999990463256836,
  "spacing_x": 3.0,
  "spacing_y": 3.0,
  "spacing_z": 3.0,
  "summary_bg_k": 196.933,
  "summary_bg_mad": 278.0778,
  "summary_bg_mean": 1854.8353,
  "summary_bg_median": 214.0,
  "summary_bg_n": 235455.0,
  "summary_bg_p05": 3.0,
  "summary_bg_p95": 7436.0,
  "summary_bg_stdv": 6361.8812,
  "summary_fg_k": 0.7233,
  "summary_fg_mad": 27550.6179,
  "summary_fg_mean": 100603.1776,
  "summary_fg_median": 101668.0,
  "summary_fg_n": 52545.0,
  "summary_fg_p05": 25623.0,
  "summary_fg_p95": 155716.0,
  "summary_fg_stdv": 35279.477,
  "tsnr": 52.74312498047948
}
