{
  "bids_meta": {
    "AcquisitionDuration": 370.884,
    "AcquisitionMatrixPE": 240,
    "AcquisitionNumber": 4,
    "AcquisitionTime": "15:58:42.850000",
    "BodyPartExamined": "BRAIN",
    "CoilString": "MULTI COIL",
    "ConversionSoftware": "dcm2niix",
    "ConversionSoftwareVersion": "v1.0.20230411",
    "Dcm2bidsVersion": "3.0.1",
    "DeviceSerialNumber": "85054",
    "EchoTime": 0.003062,
    "EchoTrainLength": 204,
    "EstimatedEffectiveEchoSpacing": 7.1789e-6,
    "EstimatedTotalReadoutTime": 0.00366842,
    "FileSize": 0.025310378521680832,
    "FileSizeUnits": "GB",
    "FlipAngle": 8,
    "FrequencyEncodingSteps": 240,
    "ImageOrientationPatientDICOM": [
      0.996279,
      -0.0552424,
      0.0661528,
      0.0669149,
      0.979547,
      -0.189764
    ],
    "ImageType": [
      "ORIGINAL",
      "PRIMARY",
      "M",
      "FFE",
      "M",
      "FFE"
    ],
    "ImagingFrequency": 127.776896,
    "InPlanePhaseEncodingDirectionDICOM": "COL",
    "InstitutionAddress": "Nemirovicha-Danchenko 132",
    "InstitutionName": "Novosib Neurosurgery Center",
    "InstitutionalDepartmentName": "MRI",
    "MRAcquisitionType": "3D",
    "MTState": false,
    "MagneticFieldStrength": 3,
    "Manufacturer": "Philips",
    "ManufacturersModelName": "Ingenia",
    "Modality": "MR",
    "NumberOfVolumes": 1,
    "ParallelAcquisitionTechnique": "SENSE",
    "ParallelReductionFactorOutOfPlane": 2.2,
    "PartialFourierDirection": "PHASE",
    "PartialFourierEnabled": "YES",
    "PatientPosition": "HFS",
    "PercentPhaseFOV": 100,
    "PercentSampling": 100,
    "PhaseEncodingAxis": "j",
    "PhaseEncodingStepsNoPartialFourier": 240,
    "PhaseEncodingStepsOutOfPlane": 192,
    "PhilipsRWVIntercept": 0,
    "PhilipsRWVSlope": 6.18755,
    "PhilipsRescaleIntercept": 0,
    "PhilipsRescaleSlope": 6.18755,
    "PhilipsScaleSlope": 0.0136014,
    "PixelBandwidth": 271,
    "ProcedureStepDescription": "HEAD+C",
    "ProtocolName": "sT1W_3D",
    "PulseSequenceName": "T1TFE",
    "ReconMatrixPE": 512,
    "RepetitionTime": 0.0068041,
    "SAR": 0.0231826,
    "ScanOptions": "PFP",
    "ScanningSequence": "GR",
    "SequenceVariant": "MP",
    "SeriesDescription": "sT1W_3D",
    "SeriesNumber": 401,
    "SliceThickness": 1,
    "SoftwareVersions": "5.4.1\\5.4.1.3",
    "SpacingBetweenSlices": 1,
    "SpoilingState": true,
    "SpoilingType": "COMBINED",
    "StationName": "PHILIPS-F7TK6PR",
    "UsePhilipsFloatNotDisplayScaling": 1,
    "WaterFatShift": 1.60152,
    "dataset": "<unset>",
    "datatype": "anat",
    "extension": ".nii.gz",
    "modality": "T1w",
    "run": 1,
    "subject": "olf27",
    "suffix": "T1w"
  },
  "cjv": 0.6085375,
  "cnr": 1.5150891232780441,
  "efc": 0.7554,
  "fber": 18388.9437,
  "fwhm_avg": 6.677951555555555,
  "fwhm_x": 8.020778666666667,
  "fwhm_y": 8.026176,
  "fwhm_z": 3.9869,
  "icvs_csf": 0.26588055110245873,
  "icvs_gm": 0.3836565920131331,
  "icvs_wm": 0.35046285688440815,
  "inu_med": 0.6585587859153748,
  "inu_range": 0.3225572884082794,
  "provenance": {
    "md5sum": "d9daf827fa6ba317470d2ddbcdc83622",
    "settings": {
      "testing": false
    },
    "software": "mriqc",
    "version": "25.1.0.dev45+g699d1691",
    "warnings": {
      "large_rot_frame": true,
      "small_air_mask": false
    }
  },
  "qi_1": 0.0,
  "qi_2": 0.000805245384563833,
  "rpve_csf": 7.360875259743504,
  "rpve_gm": 7.236511498636356,
  "rpve_wm": 7.330879972736208,
  "size_x": 512,
  "size_y": 512,
  "size_z": 192,
  "snr_csf": 1.6978068082583564,
  "snr_gm": 4.389205193602283,
  "snr_total": 4.386908499174497,
  "snr_wm": 7.073713495662853,
  "snrd_csf": 9.654193347058186,
  "snrd_gm": 17.860257692057644,
  "snrd_total": 17.92651196012569,
  "snrd_wm": 26.26508484126124,
  "spacing_x": 0.46875,
  "spacing_y": 0.46875,
  "spacing_z": 1.0,
  "summary_bg_k": 243.8195,
  "summary_bg_mad": 0.0,
  "summary_bg_mean": 2.544,
  "summary_bg_median": 0.0,
  "summary_bg_n": 21412262.0,
  "summary_bg_p05": 0.0,
  "summary_bg_p95": 5.0,
  "summary_bg_stdv": 23.0725,
  "summary_csf_k": -0.9888,
  "summary_csf_mad": 164.7057,
  "summary_csf_mean": 348.4445,
  "summary_csf_median": 340.0,
  "summary_csf_n": 1792308.5056638417,
  "summary_csf_p05": 54.0,
  "summary_csf_p95": 670.0,
  "summary_csf_stdv": 200.2583,
  "summary_gm_k": -0.1387,
  "summary_gm_mad": 92.5247,
  "summary_gm_mean": 643.4509,
  "summary_gm_median": 629.0,
  "summary_gm_n": 2586240.2130126394,
  "summary_gm_p05": 430.0,
  "summary_gm_p95": 931.0,
  "summary_gm_stdv": 143.3061,
  "summary_wm_k": -0.1075,
  "summary_wm_mad": 87.6024,
  "summary_wm_mean": 883.7261,
  "summary_wm_median": 925.0,
  "summary_wm_n": 2362480.281873335,
  "summary_wm_p05": 627.0,
  "summary_wm_p95": 1038.0,
  "summary_wm_stdv": 130.7658,
  "tpm_overlap_csf": 0.17426113747614236,
  "tpm_overlap_gm": 0.4961550117904286,
  "tpm_overlap_wm": 0.47425176995678675,
  "wm2max": 0.640753113004442
}
