{
  "bids_meta": {
    "AcquisitionDuration": 370.884,
    "AcquisitionMatrixPE": 240,
    "AcquisitionNumber": 16,
    "AcquisitionTime": "16:45:25.860000",
    "BodyPartExamined": "BRAIN",
    "CoilString": "MULTI COIL",
    "ConversionSoftware": "dcm2niix",
    "ConversionSoftwareVersion": "v1.0.20230411",
    "Dcm2bidsVersion": "3.0.1",
    "DeviceSerialNumber": "85054",
    "EchoTime": 0.003062,
    "EchoTrainLength": 204,
    "EstimatedEffectiveEchoSpacing": 7.1789e-6,
    "EstimatedTotalReadoutTime": 0.00366842,
    "FileSize": 0.02808291558176279,
    "FileSizeUnits": "GB",
    "FlipAngle": 8,
    "FrequencyEncodingSteps": 240,
    "ImageOrientationPatientDICOM": [
      0.996279,
      -0.0552424,
      0.0661528,
      0.0669149,
      0.979547,
      -0.189764
    ],
    "ImageType": [
      "ORIGINAL",
      "PRIMARY",
      "M",
      "FFE",
      "M",
      "FFE"
    ],
    "ImagingFrequency": 127.776928,
    "InPlanePhaseEncodingDirectionDICOM": "COL",
    "InstitutionAddress": "Nemirovicha-Danchenko 132",
    "InstitutionName": "Novosib Neurosurgery Center",
    "InstitutionalDepartmentName": "MRI",
    "MRAcquisitionType": "3D",
    "MTState": false,
    "MagneticFieldStrength": 3,
    "Manufacturer": "Philips",
    "ManufacturersModelName": "Ingenia",
    "Modality": "MR",
    "NumberOfVolumes": 1,
    "ParallelAcquisitionTechnique": "SENSE",
    "ParallelReductionFactorOutOfPlane": 2.2,
    "PartialFourierDirection": "PHASE",
    "PartialFourierEnabled": "YES",
    "PatientPosition": "HFS",
    "PercentPhaseFOV": 100,
    "PercentSampling": 100,
    "PhaseEncodingAxis": "j",
    "PhaseEncodingStepsNoPartialFourier": 240,
    "PhaseEncodingStepsOutOfPlane": 192,
    "PhilipsRWVIntercept": 0,
    "PhilipsRWVSlope": 2.33138,
    "PhilipsRescaleIntercept": 0,
    "PhilipsRescaleSlope": 2.33138,
    "PhilipsScaleSlope": 0.0136014,
    "PixelBandwidth": 271,
    "ProcedureStepDescription": "HEAD+C",
    "ProtocolName": "sT1W_3D_CE",
    "PulseSequenceName": "T1TFE",
    "ReconMatrixPE": 512,
    "RepetitionTime": 0.0068041,
    "SAR": 0.0231826,
    "ScanOptions": "PFP",
    "ScanningSequence": "GR",
    "SequenceVariant": "MP",
    "SeriesDescription": "sT1W_3D_CE",
    "SeriesNumber": 1601,
    "SliceThickness": 1,
    "SoftwareVersions": "5.4.1\\5.4.1.3",
    "SpacingBetweenSlices": 1,
    "SpoilingState": true,
    "SpoilingType": "COMBINED",
    "StationName": "PHILIPS-F7TK6PR",
    "UsePhilipsFloatNotDisplayScaling": 1,
    "WaterFatShift": 1.60153,
    "dataset": "<unset>",
    "datatype": "anat",
    "extension": ".nii.gz",
    "modality": "T1w",
    "run": 2,
    "subject": "olf27",
    "suffix": "T1w"
  },
  "cjv": 1.0882366834170853,
  "cnr": 0.8654503118907092,
  "efc": 0.7228,
  "fber": -1.0,
  "fwhm_avg": 4.691901777777779,
  "fwhm_x": 5.518634666666667,
  "fwhm_y": 5.662570666666666,
  "fwhm_z": 2.8945,
  "icvs_csf": 0.23453586362613532,
  "icvs_gm": 0.4033355374344489,
  "icvs_wm": 0.3621285989394157,
  "inu_med": 0.7957025766372681,
  "inu_range": 0.43089274168014524,
  "provenance": {
    "md5sum": "acbb73d341cb44795a1cb49e8fe390c9",
    "settings": {
      "testing": false
    },
    "software": "mriqc",
    "version": "25.1.0.dev45+g699d1691",
    "warnings": {
      "large_rot_frame": true,
      "small_air_mask": false
    }
  },
  "qi_1": 0.0,
  "qi_2": 0.0012001932953902914,
  "rpve_csf": 7.396516712272328,
  "rpve_gm": 7.226722863909054,
  "rpve_wm": 7.257472416890629,
  "size_x": 512,
  "size_y": 512,
  "size_z": 192,
  "snr_csf": 1.0742003406524556,
  "snr_gm": 4.212149646626365,
  "snr_total": 3.841221809160679,
  "snr_wm": 6.237315440203217,
  "snrd_csf": 13.793512659098361,
  "snrd_gm": 12.54585824772263,
  "snrd_total": 14.11120243977274,
  "snrd_wm": 15.994236412497221,
  "spacing_x": 0.46875,
  "spacing_y": 0.46875,
  "spacing_z": 1.0,
  "summary_bg_k": 575.7377,
  "summary_bg_mad": 0.0,
  "summary_bg_mean": 4.3367,
  "summary_bg_median": 0.0,
  "summary_bg_n": 21309157.0,
  "summary_bg_p05": 0.0,
  "summary_bg_p95": 14.0,
  "summary_bg_stdv": 37.8068,
  "summary_csf_k": -1.5336,
  "summary_csf_mad": 981.033,
  "summary_csf_mean": 993.4545,
  "summary_csf_median": 796.0,
  "summary_csf_n": 1573427.2299886765,
  "summary_csf_p05": 102.0,
  "summary_csf_p95": 2358.0,
  "summary_csf_stdv": 741.0161,
  "summary_gm_k": 51.5041,
  "summary_gm_mad": 109.3417,
  "summary_gm_mean": 738.2435,
  "summary_gm_median": 724.0,
  "summary_gm_n": 2705851.0694684256,
  "summary_gm_p05": 472.0,
  "summary_gm_p95": 1020.0,
  "summary_gm_stdv": 171.8837,
  "summary_wm_k": 50.2075,
  "summary_wm_mad": 107.2174,
  "summary_wm_mean": 894.3341,
  "summary_wm_median": 923.0,
  "summary_wm_n": 2429406.699340424,
  "summary_wm_p05": 638.0,
  "summary_wm_p95": 1086.0,
  "summary_wm_stdv": 147.9803,
  "tpm_overlap_csf": 0.20683708826766195,
  "tpm_overlap_gm": 0.5038526334471403,
  "tpm_overlap_wm": 0.5030606497715864,
  "wm2max": 0.3483074989148252
}
