{
  "aor": 0.002064,
  "aqi": 0.016541904399999998,
  "bids_meta": {
    "AcquisitionMatrixPE": 80,
    "AcquisitionNumber": 13,
    "AcquisitionTime": "15:41:0.730000",
    "BodyPartExamined": "BRAIN",
    "CoilString": "MULTI_COIL",
    "ConversionSoftware": "dcm2niix",
    "ConversionSoftwareVersion": "v1.0.20181125  (JP2:OpenJPEG) GCC9.3.0",
    "Dcm2bidsVersion": "3.1.1",
    "DeviceSerialNumber": "85054",
    "EchoTime": 0.030001,
    "EchoTrainLength": 27,
    "FileSize": 0.049803839065134525,
    "FileSizeUnits": "GB",
    "FlipAngle": 90,
    "ImageOrientationPatientDICOM": [
      0.997812,
      -0.0483975,
      0.0450503,
      0.0479922,
      0.998797,
      0.0100375
    ],
    "ImageType": [
      "ORIGINAL",
      "PRIMARY",
      "M",
      "FFE",
      "M",
      "FFE"
    ],
    "ImagingFrequency": 127.767,
    "InPlanePhaseEncodingDirectionDICOM": "COL",
    "InstitutionAddress": "Nemirovicha-Danchenko_132",
    "InstitutionName": "Novosib_Neurosurgery_Center",
    "InstitutionalDepartmentName": "MRI",
    "MRAcquisitionType": "2D",
    "MagneticFieldStrength": 3,
    "Manufacturer": "Philips",
    "ManufacturersModelName": "Ingenia",
    "Modality": "MR",
    "NumberOfVolumes": 200,
    "PartialFourier": 0.3375,
    "PatientPosition": "HFS",
    "PercentPhaseFOV": 100,
    "PhaseEncodingAxis": "j",
    "PhaseEncodingSteps": 80,
    "PhilipsRWVIntercept": 0,
    "PhilipsRWVSlope": 0.851526,
    "PhilipsRescaleIntercept": 0,
    "PhilipsRescaleSlope": 0.851526,
    "PhilipsScaleSlope": 0.0124894,
    "PixelBandwidth": 2263,
    "ProtocolName": "rest-fMRI",
    "ReconMatrixPE": 80,
    "RepetitionTime": 3,
    "SAR": 0.108433,
    "ScanOptions": "FS",
    "ScanningSequence": "GR",
    "SequenceVariant": "SK",
    "SeriesDescription": "rest-fMRI",
    "SeriesNumber": 1301,
    "SliceThickness": 3,
    "SoftwareVersions": "5.4.1_5.4.1.3",
    "SpacingBetweenSlices": 3,
    "StationName": "PHILIPS-F7TK6PR",
    "TaskName": "rest",
    "UsePhilipsFloatNotDisplayScaling": 1,
    "dataset": "<unset>",
    "datatype": "func",
    "extension": ".nii.gz",
    "modality": "bold",
    "subject": "olf10",
    "suffix": "bold",
    "task": "rest"
  },
  "dummy_trs": 0,
  "dvars_nstd": 42.806377650452255,
  "dvars_std": 1.1354197426633161,
  "dvars_vstd": 0.9928009696482418,
  "efc": 0.3924,
  "fber": 120823.3984,
  "fd_mean": 0.48499970354643357,
  "fd_num": 169,
  "fd_perc": 84.5,
  "fwhm_avg": 2.6720344444444444,
  "fwhm_x": 2.6234800000000003,
  "fwhm_y": 2.744706666666667,
  "fwhm_z": 2.6479166666666667,
  "gcor": 0.00888306,
  "gsr_x": -0.008439409546554089,
  "gsr_y": 0.007545027416199446,
  "provenance": {
    "md5sum": "7c7ef7f4eeef676608117a5652b9b247",
    "settings": {
      "fd_thres": 0.2,
      "testing": false
    },
    "software": "mriqc",
    "version": "25.1.0.dev45+g699d1691"
  },
  "size_t": 200,
  "size_x": 80,
  "size_y": 80,
  "size_z": 45,
  "snr": 3.0192328155067085,
  "spacing_tr": 2.9999990463256836,
  "spacing_x": 3.0,
  "spacing_y": 3.0,
  "spacing_z": 3.0,
  "summary_bg_k": 105.4929,
  "summary_bg_mad": 4.2855,
  "summary_bg_mean": 21.0935,
  "summary_bg_median": 3.0,
  "summary_bg_n": 237083.0,
  "summary_bg_p05": 0.0,
  "summary_bg_p95": 92.0,
  "summary_bg_stdv": 50.2638,
  "summary_fg_k": 1.2844,
  "summary_fg_mad": 199.8628,
  "summary_fg_mean": 955.8706,
  "summary_fg_median": 983.0,
  "summary_fg_n": 50917.0,
  "summary_fg_p05": 249.0,
  "summary_fg_p95": 1446.0,
  "summary_fg_stdv": 325.5762,
  "tsnr": 38.025048666168004
}
