{
  "NumberOfShells": 1,
  "bValues": [
    0.0,
    1500.0
  ],
  "bValuesEstimation": [
    1500.0
  ],
  "bdiffs_max": 0.3621,
  "bdiffs_mean": 0.244,
  "bdiffs_median": 0.2612,
  "bdiffs_min": 0.05,
  "bids_meta": {
    "AcquisitionMatrixPE": 126,
    "AcquisitionNumber": 9,
    "AcquisitionTime": "17:28:9.930000",
    "BodyPartExamined": "BRAIN",
    "CoilString": "MULTI_COIL",
    "ConversionSoftware": "dcm2niix",
    "ConversionSoftwareVersion": "v1.0.20181125  (JP2:OpenJPEG) GCC9.3.0",
    "Dcm2bidsVersion": "3.1.1",
    "DeviceSerialNumber": "85054",
    "EchoTime": 0.103207,
    "EchoTrainLength": 51,
    "FileSize": 0.025493931025266647,
    "FileSizeUnits": "GB",
    "FlipAngle": 90,
    "ImageOrientationPatientDICOM": [
      0.999319,
      0.0364215,
      0.00584143,
      -0.035305,
      0.990271,
      -0.134597
    ],
    "ImageType": [
      "ORIGINAL",
      "PRIMARY",
      "M",
      "SE",
      "M",
      "SE"
    ],
    "ImagingFrequency": 127.766,
    "InPlanePhaseEncodingDirectionDICOM": "COL",
    "InstitutionAddress": "Nemirovicha-Danchenko_132",
    "InstitutionName": "Novosib_Neurosurgery_Center",
    "InstitutionalDepartmentName": "MRI",
    "MRAcquisitionType": "2D",
    "MagneticFieldStrength": 3,
    "Manufacturer": "Philips",
    "ManufacturersModelName": "Ingenia",
    "Modality": "MR",
    "NumberOfVolumes": 65,
    "PartialFourier": 0.404762,
    "PatientPosition": "HFS",
    "PercentPhaseFOV": 100,
    "PhaseEncodingAxis": "j",
    "PhaseEncodingSteps": 126,
    "PhilipsRWVIntercept": 0,
    "PhilipsRWVSlope": 2.60879,
    "PhilipsRescaleIntercept": 0,
    "PhilipsRescaleSlope": 2.60879,
    "PhilipsScaleSlope": 0.0105972,
    "PixelBandwidth": 1784,
    "ProtocolName": "DTIshort_64dir_b1500_AP",
    "ReconMatrixPE": 128,
    "RepetitionTime": 9.45086,
    "SAR": 0.103033,
    "ScanOptions": "FS",
    "ScanningSequence": "SE",
    "SequenceVariant": "SK",
    "SeriesDescription": "DTIshort_64dir_b1500_AP",
    "SeriesNumber": 901,
    "SliceThickness": 2,
    "SoftwareVersions": "5.4.1_5.4.1.3",
    "SpacingBetweenSlices": 2,
    "StationName": "PHILIPS-F7TK6PR",
    "UsePhilipsFloatNotDisplayScaling": 1,
    "dataset": "<unset>",
    "datatype": "dwi",
    "extension": ".nii.gz",
    "modality": "dwi",
    "run": 1,
    "subject": "olf04",
    "suffix": "dwi"
  },
  "efc_shell01": 0.3251,
  "efc_shell02": 0.3944,
  "fa_degenerate": 0.0,
  "fa_nans": 0.0,
  "fber_shell01": -1.0,
  "fber_shell02": 5069126.0,
  "fd_mean": 48.7324,
  "fd_num": 64,
  "fd_perc": 98.46153846153847,
  "ndc": 0.3647,
  "provenance": {
    "md5sum": "557cb1a67915c1745bf7af0f2597efcd",
    "settings": {
      "testing": false
    },
    "software": "mriqc",
    "version": "25.1.0.dev45+g699d1691"
  },
  "sigma_cc": 41.5129,
  "sigma_pca": 18.0985,
  "sigma_piesno": 0.8718,
  "snr_cc_shell0": 7.93,
  "snr_cc_shell1_best": 5.72,
  "snr_cc_shell1_worst": 5.72,
  "spikes_global": 1277.78,
  "spikes_slice_i": 5953.05,
  "spikes_slice_j": 5387.44,
  "spikes_slice_k": 3848.03,
  "summary_bg_k": 413.8286,
  "summary_bg_mad": 0.0,
  "summary_bg_mean": 13.1241,
  "summary_bg_median": 0.0,
  "summary_bg_n": 938418.0,
  "summary_bg_p05": 0.0,
  "summary_bg_p95": 52.0,
  "summary_bg_stdv": 67.7324,
  "summary_fg_k": 20.4334,
  "summary_fg_mad": 123.056,
  "summary_fg_mean": 418.2565,
  "summary_fg_median": 333.0,
  "summary_fg_n": 175694.0,
  "summary_fg_p05": 125.0,
  "summary_fg_p95": 970.0,
  "summary_fg_stdv": 306.0734,
  "summary_wm_k": 56.8861,
  "summary_wm_mad": 57.8215,
  "summary_wm_mean": 325.8793,
  "summary_wm_median": 305.0,
  "summary_wm_n": 40899.0,
  "summary_wm_p05": 226.0,
  "summary_wm_p95": 485.0,
  "summary_wm_stdv": 119.9261
}
