{
  "NumberOfShells": 1,
  "bValues": [
    0.0,
    1500.0
  ],
  "bValuesEstimation": [
    1500.0
  ],
  "bdiffs_max": 0.3814,
  "bdiffs_mean": 0.2791,
  "bdiffs_median": 0.3024,
  "bdiffs_min": 0.0352,
  "bids_meta": {
    "AcquisitionMatrixPE": 126,
    "AcquisitionNumber": 9,
    "AcquisitionTime": "13:45:4.250000",
    "BodyPartExamined": "BRAIN",
    "CoilString": "MULTI_COIL",
    "ConversionSoftware": "dcm2niix",
    "ConversionSoftwareVersion": "v1.0.20181125  (JP2:OpenJPEG) GCC9.3.0",
    "Dcm2bidsVersion": "3.1.1",
    "DeviceSerialNumber": "85054",
    "EchoTime": 0.103557,
    "EchoTrainLength": 51,
    "FileSize": 0.024097365327179432,
    "FileSizeUnits": "GB",
    "FlipAngle": 90,
    "ImageOrientationPatientDICOM": [
      0.996949,
      -0.0492073,
      0.0605946,
      0.0479849,
      0.998617,
      0.0214673
    ],
    "ImageType": [
      "ORIGINAL",
      "PRIMARY",
      "M",
      "SE",
      "M",
      "SE"
    ],
    "ImagingFrequency": 127.767,
    "InPlanePhaseEncodingDirectionDICOM": "COL",
    "InstitutionAddress": "Nemirovicha-Danchenko_132",
    "InstitutionName": "Novosib_Neurosurgery_Center",
    "InstitutionalDepartmentName": "MRI",
    "MRAcquisitionType": "2D",
    "MagneticFieldStrength": 3,
    "Manufacturer": "Philips",
    "ManufacturersModelName": "Ingenia",
    "Modality": "MR",
    "NumberOfVolumes": 65,
    "PartialFourier": 0.404762,
    "PatientPosition": "HFS",
    "PercentPhaseFOV": 100,
    "PhaseEncodingAxis": "j",
    "PhaseEncodingSteps": 126,
    "PhilipsRWVIntercept": 0,
    "PhilipsRWVSlope": 2.66349,
    "PhilipsRescaleIntercept": 0,
    "PhilipsRescaleSlope": 2.66349,
    "PhilipsScaleSlope": 0.0105027,
    "PixelBandwidth": 1786,
    "ProcedureStepDescription": "HEAD_MENINGIOMA+C",
    "ProtocolName": "DTIshort_64dir_b1500_AP",
    "ReconMatrixPE": 128,
    "RepetitionTime": 9.46914,
    "SAR": 0.102815,
    "ScanOptions": "FS",
    "ScanningSequence": "SE",
    "SequenceVariant": "SK",
    "SeriesDescription": "DTIshort_64dir_b1500_AP",
    "SeriesNumber": 901,
    "SliceThickness": 2,
    "SoftwareVersions": "5.4.1_5.4.1.3",
    "SpacingBetweenSlices": 2,
    "StationName": "PHILIPS-F7TK6PR",
    "UsePhilipsFloatNotDisplayScaling": 1,
    "dataset": "<unset>",
    "datatype": "dwi",
    "extension": ".nii.gz",
    "modality": "dwi",
    "run": 1,
    "subject": "olf16",
    "suffix": "dwi"
  },
  "efc_shell01": 0.3025,
  "efc_shell02": 0.3861,
  "fa_degenerate": 0.0,
  "fa_nans": 0.0,
  "fber_shell01": -1.0,
  "fber_shell02": 6438442.0,
  "fd_mean": 10.4855,
  "fd_num": 64,
  "fd_perc": 98.46153846153847,
  "ndc": 0.1746,
  "provenance": {
    "md5sum": "f9067ff8a04e0d4288d2cf15a4af3691",
    "settings": {
      "testing": false
    },
    "software": "mriqc",
    "version": "25.1.0.dev45+g699d1691"
  },
  "sigma_cc": 42.9955,
  "sigma_pca": 19.3603,
  "sigma_piesno": 0.0,
  "snr_cc_shell0": 7.84,
  "snr_cc_shell1_best": 8.55,
  "snr_cc_shell1_worst": 8.55,
  "spikes_global": 1106.26,
  "spikes_slice_i": 6013.15,
  "spikes_slice_j": 5424.56,
  "spikes_slice_k": 3739.11,
  "summary_bg_k": 548.9189,
  "summary_bg_mad": 0.0,
  "summary_bg_mean": 14.5632,
  "summary_bg_median": 0.0,
  "summary_bg_n": 956595.0,
  "summary_bg_p05": 0.0,
  "summary_bg_p95": 58.0,
  "summary_bg_stdv": 83.8807,
  "summary_fg_k": 21.2787,
  "summary_fg_mad": 130.469,
  "summary_fg_mean": 418.9921,
  "summary_fg_median": 324.0,
  "summary_fg_n": 157517.0,
  "summary_fg_p05": 95.0,
  "summary_fg_p95": 1028.0,
  "summary_fg_stdv": 327.0493,
  "summary_wm_k": 54.0531,
  "summary_wm_mad": 50.4085,
  "summary_wm_mean": 313.3828,
  "summary_wm_median": 290.0,
  "summary_wm_n": 36304.0,
  "summary_wm_p05": 215.0,
  "summary_wm_p95": 463.0,
  "summary_wm_stdv": 130.4315
}
