{
  "NumberOfShells": 1,
  "bValues": [
    0.0,
    1500.0
  ],
  "bValuesEstimation": [
    1500.0
  ],
  "bdiffs_max": 0.3756,
  "bdiffs_mean": 0.2732,
  "bdiffs_median": 0.2877,
  "bdiffs_min": 0.0606,
  "bids_meta": {
    "AcquisitionMatrixPE": 126,
    "AcquisitionNumber": 9,
    "AcquisitionTime": "16:10:44.060000",
    "BodyPartExamined": "BRAIN",
    "CoilString": "MULTI_COIL",
    "ConversionSoftware": "dcm2niix",
    "ConversionSoftwareVersion": "v1.0.20181125  (JP2:OpenJPEG) GCC9.3.0",
    "Dcm2bidsVersion": "3.1.1",
    "DeviceSerialNumber": "85054",
    "EchoTime": 0.1031,
    "EchoTrainLength": 51,
    "FileSize": 0.026550402864813805,
    "FileSizeUnits": "GB",
    "FlipAngle": 90,
    "ImageOrientationPatientDICOM": [
      0.999461,
      0.0291178,
      0.0151439,
      -0.0285412,
      0.998908,
      -0.036991
    ],
    "ImageType": [
      "ORIGINAL",
      "PRIMARY",
      "M",
      "SE",
      "M",
      "SE"
    ],
    "ImagingFrequency": 127.766,
    "InPlanePhaseEncodingDirectionDICOM": "COL",
    "InstitutionAddress": "Nemirovicha-Danchenko_132",
    "InstitutionName": "Novosib_Neurosurgery_Center",
    "InstitutionalDepartmentName": "MRI",
    "MRAcquisitionType": "2D",
    "MagneticFieldStrength": 3,
    "Manufacturer": "Philips",
    "ManufacturersModelName": "Ingenia",
    "Modality": "MR",
    "NumberOfVolumes": 65,
    "PartialFourier": 0.404762,
    "PatientPosition": "HFS",
    "PercentPhaseFOV": 100,
    "PhaseEncodingAxis": "j",
    "PhaseEncodingSteps": 126,
    "PhilipsRWVIntercept": 0,
    "PhilipsRWVSlope": 2.33382,
    "PhilipsRescaleIntercept": 0,
    "PhilipsRescaleSlope": 2.33382,
    "PhilipsScaleSlope": 0.011234,
    "PixelBandwidth": 1784,
    "ProcedureStepDescription": "HEAD+CE+MENINGIOMA_OL`FAK_YAMKI",
    "ProtocolName": "DTIshort_64dir_b1500_AP",
    "ReconMatrixPE": 128,
    "RepetitionTime": 9.4389,
    "SAR": 0.10315,
    "ScanOptions": "FS",
    "ScanningSequence": "SE",
    "SequenceVariant": "SK",
    "SeriesDescription": "DTIshort_64dir_b1500_AP",
    "SeriesNumber": 901,
    "SliceThickness": 2,
    "SoftwareVersions": "5.4.1_5.4.1.3",
    "SpacingBetweenSlices": 2,
    "StationName": "PHILIPS-F7TK6PR",
    "UsePhilipsFloatNotDisplayScaling": 1,
    "dataset": "<unset>",
    "datatype": "dwi",
    "extension": ".nii.gz",
    "modality": "dwi",
    "run": 1,
    "subject": "olf05",
    "suffix": "dwi"
  },
  "efc_shell01": 0.3241,
  "efc_shell02": 0.4057,
  "fa_degenerate": 0.0,
  "fa_nans": 0.0,
  "fber_shell01": -1.0,
  "fber_shell02": 2393660.0,
  "fd_mean": 25.153,
  "fd_num": 64,
  "fd_perc": 98.46153846153847,
  "ndc": 0.4658,
  "provenance": {
    "md5sum": "7f522039de23cfe57531eafe617eccf5",
    "settings": {
      "testing": false
    },
    "software": "mriqc",
    "version": "25.1.0.dev45+g699d1691"
  },
  "sigma_cc": 54.8563,
  "sigma_pca": 16.4064,
  "sigma_piesno": 3.0792,
  "snr_cc_shell0": 5.65,
  "snr_cc_shell1_best": 4.55,
  "snr_cc_shell1_worst": 4.55,
  "spikes_global": 1327.4,
  "spikes_slice_i": 6789.1,
  "spikes_slice_j": 6186.37,
  "spikes_slice_k": 4076.21,
  "summary_bg_k": 372.7437,
  "summary_bg_mad": 0.0,
  "summary_bg_mean": 12.6957,
  "summary_bg_median": 0.0,
  "summary_bg_n": 926754.0,
  "summary_bg_p05": 0.0,
  "summary_bg_p95": 51.0,
  "summary_bg_stdv": 65.7566,
  "summary_fg_k": 9.0048,
  "summary_fg_mad": 137.882,
  "summary_fg_mean": 420.8578,
  "summary_fg_median": 310.0,
  "summary_fg_n": 187358.0,
  "summary_fg_p05": 121.0,
  "summary_fg_p95": 1094.0,
  "summary_fg_stdv": 331.8958,
  "summary_wm_k": 38.7384,
  "summary_wm_mad": 51.8911,
  "summary_wm_mean": 287.5408,
  "summary_wm_median": 270.0,
  "summary_wm_n": 42790.0,
  "summary_wm_p05": 189.0,
  "summary_wm_p95": 427.0,
  "summary_wm_stdv": 106.0958
}
