{
  "bids_meta": {
    "AcquisitionMatrixPE": 240,
    "AcquisitionNumber": 3,
    "AcquisitionTime": "14:13:49.950000",
    "BodyPartExamined": "BRAIN",
    "CoilString": "MULTI_COIL",
    "ConversionSoftware": "dcm2niix",
    "ConversionSoftwareVersion": "v1.0.20181125  (JP2:OpenJPEG) GCC9.3.0",
    "Dcm2bidsVersion": "3.1.1",
    "DeviceSerialNumber": "85054",
    "EchoTime": 0.003051,
    "EchoTrainLength": 204,
    "FileSize": 0.028152662329375744,
    "FileSizeUnits": "GB",
    "FlipAngle": 8,
    "ImageOrientationPatientDICOM": [
      0.99887,
      -0.00963656,
      -0.0465378,
      0.00037369,
      0.980789,
      -0.195071
    ],
    "ImageType": [
      "ORIGINAL",
      "PRIMARY",
      "M",
      "FFE",
      "M",
      "FFE"
    ],
    "ImagingFrequency": 127.767,
    "InPlanePhaseEncodingDirectionDICOM": "COL",
    "InstitutionAddress": "Nemirovicha-Danchenko_132",
    "InstitutionName": "Novosib_Neurosurgery_Center",
    "InstitutionalDepartmentName": "MRI",
    "MRAcquisitionType": "3D",
    "MagneticFieldStrength": 3,
    "Manufacturer": "Philips",
    "ManufacturersModelName": "Ingenia",
    "Modality": "MR",
    "NumberOfVolumes": 1,
    "PatientPosition": "HFS",
    "PercentPhaseFOV": 100,
    "PhaseEncodingSteps": 240,
    "PhilipsRWVIntercept": 0,
    "PhilipsRWVSlope": 4.11551,
    "PhilipsRescaleIntercept": 0,
    "PhilipsRescaleSlope": 4.11551,
    "PhilipsScaleSlope": 0.0121692,
    "PixelBandwidth": 271,
    "ProcedureStepDescription": "HEAD+CE+MENINGIOMA",
    "ProtocolName": "sT1W_3D",
    "ReconMatrixPE": 512,
    "RepetitionTime": 0.0067843,
    "SAR": 0.0231826,
    "ScanOptions": "PFP",
    "ScanningSequence": "GR",
    "SequenceVariant": "MP",
    "SeriesDescription": "sT1W_3D",
    "SeriesNumber": 301,
    "SliceThickness": 1,
    "SoftwareVersions": "5.4.1_5.4.1.3",
    "SpacingBetweenSlices": 1,
    "StationName": "PHILIPS-F7TK6PR",
    "UsePhilipsFloatNotDisplayScaling": 1,
    "dataset": "<unset>",
    "datatype": "anat",
    "extension": ".nii.gz",
    "modality": "T1w",
    "run": 1,
    "subject": "olf18",
    "suffix": "T1w"
  },
  "cjv": 0.5590289552238806,
  "cnr": 1.388072108888341,
  "efc": 0.7319,
  "fber": -1.0,
  "fwhm_avg": 6.791586666666667,
  "fwhm_x": 8.085610666666666,
  "fwhm_y": 8.219669333333334,
  "fwhm_z": 4.06948,
  "icvs_csf": 0.286813277733642,
  "icvs_gm": 0.3649458343683216,
  "icvs_wm": 0.34824088789803637,
  "inu_med": 0.7184873223304749,
  "inu_range": 0.3304233521223068,
  "provenance": {
    "md5sum": "62034144fb130a79168b15e581024881",
    "settings": {
      "testing": false
    },
    "software": "mriqc",
    "version": "25.1.0.dev45+g699d1691",
    "warnings": {
      "large_rot_frame": true,
      "small_air_mask": false
    }
  },
  "qi_1": 0.0,
  "qi_2": 0.0017129747733380474,
  "rpve_csf": 5.847626328391851,
  "rpve_gm": 5.72511147058993,
  "rpve_wm": 5.826583654332489,
  "size_x": 512,
  "size_y": 512,
  "size_z": 192,
  "snr_csf": 1.2604163021840804,
  "snr_gm": 2.977985023176503,
  "snr_total": 3.7351833932685685,
  "snr_wm": 6.9671488544451226,
  "snrd_csf": 5.070402602650594,
  "snrd_gm": 13.304197979521248,
  "snrd_total": 13.064886942228005,
  "snrd_wm": 20.820060244512174,
  "spacing_x": 0.46875,
  "spacing_y": 0.46875,
  "spacing_z": 1.0,
  "summary_bg_k": 158.9162,
  "summary_bg_mad": 0.0,
  "summary_bg_mean": 3.5276,
  "summary_bg_median": 0.0,
  "summary_bg_n": 21196232.0,
  "summary_bg_p05": 0.0,
  "summary_bg_p95": 7.0,
  "summary_bg_stdv": 29.201,
  "summary_csf_k": -0.815,
  "summary_csf_mad": 169.3655,
  "summary_csf_mean": 257.3282,
  "summary_csf_median": 226.0,
  "summary_csf_n": 2424693.0632093805,
  "summary_csf_p05": 30.0,
  "summary_csf_p95": 585.0,
  "summary_csf_stdv": 179.3058,
  "summary_gm_k": 2.7994,
  "summary_gm_mad": 94.5839,
  "summary_gm_mean": 594.8952,
  "summary_gm_median": 593.0,
  "summary_gm_n": 3085218.5088230176,
  "summary_gm_p05": 232.0,
  "summary_gm_p95": 961.0,
  "summary_gm_stdv": 199.1279,
  "summary_wm_k": -0.2665,
  "summary_wm_mad": 92.6908,
  "summary_wm_mean": 883.3308,
  "summary_wm_median": 928.0,
  "summary_wm_n": 2943996.428214182,
  "summary_wm_p05": 618.0,
  "summary_wm_p95": 1037.0,
  "summary_wm_stdv": 133.1965,
  "tpm_overlap_csf": 0.16343893203688764,
  "tpm_overlap_gm": 0.49135803860209815,
  "tpm_overlap_wm": 0.48316677988797135,
  "wm2max": 0.5579661348933204
}
