{
  "bids_meta": {
    "AcquisitionMatrixPE": 252,
    "AcquisitionNumber": 2,
    "AcquisitionTime": "14:08:10.500000",
    "BodyPartExamined": "BRAIN",
    "CoilString": "MULTI_COIL",
    "ConversionSoftware": "dcm2niix",
    "ConversionSoftwareVersion": "v1.0.20181125  (JP2:OpenJPEG) GCC9.3.0",
    "Dcm2bidsVersion": "3.1.1",
    "DeviceSerialNumber": "85054",
    "EchoTime": 0.3,
    "EchoTrainLength": 155,
    "FileSize": 0.0619479613378644,
    "FileSizeUnits": "GB",
    "FlipAngle": 90,
    "ImageOrientationPatientDICOM": [
      0.00037369,
      0.99999,
      -0.00440272,
      -0.0475235,
      -0.00437999,
      -0.998861
    ],
    "ImageType": [
      "ORIGINAL",
      "PRIMARY",
      "M",
      "SE",
      "M",
      "SE"
    ],
    "ImagingFrequency": 127.767,
    "InPlanePhaseEncodingDirectionDICOM": "ROW",
    "InstitutionAddress": "Nemirovicha-Danchenko_132",
    "InstitutionName": "Novosib_Neurosurgery_Center",
    "InstitutionalDepartmentName": "MRI",
    "MRAcquisitionType": "3D",
    "MagneticFieldStrength": 3,
    "Manufacturer": "Philips",
    "ManufacturersModelName": "Ingenia",
    "Modality": "MR",
    "NumberOfVolumes": 1,
    "PatientPosition": "HFS",
    "PercentPhaseFOV": 100,
    "PhaseEncodingSteps": 252,
    "PhilipsRWVIntercept": 0,
    "PhilipsRWVSlope": 1.67766,
    "PhilipsRescaleIntercept": 0,
    "PhilipsRescaleSlope": 1.67766,
    "PhilipsScaleSlope": 0.0116979,
    "PixelBandwidth": 841,
    "ProcedureStepDescription": "HEAD+CE+MENINGIOMA",
    "ProtocolName": "3D_T2_1mm",
    "ReconMatrixPE": 512,
    "RepetitionTime": 3.5,
    "SAR": 0.0259759,
    "ScanOptions": "FS",
    "ScanningSequence": "SE",
    "SequenceVariant": "SK",
    "SeriesDescription": "3D_T2_1mm",
    "SeriesNumber": 201,
    "SliceThickness": 1,
    "SoftwareVersions": "5.4.1_5.4.1.3",
    "SpacingBetweenSlices": 0.5,
    "StationName": "PHILIPS-F7TK6PR",
    "UsePhilipsFloatNotDisplayScaling": 1,
    "dataset": "<unset>",
    "datatype": "anat",
    "extension": ".nii.gz",
    "modality": "T2w",
    "subject": "olf18",
    "suffix": "T2w"
  },
  "cjv": 2.3402743243243243,
  "cnr": 0.47372909861251306,
  "efc": 0.5727,
  "fber": 263.4746,
  "fwhm_avg": 6.292603093333334,
  "fwhm_x": 6.06888,
  "fwhm_y": 6.84474368,
  "fwhm_z": 5.9641855999999995,
  "icvs_csf": 0.2809119290744617,
  "icvs_gm": 0.3209130103967247,
  "icvs_wm": 0.39817506052881363,
  "inu_med": 0.9444393515586853,
  "inu_range": 0.5020411461591721,
  "provenance": {
    "md5sum": "98f7f9ab4eafdd18444f281666b2dfee",
    "settings": {
      "testing": false
    },
    "software": "mriqc",
    "version": "25.1.0.dev45+g699d1691",
    "warnings": {
      "large_rot_frame": true,
      "small_air_mask": false
    }
  },
  "qi_1": 0.0,
  "qi_2": 0.0015078397158104467,
  "rpve_csf": 6.038410663886678,
  "rpve_gm": 5.902743811938758,
  "rpve_wm": 5.955192203165811,
  "size_x": 360,
  "size_y": 512,
  "size_z": 512,
  "snr_csf": 2.148936747350784,
  "snr_gm": 2.839126037671536,
  "snr_total": 3.5435693517761084,
  "snr_wm": 5.642645270306005,
  "snrd_csf": 10.456079797682907,
  "snrd_gm": 6.015548338414267,
  "snrd_total": 7.1197537203529215,
  "snrd_wm": 4.887633024961592,
  "spacing_x": 0.5,
  "spacing_y": 0.48828125,
  "spacing_z": 0.48828125,
  "summary_bg_k": 10.3289,
  "summary_bg_mad": 0.0,
  "summary_bg_mean": 46.7641,
  "summary_bg_median": 0.0,
  "summary_bg_n": 35386341.0,
  "summary_bg_p05": 0.0,
  "summary_bg_p95": 385.0,
  "summary_bg_stdv": 128.9461,
  "summary_csf_k": -0.0214,
  "summary_csf_mad": 829.4725,
  "summary_csf_mean": 1924.6168,
  "summary_csf_median": 2058.0,
  "summary_csf_n": 4309510.919327487,
  "summary_csf_p05": 160.0,
  "summary_csf_p95": 3351.0,
  "summary_csf_stdv": 957.6828,
  "summary_gm_k": 4.0721,
  "summary_gm_mad": 376.5887,
  "summary_gm_mean": 1218.0334,
  "summary_gm_median": 1184.0,
  "summary_gm_n": 4923173.348371235,
  "summary_gm_p05": 597.0,
  "summary_gm_p95": 1943.0,
  "summary_gm_stdv": 417.0297,
  "summary_wm_k": 56.8001,
  "summary_wm_mad": 142.9522,
  "summary_wm_mean": 969.2822,
  "summary_wm_median": 962.0,
  "summary_wm_n": 6108461.740327015,
  "summary_wm_p05": 725.0,
  "summary_wm_p95": 1241.0,
  "summary_wm_stdv": 170.4874,
  "tpm_overlap_csf": 0.19040193220472815,
  "tpm_overlap_gm": 0.42771428141714823,
  "tpm_overlap_wm": 0.44682565540859204,
  "wm2max": 0.2661330912108746
}
