{
  "NumberOfShells": 1,
  "bValues": [
    0.0,
    1500.0
  ],
  "bValuesEstimation": [
    1500.0
  ],
  "bdiffs_max": 0.3511,
  "bdiffs_mean": 0.2142,
  "bdiffs_median": 0.2157,
  "bdiffs_min": 0.0498,
  "bids_meta": {
    "AcquisitionMatrixPE": 126,
    "AcquisitionNumber": 10,
    "AcquisitionTime": "16:29:50.620000",
    "BodyPartExamined": "BRAIN",
    "CoilString": "MULTI_COIL",
    "ConversionSoftware": "dcm2niix",
    "ConversionSoftwareVersion": "v1.0.20181125  (JP2:OpenJPEG) GCC9.3.0",
    "Dcm2bidsVersion": "3.1.1",
    "DeviceSerialNumber": "85054",
    "EchoTime": 0.1031,
    "EchoTrainLength": 51,
    "FileSize": 0.026396004483103752,
    "FileSizeUnits": "GB",
    "FlipAngle": 90,
    "ImageOrientationPatientDICOM": [
      0.999066,
      -0.0127289,
      0.0412843,
      0.00758441,
      0.992445,
      0.122454
    ],
    "ImageType": [
      "ORIGINAL",
      "PRIMARY",
      "M",
      "SE",
      "M",
      "SE"
    ],
    "ImagingFrequency": 127.767,
    "InPlanePhaseEncodingDirectionDICOM": "COL",
    "InstitutionAddress": "Nemirovicha-Danchenko_132",
    "InstitutionName": "Novosib_Neurosurgery_Center",
    "InstitutionalDepartmentName": "MRI",
    "MRAcquisitionType": "2D",
    "MagneticFieldStrength": 3,
    "Manufacturer": "Philips",
    "ManufacturersModelName": "Ingenia",
    "Modality": "MR",
    "NumberOfVolumes": 65,
    "PartialFourier": 0.404762,
    "PatientPosition": "HFS",
    "PercentPhaseFOV": 100,
    "PhaseEncodingAxis": "j",
    "PhaseEncodingSteps": 126,
    "PhilipsRWVIntercept": 0,
    "PhilipsRWVSlope": 2.46276,
    "PhilipsRescaleIntercept": 0,
    "PhilipsRescaleSlope": 2.46276,
    "PhilipsScaleSlope": 0.0107325,
    "PixelBandwidth": 1786,
    "ProcedureStepDescription": "MENINGIOMA+CE",
    "ProtocolName": "DTIshort_64dir_b1500_AP",
    "ReconMatrixPE": 128,
    "RepetitionTime": 9.44255,
    "SAR": 0.103125,
    "ScanOptions": "FS",
    "ScanningSequence": "SE",
    "SequenceVariant": "SK",
    "SeriesDescription": "DTIshort_64dir_b1500_AP",
    "SeriesNumber": 1001,
    "SliceThickness": 2,
    "SoftwareVersions": "5.4.1_5.4.1.3",
    "SpacingBetweenSlices": 2,
    "StationName": "PHILIPS-F7TK6PR",
    "UsePhilipsFloatNotDisplayScaling": 1,
    "dataset": "<unset>",
    "datatype": "dwi",
    "extension": ".nii.gz",
    "modality": "dwi",
    "run": 1,
    "subject": "olf13",
    "suffix": "dwi"
  },
  "efc_shell01": 0.3206,
  "efc_shell02": 0.4022,
  "fa_degenerate": 0.0,
  "fa_nans": 0.0,
  "fber_shell01": -1.0,
  "fber_shell02": 1476363.5,
  "fd_mean": 31.1089,
  "fd_num": 64,
  "fd_perc": 98.46153846153847,
  "ndc": 0.3333,
  "provenance": {
    "md5sum": "5990b91c4acafe4255f0adef7e89a7da",
    "settings": {
      "testing": false
    },
    "software": "mriqc",
    "version": "25.1.0.dev45+g699d1691"
  },
  "sigma_cc": 68.1997,
  "sigma_pca": 18.5354,
  "sigma_piesno": 0.8151,
  "snr_cc_shell0": 5.0,
  "snr_cc_shell1_best": 7.58,
  "snr_cc_shell1_worst": 7.58,
  "spikes_global": 1280.4,
  "spikes_slice_i": 6546.95,
  "spikes_slice_j": 5827.56,
  "spikes_slice_k": 3955.08,
  "summary_bg_k": 333.2645,
  "summary_bg_mad": 0.0,
  "summary_bg_mean": 14.6451,
  "summary_bg_median": 0.0,
  "summary_bg_n": 940674.0,
  "summary_bg_p05": 0.0,
  "summary_bg_p95": 59.0,
  "summary_bg_stdv": 71.503,
  "summary_fg_k": 8.7484,
  "summary_fg_mad": 131.9516,
  "summary_fg_mean": 459.5013,
  "summary_fg_median": 347.0,
  "summary_fg_n": 173438.0,
  "summary_fg_p05": 123.0,
  "summary_fg_p95": 1216.0,
  "summary_fg_stdv": 350.8649,
  "summary_wm_k": 47.9503,
  "summary_wm_mad": 57.8215,
  "summary_wm_mean": 343.0045,
  "summary_wm_median": 322.0,
  "summary_wm_n": 35877.0,
  "summary_wm_p05": 233.0,
  "summary_wm_p95": 499.0,
  "summary_wm_stdv": 138.1525
}
