{
  "bids_meta": {
    "AcquisitionMatrixPE": 240,
    "AcquisitionNumber": 3,
    "AcquisitionTime": "15:59:54.810000",
    "BodyPartExamined": "BRAIN",
    "CoilString": "MULTI_COIL",
    "ConversionSoftware": "dcm2niix",
    "ConversionSoftwareVersion": "v1.0.20181125  (JP2:OpenJPEG) GCC9.3.0",
    "Dcm2bidsVersion": "3.1.1",
    "DeviceSerialNumber": "85054",
    "EchoTime": 0.003005,
    "EchoTrainLength": 204,
    "FileSize": 0.02483904268592596,
    "FileSizeUnits": "GB",
    "FlipAngle": 8,
    "ImageOrientationPatientDICOM": [
      0.999066,
      -0.0127289,
      0.0412843,
      0.00758441,
      0.992445,
      0.122454
    ],
    "ImageType": [
      "ORIGINAL",
      "PRIMARY",
      "M",
      "FFE",
      "M",
      "FFE"
    ],
    "ImagingFrequency": 127.767,
    "InPlanePhaseEncodingDirectionDICOM": "COL",
    "InstitutionAddress": "Nemirovicha-Danchenko_132",
    "InstitutionName": "Novosib_Neurosurgery_Center",
    "InstitutionalDepartmentName": "MRI",
    "MRAcquisitionType": "3D",
    "MagneticFieldStrength": 3,
    "Manufacturer": "Philips",
    "ManufacturersModelName": "Ingenia",
    "Modality": "MR",
    "NumberOfVolumes": 1,
    "PatientPosition": "HFS",
    "PercentPhaseFOV": 100,
    "PhaseEncodingSteps": 240,
    "PhilipsRWVIntercept": 0,
    "PhilipsRWVSlope": 3.90696,
    "PhilipsRescaleIntercept": 0,
    "PhilipsRescaleSlope": 3.90696,
    "PhilipsScaleSlope": 0.0137396,
    "PixelBandwidth": 271,
    "ProcedureStepDescription": "MENINGIOMA+CE",
    "ProtocolName": "sT1W_3D",
    "ReconMatrixPE": 512,
    "RepetitionTime": 0.0066996,
    "SAR": 0.0231826,
    "ScanOptions": "PFP",
    "ScanningSequence": "GR",
    "SequenceVariant": "MP",
    "SeriesDescription": "sT1W_3D",
    "SeriesNumber": 301,
    "SliceThickness": 1,
    "SoftwareVersions": "5.4.1_5.4.1.3",
    "SpacingBetweenSlices": 1,
    "StationName": "PHILIPS-F7TK6PR",
    "UsePhilipsFloatNotDisplayScaling": 1,
    "dataset": "<unset>",
    "datatype": "anat",
    "extension": ".nii.gz",
    "modality": "T1w",
    "run": 1,
    "subject": "olf13",
    "suffix": "T1w"
  },
  "cjv": 0.6699728476821192,
  "cnr": 1.6048783250979335,
  "efc": 0.7333,
  "fber": 8468.7186,
  "fwhm_avg": 6.669402444444445,
  "fwhm_x": 7.995157333333333,
  "fwhm_y": 8.03968,
  "fwhm_z": 3.97337,
  "icvs_csf": 0.28643142557661366,
  "icvs_gm": 0.37208486162773746,
  "icvs_wm": 0.3414837127956488,
  "inu_med": 0.8162187933921814,
  "inu_range": 0.3897149145603178,
  "provenance": {
    "md5sum": "fac7565742297e5c66e38204593a8346",
    "settings": {
      "testing": false
    },
    "software": "mriqc",
    "version": "25.1.0.dev45+g699d1691",
    "warnings": {
      "large_rot_frame": true,
      "small_air_mask": false
    }
  },
  "qi_1": 0.0,
  "qi_2": 0.000738000176019336,
  "rpve_csf": 7.6339585733416016,
  "rpve_gm": 7.534872037926116,
  "rpve_wm": 7.603236204837007,
  "size_x": 512,
  "size_y": 512,
  "size_z": 192,
  "snr_csf": 1.3485626640769046,
  "snr_gm": 4.439869119540361,
  "snr_total": 4.40548731906578,
  "snr_wm": 7.428030173580073,
  "snrd_csf": 4.904670399838856,
  "snrd_gm": 13.54832720314231,
  "snrd_total": 12.881174727229999,
  "snrd_wm": 20.19052657870883,
  "spacing_x": 0.46875,
  "spacing_y": 0.46875,
  "spacing_z": 1.0,
  "summary_bg_k": 167.1592,
  "summary_bg_mad": 0.0,
  "summary_bg_mean": 4.1486,
  "summary_bg_median": 0.0,
  "summary_bg_n": 20740181.0,
  "summary_bg_p05": 0.0,
  "summary_bg_p95": 14.0,
  "summary_bg_stdv": 29.787,
  "summary_csf_k": -0.8929,
  "summary_csf_mad": 158.2177,
  "summary_csf_mean": 250.973,
  "summary_csf_median": 223.0,
  "summary_csf_n": 1871023.921792239,
  "summary_csf_p05": 32.0,
  "summary_csf_p95": 560.0,
  "summary_csf_stdv": 165.3612,
  "summary_gm_k": -0.6828,
  "summary_gm_mad": 101.0446,
  "summary_gm_mean": 617.748,
  "summary_gm_median": 616.0,
  "summary_gm_n": 2430528.269168706,
  "summary_gm_p05": 393.0,
  "summary_gm_p95": 863.0,
  "summary_gm_stdv": 138.7428,
  "summary_wm_k": -0.2377,
  "summary_wm_mad": 101.2872,
  "summary_wm_mean": 894.1474,
  "summary_wm_median": 918.0,
  "summary_wm_n": 2230635.8118941532,
  "summary_wm_p05": 662.0,
  "summary_wm_p95": 1060.0,
  "summary_wm_stdv": 123.5859,
  "tpm_overlap_csf": 0.16604240266611467,
  "tpm_overlap_gm": 0.517296943177374,
  "tpm_overlap_wm": 0.5538025498507763,
  "wm2max": 0.5156045776666369
}
