{
  "bids_meta": {
    "AcquisitionMatrixPE": 240,
    "AcquisitionNumber": 16,
    "AcquisitionTime": "21:13:4.150000",
    "BodyPartExamined": "BRAIN",
    "CoilString": "MULTI_COIL",
    "ConversionSoftware": "dcm2niix",
    "ConversionSoftwareVersion": "v1.0.20181125  (JP2:OpenJPEG) GCC9.3.0",
    "Dcm2bidsVersion": "3.1.1",
    "DeviceSerialNumber": "85054",
    "EchoTime": 0.002984,
    "EchoTrainLength": 204,
    "FileSize": 0.03249811939895153,
    "FileSizeUnits": "GB",
    "FlipAngle": 8,
    "ImageOrientationPatientDICOM": [
      0.998903,
      -0.0394747,
      0.0251915,
      0.0395102,
      0.999219,
      -0.000914201
    ],
    "ImageType": [
      "ORIGINAL",
      "PRIMARY",
      "M",
      "FFE",
      "M",
      "FFE"
    ],
    "ImagingFrequency": 127.767,
    "InPlanePhaseEncodingDirectionDICOM": "COL",
    "InstitutionAddress": "Nemirovicha-Danchenko_132",
    "InstitutionName": "Novosib_Neurosurgery_Center",
    "InstitutionalDepartmentName": "MRI",
    "MRAcquisitionType": "3D",
    "MagneticFieldStrength": 3,
    "Manufacturer": "Philips",
    "ManufacturersModelName": "Ingenia",
    "Modality": "MR",
    "NumberOfVolumes": 1,
    "PatientPosition": "HFS",
    "PercentPhaseFOV": 100,
    "PhaseEncodingSteps": 240,
    "PhilipsRWVIntercept": 0,
    "PhilipsRWVSlope": 479.566,
    "PhilipsRescaleIntercept": 0,
    "PhilipsRescaleSlope": 479.566,
    "PhilipsScaleSlope": 0.0132714,
    "PixelBandwidth": 271,
    "ProtocolName": "sT1W_3D_CE",
    "ReconMatrixPE": 512,
    "RepetitionTime": 0.0065987,
    "SAR": 0.0231826,
    "ScanOptions": "PFP",
    "ScanningSequence": "GR",
    "SequenceVariant": "MP",
    "SeriesDescription": "sT1W_3D_CE",
    "SeriesNumber": 1601,
    "SliceThickness": 1,
    "SoftwareVersions": "5.4.1_5.4.1.3",
    "SpacingBetweenSlices": 1,
    "StationName": "PHILIPS-F7TK6PR",
    "UsePhilipsFloatNotDisplayScaling": 1,
    "dataset": "<unset>",
    "datatype": "anat",
    "extension": ".nii.gz",
    "modality": "T1w",
    "run": 2,
    "subject": "olf15",
    "suffix": "T1w"
  },
  "cjv": 1.8787495,
  "cnr": 0.5285007088184488,
  "efc": 0.7081,
  "fber": -1.0,
  "fwhm_avg": 5.48577,
  "fwhm_x": 6.486122666666666,
  "fwhm_y": 6.613397333333333,
  "fwhm_z": 3.35779,
  "icvs_csf": 0.24401418599940153,
  "icvs_gm": 0.406470725597308,
  "icvs_wm": 0.3495150884032905,
  "inu_med": 0.9405671954154968,
  "inu_range": 0.47877615690231323,
  "provenance": {
    "md5sum": "d2915848eb60bdc3a62aac524294e3c9",
    "settings": {
      "testing": false
    },
    "software": "mriqc",
    "version": "25.1.0.dev45+g699d1691",
    "warnings": {
      "large_rot_frame": true,
      "small_air_mask": false
    }
  },
  "qi_1": 0.0,
  "qi_2": 0.0015744639175039438,
  "rpve_csf": 6.490807134703705,
  "rpve_gm": 6.299671212180262,
  "rpve_wm": 6.353071183994931,
  "size_x": 512,
  "size_y": 512,
  "size_z": 192,
  "snr_csf": 1.2852457762999199,
  "snr_gm": 2.5713381583558217,
  "snr_total": 2.6757899721010845,
  "snr_wm": 4.170785981647513,
  "snrd_csf": 13.231817711424954,
  "snrd_gm": 9.294067893422334,
  "snrd_total": 11.42192027954797,
  "snrd_wm": 11.739875233796631,
  "spacing_x": 0.46875,
  "spacing_y": 0.46875,
  "spacing_z": 1.0,
  "summary_bg_k": 335.4746,
  "summary_bg_mad": 0.0,
  "summary_bg_mean": 9.0565,
  "summary_bg_median": 0.0,
  "summary_bg_n": 18481775.0,
  "summary_bg_p05": 0.0,
  "summary_bg_p95": 51.0,
  "summary_bg_stdv": 53.5722,
  "summary_csf_k": -1.274,
  "summary_csf_mad": 1463.6867,
  "summary_csf_mean": 1255.2502,
  "summary_csf_median": 1082.0,
  "summary_csf_n": 1854340.175732986,
  "summary_csf_p05": 106.0,
  "summary_csf_p95": 2598.0,
  "summary_csf_stdv": 841.8621,
  "summary_gm_k": -0.2981,
  "summary_gm_mad": 202.1745,
  "summary_gm_mean": 730.1925,
  "summary_gm_median": 760.0,
  "summary_gm_n": 3088898.2689566873,
  "summary_gm_p05": 165.0,
  "summary_gm_p95": 1152.0,
  "summary_gm_stdv": 295.5659,
  "summary_wm_k": 0.8783,
  "summary_wm_mad": 173.5754,
  "summary_wm_mean": 921.772,
  "summary_wm_median": 960.0,
  "summary_wm_n": 2656074.554832142,
  "summary_wm_p05": 505.0,
  "summary_wm_p95": 1220.0,
  "summary_wm_stdv": 230.1724,
  "tpm_overlap_csf": 0.22260378893199237,
  "tpm_overlap_gm": 0.5094861048219356,
  "tpm_overlap_wm": 0.5050481447451126,
  "wm2max": 0.2859171642112733
}
