{
  "NumberOfShells": 1,
  "bValues": [
    0.0,
    1500.0
  ],
  "bValuesEstimation": [
    1500.0
  ],
  "bdiffs_max": 0.3496,
  "bdiffs_mean": 0.1918,
  "bdiffs_median": 0.2068,
  "bdiffs_min": 0.0174,
  "bids_meta": {
    "AcquisitionMatrixPE": 126,
    "AcquisitionNumber": 9,
    "AcquisitionTime": "17:00:47.570000",
    "BodyPartExamined": "BRAIN",
    "CoilString": "MULTI_COIL",
    "ConversionSoftware": "dcm2niix",
    "ConversionSoftwareVersion": "v1.0.20181125  (JP2:OpenJPEG) GCC9.3.0",
    "Dcm2bidsVersion": "3.1.1",
    "DeviceSerialNumber": "85054",
    "EchoTime": 0.106946,
    "EchoTrainLength": 51,
    "FileSize": 0.028734561055898666,
    "FileSizeUnits": "GB",
    "FlipAngle": 90,
    "ImageOrientationPatientDICOM": [
      0.98893,
      0.134613,
      0.0624306,
      -0.11177,
      0.952497,
      -0.283296
    ],
    "ImageType": [
      "ORIGINAL",
      "PRIMARY",
      "M",
      "SE",
      "M",
      "SE"
    ],
    "ImagingFrequency": 127.766,
    "InPlanePhaseEncodingDirectionDICOM": "COL",
    "InstitutionAddress": "Nemirovicha-Danchenko_132",
    "InstitutionName": "Novosib_Neurosurgery_Center",
    "InstitutionalDepartmentName": "MRI",
    "MRAcquisitionType": "2D",
    "MagneticFieldStrength": 3,
    "Manufacturer": "Philips",
    "ManufacturersModelName": "Ingenia",
    "Modality": "MR",
    "NumberOfVolumes": 65,
    "PartialFourier": 0.404762,
    "PatientPosition": "HFS",
    "PercentPhaseFOV": 100,
    "PhaseEncodingAxis": "j",
    "PhaseEncodingSteps": 126,
    "PhilipsRWVIntercept": 0,
    "PhilipsRWVSlope": 2.08449,
    "PhilipsRescaleIntercept": 0,
    "PhilipsRescaleSlope": 2.08449,
    "PhilipsScaleSlope": 0.0119873,
    "PixelBandwidth": 1352,
    "ProcedureStepDescription": "HEAD+C",
    "ProtocolName": "DTIshort_64dir_b1500_AP",
    "ReconMatrixPE": 128,
    "RepetitionTime": 10.0424,
    "SAR": 0.0969066,
    "ScanOptions": "FS",
    "ScanningSequence": "SE",
    "SequenceVariant": "SK",
    "SeriesDescription": "DTIshort_64dir_b1500_AP",
    "SeriesNumber": 901,
    "SliceThickness": 2,
    "SoftwareVersions": "5.4.1_5.4.1.3",
    "SpacingBetweenSlices": 2,
    "StationName": "PHILIPS-F7TK6PR",
    "UsePhilipsFloatNotDisplayScaling": 1,
    "dataset": "<unset>",
    "datatype": "dwi",
    "extension": ".nii.gz",
    "modality": "dwi",
    "run": 1,
    "subject": "olf06",
    "suffix": "dwi"
  },
  "efc_shell01": 0.3404,
  "efc_shell02": 0.4147,
  "fa_degenerate": 0.0,
  "fa_nans": 0.0,
  "fber_shell01": -1.0,
  "fber_shell02": 839004.0,
  "fd_mean": 42.7022,
  "fd_num": 64,
  "fd_perc": 98.46153846153847,
  "ndc": 0.4154,
  "provenance": {
    "md5sum": "9cfba9287b65f6c4b6a5fdac328bafb1",
    "settings": {
      "testing": false
    },
    "software": "mriqc",
    "version": "25.1.0.dev45+g699d1691"
  },
  "sigma_cc": 167.5341,
  "sigma_pca": 17.0805,
  "sigma_piesno": 3.441,
  "snr_cc_shell0": 2.47,
  "snr_cc_shell1_best": 1.29,
  "snr_cc_shell1_worst": 1.29,
  "spikes_global": 1064.65,
  "spikes_slice_i": 5111.71,
  "spikes_slice_j": 5094.03,
  "spikes_slice_k": 3824.56,
  "summary_bg_k": 207.9849,
  "summary_bg_mad": 0.0,
  "summary_bg_mean": 16.2456,
  "summary_bg_median": 0.0,
  "summary_bg_n": 942757.0,
  "summary_bg_p05": 0.0,
  "summary_bg_p95": 58.0,
  "summary_bg_stdv": 71.1607,
  "summary_fg_k": 20.2945,
  "summary_fg_mad": 90.4387,
  "summary_fg_mean": 349.5174,
  "summary_fg_median": 273.0,
  "summary_fg_n": 171355.0,
  "summary_fg_p05": 150.0,
  "summary_fg_p95": 800.0,
  "summary_fg_stdv": 251.8954,
  "summary_wm_k": 24.033,
  "summary_wm_mad": 71.1649,
  "summary_wm_mean": 300.7349,
  "summary_wm_median": 258.0,
  "summary_wm_n": 67373.0,
  "summary_wm_p05": 154.0,
  "summary_wm_p95": 554.0,
  "summary_wm_stdv": 152.507
}
