{
  "bids_meta": {
    "AcquisitionMatrixPE": 240,
    "AcquisitionNumber": 4,
    "AcquisitionTime": "16:21:40.190000",
    "BodyPartExamined": "BRAIN",
    "CoilString": "MULTI_COIL",
    "ConversionSoftware": "dcm2niix",
    "ConversionSoftwareVersion": "v1.0.20181125  (JP2:OpenJPEG) GCC9.3.0",
    "Dcm2bidsVersion": "3.1.1",
    "DeviceSerialNumber": "85054",
    "EchoTime": 0.003078,
    "EchoTrainLength": 204,
    "FileSize": 0.025138642638921738,
    "FileSizeUnits": "GB",
    "FlipAngle": 8,
    "ImageOrientationPatientDICOM": [
      0.999,
      0.0320281,
      0.0312108,
      -0.0223351,
      0.961966,
      -0.272253
    ],
    "ImageType": [
      "ORIGINAL",
      "PRIMARY",
      "M",
      "FFE",
      "M",
      "FFE"
    ],
    "ImagingFrequency": 127.777,
    "InPlanePhaseEncodingDirectionDICOM": "COL",
    "InstitutionAddress": "Nemirovicha-Danchenko_132",
    "InstitutionName": "Novosib_Neurosurgery_Center",
    "InstitutionalDepartmentName": "MRI",
    "MRAcquisitionType": "3D",
    "MagneticFieldStrength": 3,
    "Manufacturer": "Philips",
    "ManufacturersModelName": "Ingenia",
    "Modality": "MR",
    "NumberOfVolumes": 1,
    "PatientPosition": "HFS",
    "PercentPhaseFOV": 100,
    "PhaseEncodingSteps": 240,
    "PhilipsRWVIntercept": 0,
    "PhilipsRWVSlope": 3.91306,
    "PhilipsRescaleIntercept": 0,
    "PhilipsRescaleSlope": 3.91306,
    "PhilipsScaleSlope": 0.0152425,
    "PixelBandwidth": 271,
    "ProcedureStepDescription": "HEAD",
    "ProtocolName": "sT1W_3D",
    "ReconMatrixPE": 512,
    "RepetitionTime": 0.0068307,
    "SAR": 0.0231826,
    "ScanOptions": "PFP",
    "ScanningSequence": "GR",
    "SequenceVariant": "MP",
    "SeriesDescription": "sT1W_3D",
    "SeriesNumber": 401,
    "SliceThickness": 1,
    "SoftwareVersions": "5.4.1_5.4.1.3",
    "SpacingBetweenSlices": 1,
    "StationName": "PHILIPS-F7TK6PR",
    "UsePhilipsFloatNotDisplayScaling": 1,
    "dataset": "<unset>",
    "datatype": "anat",
    "extension": ".nii.gz",
    "modality": "T1w",
    "run": 1,
    "subject": "olf23",
    "suffix": "T1w"
  },
  "cjv": 0.6559378548895899,
  "cnr": 1.4049501657257315,
  "efc": 0.7249,
  "fber": 11064.7309,
  "fwhm_avg": 6.882599777777778,
  "fwhm_x": 8.355818666666668,
  "fwhm_y": 8.291050666666667,
  "fwhm_z": 4.00093,
  "icvs_csf": 0.279584707395564,
  "icvs_gm": 0.3713147190526895,
  "icvs_wm": 0.34910057355174656,
  "inu_med": 0.7917184829711914,
  "inu_range": 0.342495322227478,
  "provenance": {
    "md5sum": "cfe3cbc91aafe9b11b34c86aa4e325f4",
    "settings": {
      "testing": false
    },
    "software": "mriqc",
    "version": "25.1.0.dev45+g699d1691",
    "warnings": {
      "large_rot_frame": true,
      "small_air_mask": false
    }
  },
  "qi_1": 0.0,
  "qi_2": 0.0011895319810621239,
  "rpve_csf": 7.295113012532282,
  "rpve_gm": 7.16667773075375,
  "rpve_wm": 7.243273567181873,
  "size_x": 512,
  "size_y": 512,
  "size_z": 192,
  "snr_csf": 1.0435266578215505,
  "snr_gm": 3.481084049621863,
  "snr_total": 3.5887871226739763,
  "snr_wm": 6.241750660578516,
  "snrd_csf": 4.575791862278609,
  "snrd_gm": 15.417298717790997,
  "snrd_total": 14.550671471147323,
  "snrd_wm": 23.65892383337236,
  "spacing_x": 0.46875,
  "spacing_y": 0.46875,
  "spacing_z": 1.0,
  "summary_bg_k": 247.3159,
  "summary_bg_mad": 0.0,
  "summary_bg_mean": 2.7871,
  "summary_bg_median": 0.0,
  "summary_bg_n": 22960569.0,
  "summary_bg_p05": 0.0,
  "summary_bg_p95": 6.0,
  "summary_bg_stdv": 25.1987,
  "summary_csf_k": -0.7865,
  "summary_csf_mad": 153.7637,
  "summary_csf_mean": 219.4015,
  "summary_csf_median": 176.0,
  "summary_csf_n": 1907908.689615035,
  "summary_csf_p05": 21.0,
  "summary_csf_p95": 548.0,
  "summary_csf_stdv": 168.6588,
  "summary_gm_k": 0.0157,
  "summary_gm_mad": 95.1067,
  "summary_gm_mean": 594.944,
  "summary_gm_median": 593.0,
  "summary_gm_n": 2533881.7192897433,
  "summary_gm_p05": 309.0,
  "summary_gm_p95": 920.0,
  "summary_gm_stdv": 170.3492,
  "summary_wm_k": -0.4336,
  "summary_wm_mad": 112.8256,
  "summary_wm_mean": 865.4044,
  "summary_wm_median": 910.0,
  "summary_wm_n": 2382290.5910466034,
  "summary_wm_p05": 594.0,
  "summary_wm_p95": 1043.0,
  "summary_wm_stdv": 145.7924,
  "tpm_overlap_csf": 0.1719092771742795,
  "tpm_overlap_gm": 0.49824659374097696,
  "tpm_overlap_wm": 0.5200607280847157,
  "wm2max": 0.548376657500328
}
