{
  "NumberOfShells": 1,
  "bValues": [
    0.0,
    1500.0
  ],
  "bValuesEstimation": [
    1500.0
  ],
  "bdiffs_max": 0.3576,
  "bdiffs_mean": 0.2311,
  "bdiffs_median": 0.2303,
  "bdiffs_min": 0.0653,
  "bids_meta": {
    "AcquisitionMatrixPE": 126,
    "AcquisitionNumber": 9,
    "AcquisitionTime": "10:24:29.750000",
    "BodyPartExamined": "BRAIN",
    "CoilString": "MULTI_COIL",
    "ConversionSoftware": "dcm2niix",
    "ConversionSoftwareVersion": "v1.0.20181125  (JP2:OpenJPEG) GCC9.3.0",
    "Dcm2bidsVersion": "3.1.1",
    "DeviceSerialNumber": "85054",
    "EchoTime": 0.103557,
    "EchoTrainLength": 51,
    "FileSize": 0.025871035642921925,
    "FileSizeUnits": "GB",
    "FlipAngle": 90,
    "ImageOrientationPatientDICOM": [
      0.999545,
      0.00118704,
      0.0301533,
      -0.00114992,
      0.999999,
      -0.00124829
    ],
    "ImageType": [
      "ORIGINAL",
      "PRIMARY",
      "M",
      "SE",
      "M",
      "SE"
    ],
    "ImagingFrequency": 127.767,
    "InPlanePhaseEncodingDirectionDICOM": "COL",
    "InstitutionAddress": "Nemirovicha-Danchenko_132",
    "InstitutionName": "Novosib_Neurosurgery_Center",
    "InstitutionalDepartmentName": "MRI",
    "MRAcquisitionType": "2D",
    "MagneticFieldStrength": 3,
    "Manufacturer": "Philips",
    "ManufacturersModelName": "Ingenia",
    "Modality": "MR",
    "NumberOfVolumes": 65,
    "PartialFourier": 0.404762,
    "PatientPosition": "HFS",
    "PercentPhaseFOV": 100,
    "PhaseEncodingAxis": "j",
    "PhaseEncodingSteps": 126,
    "PhilipsRWVIntercept": 0,
    "PhilipsRWVSlope": 2.40195,
    "PhilipsRescaleIntercept": 0,
    "PhilipsRescaleSlope": 2.40195,
    "PhilipsScaleSlope": 0.0104873,
    "PixelBandwidth": 1786,
    "ProcedureStepDescription": "HEAD_OLFAKTORNAYA_MENINGIOMA",
    "ProtocolName": "DTIshort_64dir_b1500_AP",
    "ReconMatrixPE": 128,
    "RepetitionTime": 9.46486,
    "SAR": 0.102847,
    "ScanOptions": "FS",
    "ScanningSequence": "SE",
    "SequenceVariant": "SK",
    "SeriesDescription": "DTIshort_64dir_b1500_AP",
    "SeriesNumber": 901,
    "SliceThickness": 2,
    "SoftwareVersions": "5.4.1_5.4.1.3",
    "SpacingBetweenSlices": 2,
    "StationName": "PHILIPS-F7TK6PR",
    "UsePhilipsFloatNotDisplayScaling": 1,
    "dataset": "<unset>",
    "datatype": "dwi",
    "extension": ".nii.gz",
    "modality": "dwi",
    "run": 1,
    "subject": "olf13fu",
    "suffix": "dwi"
  },
  "efc_shell01": 0.3224,
  "efc_shell02": 0.4009,
  "fa_degenerate": 0.0,
  "fa_nans": 0.0,
  "fber_shell01": -1.0,
  "fber_shell02": 2254102.5,
  "fd_mean": 28.5775,
  "fd_num": 64,
  "fd_perc": 98.46153846153847,
  "ndc": 0.7143,
  "provenance": {
    "md5sum": "a0073fe76be1258467bee67a12ce6ad3",
    "settings": {
      "testing": false
    },
    "software": "mriqc",
    "version": "25.1.0.dev45+g699d1691"
  },
  "sigma_cc": 71.1649,
  "sigma_pca": 17.584,
  "sigma_piesno": 3.1642,
  "snr_cc_shell0": 4.52,
  "snr_cc_shell1_best": 4.79,
  "snr_cc_shell1_worst": 4.79,
  "spikes_global": 1326.22,
  "spikes_slice_i": 6799.7,
  "spikes_slice_j": 5880.59,
  "spikes_slice_k": 4015.17,
  "summary_bg_k": 210.4313,
  "summary_bg_mad": 0.0,
  "summary_bg_mean": 15.3588,
  "summary_bg_median": 0.0,
  "summary_bg_n": 945542.0,
  "summary_bg_p05": 0.0,
  "summary_bg_p95": 60.0,
  "summary_bg_stdv": 71.3065,
  "summary_fg_k": 7.536,
  "summary_fg_mad": 124.5386,
  "summary_fg_mean": 452.7448,
  "summary_fg_median": 336.0,
  "summary_fg_n": 168570.0,
  "summary_fg_p05": 163.0,
  "summary_fg_p95": 1212.0,
  "summary_fg_stdv": 337.0579,
  "summary_wm_k": 41.8774,
  "summary_wm_mad": 60.7867,
  "summary_wm_mean": 329.2924,
  "summary_wm_median": 305.0,
  "summary_wm_n": 32220.0,
  "summary_wm_p05": 213.0,
  "summary_wm_p95": 492.0,
  "summary_wm_stdv": 150.2858
}
