{
    "Modality": "MR",
    "MagneticFieldStrength": 3,
    "ImagingFrequency": 127.777072,
    "Manufacturer": "Philips",
    "ManufacturersModelName": "Ingenia",
    "InstitutionName": "Novosib Neurosurgery Center",
    "InstitutionalDepartmentName": "MRI",
    "InstitutionAddress": "Nemirovicha-Danchenko 132",
    "DeviceSerialNumber": "85054",
    "StationName": "PHILIPS-F7TK6PR",
    "BodyPartExamined": "BRAIN",
    "PatientPosition": "HFS",
    "ProcedureStepDescription": "HEAD+CE",
    "SoftwareVersions": "5.4.1\\5.4.1.3",
    "MRAcquisitionType": "3D",
    "SeriesDescription": "3D_T2_1mm",
    "ProtocolName": "3D_T2_1mm",
    "ScanningSequence": "SE",
    "SequenceVariant": "SK",
    "ScanOptions": "FS",
    "PulseSequenceName": "TSE",
    "ImageType": [
        "ORIGINAL",
        "PRIMARY",
        "M",
        "SE",
        "M",
        "SE"
    ],
    "SeriesNumber": 301,
    "AcquisitionTime": "16:06:21.370000",
    "AcquisitionNumber": 3,
    "PhilipsRWVSlope": 1.70208,
    "PhilipsRWVIntercept": 0,
    "PhilipsRescaleSlope": 1.70208,
    "PhilipsRescaleIntercept": 0,
    "PhilipsScaleSlope": 0.0118802,
    "UsePhilipsFloatNotDisplayScaling": 1,
    "SliceThickness": 1,
    "SpacingBetweenSlices": 0.5,
    "SAR": 0.0259759,
    "NumberOfAverages": 2,
    "EchoTime": 0.3,
    "RepetitionTime": 3.5,
    "MTState": false,
    "FlipAngle": 90,
    "CoilString": "MULTI COIL",
    "PercentPhaseFOV": 100,
    "PercentSampling": 78.2281,
    "PhaseEncodingSteps": 252,
    "FrequencyEncodingSteps": 252,
    "PhaseEncodingStepsOutOfPlane": 180,
    "AcquisitionMatrixPE": 252,
    "ReconMatrixPE": 512,
    "ParallelReductionFactorInPlane": 2.4,
    "ParallelAcquisitionTechnique": "SENSE",
    "ParallelReductionFactorOutOfPlane": 2.1,
    "WaterFatShift": 0.516769,
    "EstimatedEffectiveEchoSpacing": 1.16389e-06,
    "EstimatedTotalReadoutTime": 0.00059475,
    "AcquisitionDuration": 318.5,
    "PixelBandwidth": 841,
    "ImageOrientationPatientDICOM": [
        -0.0131163,
        0.999914,
        0.000974551,
        0.0284574,
        0.00134753,
        -0.999594
    ],
    "InPlanePhaseEncodingDirectionDICOM": "ROW",
    "ConversionSoftware": "dcm2niix",
    "ConversionSoftwareVersion": "v1.0.20230411",
    "Dcm2bidsVersion": "3.0.1"
}