{
  "aor": 0.00134935,
  "aqi": 0.00499013465,
  "bids_meta": {
    "AcquisitionMatrixPE": 80,
    "AcquisitionNumber": 4,
    "AcquisitionTime": "14:20:45.570000",
    "BodyPartExamined": "BRAIN",
    "CoilString": "MULTI_COIL",
    "ConversionSoftware": "dcm2niix",
    "ConversionSoftwareVersion": "v1.0.20181125  (JP2:OpenJPEG) GCC9.3.0",
    "Dcm2bidsVersion": "3.1.1",
    "DeviceSerialNumber": "85054",
    "EchoTime": 0.030001,
    "EchoTrainLength": 27,
    "FileSize": 0.05275290086865425,
    "FileSizeUnits": "GB",
    "FlipAngle": 90,
    "ImageOrientationPatientDICOM": [
      0.99887,
      0.00362248,
      -0.0473868,
      0.00037369,
      0.996461,
      0.0840515
    ],
    "ImageType": [
      "ORIGINAL",
      "PRIMARY",
      "M",
      "FFE",
      "M",
      "FFE"
    ],
    "ImagingFrequency": 127.767,
    "InPlanePhaseEncodingDirectionDICOM": "COL",
    "InstitutionAddress": "Nemirovicha-Danchenko_132",
    "InstitutionName": "Novosib_Neurosurgery_Center",
    "InstitutionalDepartmentName": "MRI",
    "MRAcquisitionType": "2D",
    "MagneticFieldStrength": 3,
    "Manufacturer": "Philips",
    "ManufacturersModelName": "Ingenia",
    "Modality": "MR",
    "NumberOfVolumes": 200,
    "PartialFourier": 0.3375,
    "PatientPosition": "HFS",
    "PercentPhaseFOV": 100,
    "PhaseEncodingAxis": "j",
    "PhaseEncodingSteps": 80,
    "PhilipsRWVIntercept": 0,
    "PhilipsRWVSlope": 0.783883,
    "PhilipsRescaleIntercept": 0,
    "PhilipsRescaleSlope": 0.783883,
    "PhilipsScaleSlope": 0.0121897,
    "PixelBandwidth": 2273,
    "ProcedureStepDescription": "HEAD+CE+MENINGIOMA",
    "ProtocolName": "rest-fMRI",
    "ReconMatrixPE": 80,
    "RepetitionTime": 3,
    "SAR": 0.108433,
    "ScanOptions": "FS",
    "ScanningSequence": "GR",
    "SequenceVariant": "SK",
    "SeriesDescription": "rest-fMRI",
    "SeriesNumber": 401,
    "SliceThickness": 3,
    "SoftwareVersions": "5.4.1_5.4.1.3",
    "SpacingBetweenSlices": 3,
    "StationName": "PHILIPS-F7TK6PR",
    "TaskName": "rest",
    "UsePhilipsFloatNotDisplayScaling": 1,
    "dataset": "<unset>",
    "datatype": "func",
    "extension": ".nii.gz",
    "modality": "bold",
    "subject": "olf18",
    "suffix": "bold",
    "task": "rest"
  },
  "dummy_trs": 0,
  "dvars_nstd": 29.821347826381917,
  "dvars_std": 1.1968254651256285,
  "dvars_vstd": 0.9977197268844221,
  "efc": 0.4371,
  "fber": 120432.8047,
  "fd_mean": 0.08781749732218426,
  "fd_num": 5,
  "fd_perc": 2.5,
  "fwhm_avg": 2.3748133333333334,
  "fwhm_x": 2.28042,
  "fwhm_y": 2.4427933333333334,
  "fwhm_z": 2.4012266666666666,
  "gcor": 0.00598529,
  "gsr_x": -0.013210546225309372,
  "gsr_y": 0.015010194852948189,
  "provenance": {
    "md5sum": "163f0787da52fdb04407191419aa4655",
    "settings": {
      "fd_thres": 0.2,
      "testing": false
    },
    "software": "mriqc",
    "version": "25.1.0.dev45+g699d1691"
  },
  "size_t": 200,
  "size_x": 80,
  "size_y": 80,
  "size_z": 45,
  "snr": 2.8871562310385936,
  "spacing_tr": 2.9999990463256836,
  "spacing_x": 3.0,
  "spacing_y": 3.0,
  "spacing_z": 3.0,
  "summary_bg_k": 118.6467,
  "summary_bg_mad": 4.4141,
  "summary_bg_mean": 24.4998,
  "summary_bg_median": 3.0,
  "summary_bg_n": 225370.0,
  "summary_bg_p05": 0.0,
  "summary_bg_p95": 101.0,
  "summary_bg_stdv": 65.071,
  "summary_fg_k": 1.347,
  "summary_fg_mad": 224.6105,
  "summary_fg_mean": 909.5267,
  "summary_fg_median": 896.0,
  "summary_fg_n": 62630.0,
  "summary_fg_p05": 316.0,
  "summary_fg_p95": 1426.0,
  "summary_fg_stdv": 310.3375,
  "tsnr": 55.57788246218115
}
