{
  "NumberOfShells": 1,
  "bValues": [
    0.0,
    1500.0
  ],
  "bValuesEstimation": [
    1500.0
  ],
  "bdiffs_max": 0.3536,
  "bdiffs_mean": 0.2027,
  "bdiffs_median": 0.196,
  "bdiffs_min": 0.0413,
  "bids_meta": {
    "AcquisitionMatrixPE": 126,
    "AcquisitionNumber": 9,
    "AcquisitionTime": "14:32:43.990000",
    "BodyPartExamined": "BRAIN",
    "CoilString": "MULTI_COIL",
    "ConversionSoftware": "dcm2niix",
    "ConversionSoftwareVersion": "v1.0.20181125  (JP2:OpenJPEG) GCC9.3.0",
    "Dcm2bidsVersion": "3.1.1",
    "DeviceSerialNumber": "85054",
    "EchoTime": 0.103865,
    "EchoTrainLength": 51,
    "FileSize": 0.02862326893955469,
    "FileSizeUnits": "GB",
    "FlipAngle": 90,
    "ImageOrientationPatientDICOM": [
      0.988056,
      0.151227,
      -0.0295824,
      -0.151396,
      0.988467,
      -0.00354311
    ],
    "ImageType": [
      "ORIGINAL",
      "PRIMARY",
      "M",
      "SE",
      "M",
      "SE"
    ],
    "ImagingFrequency": 127.767,
    "InPlanePhaseEncodingDirectionDICOM": "COL",
    "InstitutionAddress": "Nemirovicha-Danchenko_132",
    "InstitutionName": "Novosib_Neurosurgery_Center",
    "InstitutionalDepartmentName": "MRI",
    "MRAcquisitionType": "2D",
    "MagneticFieldStrength": 3,
    "Manufacturer": "Philips",
    "ManufacturersModelName": "Ingenia",
    "Modality": "MR",
    "NumberOfVolumes": 65,
    "PartialFourier": 0.404762,
    "PatientPosition": "HFS",
    "PercentPhaseFOV": 100,
    "PhaseEncodingAxis": "j",
    "PhaseEncodingSteps": 126,
    "PhilipsRWVIntercept": 0,
    "PhilipsRWVSlope": 2.26276,
    "PhilipsRescaleIntercept": 0,
    "PhilipsRescaleSlope": 2.26276,
    "PhilipsScaleSlope": 0.00977304,
    "PixelBandwidth": 1786,
    "ProtocolName": "DTIshort_64dir_b1500_AP",
    "ReconMatrixPE": 128,
    "RepetitionTime": 9.49459,
    "SAR": 0.10255,
    "ScanOptions": "FS",
    "ScanningSequence": "SE",
    "SequenceVariant": "SK",
    "SeriesDescription": "DTIshort_64dir_b1500_AP",
    "SeriesNumber": 901,
    "SliceThickness": 2,
    "SoftwareVersions": "5.4.1_5.4.1.3",
    "SpacingBetweenSlices": 2,
    "StationName": "PHILIPS-F7TK6PR",
    "UsePhilipsFloatNotDisplayScaling": 1,
    "dataset": "<unset>",
    "datatype": "dwi",
    "extension": ".nii.gz",
    "modality": "dwi",
    "run": 1,
    "subject": "olf09",
    "suffix": "dwi"
  },
  "efc_shell01": 0.3341,
  "efc_shell02": 0.4168,
  "fa_degenerate": 0.0,
  "fa_nans": 0.0,
  "fber_shell01": -1.0,
  "fber_shell02": 1721212.0,
  "fd_mean": 35.1761,
  "fd_num": 64,
  "fd_perc": 98.46153846153847,
  "ndc": 0.8958,
  "provenance": {
    "md5sum": "954a8ddf692372072f99b0aeaf865135",
    "settings": {
      "testing": false
    },
    "software": "mriqc",
    "version": "25.1.0.dev45+g699d1691"
  },
  "sigma_cc": 46.702,
  "sigma_pca": 14.0916,
  "sigma_piesno": 2.9882,
  "snr_cc_shell0": 6.15,
  "snr_cc_shell1_best": 4.75,
  "snr_cc_shell1_worst": 4.75,
  "spikes_global": 1434.38,
  "spikes_slice_i": 7398.9,
  "spikes_slice_j": 6805.01,
  "spikes_slice_k": 4696.89,
  "summary_bg_k": 340.7718,
  "summary_bg_mad": 0.0,
  "summary_bg_mean": 12.642,
  "summary_bg_median": 0.0,
  "summary_bg_n": 899347.0,
  "summary_bg_p05": 0.0,
  "summary_bg_p95": 54.0,
  "summary_bg_stdv": 53.8856,
  "summary_fg_k": 5.2319,
  "summary_fg_mad": 149.7428,
  "summary_fg_mean": 460.9035,
  "summary_fg_median": 300.0,
  "summary_fg_n": 214765.0,
  "summary_fg_p05": 133.0,
  "summary_fg_p95": 1384.0,
  "summary_fg_stdv": 394.2265,
  "summary_wm_k": 46.4104,
  "summary_wm_mad": 42.9955,
  "summary_wm_mean": 263.6954,
  "summary_wm_median": 251.0,
  "summary_wm_n": 33913.0,
  "summary_wm_p05": 187.0,
  "summary_wm_p95": 368.0,
  "summary_wm_stdv": 79.7141
}
