{
  "bids_meta": {
    "AcquisitionMatrixPE": 240,
    "AcquisitionNumber": 16,
    "AcquisitionTime": "14:15:55.700000",
    "BodyPartExamined": "BRAIN",
    "CoilString": "MULTI_COIL",
    "ConversionSoftware": "dcm2niix",
    "ConversionSoftwareVersion": "v1.0.20181125  (JP2:OpenJPEG) GCC9.3.0",
    "Dcm2bidsVersion": "3.1.1",
    "DeviceSerialNumber": "85054",
    "EchoTime": 0.003015,
    "EchoTrainLength": 204,
    "FileSize": 0.02400717232376337,
    "FileSizeUnits": "GB",
    "FlipAngle": 8,
    "ImageOrientationPatientDICOM": [
      0.996949,
      -0.0492073,
      0.0605946,
      0.0479849,
      0.998617,
      0.0214673
    ],
    "ImageType": [
      "ORIGINAL",
      "PRIMARY",
      "M",
      "FFE",
      "M",
      "FFE"
    ],
    "ImagingFrequency": 127.767,
    "InPlanePhaseEncodingDirectionDICOM": "COL",
    "InstitutionAddress": "Nemirovicha-Danchenko_132",
    "InstitutionName": "Novosib_Neurosurgery_Center",
    "InstitutionalDepartmentName": "MRI",
    "MRAcquisitionType": "3D",
    "MagneticFieldStrength": 3,
    "Manufacturer": "Philips",
    "ManufacturersModelName": "Ingenia",
    "Modality": "MR",
    "NumberOfVolumes": 1,
    "PatientPosition": "HFS",
    "PercentPhaseFOV": 100,
    "PhaseEncodingSteps": 240,
    "PhilipsRWVIntercept": 0,
    "PhilipsRWVSlope": 1.92821,
    "PhilipsRescaleIntercept": 0,
    "PhilipsRescaleSlope": 1.92821,
    "PhilipsScaleSlope": 0.0134645,
    "PixelBandwidth": 271,
    "ProcedureStepDescription": "HEAD_MENINGIOMA+C",
    "ProtocolName": "sT1W_3D_CE",
    "ReconMatrixPE": 512,
    "RepetitionTime": 0.0066637,
    "SAR": 0.0231826,
    "ScanOptions": "PFP",
    "ScanningSequence": "GR",
    "SequenceVariant": "MP",
    "SeriesDescription": "sT1W_3D_CE",
    "SeriesNumber": 1601,
    "SliceThickness": 1,
    "SoftwareVersions": "5.4.1_5.4.1.3",
    "SpacingBetweenSlices": 1,
    "StationName": "PHILIPS-F7TK6PR",
    "UsePhilipsFloatNotDisplayScaling": 1,
    "dataset": "<unset>",
    "datatype": "anat",
    "extension": ".nii.gz",
    "modality": "T1w",
    "run": 2,
    "subject": "olf16",
    "suffix": "T1w"
  },
  "cjv": 0.6676454887218045,
  "cnr": 1.4151643261744913,
  "efc": 0.7245,
  "fber": -1.0,
  "fwhm_avg": 4.439201555555555,
  "fwhm_x": 5.070826666666666,
  "fwhm_y": 5.501248,
  "fwhm_z": 2.74553,
  "icvs_csf": 0.24985963017468604,
  "icvs_gm": 0.3920365855430816,
  "icvs_wm": 0.35810378428223233,
  "inu_med": 0.768262505531311,
  "inu_range": 0.3333350867033005,
  "provenance": {
    "md5sum": "152198cb2d261914935e4bd772af9964",
    "settings": {
      "testing": false
    },
    "software": "mriqc",
    "version": "25.1.0.dev45+g699d1691",
    "warnings": {
      "large_rot_frame": true,
      "small_air_mask": false
    }
  },
  "qi_1": 0.0,
  "qi_2": 0.0015816850657745154,
  "rpve_csf": 8.699068452347266,
  "rpve_gm": 8.614911560746519,
  "rpve_wm": 8.662895194133357,
  "size_x": 512,
  "size_y": 512,
  "size_z": 192,
  "snr_csf": 1.0767276985635366,
  "snr_gm": 4.490591034234874,
  "snr_total": 4.55134387474272,
  "snr_wm": 8.086712891429752,
  "snrd_csf": 11.858608727343407,
  "snrd_gm": 13.032531403372369,
  "snrd_total": 14.405424024490983,
  "snrd_wm": 18.325131942757178,
  "spacing_x": 0.46875,
  "spacing_y": 0.46875,
  "spacing_z": 1.0,
  "summary_bg_k": 741.662,
  "summary_bg_mad": 0.0,
  "summary_bg_mean": 3.7638,
  "summary_bg_median": 0.0,
  "summary_bg_n": 22560472.0,
  "summary_bg_p05": 0.0,
  "summary_bg_p95": 13.0,
  "summary_bg_stdv": 32.9264,
  "summary_csf_k": -0.2969,
  "summary_csf_mad": 694.7793,
  "summary_csf_mean": 697.3353,
  "summary_csf_median": 596.0,
  "summary_csf_n": 1425241.8069448425,
  "summary_csf_p05": 72.0,
  "summary_csf_p95": 1847.0,
  "summary_csf_stdv": 553.5288,
  "summary_gm_k": 18.854,
  "summary_gm_mad": 94.2835,
  "summary_gm_mean": 659.7962,
  "summary_gm_median": 655.0,
  "summary_gm_n": 2236243.330614343,
  "summary_gm_p05": 423.0,
  "summary_gm_p95": 925.0,
  "summary_gm_stdv": 145.8605,
  "summary_wm_k": 16.2155,
  "summary_wm_mad": 83.3102,
  "summary_wm_mean": 897.4271,
  "summary_wm_median": 921.0,
  "summary_wm_n": 2042684.8636066832,
  "summary_wm_p05": 684.0,
  "summary_wm_p95": 1049.0,
  "summary_wm_stdv": 113.8905,
  "tpm_overlap_csf": 0.2304650616946705,
  "tpm_overlap_gm": 0.5204683381641882,
  "tpm_overlap_wm": 0.5623067901215444,
  "wm2max": 0.3731530917271431
}
