{
  "aor": 0.008028299999999999,
  "aqi": 0.01728938,
  "bids_meta": {
    "AcquisitionDuration": 620.91,
    "AcquisitionMatrixPE": 80,
    "AcquisitionNumber": 13,
    "AcquisitionTime": "16:38:47.700000",
    "BodyPartExamined": "BRAIN",
    "CoilString": "MULTI COIL",
    "ConversionSoftware": "dcm2niix",
    "ConversionSoftwareVersion": "v1.0.20230411",
    "Dcm2bidsVersion": "3.0.1",
    "DeviceSerialNumber": "85054",
    "EchoTime": 0.030001,
    "EchoTrainLength": 27,
    "EstimatedEffectiveEchoSpacing": 0.00019023,
    "EstimatedTotalReadoutTime": 0.0150282,
    "FileSize": 0.04764749854803085,
    "FileSizeUnits": "GB",
    "FlipAngle": 90,
    "FrequencyEncodingSteps": 80,
    "ImageOrientationPatientDICOM": [
      0.996978,
      -0.0776086,
      0.0033579,
      0.0770248,
      0.993237,
      0.0868772
    ],
    "ImageType": [
      "ORIGINAL",
      "PRIMARY",
      "M",
      "FFE",
      "M",
      "FFE"
    ],
    "ImagingFrequency": 127.777016,
    "InPlanePhaseEncodingDirectionDICOM": "COL",
    "InstitutionAddress": "Nemirovicha-Danchenko 132",
    "InstitutionName": "Novosib Neurosurgery Center",
    "InstitutionalDepartmentName": "MRI",
    "MRAcquisitionType": "2D",
    "MTState": false,
    "MagneticFieldStrength": 3,
    "Manufacturer": "Philips",
    "ManufacturersModelName": "Ingenia",
    "Modality": "MR",
    "NumberOfVolumes": 200,
    "ParallelAcquisitionTechnique": "SENSE",
    "ParallelReductionFactorInPlane": 3,
    "PatientPosition": "HFS",
    "PercentPhaseFOV": 100,
    "PercentSampling": 100,
    "PhaseEncodingAxis": "j",
    "PhaseEncodingSteps": 80,
    "PhaseEncodingStepsOutOfPlane": 1,
    "PhilipsRWVIntercept": 0,
    "PhilipsRWVSlope": 0.778999,
    "PhilipsRescaleIntercept": 0,
    "PhilipsRescaleSlope": 0.778999,
    "PhilipsScaleSlope": 0.012823,
    "PixelBandwidth": 2283,
    "ProcedureStepDescription": "HEAD+CE MENINGIOMA OL`FAKTOR",
    "ProtocolName": "rest-fMRI",
    "PulseSequenceName": "FEEPI",
    "ReconMatrixPE": 80,
    "RepetitionTime": 3,
    "SAR": 0.108486,
    "ScanOptions": "FS",
    "ScanningSequence": "GR",
    "SequenceVariant": "SK",
    "SeriesDescription": "rest-fMRI",
    "SeriesNumber": 1301,
    "SliceThickness": 3,
    "SoftwareVersions": "5.4.1\\5.4.1.3",
    "SpacingBetweenSlices": 3,
    "StationName": "PHILIPS-F7TK6PR",
    "TaskName": "rest",
    "UsePhilipsFloatNotDisplayScaling": 1,
    "WaterFatShift": 6.77069,
    "dataset": "<unset>",
    "datatype": "func",
    "extension": ".nii.gz",
    "modality": "bold",
    "subject": "olf30",
    "suffix": "bold",
    "task": "rest"
  },
  "dummy_trs": 0,
  "dvars_nstd": 39.445218062311575,
  "dvars_std": 1.1710603755276383,
  "dvars_vstd": 1.0549097168341712,
  "efc": 0.3805,
  "fber": 243742.3594,
  "fd_mean": 0.492438910559906,
  "fd_num": 164,
  "fd_perc": 82.0,
  "fwhm_avg": 2.5198622222222222,
  "fwhm_x": 2.4652166666666666,
  "fwhm_y": 2.6193866666666668,
  "fwhm_z": 2.4749833333333333,
  "gcor": 0.00800346,
  "gsr_x": -0.015627851709723473,
  "gsr_y": 0.0053567602299153805,
  "provenance": {
    "md5sum": "6944000a8fb3e66a9ecf09927a290bfe",
    "settings": {
      "fd_thres": 0.2,
      "testing": false
    },
    "software": "mriqc",
    "version": "25.1.0.dev45+g699d1691"
  },
  "size_t": 200,
  "size_x": 80,
  "size_y": 80,
  "size_z": 45,
  "snr": 3.33534985938822,
  "spacing_tr": 2.9999990463256836,
  "spacing_x": 3.0,
  "spacing_y": 3.0,
  "spacing_z": 3.0,
  "summary_bg_k": 79.2819,
  "summary_bg_mad": 273.4945,
  "summary_bg_mean": 2288.972,
  "summary_bg_median": 186.0,
  "summary_bg_n": 243082.0,
  "summary_bg_p05": 0.0,
  "summary_bg_p95": 9934.0,
  "summary_bg_stdv": 6131.3017,
  "summary_fg_k": 2.1369,
  "summary_fg_mad": 18071.3805,
  "summary_fg_mean": 89187.0514,
  "summary_fg_median": 91626.0,
  "summary_fg_n": 44918.0,
  "summary_fg_p05": 31854.0,
  "summary_fg_p95": 124520.0,
  "summary_fg_stdv": 27470.8753,
  "tsnr": 37.5397835704498
}
