{
  "NumberOfShells": 1,
  "bValues": [
    0.0,
    1500.0
  ],
  "bValuesEstimation": [
    1500.0
  ],
  "bdiffs_max": 0.3407,
  "bdiffs_mean": 0.2399,
  "bdiffs_median": 0.263,
  "bdiffs_min": 0.0574,
  "bids_meta": {
    "AcquisitionMatrixPE": 126,
    "AcquisitionNumber": 9,
    "AcquisitionTime": "12:58:49.650000",
    "BodyPartExamined": "BRAIN",
    "CoilString": "MULTI_COIL",
    "ConversionSoftware": "dcm2niix",
    "ConversionSoftwareVersion": "v1.0.20181125  (JP2:OpenJPEG) GCC9.3.0",
    "Dcm2bidsVersion": "3.1.1",
    "DeviceSerialNumber": "85054",
    "EchoTime": 0.103673,
    "EchoTrainLength": 51,
    "FileSize": 0.02728065848350525,
    "FileSizeUnits": "GB",
    "FlipAngle": 90,
    "ImageOrientationPatientDICOM": [
      0.994111,
      0.0890379,
      -0.0617717,
      -0.0894163,
      0.995989,
      -0.00338435
    ],
    "ImageType": [
      "ORIGINAL",
      "PRIMARY",
      "M",
      "SE",
      "M",
      "SE"
    ],
    "ImagingFrequency": 127.767,
    "InPlanePhaseEncodingDirectionDICOM": "COL",
    "InstitutionAddress": "Nemirovicha-Danchenko_132",
    "InstitutionName": "Novosib_Neurosurgery_Center",
    "InstitutionalDepartmentName": "MRI",
    "MRAcquisitionType": "2D",
    "MagneticFieldStrength": 3,
    "Manufacturer": "Philips",
    "ManufacturersModelName": "Ingenia",
    "Modality": "MR",
    "NumberOfVolumes": 65,
    "PartialFourier": 0.404762,
    "PatientPosition": "HFS",
    "PercentPhaseFOV": 100,
    "PhaseEncodingAxis": "j",
    "PhaseEncodingSteps": 126,
    "PhilipsRWVIntercept": 0,
    "PhilipsRWVSlope": 2.63004,
    "PhilipsRescaleIntercept": 0,
    "PhilipsRescaleSlope": 2.63004,
    "PhilipsScaleSlope": 0.00773986,
    "PixelBandwidth": 1786,
    "ProcedureStepDescription": "HEAD+C",
    "ProtocolName": "DTIshort_64dir_b1500_AP",
    "ReconMatrixPE": 128,
    "RepetitionTime": 9.47704,
    "SAR": 0.102727,
    "ScanOptions": "FS",
    "ScanningSequence": "SE",
    "SequenceVariant": "SK",
    "SeriesDescription": "DTIshort_64dir_b1500_AP",
    "SeriesNumber": 901,
    "SliceThickness": 2,
    "SoftwareVersions": "5.4.1_5.4.1.3",
    "SpacingBetweenSlices": 2,
    "StationName": "PHILIPS-F7TK6PR",
    "UsePhilipsFloatNotDisplayScaling": 1,
    "dataset": "<unset>",
    "datatype": "dwi",
    "extension": ".nii.gz",
    "modality": "dwi",
    "run": 1,
    "subject": "olf11",
    "suffix": "dwi"
  },
  "efc_shell01": 0.3298,
  "efc_shell02": 0.4196,
  "fa_degenerate": 0.0,
  "fa_nans": 0.0,
  "fber_shell01": -1.0,
  "fber_shell02": 790574.125,
  "fd_mean": 40.518,
  "fd_num": 64,
  "fd_perc": 98.46153846153847,
  "ndc": 0.4156,
  "provenance": {
    "md5sum": "fb7ca784967ccd0268638d275c0c7f90",
    "settings": {
      "testing": false
    },
    "software": "mriqc",
    "version": "25.1.0.dev45+g699d1691"
  },
  "sigma_cc": 40.0303,
  "sigma_pca": 14.8923,
  "sigma_piesno": 3.4732,
  "snr_cc_shell0": 6.42,
  "snr_cc_shell1_best": 9.46,
  "snr_cc_shell1_worst": 9.46,
  "spikes_global": 1271.66,
  "spikes_slice_i": 6930.5,
  "spikes_slice_j": 6329.54,
  "spikes_slice_k": 4211.43,
  "summary_bg_k": 364.9849,
  "summary_bg_mad": 0.0,
  "summary_bg_mean": 12.9056,
  "summary_bg_median": 0.0,
  "summary_bg_n": 925097.0,
  "summary_bg_p05": 0.0,
  "summary_bg_p95": 52.0,
  "summary_bg_stdv": 55.6896,
  "summary_fg_k": 6.0826,
  "summary_fg_mad": 133.4342,
  "summary_fg_mean": 407.3351,
  "summary_fg_median": 281.0,
  "summary_fg_n": 189015.0,
  "summary_fg_p05": 115.0,
  "summary_fg_p95": 1104.0,
  "summary_fg_stdv": 326.4445,
  "summary_wm_k": 39.3923,
  "summary_wm_mad": 40.0303,
  "summary_wm_mean": 244.9774,
  "summary_wm_median": 234.0,
  "summary_wm_n": 36360.0,
  "summary_wm_p05": 157.0,
  "summary_wm_p95": 355.0,
  "summary_wm_stdv": 91.8318
}
