{
  "NumberOfShells": 1,
  "bValues": [
    0.0,
    1500.0
  ],
  "bValuesEstimation": [
    1500.0
  ],
  "bdiffs_max": 0.0488,
  "bdiffs_mean": 0.0225,
  "bdiffs_median": 0.0215,
  "bdiffs_min": 0.0045,
  "bids_meta": {
    "AcquisitionDuration": 805.734,
    "AcquisitionMatrixPE": 126,
    "AcquisitionNumber": 9,
    "AcquisitionTime": "18:57:13.160000",
    "BodyPartExamined": "BRAIN",
    "CoilString": "MULTI COIL",
    "ConversionSoftware": "dcm2niix",
    "ConversionSoftwareVersion": "v1.0.20230411",
    "Dcm2bidsVersion": "3.0.1",
    "DeviceSerialNumber": "85054",
    "EchoTime": 0.107562,
    "EchoTrainLength": 51,
    "EstimatedEffectiveEchoSpacing": 0.000384709,
    "EstimatedTotalReadoutTime": 0.048858,
    "FileSize": 0.030845388770103455,
    "FileSizeUnits": "GB",
    "FlipAngle": 90,
    "FrequencyEncodingSteps": 128,
    "ImageOrientationPatientDICOM": [
      0.988694,
      0.138621,
      0.0571645,
      -0.135575,
      0.989288,
      -0.054122
    ],
    "ImageType": [
      "ORIGINAL",
      "PRIMARY",
      "M",
      "SE",
      "M",
      "SE"
    ],
    "ImagingFrequency": 127.776984,
    "InPlanePhaseEncodingDirectionDICOM": "COL",
    "InstitutionAddress": "Nemirovicha-Danchenko 132",
    "InstitutionName": "Novosib Neurosurgery Center",
    "InstitutionalDepartmentName": "MRI",
    "MRAcquisitionType": "2D",
    "MTState": false,
    "MagneticFieldStrength": 3,
    "Manufacturer": "Philips",
    "ManufacturersModelName": "Ingenia",
    "Modality": "MR",
    "NumberOfVolumes": 65,
    "ParallelAcquisitionTechnique": "SENSE",
    "ParallelReductionFactorInPlane": 2.5,
    "PartialFourierDirection": "PHASE",
    "PartialFourierEnabled": "YES",
    "PatientPosition": "HFS",
    "PercentPhaseFOV": 100,
    "PercentSampling": 100,
    "PhaseEncodingAxis": "j",
    "PhaseEncodingStepsNoPartialFourier": 126,
    "PhaseEncodingStepsOutOfPlane": 1,
    "PhilipsRWVIntercept": 0,
    "PhilipsRWVSlope": 1.97534,
    "PhilipsRescaleIntercept": 0,
    "PhilipsRescaleSlope": 1.97534,
    "PhilipsScaleSlope": 0.012221,
    "PixelBandwidth": 1352,
    "ProcedureStepDescription": "MENINGIOMA OL`F+C",
    "ProtocolName": "DTIshort_64dir_b1500_AP",
    "PulseSequenceName": "DwiSE",
    "ReconMatrixPE": 128,
    "RepetitionTime": 10.0739,
    "SAR": 0.0965667,
    "ScanOptions": "FS",
    "ScanningSequence": "SE",
    "SequenceVariant": "SK",
    "SeriesDescription": "DTIshort_64dir_b1500_AP",
    "SeriesNumber": 901,
    "SliceThickness": 2,
    "SoftwareVersions": "5.4.1\\5.4.1.3",
    "SpacingBetweenSlices": 2,
    "StationName": "PHILIPS-F7TK6PR",
    "UsePhilipsFloatNotDisplayScaling": 1,
    "WaterFatShift": 21.6421,
    "dataset": "<unset>",
    "datatype": "dwi",
    "extension": ".nii.gz",
    "modality": "dwi",
    "run": 1,
    "subject": "olf28",
    "suffix": "dwi"
  },
  "efc_shell01": 0.2908,
  "efc_shell02": 0.44,
  "fa_degenerate": 0.0,
  "fa_nans": 0.0,
  "fber_shell01": 808959.0,
  "fber_shell02": 204150.5781,
  "fd_mean": 4.6233,
  "fd_num": 64,
  "fd_perc": 98.46153846153847,
  "ndc": 0.6103,
  "provenance": {
    "md5sum": "7160de816fb5a0104323c2473d834ad3",
    "settings": {
      "testing": false
    },
    "software": "mriqc",
    "version": "25.1.0.dev45+g699d1691"
  },
  "sigma_cc": 1393.6461,
  "sigma_pca": 601.4836,
  "sigma_piesno": 27.0768,
  "snr_cc_shell0": 6.54,
  "snr_cc_shell1_best": 3.34,
  "snr_cc_shell1_worst": 3.34,
  "spikes_global": 1215.44,
  "spikes_slice_i": 6599.97,
  "spikes_slice_j": 6320.7,
  "spikes_slice_k": 4238.66,
  "summary_bg_k": 109.5796,
  "summary_bg_mad": 0.0,
  "summary_bg_mean": 549.4529,
  "summary_bg_median": 0.0,
  "summary_bg_n": 911693.0,
  "summary_bg_p05": 0.0,
  "summary_bg_p95": 2454.0,
  "summary_bg_stdv": 1765.0651,
  "summary_fg_k": 0.6146,
  "summary_fg_mad": 4486.3543,
  "summary_fg_mean": 11464.281,
  "summary_fg_median": 10229.0,
  "summary_fg_n": 202419.0,
  "summary_fg_p05": 0.0,
  "summary_fg_p95": 26184.0,
  "summary_fg_stdv": 7007.6996,
  "summary_wm_k": 10.1023,
  "summary_wm_mad": 1820.6355,
  "summary_wm_mean": 9949.8443,
  "summary_wm_median": 9490.0,
  "summary_wm_n": 43945.0,
  "summary_wm_p05": 5972.0,
  "summary_wm_p95": 15220.0,
  "summary_wm_stdv": 3359.8921
}
