{
  "NumberOfShells": 1,
  "bValues": [
    0.0,
    1500.0
  ],
  "bValuesEstimation": [
    1500.0
  ],
  "bdiffs_max": 0.426,
  "bdiffs_mean": 0.3174,
  "bdiffs_median": 0.3465,
  "bdiffs_min": 0.059,
  "bids_meta": {
    "AcquisitionMatrixPE": 126,
    "AcquisitionNumber": 9,
    "AcquisitionTime": "13:18:56.800000",
    "BodyPartExamined": "BRAIN",
    "CoilString": "MULTI_COIL",
    "ConversionSoftware": "dcm2niix",
    "ConversionSoftwareVersion": "v1.0.20181125  (JP2:OpenJPEG) GCC9.3.0",
    "Dcm2bidsVersion": "3.1.1",
    "DeviceSerialNumber": "85054",
    "EchoTime": 0.1031,
    "EchoTrainLength": 51,
    "FileSize": 0.02387117315083742,
    "FileSizeUnits": "GB",
    "FlipAngle": 90,
    "ImageOrientationPatientDICOM": [
      0.999113,
      0.0394725,
      -0.0146632,
      -0.0395181,
      0.999215,
      -0.00282769
    ],
    "ImageType": [
      "ORIGINAL",
      "PRIMARY",
      "M",
      "SE",
      "M",
      "SE"
    ],
    "ImagingFrequency": 127.767,
    "InPlanePhaseEncodingDirectionDICOM": "COL",
    "InstitutionAddress": "Nemirovicha-Danchenko_132",
    "InstitutionName": "Novosib_Neurosurgery_Center",
    "InstitutionalDepartmentName": "MRI",
    "MRAcquisitionType": "2D",
    "MagneticFieldStrength": 3,
    "Manufacturer": "Philips",
    "ManufacturersModelName": "Ingenia",
    "Modality": "MR",
    "NumberOfVolumes": 65,
    "PartialFourier": 0.404762,
    "PatientPosition": "HFS",
    "PercentPhaseFOV": 100,
    "PhaseEncodingAxis": "j",
    "PhaseEncodingSteps": 126,
    "PhilipsRWVIntercept": 0,
    "PhilipsRWVSlope": 3.33944,
    "PhilipsRescaleIntercept": 0,
    "PhilipsRescaleSlope": 3.33944,
    "PhilipsScaleSlope": 0.00613879,
    "PixelBandwidth": 1784,
    "ProcedureStepDescription": "HEAD+C_MENINGIOMA_OLFAKTONAYA",
    "ProtocolName": "DTIshort_64dir_b1500_AP",
    "ReconMatrixPE": 128,
    "RepetitionTime": 9.43477,
    "SAR": 0.103181,
    "ScanOptions": "FS",
    "ScanningSequence": "SE",
    "SequenceVariant": "SK",
    "SeriesDescription": "DTIshort_64dir_b1500_AP",
    "SeriesNumber": 901,
    "SliceThickness": 2,
    "SoftwareVersions": "5.4.1_5.4.1.3",
    "SpacingBetweenSlices": 2,
    "StationName": "PHILIPS-F7TK6PR",
    "UsePhilipsFloatNotDisplayScaling": 1,
    "dataset": "<unset>",
    "datatype": "dwi",
    "extension": ".nii.gz",
    "modality": "dwi",
    "run": 1,
    "subject": "olf07",
    "suffix": "dwi"
  },
  "efc_shell01": 0.3254,
  "efc_shell02": 0.414,
  "fa_degenerate": 0.0,
  "fa_nans": 0.0,
  "fber_shell01": -1.0,
  "fber_shell02": 1435713.0,
  "fd_mean": 8.8726,
  "fd_num": 64,
  "fd_perc": 98.46153846153847,
  "ndc": 0.5713,
  "provenance": {
    "md5sum": "10b80665a1e06440d8315c1c05032ae5",
    "settings": {
      "testing": false
    },
    "software": "mriqc",
    "version": "25.1.0.dev45+g699d1691"
  },
  "sigma_cc": 44.4781,
  "sigma_pca": 16.7728,
  "sigma_piesno": 3.3139,
  "snr_cc_shell0": 7.78,
  "snr_cc_shell1_best": 7.88,
  "snr_cc_shell1_worst": 7.88,
  "spikes_global": 1354.9,
  "spikes_slice_i": 5933.61,
  "spikes_slice_j": 5979.57,
  "spikes_slice_k": 3910.95,
  "summary_bg_k": 464.9893,
  "summary_bg_mad": 0.0,
  "summary_bg_mean": 11.2062,
  "summary_bg_median": 0.0,
  "summary_bg_n": 926443.0,
  "summary_bg_p05": 0.0,
  "summary_bg_p95": 43.0,
  "summary_bg_stdv": 61.2992,
  "summary_fg_k": 8.9218,
  "summary_fg_mad": 133.4342,
  "summary_fg_mean": 441.3337,
  "summary_fg_median": 330.0,
  "summary_fg_n": 187669.0,
  "summary_fg_p05": 146.0,
  "summary_fg_p95": 1138.0,
  "summary_fg_stdv": 328.8308,
  "summary_wm_k": 55.8126,
  "summary_wm_mad": 59.3041,
  "summary_wm_mean": 312.5568,
  "summary_wm_median": 293.0,
  "summary_wm_n": 36183.0,
  "summary_wm_p05": 210.0,
  "summary_wm_p95": 464.0,
  "summary_wm_stdv": 123.1584
}
