{
  "aor": 0.008423050000000001,
  "aqi": 0.01277387025,
  "bids_meta": {
    "AcquisitionMatrixPE": 80,
    "AcquisitionNumber": 13,
    "AcquisitionTime": "08:46:41.630000",
    "BodyPartExamined": "BRAIN",
    "CoilString": "MULTI_COIL",
    "ConversionSoftware": "dcm2niix",
    "ConversionSoftwareVersion": "v1.0.20181125  (JP2:OpenJPEG) GCC9.3.0",
    "Dcm2bidsVersion": "3.1.1",
    "DeviceSerialNumber": "85054",
    "EchoTime": 0.03,
    "EchoTrainLength": 27,
    "FileSize": 0.05093619041144848,
    "FileSizeUnits": "GB",
    "FlipAngle": 90,
    "ImageOrientationPatientDICOM": [
      0.997639,
      0.0247161,
      -0.0640682,
      -0.0184062,
      0.995088,
      0.0972711
    ],
    "ImageType": [
      "ORIGINAL",
      "PRIMARY",
      "M",
      "FFE",
      "M",
      "FFE"
    ],
    "ImagingFrequency": 127.766,
    "InPlanePhaseEncodingDirectionDICOM": "COL",
    "InstitutionAddress": "Nemirovicha-Danchenko_132",
    "InstitutionName": "Novosib_Neurosurgery_Center",
    "InstitutionalDepartmentName": "MRI",
    "MRAcquisitionType": "2D",
    "MagneticFieldStrength": 3,
    "Manufacturer": "Philips",
    "ManufacturersModelName": "Ingenia",
    "Modality": "MR",
    "NumberOfVolumes": 200,
    "PartialFourier": 0.3375,
    "PatientPosition": "HFS",
    "PercentPhaseFOV": 100,
    "PhaseEncodingAxis": "j",
    "PhaseEncodingSteps": 80,
    "PhilipsRWVIntercept": 0,
    "PhilipsRWVSlope": 0.750183,
    "PhilipsRescaleIntercept": 0,
    "PhilipsRescaleSlope": 0.750183,
    "PhilipsScaleSlope": 0.0117721,
    "PixelBandwidth": 2271,
    "ProcedureStepDescription": "MENINGIOMA_OLFACTOR+CE",
    "ProtocolName": "rest-fMRI",
    "ReconMatrixPE": 80,
    "RepetitionTime": 3,
    "SAR": 0.108433,
    "ScanOptions": "FS",
    "ScanningSequence": "GR",
    "SequenceVariant": "SK",
    "SeriesDescription": "rest-fMRI",
    "SeriesNumber": 1301,
    "SliceThickness": 3,
    "SoftwareVersions": "5.4.1_5.4.1.3",
    "SpacingBetweenSlices": 3,
    "StationName": "PHILIPS-F7TK6PR",
    "TaskName": "rest",
    "UsePhilipsFloatNotDisplayScaling": 1,
    "dataset": "<unset>",
    "datatype": "func",
    "extension": ".nii.gz",
    "modality": "bold",
    "subject": "olf09fu",
    "suffix": "bold",
    "task": "rest"
  },
  "dummy_trs": 0,
  "dvars_nstd": 54.01512353974872,
  "dvars_std": 1.2445770065829145,
  "dvars_vstd": 1.0866680985427146,
  "efc": 0.416,
  "fber": 176701.0781,
  "fd_mean": 0.6395361630116128,
  "fd_num": 191,
  "fd_perc": 95.5,
  "fwhm_avg": 2.507782222222222,
  "fwhm_x": 2.502056666666667,
  "fwhm_y": 2.6781733333333335,
  "fwhm_z": 2.3431166666666665,
  "gcor": 0.00971654,
  "gsr_x": -0.0045495969243347645,
  "gsr_y": 0.012595629319548607,
  "provenance": {
    "md5sum": "8f41da7e55a90a1e1905a09e0b0e1b39",
    "settings": {
      "fd_thres": 0.2,
      "testing": false
    },
    "software": "mriqc",
    "version": "25.1.0.dev45+g699d1691"
  },
  "size_t": 200,
  "size_x": 80,
  "size_y": 80,
  "size_z": 45,
  "snr": 2.7033196432558286,
  "spacing_tr": 2.9999990463256836,
  "spacing_x": 3.0,
  "spacing_y": 3.0,
  "spacing_z": 3.0,
  "summary_bg_k": 136.9096,
  "summary_bg_mad": 2.7648,
  "summary_bg_mean": 19.9757,
  "summary_bg_median": 2.0,
  "summary_bg_n": 228998.0,
  "summary_bg_p05": 0.0,
  "summary_bg_p95": 84.0,
  "summary_bg_stdv": 58.7471,
  "summary_fg_k": 0.6618,
  "summary_fg_mad": 238.9805,
  "summary_fg_mean": 841.7784,
  "summary_fg_median": 837.0,
  "summary_fg_n": 59002.0,
  "summary_fg_p05": 243.0,
  "summary_fg_p95": 1370.0,
  "summary_fg_stdv": 309.6167,
  "tsnr": 33.47675606911071
}
