{
  "NumberOfShells": 1,
  "bValues": [
    0.0,
    1500.0
  ],
  "bValuesEstimation": [
    1500.0
  ],
  "bdiffs_max": 0.0404,
  "bdiffs_mean": 0.0252,
  "bdiffs_median": 0.0267,
  "bdiffs_min": 0.0014,
  "bids_meta": {
    "AcquisitionDuration": 765.515,
    "AcquisitionMatrixPE": 126,
    "AcquisitionNumber": 9,
    "AcquisitionTime": "08:27:8.560000",
    "BodyPartExamined": "BRAIN",
    "CoilString": "MULTI COIL",
    "ConversionSoftware": "dcm2niix",
    "ConversionSoftwareVersion": "v1.0.20230411",
    "Dcm2bidsVersion": "3.0.1",
    "DeviceSerialNumber": "85054",
    "EchoTime": 0.103557,
    "EchoTrainLength": 51,
    "EstimatedEffectiveEchoSpacing": 0.000312546,
    "EstimatedTotalReadoutTime": 0.0396933,
    "FileSize": 0.027176990173757076,
    "FileSizeUnits": "GB",
    "FlipAngle": 90,
    "FrequencyEncodingSteps": 128,
    "ImageOrientationPatientDICOM": [
      0.992458,
      -0.0817434,
      -0.091347,
      0.0854446,
      0.995642,
      0.0373634
    ],
    "ImageType": [
      "ORIGINAL",
      "PRIMARY",
      "M",
      "SE",
      "M",
      "SE"
    ],
    "ImagingFrequency": 127.777032,
    "InPlanePhaseEncodingDirectionDICOM": "COL",
    "InstitutionAddress": "Nemirovicha-Danchenko 132",
    "InstitutionName": "Novosib Neurosurgery Center",
    "InstitutionalDepartmentName": "MRI",
    "MRAcquisitionType": "2D",
    "MTState": false,
    "MagneticFieldStrength": 3,
    "Manufacturer": "Philips",
    "ManufacturersModelName": "Ingenia",
    "Modality": "MR",
    "NumberOfVolumes": 65,
    "ParallelAcquisitionTechnique": "SENSE",
    "ParallelReductionFactorInPlane": 2.5,
    "PartialFourierDirection": "PHASE",
    "PartialFourierEnabled": "YES",
    "PatientPosition": "HFS",
    "PercentPhaseFOV": 100,
    "PercentSampling": 100,
    "PhaseEncodingAxis": "j",
    "PhaseEncodingStepsNoPartialFourier": 126,
    "PhaseEncodingStepsOutOfPlane": 1,
    "PhilipsRWVIntercept": 0,
    "PhilipsRWVSlope": 2.25128,
    "PhilipsRescaleIntercept": 0,
    "PhilipsRescaleSlope": 2.25128,
    "PhilipsScaleSlope": 0.00960462,
    "PixelBandwidth": 1786,
    "ProcedureStepDescription": "HEAD+C+NAUKA",
    "ProtocolName": "DTIshort_64dir_b1500_AP",
    "PulseSequenceName": "DwiSE",
    "ReconMatrixPE": 128,
    "RepetitionTime": 9.47364,
    "SAR": 0.102781,
    "ScanOptions": "FS",
    "ScanningSequence": "SE",
    "SequenceVariant": "SK",
    "SeriesDescription": "DTIshort_64dir_b1500_AP",
    "SeriesNumber": 901,
    "SliceThickness": 2,
    "SoftwareVersions": "5.4.1\\5.4.1.3",
    "SpacingBetweenSlices": 2,
    "StationName": "PHILIPS-F7TK6PR",
    "UsePhilipsFloatNotDisplayScaling": 1,
    "WaterFatShift": 17.5826,
    "dataset": "<unset>",
    "datatype": "dwi",
    "extension": ".nii.gz",
    "modality": "dwi",
    "run": 1,
    "subject": "olf01fu",
    "suffix": "dwi"
  },
  "efc_shell01": 0.3207,
  "efc_shell02": 0.4222,
  "fa_degenerate": 0.0,
  "fa_nans": 0.0,
  "fber_shell01": 5235663.0,
  "fber_shell02": 935148.625,
  "fd_mean": 2.6496,
  "fd_num": 64,
  "fd_perc": 98.46153846153847,
  "ndc": 0.6989,
  "provenance": {
    "md5sum": "e814cf52e22e0f92bc44b3b53f281ca9",
    "settings": {
      "testing": false
    },
    "software": "mriqc",
    "version": "25.1.0.dev45+g699d1691"
  },
  "sigma_cc": 1699.0621,
  "sigma_pca": 718.8532,
  "sigma_piesno": 33.8754,
  "snr_cc_shell0": 7.76,
  "snr_cc_shell1_best": 20.89,
  "snr_cc_shell1_worst": 20.89,
  "spikes_global": 1324.32,
  "spikes_slice_i": 6835.05,
  "spikes_slice_j": 6315.4,
  "spikes_slice_k": 4245.23,
  "summary_bg_k": 139.1469,
  "summary_bg_mad": 0.0,
  "summary_bg_mean": 439.1898,
  "summary_bg_median": 0.0,
  "summary_bg_n": 918426.0,
  "summary_bg_p05": 0.0,
  "summary_bg_p95": 2184.0,
  "summary_bg_stdv": 1337.1834,
  "summary_fg_k": -0.0437,
  "summary_fg_mad": 5248.4119,
  "summary_fg_mean": 12402.1112,
  "summary_fg_median": 12389.0,
  "summary_fg_n": 195686.0,
  "summary_fg_p05": 0.0,
  "summary_fg_p95": 27070.0,
  "summary_fg_stdv": 7682.8088,
  "summary_wm_k": 8.4537,
  "summary_wm_mad": 2008.926,
  "summary_wm_mean": 12976.4034,
  "summary_wm_median": 12701.0,
  "summary_wm_n": 41588.0,
  "summary_wm_p05": 9371.0,
  "summary_wm_p95": 17284.0,
  "summary_wm_stdv": 3050.5458
}
