{
  "aor": 0.005650750000000001,
  "aqi": 0.010054202299999999,
  "bids_meta": {
    "AcquisitionDuration": 620.91,
    "AcquisitionMatrixPE": 80,
    "AcquisitionNumber": 13,
    "AcquisitionTime": "16:44:38.870000",
    "BodyPartExamined": "BRAIN",
    "CoilString": "MULTI COIL",
    "ConversionSoftware": "dcm2niix",
    "ConversionSoftwareVersion": "v1.0.20230411",
    "Dcm2bidsVersion": "3.0.1",
    "DeviceSerialNumber": "85054",
    "EchoTime": 0.03,
    "EchoTrainLength": 27,
    "EstimatedEffectiveEchoSpacing": 0.000191119,
    "EstimatedTotalReadoutTime": 0.0150984,
    "FileSize": 0.04660438746213913,
    "FileSizeUnits": "GB",
    "FlipAngle": 90,
    "FrequencyEncodingSteps": 80,
    "ImageOrientationPatientDICOM": [
      0.998895,
      0.0272592,
      0.0382793,
      -0.0139731,
      0.950014,
      -0.311893
    ],
    "ImageType": [
      "ORIGINAL",
      "PRIMARY",
      "M",
      "FFE",
      "M",
      "FFE"
    ],
    "ImagingFrequency": 127.777088,
    "InPlanePhaseEncodingDirectionDICOM": "COL",
    "InstitutionAddress": "Nemirovicha-Danchenko 132",
    "InstitutionName": "Novosib Neurosurgery Center",
    "InstitutionalDepartmentName": "MRI",
    "MRAcquisitionType": "2D",
    "MTState": false,
    "MagneticFieldStrength": 3,
    "Manufacturer": "Philips",
    "ManufacturersModelName": "Ingenia",
    "Modality": "MR",
    "NumberOfVolumes": 200,
    "ParallelAcquisitionTechnique": "SENSE",
    "ParallelReductionFactorInPlane": 3,
    "PatientPosition": "HFS",
    "PercentPhaseFOV": 100,
    "PercentSampling": 100,
    "PhaseEncodingAxis": "j",
    "PhaseEncodingSteps": 80,
    "PhaseEncodingStepsOutOfPlane": 1,
    "PhilipsRWVIntercept": 0,
    "PhilipsRWVSlope": 0.788034,
    "PhilipsRescaleIntercept": 0,
    "PhilipsRescaleSlope": 0.788034,
    "PhilipsScaleSlope": 0.0127703,
    "PixelBandwidth": 2270,
    "ProcedureStepDescription": "HEAD+CE",
    "ProtocolName": "rest-fMRI",
    "PulseSequenceName": "FEEPI",
    "ReconMatrixPE": 80,
    "RepetitionTime": 3,
    "SAR": 0.108664,
    "ScanOptions": "FS",
    "ScanningSequence": "GR",
    "SequenceVariant": "SK",
    "SeriesDescription": "rest-fMRI",
    "SeriesNumber": 1301,
    "SliceThickness": 3,
    "SoftwareVersions": "5.4.1\\5.4.1.3",
    "SpacingBetweenSlices": 3,
    "StationName": "PHILIPS-F7TK6PR",
    "TaskName": "rest",
    "UsePhilipsFloatNotDisplayScaling": 1,
    "WaterFatShift": 6.80232,
    "dataset": "<unset>",
    "datatype": "func",
    "extension": ".nii.gz",
    "modality": "bold",
    "subject": "olf24",
    "suffix": "bold",
    "task": "rest"
  },
  "dummy_trs": 0,
  "dvars_nstd": 33.538358477286444,
  "dvars_std": 1.1267259079396974,
  "dvars_vstd": 1.0380383252763818,
  "efc": 0.3594,
  "fber": 264410.5625,
  "fd_mean": 0.3163446685194261,
  "fd_num": 130,
  "fd_perc": 65.0,
  "fwhm_avg": 2.7572677777777774,
  "fwhm_x": 2.7725833333333334,
  "fwhm_y": 2.90578,
  "fwhm_z": 2.5934399999999997,
  "gcor": 0.0103348,
  "gsr_x": -0.01174357533454895,
  "gsr_y": -0.002767471829429269,
  "provenance": {
    "md5sum": "289aa106a2ce68a7f78865f45c80cc7d",
    "settings": {
      "fd_thres": 0.2,
      "testing": false
    },
    "software": "mriqc",
    "version": "25.1.0.dev45+g699d1691"
  },
  "size_t": 200,
  "size_x": 80,
  "size_y": 80,
  "size_z": 45,
  "snr": 2.6780540539279256,
  "spacing_tr": 2.9999990463256836,
  "spacing_x": 3.0,
  "spacing_y": 3.0,
  "spacing_z": 3.0,
  "summary_bg_k": 153.8862,
  "summary_bg_mad": 248.7377,
  "summary_bg_mean": 2093.7761,
  "summary_bg_median": 182.0,
  "summary_bg_n": 244680.0,
  "summary_bg_p05": 1.0,
  "summary_bg_p95": 9240.0,
  "summary_bg_stdv": 6606.6681,
  "summary_fg_k": 1.3325,
  "summary_fg_mad": 20464.2658,
  "summary_fg_mean": 93322.7354,
  "summary_fg_median": 93735.0,
  "summary_fg_n": 43320.0,
  "summary_fg_p05": 23086.0,
  "summary_fg_p95": 156746.0,
  "summary_fg_stdv": 35000.7566,
  "tsnr": 46.60086721694097
}
