{
  "bids_meta": {
    "AcquisitionDuration": 370.908,
    "AcquisitionMatrixPE": 240,
    "AcquisitionNumber": 12,
    "AcquisitionTime": "08:53:27.090000",
    "BodyPartExamined": "BRAIN",
    "CoilString": "MULTI COIL",
    "ConversionSoftware": "dcm2niix",
    "ConversionSoftwareVersion": "v1.0.20230411",
    "Dcm2bidsVersion": "3.0.1",
    "DeviceSerialNumber": "85054",
    "EchoTime": 0.003227,
    "EchoTrainLength": 204,
    "EstimatedEffectiveEchoSpacing": 7.1789e-6,
    "EstimatedTotalReadoutTime": 0.00366842,
    "FileSize": 0.0343621289357543,
    "FileSizeUnits": "GB",
    "FlipAngle": 8,
    "FrequencyEncodingSteps": 240,
    "ImageOrientationPatientDICOM": [
      0.993092,
      0.108114,
      0.0456002,
      -0.0558609,
      0.777379,
      -0.626547
    ],
    "ImageType": [
      "ORIGINAL",
      "PRIMARY",
      "M",
      "FFE",
      "M",
      "FFE"
    ],
    "ImagingFrequency": 127.777368,
    "InPlanePhaseEncodingDirectionDICOM": "COL",
    "InstitutionAddress": "Nemirovicha-Danchenko 132",
    "InstitutionName": "Novosib Neurosurgery Center",
    "InstitutionalDepartmentName": "MRI",
    "MRAcquisitionType": "3D",
    "MTState": false,
    "MagneticFieldStrength": 3,
    "Manufacturer": "Philips",
    "ManufacturersModelName": "Ingenia",
    "Modality": "MR",
    "NumberOfVolumes": 1,
    "ParallelAcquisitionTechnique": "SENSE",
    "ParallelReductionFactorOutOfPlane": 2.2,
    "PartialFourierDirection": "PHASE",
    "PartialFourierEnabled": "YES",
    "PatientPosition": "HFS",
    "PercentPhaseFOV": 100,
    "PercentSampling": 100,
    "PhaseEncodingAxis": "j",
    "PhaseEncodingStepsNoPartialFourier": 240,
    "PhaseEncodingStepsOutOfPlane": 192,
    "PhilipsRWVIntercept": 0,
    "PhilipsRWVSlope": 2.47277,
    "PhilipsRescaleIntercept": 0,
    "PhilipsRescaleSlope": 2.47277,
    "PhilipsScaleSlope": 0.014797,
    "PixelBandwidth": 271,
    "ProcedureStepDescription": "HEAD+C",
    "ProtocolName": "sT1W_3D_CE",
    "PulseSequenceName": "T1TFE",
    "ReconMatrixPE": 512,
    "RepetitionTime": 0.0070038,
    "SAR": 0.0231826,
    "ScanOptions": "PFP",
    "ScanningSequence": "GR",
    "SequenceVariant": "MP",
    "SeriesDescription": "sT1W_3D_CE",
    "SeriesNumber": 1201,
    "SliceThickness": 1,
    "SoftwareVersions": "5.4.1\\5.4.1.3",
    "SpacingBetweenSlices": 1,
    "SpoilingState": true,
    "SpoilingType": "COMBINED",
    "StationName": "PHILIPS-F7TK6PR",
    "UsePhilipsFloatNotDisplayScaling": 1,
    "WaterFatShift": 1.60153,
    "dataset": "<unset>",
    "datatype": "anat",
    "extension": ".nii.gz",
    "modality": "T1w",
    "run": 2,
    "subject": "olf06fu",
    "suffix": "T1w"
  },
  "cjv": 0.9583623481781376,
  "cnr": 0.9297895462152075,
  "efc": 0.6636,
  "fber": -1.0,
  "fwhm_avg": 4.198494222222222,
  "fwhm_x": 4.750336,
  "fwhm_y": 5.329066666666667,
  "fwhm_z": 2.51608,
  "icvs_csf": 0.21042563984664125,
  "icvs_gm": 0.4066411766021811,
  "icvs_wm": 0.3829331835511776,
  "inu_med": 0.8547443151473999,
  "inu_range": 0.33023025989532473,
  "provenance": {
    "md5sum": "f43579b03c7134f83455d93667421413",
    "settings": {
      "testing": false
    },
    "software": "mriqc",
    "version": "25.1.0.dev45+g699d1691",
    "warnings": {
      "large_rot_frame": true,
      "small_air_mask": false
    }
  },
  "qi_1": 0.0,
  "qi_2": 0.001351948089299815,
  "rpve_csf": 8.135709343950074,
  "rpve_gm": 7.977005551774761,
  "rpve_wm": 7.989017672168805,
  "size_x": 512,
  "size_y": 512,
  "size_z": 192,
  "snr_csf": 1.849614188688996,
  "snr_gm": 3.7443498652999634,
  "snr_total": 3.8623658616200793,
  "snr_wm": 5.99313353087128,
  "snrd_csf": 20.405038861660078,
  "snrd_gm": 11.171721784302653,
  "snrd_total": 15.467779035573123,
  "snrd_wm": 14.826576460756636,
  "spacing_x": 0.46875,
  "spacing_y": 0.46875,
  "spacing_z": 1.0,
  "summary_bg_k": 391.4345,
  "summary_bg_mad": 0.0,
  "summary_bg_mean": 8.3547,
  "summary_bg_median": 0.0,
  "summary_bg_n": 21106977.0,
  "summary_bg_p05": 0.0,
  "summary_bg_p95": 42.0,
  "summary_bg_stdv": 44.275,
  "summary_csf_k": 0.0474,
  "summary_csf_mad": 1073.2215,
  "summary_csf_mean": 1451.1896,
  "summary_csf_median": 1379.0,
  "summary_csf_n": 1287071.1619752478,
  "summary_csf_p05": 273.0,
  "summary_csf_p95": 2633.0,
  "summary_csf_stdv": 745.5606,
  "summary_gm_k": 30.3973,
  "summary_gm_mad": 110.6022,
  "summary_gm_mean": 770.5885,
  "summary_gm_median": 755.0,
  "summary_gm_n": 2487226.0436408273,
  "summary_gm_p05": 450.0,
  "summary_gm_p95": 1114.0,
  "summary_gm_stdv": 201.6371,
  "summary_wm_k": 24.0257,
  "summary_wm_mad": 126.1133,
  "summary_wm_mean": 977.3126,
  "summary_wm_median": 1002.0,
  "summary_wm_n": 2342215.7959044073,
  "summary_wm_p05": 693.0,
  "summary_wm_p95": 1211.0,
  "summary_wm_stdv": 167.1913,
  "tpm_overlap_csf": 0.20798984901353165,
  "tpm_overlap_gm": 0.5243131477129214,
  "tpm_overlap_wm": 0.5391068815032911,
  "wm2max": 0.34148952647261127
}
