{
  "bids_meta": {
    "AcquisitionDuration": 370.906,
    "AcquisitionMatrixPE": 240,
    "AcquisitionNumber": 4,
    "AcquisitionTime": "08:13:24.390000",
    "BodyPartExamined": "BRAIN",
    "CoilString": "MULTI COIL",
    "ConversionSoftware": "dcm2niix",
    "ConversionSoftwareVersion": "v1.0.20230411",
    "Dcm2bidsVersion": "3.0.1",
    "DeviceSerialNumber": "85054",
    "EchoTime": 0.003218,
    "EchoTrainLength": 204,
    "EstimatedEffectiveEchoSpacing": 7.1789e-6,
    "EstimatedTotalReadoutTime": 0.00366842,
    "FileSize": 0.029695164412260056,
    "FileSizeUnits": "GB",
    "FlipAngle": 8,
    "FrequencyEncodingSteps": 240,
    "ImageOrientationPatientDICOM": [
      0.995077,
      0.0928947,
      0.0345249,
      -0.0509374,
      0.77825,
      -0.625885
    ],
    "ImageType": [
      "ORIGINAL",
      "PRIMARY",
      "M",
      "FFE",
      "M",
      "FFE"
    ],
    "ImagingFrequency": 127.777352,
    "InPlanePhaseEncodingDirectionDICOM": "COL",
    "InstitutionAddress": "Nemirovicha-Danchenko 132",
    "InstitutionName": "Novosib Neurosurgery Center",
    "InstitutionalDepartmentName": "MRI",
    "MRAcquisitionType": "3D",
    "MTState": false,
    "MagneticFieldStrength": 3,
    "Manufacturer": "Philips",
    "ManufacturersModelName": "Ingenia",
    "Modality": "MR",
    "NumberOfVolumes": 1,
    "ParallelAcquisitionTechnique": "SENSE",
    "ParallelReductionFactorOutOfPlane": 2.2,
    "PartialFourierDirection": "PHASE",
    "PartialFourierEnabled": "YES",
    "PatientPosition": "HFS",
    "PercentPhaseFOV": 100,
    "PercentSampling": 100,
    "PhaseEncodingAxis": "j",
    "PhaseEncodingStepsNoPartialFourier": 240,
    "PhaseEncodingStepsOutOfPlane": 192,
    "PhilipsRWVIntercept": 0,
    "PhilipsRWVSlope": 11.5421,
    "PhilipsRescaleIntercept": 0,
    "PhilipsRescaleSlope": 11.5421,
    "PhilipsScaleSlope": 0.014797,
    "PixelBandwidth": 271,
    "ProcedureStepDescription": "HEAD+C",
    "ProtocolName": "sT1W_3D",
    "PulseSequenceName": "T1TFE",
    "ReconMatrixPE": 512,
    "RepetitionTime": 0.0069879,
    "SAR": 0.0231826,
    "ScanOptions": "PFP",
    "ScanningSequence": "GR",
    "SequenceVariant": "MP",
    "SeriesDescription": "sT1W_3D",
    "SeriesNumber": 401,
    "SliceThickness": 1,
    "SoftwareVersions": "5.4.1\\5.4.1.3",
    "SpacingBetweenSlices": 1,
    "SpoilingState": true,
    "SpoilingType": "COMBINED",
    "StationName": "PHILIPS-F7TK6PR",
    "UsePhilipsFloatNotDisplayScaling": 1,
    "WaterFatShift": 1.60153,
    "dataset": "<unset>",
    "datatype": "anat",
    "extension": ".nii.gz",
    "modality": "T1w",
    "run": 1,
    "subject": "olf06fu",
    "suffix": "T1w"
  },
  "cjv": 0.5390298136645962,
  "cnr": 1.9941990165510444,
  "efc": 0.6876,
  "fber": 14353.9903,
  "fwhm_avg": 6.392518444444445,
  "fwhm_x": 7.812757333333334,
  "fwhm_y": 7.435008,
  "fwhm_z": 3.92979,
  "icvs_csf": 0.27216632713349215,
  "icvs_gm": 0.38154523688300845,
  "icvs_wm": 0.34628843598349934,
  "inu_med": 0.657113254070282,
  "inu_range": 0.2810541033744812,
  "provenance": {
    "md5sum": "c39d2ec1db8a87f6810ce4d612ffc0cf",
    "settings": {
      "testing": false
    },
    "software": "mriqc",
    "version": "25.1.0.dev45+g699d1691",
    "warnings": {
      "large_rot_frame": true,
      "small_air_mask": false
    }
  },
  "qi_1": 0.0,
  "qi_2": 0.0008402537569177195,
  "rpve_csf": 7.942598744696294,
  "rpve_gm": 7.877320303117483,
  "rpve_wm": 7.993212871948368,
  "size_x": 512,
  "size_y": 512,
  "size_z": 192,
  "snr_csf": 2.1916782278218494,
  "snr_gm": 5.068325104437426,
  "snr_total": 5.607637952518573,
  "snr_wm": 9.562910525296445,
  "snrd_csf": 11.434784997049134,
  "snrd_gm": 17.330417549484537,
  "snrd_total": 18.308452717097854,
  "snrd_wm": 26.160155604759886,
  "spacing_x": 0.46875,
  "spacing_y": 0.46875,
  "spacing_z": 1.0,
  "summary_bg_k": 242.4964,
  "summary_bg_mad": 0.0,
  "summary_bg_mean": 3.7376,
  "summary_bg_median": 0.0,
  "summary_bg_n": 20976599.0,
  "summary_bg_p05": 0.0,
  "summary_bg_p95": 16.0,
  "summary_bg_stdv": 23.8913,
  "summary_csf_k": -0.4621,
  "summary_csf_mad": 130.4323,
  "summary_csf_mean": 410.5742,
  "summary_csf_median": 417.0,
  "summary_csf_n": 1697666.5878172778,
  "summary_csf_p05": 87.0,
  "summary_csf_p95": 704.0,
  "summary_csf_stdv": 190.2651,
  "summary_gm_k": -0.3384,
  "summary_gm_mad": 94.5831,
  "summary_gm_mean": 639.4004,
  "summary_gm_median": 632.0,
  "summary_gm_n": 2379929.2411342645,
  "summary_gm_p05": 444.0,
  "summary_gm_p95": 860.0,
  "summary_gm_stdv": 124.696,
  "summary_wm_k": 0.2487,
  "summary_wm_mad": 78.9845,
  "summary_wm_mean": 936.0821,
  "summary_wm_median": 954.0,
  "summary_wm_n": 2160011.172977856,
  "summary_wm_p05": 744.0,
  "summary_wm_p95": 1068.0,
  "summary_wm_stdv": 99.7604,
  "tpm_overlap_csf": 0.18958147572691944,
  "tpm_overlap_gm": 0.4986968713788895,
  "tpm_overlap_wm": 0.49795550541994255,
  "wm2max": 0.637327988072962
}
