{
  "bids_meta": {
    "AcquisitionDuration": 370.876,
    "AcquisitionMatrixPE": 240,
    "AcquisitionNumber": 15,
    "AcquisitionTime": "08:57:44.370000",
    "BodyPartExamined": "BRAIN",
    "CoilString": "MULTI COIL",
    "ConversionSoftware": "dcm2niix",
    "ConversionSoftwareVersion": "v1.0.20230411",
    "Dcm2bidsVersion": "3.0.1",
    "DeviceSerialNumber": "85054",
    "EchoTime": 0.003023,
    "EchoTrainLength": 204,
    "EstimatedEffectiveEchoSpacing": 7.1789e-6,
    "EstimatedTotalReadoutTime": 0.00366842,
    "FileSize": 0.025217901915311813,
    "FileSizeUnits": "GB",
    "FlipAngle": 8,
    "FrequencyEncodingSteps": 240,
    "ImageOrientationPatientDICOM": [
      0.999671,
      -0.0252399,
      0.00464076,
      0.0256583,
      0.979554,
      -0.199539
    ],
    "ImageType": [
      "ORIGINAL",
      "PRIMARY",
      "M",
      "FFE",
      "M",
      "FFE"
    ],
    "ImagingFrequency": 127.7772,
    "InPlanePhaseEncodingDirectionDICOM": "COL",
    "InstitutionAddress": "Nemirovicha-Danchenko 132",
    "InstitutionName": "Novosib Neurosurgery Center",
    "InstitutionalDepartmentName": "MRI",
    "MRAcquisitionType": "3D",
    "MTState": false,
    "MagneticFieldStrength": 3,
    "Manufacturer": "Philips",
    "ManufacturersModelName": "Ingenia",
    "Modality": "MR",
    "NumberOfVolumes": 1,
    "ParallelAcquisitionTechnique": "SENSE",
    "ParallelReductionFactorOutOfPlane": 2.2,
    "PartialFourierDirection": "PHASE",
    "PartialFourierEnabled": "YES",
    "PatientPosition": "HFS",
    "PercentPhaseFOV": 100,
    "PercentSampling": 100,
    "PhaseEncodingAxis": "j",
    "PhaseEncodingStepsNoPartialFourier": 240,
    "PhaseEncodingStepsOutOfPlane": 192,
    "PhilipsRWVIntercept": 0,
    "PhilipsRWVSlope": 2.72234,
    "PhilipsRescaleIntercept": 0,
    "PhilipsRescaleSlope": 2.72234,
    "PhilipsScaleSlope": 0.0130037,
    "PixelBandwidth": 271,
    "ProcedureStepDescription": "HAED+C (OL`F MENING)",
    "ProtocolName": "sT1W_3D_CE",
    "PulseSequenceName": "T1TFE",
    "ReconMatrixPE": 512,
    "RepetitionTime": 0.0067337,
    "SAR": 0.0231826,
    "ScanOptions": "PFP",
    "ScanningSequence": "GR",
    "SequenceVariant": "MP",
    "SeriesDescription": "sT1W_3D_CE",
    "SeriesNumber": 1501,
    "SliceThickness": 1,
    "SoftwareVersions": "5.4.1\\5.4.1.3",
    "SpacingBetweenSlices": 1,
    "SpoilingState": true,
    "SpoilingType": "COMBINED",
    "StationName": "PHILIPS-F7TK6PR",
    "UsePhilipsFloatNotDisplayScaling": 1,
    "WaterFatShift": 1.60153,
    "dataset": "<unset>",
    "datatype": "anat",
    "extension": ".nii.gz",
    "modality": "T1w",
    "run": 2,
    "subject": "olf23fu",
    "suffix": "T1w"
  },
  "cjv": 0.8243196480938415,
  "cnr": 1.1291989189302885,
  "efc": 0.7365,
  "fber": -1.0,
  "fwhm_avg": 4.8401882222222214,
  "fwhm_x": 5.495616,
  "fwhm_y": 6.1404586666666665,
  "fwhm_z": 2.88449,
  "icvs_csf": 0.23511829374884566,
  "icvs_gm": 0.3870789919663545,
  "icvs_wm": 0.37780271428479983,
  "inu_med": 0.8454858064651489,
  "inu_range": 0.368187564611435,
  "provenance": {
    "md5sum": "03943eb6786772c6e5a8c61fc99b6d66",
    "settings": {
      "testing": false
    },
    "software": "mriqc",
    "version": "25.1.0.dev45+g699d1691",
    "warnings": {
      "large_rot_frame": true,
      "small_air_mask": false
    }
  },
  "qi_1": 0.0,
  "qi_2": 0.0013722078757879262,
  "rpve_csf": 7.30666960734726,
  "rpve_gm": 7.226081076495832,
  "rpve_wm": 7.3071888316479345,
  "size_x": 512,
  "size_y": 512,
  "size_z": 192,
  "snr_csf": 1.0595205135701582,
  "snr_gm": 2.162195671533441,
  "snr_total": 3.112913522272605,
  "snr_wm": 6.117024381714216,
  "snrd_csf": 12.020197027236456,
  "snrd_gm": 11.852375777292492,
  "snrd_total": 14.292776453560975,
  "snrd_wm": 19.00575655615398,
  "spacing_x": 0.46875,
  "spacing_y": 0.46875,
  "spacing_z": 1.0,
  "summary_bg_k": 553.944,
  "summary_bg_mad": 0.0,
  "summary_bg_mean": 3.0886,
  "summary_bg_median": 0.0,
  "summary_bg_n": 22335005.0,
  "summary_bg_p05": 0.0,
  "summary_bg_p95": 0.0,
  "summary_bg_stdv": 31.2302,
  "summary_csf_k": -0.7131,
  "summary_csf_mad": 781.1324,
  "summary_csf_mean": 629.6562,
  "summary_csf_median": 573.0,
  "summary_csf_n": 1580290.0075277742,
  "summary_csf_p05": 35.0,
  "summary_csf_p95": 1881.0,
  "summary_csf_stdv": 540.8105,
  "summary_gm_k": -0.1229,
  "summary_gm_mad": 143.9732,
  "summary_gm_mean": 519.8044,
  "summary_gm_median": 565.0,
  "summary_gm_n": 2601656.610275383,
  "summary_gm_p05": 67.0,
  "summary_gm_p95": 958.0,
  "summary_gm_stdv": 261.3084,
  "summary_wm_k": 2.3004,
  "summary_wm_mad": 137.1198,
  "summary_wm_mean": 875.5516,
  "summary_wm_median": 906.0,
  "summary_wm_n": 2539308.3825238124,
  "summary_wm_p05": 621.0,
  "summary_wm_p95": 1071.0,
  "summary_wm_stdv": 148.1112,
  "tpm_overlap_csf": 0.27005728524211636,
  "tpm_overlap_gm": 0.4942911431408736,
  "tpm_overlap_wm": 0.5402485191171711,
  "wm2max": 0.3861842894203294
}
