{
  "bids_meta": {
    "AcquisitionMatrixPE": 240,
    "AcquisitionNumber": 3,
    "AcquisitionTime": "16:36:46.970000",
    "BodyPartExamined": "BRAIN",
    "CoilString": "MULTI_COIL",
    "ConversionSoftware": "dcm2niix",
    "ConversionSoftwareVersion": "v1.0.20181125  (JP2:OpenJPEG) GCC9.3.0",
    "Dcm2bidsVersion": "3.1.1",
    "DeviceSerialNumber": "85054",
    "EchoTime": 0.003129,
    "EchoTrainLength": 204,
    "FileSize": 0.027505215257406235,
    "FileSizeUnits": "GB",
    "FlipAngle": 8,
    "ImageOrientationPatientDICOM": [
      0.98893,
      0.134613,
      0.0624306,
      -0.11177,
      0.952497,
      -0.283296
    ],
    "ImageType": [
      "ORIGINAL",
      "PRIMARY",
      "M",
      "FFE",
      "M",
      "FFE"
    ],
    "ImagingFrequency": 127.766,
    "InPlanePhaseEncodingDirectionDICOM": "COL",
    "InstitutionAddress": "Nemirovicha-Danchenko_132",
    "InstitutionName": "Novosib_Neurosurgery_Center",
    "InstitutionalDepartmentName": "MRI",
    "MRAcquisitionType": "3D",
    "MagneticFieldStrength": 3,
    "Manufacturer": "Philips",
    "ManufacturersModelName": "Ingenia",
    "Modality": "MR",
    "NumberOfVolumes": 1,
    "PatientPosition": "HFS",
    "PercentPhaseFOV": 100,
    "PhaseEncodingSteps": 240,
    "PhilipsRWVIntercept": 0,
    "PhilipsRWVSlope": 4.16679,
    "PhilipsRescaleIntercept": 0,
    "PhilipsRescaleSlope": 4.16679,
    "PhilipsScaleSlope": 0.0135933,
    "PixelBandwidth": 271,
    "ProcedureStepDescription": "HEAD+C",
    "ProtocolName": "sT1W_3D",
    "ReconMatrixPE": 512,
    "RepetitionTime": 0.0069122,
    "SAR": 0.0231826,
    "ScanOptions": "PFP",
    "ScanningSequence": "GR",
    "SequenceVariant": "MP",
    "SeriesDescription": "sT1W_3D",
    "SeriesNumber": 301,
    "SliceThickness": 1,
    "SoftwareVersions": "5.4.1_5.4.1.3",
    "SpacingBetweenSlices": 1,
    "StationName": "PHILIPS-F7TK6PR",
    "UsePhilipsFloatNotDisplayScaling": 1,
    "dataset": "<unset>",
    "datatype": "anat",
    "extension": ".nii.gz",
    "modality": "T1w",
    "run": 1,
    "subject": "olf06",
    "suffix": "T1w"
  },
  "cjv": 0.5529754098360655,
  "cnr": 1.658667758032568,
  "efc": 0.7519,
  "fber": 13489.3707,
  "fwhm_avg": 6.849140222222222,
  "fwhm_x": 8.156778666666666,
  "fwhm_y": 8.234752,
  "fwhm_z": 4.15589,
  "icvs_csf": 0.2463955756321374,
  "icvs_gm": 0.39950007674081867,
  "icvs_wm": 0.354104347627044,
  "inu_med": 0.6458956003189087,
  "inu_range": 0.30664579570293415,
  "provenance": {
    "md5sum": "0a7b17e41a08f1751c8a70eb394c87c1",
    "settings": {
      "testing": false
    },
    "software": "mriqc",
    "version": "25.1.0.dev45+g699d1691",
    "warnings": {
      "large_rot_frame": true,
      "small_air_mask": false
    }
  },
  "qi_1": 0.0,
  "qi_2": 0.001721792364690441,
  "rpve_csf": 7.531673405057638,
  "rpve_gm": 7.431003890809087,
  "rpve_wm": 7.536254977812524,
  "size_x": 512,
  "size_y": 512,
  "size_z": 192,
  "snr_csf": 2.1807704840581,
  "snr_gm": 5.269609017684924,
  "snr_total": 4.713562717919236,
  "snr_wm": 6.690308652014683,
  "snrd_csf": 12.593759489017554,
  "snrd_gm": 15.604219924639278,
  "snrd_total": 17.15126209294489,
  "snrd_wm": 23.255806865177835,
  "spacing_x": 0.46875,
  "spacing_y": 0.46875,
  "spacing_z": 1.0,
  "summary_bg_k": 228.0114,
  "summary_bg_mad": 0.0,
  "summary_bg_mean": 3.182,
  "summary_bg_median": 0.0,
  "summary_bg_n": 20546762.0,
  "summary_bg_p05": 0.0,
  "summary_bg_p95": 7.0,
  "summary_bg_stdv": 26.1144,
  "summary_csf_k": -0.7537,
  "summary_csf_mad": 258.5336,
  "summary_csf_mean": 462.2241,
  "summary_csf_median": 502.0,
  "summary_csf_n": 1615739.7264554352,
  "summary_csf_p05": 69.0,
  "summary_csf_p95": 843.0,
  "summary_csf_stdv": 230.1938,
  "summary_gm_k": -0.4005,
  "summary_gm_mad": 82.5472,
  "summary_gm_mean": 638.1829,
  "summary_gm_median": 622.0,
  "summary_gm_n": 2619722.9518269994,
  "summary_gm_p05": 475.0,
  "summary_gm_p95": 872.0,
  "summary_gm_stdv": 118.0353,
  "summary_wm_k": 0.3091,
  "summary_wm_mad": 86.1103,
  "summary_wm_mean": 881.9825,
  "summary_wm_median": 927.0,
  "summary_wm_n": 2322040.3219650025,
  "summary_wm_p05": 605.0,
  "summary_wm_p95": 1045.0,
  "summary_wm_stdv": 138.5586,
  "tpm_overlap_csf": 0.20928493291389288,
  "tpm_overlap_gm": 0.48148703213377586,
  "tpm_overlap_wm": 0.4644424677894523,
  "wm2max": 0.5864441758499098
}
