{
  "bids_meta": {
    "AcquisitionMatrixPE": 240,
    "AcquisitionNumber": 16,
    "AcquisitionTime": "17:30:47.970000",
    "BodyPartExamined": "BRAIN",
    "CoilString": "MULTI_COIL",
    "ConversionSoftware": "dcm2niix",
    "ConversionSoftwareVersion": "v1.0.20181125  (JP2:OpenJPEG) GCC9.3.0",
    "Dcm2bidsVersion": "3.1.1",
    "DeviceSerialNumber": "85054",
    "EchoTime": 0.003129,
    "EchoTrainLength": 204,
    "FileSize": 0.03210183046758175,
    "FileSizeUnits": "GB",
    "FlipAngle": 8,
    "ImageOrientationPatientDICOM": [
      0.98893,
      0.134613,
      0.0624306,
      -0.11177,
      0.952497,
      -0.283296
    ],
    "ImageType": [
      "ORIGINAL",
      "PRIMARY",
      "M",
      "FFE",
      "M",
      "FFE"
    ],
    "ImagingFrequency": 127.766,
    "InPlanePhaseEncodingDirectionDICOM": "COL",
    "InstitutionAddress": "Nemirovicha-Danchenko_132",
    "InstitutionName": "Novosib_Neurosurgery_Center",
    "InstitutionalDepartmentName": "MRI",
    "MRAcquisitionType": "3D",
    "MagneticFieldStrength": 3,
    "Manufacturer": "Philips",
    "ManufacturersModelName": "Ingenia",
    "Modality": "MR",
    "NumberOfVolumes": 1,
    "PatientPosition": "HFS",
    "PercentPhaseFOV": 100,
    "PhaseEncodingSteps": 240,
    "PhilipsRWVIntercept": 0,
    "PhilipsRWVSlope": 2.54921,
    "PhilipsRescaleIntercept": 0,
    "PhilipsRescaleSlope": 2.54921,
    "PhilipsScaleSlope": 0.0135933,
    "PixelBandwidth": 271,
    "ProcedureStepDescription": "HEAD+C",
    "ProtocolName": "sT1W_3D_CE",
    "ReconMatrixPE": 512,
    "RepetitionTime": 0.0069122,
    "SAR": 0.0231826,
    "ScanOptions": "PFP",
    "ScanningSequence": "GR",
    "SequenceVariant": "MP",
    "SeriesDescription": "sT1W_3D_CE",
    "SeriesNumber": 1601,
    "SliceThickness": 1,
    "SoftwareVersions": "5.4.1_5.4.1.3",
    "SpacingBetweenSlices": 1,
    "StationName": "PHILIPS-F7TK6PR",
    "UsePhilipsFloatNotDisplayScaling": 1,
    "dataset": "<unset>",
    "datatype": "anat",
    "extension": ".nii.gz",
    "modality": "T1w",
    "run": 2,
    "subject": "olf06",
    "suffix": "T1w"
  },
  "cjv": 1.4538070921985817,
  "cnr": 0.580079241168184,
  "efc": 0.7422,
  "fber": -1.0,
  "fwhm_avg": 5.191025111111111,
  "fwhm_x": 6.086208,
  "fwhm_y": 6.322517333333334,
  "fwhm_z": 3.16435,
  "icvs_csf": 0.23592023157587433,
  "icvs_gm": 0.44715748611777284,
  "icvs_wm": 0.31692228230635283,
  "inu_med": 0.8014224469661713,
  "inu_range": 0.4224011957645416,
  "provenance": {
    "md5sum": "5ddb783dd308ff8edef8e24463512c68",
    "settings": {
      "testing": false
    },
    "software": "mriqc",
    "version": "25.1.0.dev45+g699d1691",
    "warnings": {
      "large_rot_frame": true,
      "small_air_mask": false
    }
  },
  "qi_1": 0.0,
  "qi_2": 0.0015310728861761466,
  "rpve_csf": 7.506588030400087,
  "rpve_gm": 7.371251109903417,
  "rpve_wm": 7.402806526070293,
  "size_x": 512,
  "size_y": 512,
  "size_z": 192,
  "snr_csf": 1.5370308442911933,
  "snr_gm": 5.495780191478157,
  "snr_total": 3.502687622295456,
  "snr_wm": 3.475251831117018,
  "snrd_csf": 15.681229370707467,
  "snrd_gm": 14.77888802278184,
  "snrd_total": 16.225885859995905,
  "snrd_wm": 18.217540186498407,
  "spacing_x": 0.46875,
  "spacing_y": 0.46875,
  "spacing_z": 1.0,
  "summary_bg_k": 435.0237,
  "summary_bg_mad": 0.0,
  "summary_bg_mean": 3.694,
  "summary_bg_median": 0.0,
  "summary_bg_n": 19871731.0,
  "summary_bg_p05": 0.0,
  "summary_bg_p95": 16.0,
  "summary_bg_stdv": 26.8635,
  "summary_csf_k": -1.591,
  "summary_csf_mad": 784.5666,
  "summary_csf_mean": 710.8632,
  "summary_csf_median": 643.0,
  "summary_csf_n": 1550644.701878287,
  "summary_csf_p05": 98.0,
  "summary_csf_p95": 1450.0,
  "summary_csf_stdv": 418.3389,
  "summary_gm_k": 15.7091,
  "summary_gm_mad": 101.184,
  "summary_gm_mean": 616.9728,
  "summary_gm_median": 606.0,
  "summary_gm_n": 2939054.3664786937,
  "summary_gm_p05": 455.0,
  "summary_gm_p95": 800.0,
  "summary_gm_stdv": 110.2664,
  "summary_wm_k": 4.5088,
  "summary_wm_mad": 103.8028,
  "summary_wm_mean": 734.5174,
  "summary_wm_median": 747.0,
  "summary_wm_n": 2083050.9307442363,
  "summary_wm_p05": 434.0,
  "summary_wm_p95": 1210.0,
  "summary_wm_stdv": 214.9484,
  "tpm_overlap_csf": 0.23118262357101022,
  "tpm_overlap_gm": 0.5210859362380745,
  "tpm_overlap_wm": 0.49417263956123236,
  "wm2max": 0.39836503391441136
}
