{
  "bids_meta": {
    "AcquisitionMatrixPE": 240,
    "AcquisitionNumber": 16,
    "AcquisitionTime": "08:58:25.700000",
    "BodyPartExamined": "BRAIN",
    "CoilString": "MULTI_COIL",
    "ConversionSoftware": "dcm2niix",
    "ConversionSoftwareVersion": "v1.0.20181125  (JP2:OpenJPEG) GCC9.3.0",
    "Dcm2bidsVersion": "3.1.1",
    "DeviceSerialNumber": "85054",
    "EchoTime": 0.003106,
    "EchoTrainLength": 204,
    "FileSize": 0.03213452361524105,
    "FileSizeUnits": "GB",
    "FlipAngle": 8,
    "ImageOrientationPatientDICOM": [
      0.999215,
      0.0091443,
      0.038558,
      0.00370272,
      0.94721,
      -0.320592
    ],
    "ImageType": [
      "ORIGINAL",
      "PRIMARY",
      "M",
      "FFE",
      "M",
      "FFE"
    ],
    "ImagingFrequency": 127.766,
    "InPlanePhaseEncodingDirectionDICOM": "COL",
    "InstitutionAddress": "Nemirovicha-Danchenko_132",
    "InstitutionName": "Novosib_Neurosurgery_Center",
    "InstitutionalDepartmentName": "MRI",
    "MRAcquisitionType": "3D",
    "MagneticFieldStrength": 3,
    "Manufacturer": "Philips",
    "ManufacturersModelName": "Ingenia",
    "Modality": "MR",
    "NumberOfVolumes": 1,
    "PatientPosition": "HFS",
    "PercentPhaseFOV": 100,
    "PhaseEncodingSteps": 240,
    "PhilipsRWVIntercept": 0,
    "PhilipsRWVSlope": 2.58291,
    "PhilipsRescaleIntercept": 0,
    "PhilipsRescaleSlope": 2.58291,
    "PhilipsScaleSlope": 0.0136088,
    "PixelBandwidth": 271,
    "ProcedureStepDescription": "OLFACTOR+CE_NAUKA",
    "ProtocolName": "sT1W_3D_CE",
    "ReconMatrixPE": 512,
    "RepetitionTime": 0.0068778,
    "SAR": 0.0231826,
    "ScanOptions": "PFP",
    "ScanningSequence": "GR",
    "SequenceVariant": "MP",
    "SeriesDescription": "sT1W_3D_CE",
    "SeriesNumber": 1601,
    "SliceThickness": 1,
    "SoftwareVersions": "5.4.1_5.4.1.3",
    "SpacingBetweenSlices": 1,
    "StationName": "PHILIPS-F7TK6PR",
    "UsePhilipsFloatNotDisplayScaling": 1,
    "dataset": "<unset>",
    "datatype": "anat",
    "extension": ".nii.gz",
    "modality": "T1w",
    "run": 2,
    "subject": "olf15fu",
    "suffix": "T1w"
  },
  "cjv": 1.0698224422442244,
  "cnr": 0.8949681733362871,
  "efc": 0.7144,
  "fber": -1.0,
  "fwhm_avg": 4.817589555555555,
  "fwhm_x": 5.666624,
  "fwhm_y": 5.862314666666666,
  "fwhm_z": 2.92383,
  "icvs_csf": 0.2214259057506624,
  "icvs_gm": 0.3797337243238688,
  "icvs_wm": 0.39884036992546873,
  "inu_med": 0.9298479557037354,
  "inu_range": 0.4982443392276764,
  "provenance": {
    "md5sum": "d8f6d1da4cb712ac573e9a3c7c95c213",
    "settings": {
      "testing": false
    },
    "software": "mriqc",
    "version": "25.1.0.dev45+g699d1691",
    "warnings": {
      "large_rot_frame": true,
      "small_air_mask": false
    }
  },
  "qi_1": 0.0,
  "qi_2": 0.0008146894754201728,
  "rpve_csf": 6.803901611371782,
  "rpve_gm": 6.708003121405096,
  "rpve_wm": 6.75455949176527,
  "size_x": 512,
  "size_y": 512,
  "size_z": 192,
  "snr_csf": 1.197169411676551,
  "snr_gm": 2.145435469064398,
  "snr_total": 3.2127161083967066,
  "snr_wm": 6.295543444449169,
  "snrd_csf": 10.207519467452354,
  "snrd_gm": 8.94200956072461,
  "snrd_total": 10.768423125745604,
  "snrd_wm": 13.155740349059846,
  "spacing_x": 0.46875,
  "spacing_y": 0.46875,
  "spacing_z": 1.0,
  "summary_bg_k": 279.6658,
  "summary_bg_mad": 0.0,
  "summary_bg_mean": 8.3851,
  "summary_bg_median": 0.0,
  "summary_bg_n": 21631168.0,
  "summary_bg_p05": 0.0,
  "summary_bg_p95": 50.0,
  "summary_bg_stdv": 47.1094,
  "summary_csf_k": -1.4047,
  "summary_csf_mad": 985.9248,
  "summary_csf_mean": 823.814,
  "summary_csf_median": 734.0,
  "summary_csf_n": 1598087.2254339214,
  "summary_csf_p05": 76.0,
  "summary_csf_p95": 2186.0,
  "summary_csf_stdv": 613.1127,
  "summary_gm_k": -0.6818,
  "summary_gm_mad": 185.6121,
  "summary_gm_mean": 610.5513,
  "summary_gm_median": 643.0,
  "summary_gm_n": 2740635.1205886654,
  "summary_gm_p05": 100.0,
  "summary_gm_p95": 1086.0,
  "summary_gm_stdv": 299.706,
  "summary_wm_k": 1.3664,
  "summary_wm_mad": 138.5441,
  "summary_wm_mean": 934.1716,
  "summary_wm_median": 946.0,
  "summary_wm_n": 2878532.6540922346,
  "summary_wm_p05": 681.0,
  "summary_wm_p95": 1160.0,
  "summary_wm_stdv": 150.265,
  "tpm_overlap_csf": 0.27346907221196615,
  "tpm_overlap_gm": 0.46716004407810546,
  "tpm_overlap_wm": 0.4984198937370646,
  "wm2max": 0.3442938934723197
}
