{
  "aor": 0.0023227499999999997,
  "aqi": 0.008207567450000001,
  "bids_meta": {
    "AcquisitionDuration": 620.91,
    "AcquisitionMatrixPE": 80,
    "AcquisitionNumber": 13,
    "AcquisitionTime": "15:03:16.780000",
    "BodyPartExamined": "BRAIN",
    "CoilString": "MULTI COIL",
    "ConversionSoftware": "dcm2niix",
    "ConversionSoftwareVersion": "v1.0.20230411",
    "Dcm2bidsVersion": "3.0.1",
    "DeviceSerialNumber": "85054",
    "EchoTime": 0.030001,
    "EchoTrainLength": 27,
    "EstimatedEffectiveEchoSpacing": 0.00018982,
    "EstimatedTotalReadoutTime": 0.0149958,
    "FileSize": 0.05160780902951956,
    "FileSizeUnits": "GB",
    "FlipAngle": 90,
    "FrequencyEncodingSteps": 80,
    "ImageOrientationPatientDICOM": [
      0.999246,
      -0.036423,
      -0.0134256,
      0.0364197,
      0.999336,
      -0.000489324
    ],
    "ImageType": [
      "ORIGINAL",
      "PRIMARY",
      "M",
      "FFE",
      "M",
      "FFE"
    ],
    "ImagingFrequency": 127.766016,
    "InPlanePhaseEncodingDirectionDICOM": "COL",
    "InstitutionAddress": "Nemirovicha-Danchenko 132",
    "InstitutionName": "Novosib Neurosurgery Center",
    "InstitutionalDepartmentName": "MRI",
    "MRAcquisitionType": "2D",
    "MTState": false,
    "MagneticFieldStrength": 3,
    "Manufacturer": "Philips",
    "ManufacturersModelName": "Ingenia",
    "Modality": "MR",
    "NumberOfVolumes": 200,
    "ParallelAcquisitionTechnique": "SENSE",
    "ParallelReductionFactorInPlane": 3,
    "PatientPosition": "HFS",
    "PercentPhaseFOV": 100,
    "PercentSampling": 100,
    "PhaseEncodingAxis": "j",
    "PhaseEncodingSteps": 80,
    "PhaseEncodingStepsOutOfPlane": 1,
    "PhilipsRWVIntercept": 0,
    "PhilipsRWVSlope": 0.890842,
    "PhilipsRescaleIntercept": 0,
    "PhilipsRescaleSlope": 0.890842,
    "PhilipsScaleSlope": 0.0123732,
    "PixelBandwidth": 2289,
    "ProcedureStepDescription": "HEAD+CE+MENINGIOMA",
    "ProtocolName": "rest-fMRI",
    "PulseSequenceName": "FEEPI",
    "ReconMatrixPE": 80,
    "RepetitionTime": 3,
    "SAR": 0.108383,
    "ScanOptions": "FS",
    "ScanningSequence": "GR",
    "SequenceVariant": "SK",
    "SeriesDescription": "rest-fMRI",
    "SeriesNumber": 1301,
    "SliceThickness": 3,
    "SoftwareVersions": "5.4.1\\5.4.1.3",
    "SpacingBetweenSlices": 3,
    "StationName": "PHILIPS-F7TK6PR",
    "TaskName": "rest",
    "UsePhilipsFloatNotDisplayScaling": 1,
    "WaterFatShift": 6.75551,
    "dataset": "<unset>",
    "datatype": "func",
    "extension": ".nii.gz",
    "modality": "bold",
    "subject": "olf37",
    "suffix": "bold",
    "task": "rest"
  },
  "dummy_trs": 0,
  "dvars_nstd": 30.70658237145728,
  "dvars_std": 1.1937894698492462,
  "dvars_vstd": 1.0309472397487436,
  "efc": 0.4131,
  "fber": 113968.6172,
  "fd_mean": 0.21047266418162544,
  "fd_num": 92,
  "fd_perc": 46.0,
  "fwhm_avg": 2.626665555555556,
  "fwhm_x": 2.55571,
  "fwhm_y": 2.841533333333333,
  "fwhm_z": 2.4827533333333336,
  "gcor": 0.0150731,
  "gsr_x": -0.007359445560723543,
  "gsr_y": 0.021181760355830193,
  "provenance": {
    "md5sum": "3b56bde0c6f309a64e0822145d85bc0c",
    "settings": {
      "fd_thres": 0.2,
      "testing": false
    },
    "software": "mriqc",
    "version": "25.1.0.dev45+g699d1691"
  },
  "size_t": 200,
  "size_x": 80,
  "size_y": 80,
  "size_z": 45,
  "snr": 3.2967050913209106,
  "spacing_tr": 2.9999990463256836,
  "spacing_x": 3.0,
  "spacing_y": 3.0,
  "spacing_z": 3.0,
  "summary_bg_k": 141.2169,
  "summary_bg_mad": 389.04,
  "summary_bg_mean": 2266.4639,
  "summary_bg_median": 277.0,
  "summary_bg_n": 233107.0,
  "summary_bg_p05": 5.0,
  "summary_bg_p95": 9714.0,
  "summary_bg_stdv": 5894.2565,
  "summary_fg_k": 1.6305,
  "summary_fg_mad": 18300.1067,
  "summary_fg_mean": 90252.3328,
  "summary_fg_median": 93622.0,
  "summary_fg_n": 54893.0,
  "summary_fg_p05": 26399.0,
  "summary_fg_p95": 129564.0,
  "summary_fg_stdv": 28398.3992,
  "tsnr": 54.92513150535524
}
