{
  "NumberOfShells": 1,
  "bValues": [
    0.0,
    1500.0
  ],
  "bValuesEstimation": [
    1500.0
  ],
  "bdiffs_max": 0.3724,
  "bdiffs_mean": 0.2273,
  "bdiffs_median": 0.2423,
  "bdiffs_min": 0.0448,
  "bids_meta": {
    "AcquisitionMatrixPE": 126,
    "AcquisitionNumber": 9,
    "AcquisitionTime": "08:23:12.970000",
    "BodyPartExamined": "BRAIN",
    "CoilString": "MULTI_COIL",
    "ConversionSoftware": "dcm2niix",
    "ConversionSoftwareVersion": "v1.0.20181125  (JP2:OpenJPEG) GCC9.3.0",
    "Dcm2bidsVersion": "3.1.1",
    "DeviceSerialNumber": "85054",
    "EchoTime": 0.1031,
    "EchoTrainLength": 51,
    "FileSize": 0.0271003358066082,
    "FileSizeUnits": "GB",
    "FlipAngle": 90,
    "ImageOrientationPatientDICOM": [
      0.995421,
      0.0115641,
      -0.0948886,
      -0.0183921,
      0.997278,
      -0.0714026
    ],
    "ImageType": [
      "ORIGINAL",
      "PRIMARY",
      "M",
      "SE",
      "M",
      "SE"
    ],
    "ImagingFrequency": 127.777,
    "InPlanePhaseEncodingDirectionDICOM": "COL",
    "InstitutionAddress": "Nemirovicha-Danchenko_132",
    "InstitutionName": "Novosib_Neurosurgery_Center",
    "InstitutionalDepartmentName": "MRI",
    "MRAcquisitionType": "2D",
    "MagneticFieldStrength": 3,
    "Manufacturer": "Philips",
    "ManufacturersModelName": "Ingenia",
    "Modality": "MR",
    "NumberOfVolumes": 65,
    "PartialFourier": 0.404762,
    "PatientPosition": "HFS",
    "PercentPhaseFOV": 100,
    "PhaseEncodingAxis": "j",
    "PhaseEncodingSteps": 126,
    "PhilipsRWVIntercept": 0,
    "PhilipsRWVSlope": 2.03394,
    "PhilipsRescaleIntercept": 0,
    "PhilipsRescaleSlope": 2.03394,
    "PhilipsScaleSlope": 0.0106252,
    "PixelBandwidth": 1786,
    "ProtocolName": "DTIshort_64dir_b1500_AP",
    "ReconMatrixPE": 128,
    "RepetitionTime": 9.43805,
    "SAR": 0.103159,
    "ScanOptions": "FS",
    "ScanningSequence": "SE",
    "SequenceVariant": "SK",
    "SeriesDescription": "DTIshort_64dir_b1500_AP",
    "SeriesNumber": 901,
    "SliceThickness": 2,
    "SoftwareVersions": "5.4.1_5.4.1.3",
    "SpacingBetweenSlices": 2,
    "StationName": "PHILIPS-F7TK6PR",
    "UsePhilipsFloatNotDisplayScaling": 1,
    "dataset": "<unset>",
    "datatype": "dwi",
    "extension": ".nii.gz",
    "modality": "dwi",
    "run": 1,
    "subject": "olf07fu",
    "suffix": "dwi"
  },
  "efc_shell01": 0.3104,
  "efc_shell02": 0.3967,
  "fa_degenerate": 0.0,
  "fa_nans": 0.0,
  "fber_shell01": -1.0,
  "fber_shell02": 1660197.375,
  "fd_mean": 50.7437,
  "fd_num": 64,
  "fd_perc": 98.46153846153847,
  "ndc": 0.7421,
  "provenance": {
    "md5sum": "8dc5d339e180aa2bc70e6f17d2f4fb75",
    "settings": {
      "testing": false
    },
    "software": "mriqc",
    "version": "25.1.0.dev45+g699d1691"
  },
  "sigma_cc": 41.5129,
  "sigma_pca": 12.6088,
  "sigma_piesno": 0.0,
  "snr_cc_shell0": 6.63,
  "snr_cc_shell1_best": 4.7,
  "snr_cc_shell1_worst": 4.7,
  "spikes_global": 1259.23,
  "spikes_slice_i": 6486.85,
  "spikes_slice_j": 6257.07,
  "spikes_slice_k": 4034.89,
  "summary_bg_k": 357.2695,
  "summary_bg_mad": 0.0,
  "summary_bg_mean": 9.5736,
  "summary_bg_median": 0.0,
  "summary_bg_n": 929333.0,
  "summary_bg_p05": 0.0,
  "summary_bg_p95": 38.0,
  "summary_bg_stdv": 49.4016,
  "summary_fg_k": 6.7024,
  "summary_fg_mad": 134.9168,
  "summary_fg_mean": 404.6185,
  "summary_fg_median": 278.0,
  "summary_fg_n": 184779.0,
  "summary_fg_p05": 134.0,
  "summary_fg_p95": 1128.0,
  "summary_fg_stdv": 334.6214,
  "summary_wm_k": 55.0457,
  "summary_wm_mad": 44.4781,
  "summary_wm_mean": 242.3112,
  "summary_wm_median": 227.0,
  "summary_wm_n": 37914.0,
  "summary_wm_p05": 162.0,
  "summary_wm_p95": 347.0,
  "summary_wm_stdv": 92.0954
}
