{
    "Modality": "MR",
    "MagneticFieldStrength": 3,
    "ImagingFrequency": 127.776784,
    "Manufacturer": "Philips",
    "ManufacturersModelName": "Ingenia",
    "InstitutionName": "Novosib Neurosurgery Center",
    "InstitutionalDepartmentName": "MRI",
    "InstitutionAddress": "Nemirovicha-Danchenko 132",
    "DeviceSerialNumber": "85054",
    "StationName": "PHILIPS-F7TK6PR",
    "BodyPartExamined": "BRAIN",
    "PatientPosition": "HFS",
    "ProcedureStepDescription": "HEAD+C (OL`FAKT.MENING.)",
    "SoftwareVersions": "5.4.1\\5.4.1.3",
    "MRAcquisitionType": "2D",
    "SeriesDescription": "DTIshort_64dir_b01_PA",
    "ProtocolName": "DTIshort_64dir_b01_PA",
    "ScanningSequence": "SE",
    "SequenceVariant": "SK",
    "ScanOptions": "FS",
    "PulseSequenceName": "DwiSE",
    "ImageType": [
        "ORIGINAL",
        "PRIMARY",
        "M",
        "SE",
        "M",
        "SE"
    ],
    "SeriesNumber": 1001,
    "AcquisitionTime": "08:48:6.990000",
    "AcquisitionNumber": 10,
    "PhilipsRWVSlope": 1.88449,
    "PhilipsRWVIntercept": 0,
    "PhilipsRescaleSlope": 1.88449,
    "PhilipsRescaleIntercept": 0,
    "PhilipsScaleSlope": 0.0134108,
    "UsePhilipsFloatNotDisplayScaling": 1,
    "SliceThickness": 2,
    "SpacingBetweenSlices": 2,
    "SAR": 0.188595,
    "EchoTime": 0.041316,
    "RepetitionTime": 5.24698,
    "MTState": false,
    "FlipAngle": 90,
    "CoilString": "MULTI COIL",
    "PercentPhaseFOV": 100,
    "PercentSampling": 100,
    "EchoTrainLength": 51,
    "PartialFourierDirection": "PHASE",
    "PartialFourierEnabled": "YES",
    "PhaseEncodingStepsNoPartialFourier": 126,
    "FrequencyEncodingSteps": 128,
    "PhaseEncodingStepsOutOfPlane": 1,
    "AcquisitionMatrixPE": 126,
    "ReconMatrixPE": 128,
    "ParallelReductionFactorInPlane": 2.5,
    "ParallelAcquisitionTechnique": "SENSE",
    "WaterFatShift": 17.5961,
    "EstimatedEffectiveEchoSpacing": 0.000312787,
    "EstimatedTotalReadoutTime": 0.0397239,
    "AcquisitionDuration": 17.753,
    "PixelBandwidth": 1784,
    "PhaseEncodingAxis": "j",
    "ImageOrientationPatientDICOM": [
        0.999466,
        0.0274114,
        -0.0177649,
        -0.0304667,
        0.978419,
        -0.204371
    ],
    "InPlanePhaseEncodingDirectionDICOM": "COL",
    "ConversionSoftware": "dcm2niix",
    "ConversionSoftwareVersion": "v1.0.20230411",
    "Dcm2bidsVersion": "3.0.1"
}