{
  "bids_meta": {
    "AcquisitionMatrixPE": 252,
    "AcquisitionNumber": 2,
    "AcquisitionTime": "07:53:18.750000",
    "BodyPartExamined": "BRAIN",
    "CoilString": "MULTI_COIL",
    "ConversionSoftware": "dcm2niix",
    "ConversionSoftwareVersion": "v1.0.20181125  (JP2:OpenJPEG) GCC9.3.0",
    "Dcm2bidsVersion": "3.1.1",
    "DeviceSerialNumber": "85054",
    "EchoTime": 0.3,
    "EchoTrainLength": 155,
    "FileSize": 0.048062016256153584,
    "FileSizeUnits": "GB",
    "FlipAngle": 90,
    "ImageOrientationPatientDICOM": [
      0.00815387,
      0.999967,
      -0.000718684,
      0.029253,
      -0.000956933,
      -0.999572
    ],
    "ImageType": [
      "ORIGINAL",
      "PRIMARY",
      "M",
      "SE",
      "M",
      "SE"
    ],
    "ImagingFrequency": 127.766,
    "InPlanePhaseEncodingDirectionDICOM": "ROW",
    "InstitutionAddress": "Nemirovicha-Danchenko_132",
    "InstitutionName": "Novosib_Neurosurgery_Center",
    "InstitutionalDepartmentName": "MRI",
    "MRAcquisitionType": "3D",
    "MagneticFieldStrength": 3,
    "Manufacturer": "Philips",
    "ManufacturersModelName": "Ingenia",
    "Modality": "MR",
    "NumberOfVolumes": 1,
    "PatientPosition": "HFS",
    "PercentPhaseFOV": 100,
    "PhaseEncodingSteps": 252,
    "PhilipsRWVIntercept": 0,
    "PhilipsRWVSlope": 1.65372,
    "PhilipsRescaleIntercept": 0,
    "PhilipsRescaleSlope": 1.65372,
    "PhilipsScaleSlope": 0.0119111,
    "PixelBandwidth": 841,
    "ProcedureStepDescription": "OLFACTOR.MENINGIOMA_NAUKA",
    "ProtocolName": "3D_T2_1mm",
    "ReconMatrixPE": 512,
    "RepetitionTime": 3.5,
    "SAR": 0.0259759,
    "ScanOptions": "FS",
    "ScanningSequence": "SE",
    "SequenceVariant": "SK",
    "SeriesDescription": "3D_T2_1mm",
    "SeriesNumber": 201,
    "SliceThickness": 1,
    "SoftwareVersions": "5.4.1_5.4.1.3",
    "SpacingBetweenSlices": 0.5,
    "StationName": "PHILIPS-F7TK6PR",
    "UsePhilipsFloatNotDisplayScaling": 1,
    "dataset": "<unset>",
    "datatype": "anat",
    "extension": ".nii.gz",
    "modality": "T2w",
    "subject": "olf16fu",
    "suffix": "T2w"
  },
  "cjv": 1.0936084175084175,
  "cnr": 0.7499269234270622,
  "efc": 0.5937,
  "fber": 308.6365,
  "fwhm_avg": 5.461108800000001,
  "fwhm_x": 5.45356,
  "fwhm_y": 5.82524928,
  "fwhm_z": 5.104517120000001,
  "icvs_csf": 0.2790221847271597,
  "icvs_gm": 0.32695066996008515,
  "icvs_wm": 0.3940271453127552,
  "inu_med": 0.9776354432106018,
  "inu_range": 0.42904144525527954,
  "provenance": {
    "md5sum": "2567146ee61e674b37a1d4ff8aed5eb1",
    "settings": {
      "testing": false
    },
    "software": "mriqc",
    "version": "25.1.0.dev45+g699d1691",
    "warnings": {
      "large_rot_frame": true,
      "small_air_mask": false
    }
  },
  "qi_1": 0.0,
  "qi_2": 0.0013589246333838441,
  "rpve_csf": 9.14196323910539,
  "rpve_gm": 9.036849976409403,
  "rpve_wm": 9.077993796528053,
  "size_x": 360,
  "size_y": 512,
  "size_z": 512,
  "snr_csf": 1.4483666615180273,
  "snr_gm": 4.016304361841312,
  "snr_total": 4.046841666124875,
  "snr_wm": 6.675853975015285,
  "snrd_csf": 8.010808322591332,
  "snrd_gm": 7.237789145394814,
  "snrd_total": 6.971291666498296,
  "snrd_wm": 5.6652775315087425,
  "spacing_x": 0.5,
  "spacing_y": 0.48828125,
  "spacing_z": 0.48828125,
  "summary_bg_k": 9.6021,
  "summary_bg_mad": 0.0,
  "summary_bg_mean": 44.7062,
  "summary_bg_median": 0.0,
  "summary_bg_n": 27825932.0,
  "summary_bg_p05": 0.0,
  "summary_bg_p95": 379.0,
  "summary_bg_stdv": 123.7355,
  "summary_csf_k": -1.483,
  "summary_csf_mad": 1720.1317,
  "summary_csf_mean": 1564.5642,
  "summary_csf_median": 1513.0,
  "summary_csf_n": 2845214.610641123,
  "summary_csf_p05": 87.0,
  "summary_csf_p95": 3319.0,
  "summary_csf_stdv": 1044.6248,
  "summary_gm_k": 12.8946,
  "summary_gm_mad": 185.864,
  "summary_gm_mean": 1378.9187,
  "summary_gm_median": 1367.0,
  "summary_gm_n": 3333945.736390003,
  "summary_gm_p05": 861.0,
  "summary_gm_p95": 1965.0,
  "summary_gm_stdv": 340.3626,
  "summary_wm_k": 86.6907,
  "summary_wm_mad": 138.9377,
  "summary_wm_mean": 1076.576,
  "summary_wm_median": 1070.0,
  "summary_wm_n": 4017930.6599914883,
  "summary_wm_p05": 846.0,
  "summary_wm_p95": 1324.0,
  "summary_wm_stdv": 160.2791,
  "tpm_overlap_csf": 0.20500091969312587,
  "tpm_overlap_gm": 0.4700731302432292,
  "tpm_overlap_wm": 0.5110051843045956,
  "wm2max": 0.29200460547987034
}
