{
  "bids_meta": {
    "AcquisitionMatrixPE": 252,
    "AcquisitionNumber": 2,
    "AcquisitionTime": "14:03:22.400000",
    "BodyPartExamined": "BRAIN",
    "CoilString": "MULTI_COIL",
    "ConversionSoftware": "dcm2niix",
    "ConversionSoftwareVersion": "v1.0.20181125  (JP2:OpenJPEG) GCC9.3.0",
    "Dcm2bidsVersion": "3.1.1",
    "DeviceSerialNumber": "85054",
    "EchoTime": 0.3,
    "EchoTrainLength": 155,
    "FileSize": 0.055265665985643864,
    "FileSizeUnits": "GB",
    "FlipAngle": 90,
    "ImageOrientationPatientDICOM": [
      -0.151396,
      0.988467,
      -0.00354311,
      -0.0287054,
      -0.00797945,
      -0.999556
    ],
    "ImageType": [
      "ORIGINAL",
      "PRIMARY",
      "M",
      "SE",
      "M",
      "SE"
    ],
    "ImagingFrequency": 127.767,
    "InPlanePhaseEncodingDirectionDICOM": "ROW",
    "InstitutionAddress": "Nemirovicha-Danchenko_132",
    "InstitutionName": "Novosib_Neurosurgery_Center",
    "InstitutionalDepartmentName": "MRI",
    "MRAcquisitionType": "3D",
    "MagneticFieldStrength": 3,
    "Manufacturer": "Philips",
    "ManufacturersModelName": "Ingenia",
    "Modality": "MR",
    "NumberOfVolumes": 1,
    "PatientPosition": "HFS",
    "PercentPhaseFOV": 100,
    "PhaseEncodingSteps": 252,
    "PhilipsRWVIntercept": 0,
    "PhilipsRWVSlope": 1.89304,
    "PhilipsRescaleIntercept": 0,
    "PhilipsRescaleSlope": 1.89304,
    "PhilipsScaleSlope": 0.0101866,
    "PixelBandwidth": 936,
    "ProtocolName": "3D_T2_1mm",
    "ReconMatrixPE": 512,
    "RepetitionTime": 3.5,
    "SAR": 0.0259761,
    "ScanOptions": "FS",
    "ScanningSequence": "SE",
    "SequenceVariant": "SK",
    "SeriesDescription": "3D_T2_1mm",
    "SeriesNumber": 201,
    "SliceThickness": 1,
    "SoftwareVersions": "5.4.1_5.4.1.3",
    "SpacingBetweenSlices": 0.5,
    "StationName": "PHILIPS-F7TK6PR",
    "UsePhilipsFloatNotDisplayScaling": 1,
    "dataset": "<unset>",
    "datatype": "anat",
    "extension": ".nii.gz",
    "modality": "T2w",
    "subject": "olf09",
    "suffix": "T2w"
  },
  "cjv": 1.5954804216867469,
  "cnr": 0.5867133289750162,
  "efc": 0.6104,
  "fber": 185.9608,
  "fwhm_avg": 6.477207716172298,
  "fwhm_x": 6.33014,
  "fwhm_y": 7.012444170250431,
  "fwhm_z": 6.089038978266465,
  "icvs_csf": 0.26248752519184815,
  "icvs_gm": 0.3132785280795132,
  "icvs_wm": 0.42423394672863873,
  "inu_med": 0.9518842697143555,
  "inu_range": 0.6202220261096953,
  "provenance": {
    "md5sum": "679de18e63e16a1eab560a000ff29fbc",
    "settings": {
      "testing": false
    },
    "software": "mriqc",
    "version": "25.1.0.dev45+g699d1691",
    "warnings": {
      "large_rot_frame": true,
      "small_air_mask": false
    }
  },
  "qi_1": 0.0,
  "qi_2": 0.0011493350349400249,
  "rpve_csf": 6.423168763405836,
  "rpve_gm": 6.322947739635313,
  "rpve_wm": 6.385432008208372,
  "size_x": 360,
  "size_y": 512,
  "size_z": 512,
  "snr_csf": 1.9822373109335096,
  "snr_gm": 2.538226466866565,
  "snr_total": 3.4958958538106812,
  "snr_wm": 5.96722378363197,
  "snrd_csf": 14.12477114171708,
  "snrd_gm": 9.479759338396189,
  "snrd_total": 10.250414347620886,
  "snrd_wm": 7.146712562749389,
  "spacing_x": 0.5,
  "spacing_y": 0.4882905185222626,
  "spacing_z": 0.4882905185222626,
  "summary_bg_k": 20.8252,
  "summary_bg_mad": 0.0,
  "summary_bg_mean": 24.9326,
  "summary_bg_median": 0.0,
  "summary_bg_n": 40340920.0,
  "summary_bg_p05": 0.0,
  "summary_bg_p95": 203.0,
  "summary_bg_stdv": 93.228,
  "summary_csf_k": -0.5685,
  "summary_csf_mad": 1302.444,
  "summary_csf_mean": 1901.1294,
  "summary_csf_median": 2010.0,
  "summary_csf_n": 3775577.2517272634,
  "summary_csf_p05": 145.0,
  "summary_csf_p95": 3340.0,
  "summary_csf_stdv": 1014.0056,
  "summary_gm_k": 2.9029,
  "summary_gm_mad": 369.0922,
  "summary_gm_mean": 1383.6049,
  "summary_gm_median": 1349.0,
  "summary_gm_n": 4506146.656711075,
  "summary_gm_p05": 557.0,
  "summary_gm_p95": 2343.0,
  "summary_gm_stdv": 531.4734,
  "summary_wm_k": 34.4237,
  "summary_wm_mad": 160.6073,
  "summary_wm_mean": 1028.2904,
  "summary_wm_median": 1017.0,
  "summary_wm_n": 6102111.090835443,
  "summary_wm_p05": 784.0,
  "summary_wm_p95": 1309.0,
  "summary_wm_stdv": 170.431,
  "tpm_overlap_csf": 0.22165744408363616,
  "tpm_overlap_gm": 0.41855593203502767,
  "tpm_overlap_wm": 0.4628585473169429,
  "wm2max": 0.28688959123515684
}
