{
  "aor": 0.0024265999999999997,
  "aqi": 0.010540631949999999,
  "bids_meta": {
    "AcquisitionDuration": 620.91,
    "AcquisitionMatrixPE": 80,
    "AcquisitionNumber": 13,
    "AcquisitionTime": "08:41:55.060000",
    "BodyPartExamined": "BRAIN",
    "CoilString": "MULTI COIL",
    "ConversionSoftware": "dcm2niix",
    "ConversionSoftwareVersion": "v1.0.20230411",
    "Dcm2bidsVersion": "3.0.1",
    "DeviceSerialNumber": "85054",
    "EchoTime": 0.03,
    "EchoTrainLength": 27,
    "EstimatedEffectiveEchoSpacing": 0.000204448,
    "EstimatedTotalReadoutTime": 0.0161514,
    "FileSize": 0.05140466894954443,
    "FileSizeUnits": "GB",
    "FlipAngle": 90,
    "FrequencyEncodingSteps": 80,
    "ImageOrientationPatientDICOM": [
      0.992458,
      -0.0743798,
      -0.0974367,
      0.0854446,
      0.989707,
      0.114803
    ],
    "ImageType": [
      "ORIGINAL",
      "PRIMARY",
      "M",
      "FFE",
      "M",
      "FFE"
    ],
    "ImagingFrequency": 127.777056,
    "InPlanePhaseEncodingDirectionDICOM": "COL",
    "InstitutionAddress": "Nemirovicha-Danchenko 132",
    "InstitutionName": "Novosib Neurosurgery Center",
    "InstitutionalDepartmentName": "MRI",
    "MRAcquisitionType": "2D",
    "MTState": false,
    "MagneticFieldStrength": 3,
    "Manufacturer": "Philips",
    "ManufacturersModelName": "Ingenia",
    "Modality": "MR",
    "NumberOfVolumes": 200,
    "ParallelAcquisitionTechnique": "SENSE",
    "ParallelReductionFactorInPlane": 3,
    "PatientPosition": "HFS",
    "PercentPhaseFOV": 100,
    "PercentSampling": 100,
    "PhaseEncodingAxis": "j",
    "PhaseEncodingSteps": 80,
    "PhaseEncodingStepsOutOfPlane": 1,
    "PhilipsRWVIntercept": 0,
    "PhilipsRWVSlope": 0.786325,
    "PhilipsRescaleIntercept": 0,
    "PhilipsRescaleSlope": 0.786325,
    "PhilipsScaleSlope": 0.0129096,
    "PixelBandwidth": 2085,
    "ProcedureStepDescription": "HEAD+C+NAUKA",
    "ProtocolName": "rest-fMRI",
    "PulseSequenceName": "FEEPI",
    "ReconMatrixPE": 80,
    "RepetitionTime": 3,
    "SAR": 0.108541,
    "ScanOptions": "FS",
    "ScanningSequence": "GR",
    "SequenceVariant": "SK",
    "SeriesDescription": "rest-fMRI",
    "SeriesNumber": 1301,
    "SliceThickness": 3,
    "SoftwareVersions": "5.4.1\\5.4.1.3",
    "SpacingBetweenSlices": 3,
    "StationName": "PHILIPS-F7TK6PR",
    "TaskName": "rest",
    "UsePhilipsFloatNotDisplayScaling": 1,
    "WaterFatShift": 7.27673,
    "dataset": "<unset>",
    "datatype": "func",
    "extension": ".nii.gz",
    "modality": "bold",
    "subject": "olf01fu",
    "suffix": "bold",
    "task": "rest"
  },
  "dummy_trs": 0,
  "dvars_nstd": 35.77853498974875,
  "dvars_std": 1.2171818057788937,
  "dvars_vstd": 1.0065071986934675,
  "efc": 0.4061,
  "fber": 151792.3906,
  "fd_mean": 0.20208115054619552,
  "fd_num": 69,
  "fd_perc": 34.5,
  "fwhm_avg": 2.348186666666667,
  "fwhm_x": 2.38343,
  "fwhm_y": 2.4306533333333333,
  "fwhm_z": 2.2304766666666667,
  "gcor": 0.00730012,
  "gsr_x": -0.010603519156575203,
  "gsr_y": 0.013657687231898308,
  "provenance": {
    "md5sum": "fcce73be5d117beb97f5de2db83c899c",
    "settings": {
      "fd_thres": 0.2,
      "testing": false
    },
    "software": "mriqc",
    "version": "25.1.0.dev45+g699d1691"
  },
  "size_t": 200,
  "size_x": 80,
  "size_y": 80,
  "size_z": 45,
  "snr": 3.203003000467098,
  "spacing_tr": 2.9999990463256836,
  "spacing_x": 3.0,
  "spacing_y": 3.0,
  "spacing_z": 3.0,
  "summary_bg_k": 164.1008,
  "summary_bg_mad": 364.6602,
  "summary_bg_mean": 2196.3318,
  "summary_bg_median": 263.0,
  "summary_bg_n": 233133.0,
  "summary_bg_p05": 3.0,
  "summary_bg_p95": 9320.0,
  "summary_bg_stdv": 6193.8524,
  "summary_fg_k": 1.0855,
  "summary_fg_mad": 22240.18,
  "summary_fg_mean": 98338.4364,
  "summary_fg_median": 102638.0,
  "summary_fg_n": 54867.0,
  "summary_fg_p05": 27513.0,
  "summary_fg_p95": 141518.0,
  "summary_fg_stdv": 32044.0114,
  "tsnr": 48.202467849478126
}
