{
  "NumberOfShells": 1,
  "bValues": [
    0.0,
    1500.0
  ],
  "bValuesEstimation": [
    1500.0
  ],
  "bdiffs_max": 0.3763,
  "bdiffs_mean": 0.176,
  "bdiffs_median": 0.1793,
  "bdiffs_min": 0.0198,
  "bids_meta": {
    "AcquisitionMatrixPE": 126,
    "AcquisitionNumber": 9,
    "AcquisitionTime": "08:29:33.210000",
    "BodyPartExamined": "BRAIN",
    "CoilString": "MULTI_COIL",
    "ConversionSoftware": "dcm2niix",
    "ConversionSoftwareVersion": "v1.0.20181125  (JP2:OpenJPEG) GCC9.3.0",
    "Dcm2bidsVersion": "3.1.1",
    "DeviceSerialNumber": "85054",
    "EchoTime": 0.106946,
    "EchoTrainLength": 51,
    "FileSize": 0.027596636675298214,
    "FileSizeUnits": "GB",
    "FlipAngle": 90,
    "ImageOrientationPatientDICOM": [
      0.998809,
      0.0361704,
      -0.0327574,
      -0.0446815,
      0.947738,
      -0.315906
    ],
    "ImageType": [
      "ORIGINAL",
      "PRIMARY",
      "M",
      "SE",
      "M",
      "SE"
    ],
    "ImagingFrequency": 127.777,
    "InPlanePhaseEncodingDirectionDICOM": "COL",
    "InstitutionAddress": "Nemirovicha-Danchenko_132",
    "InstitutionName": "Novosib_Neurosurgery_Center",
    "InstitutionalDepartmentName": "MRI",
    "MRAcquisitionType": "2D",
    "MagneticFieldStrength": 3,
    "Manufacturer": "Philips",
    "ManufacturersModelName": "Ingenia",
    "Modality": "MR",
    "NumberOfVolumes": 65,
    "PartialFourier": 0.404762,
    "PatientPosition": "HFS",
    "PercentPhaseFOV": 100,
    "PhaseEncodingAxis": "j",
    "PhaseEncodingSteps": 126,
    "PhilipsRWVIntercept": 0,
    "PhilipsRWVSlope": 2.1221,
    "PhilipsRescaleIntercept": 0,
    "PhilipsRescaleSlope": 2.1221,
    "PhilipsScaleSlope": 0.0122376,
    "PixelBandwidth": 1351,
    "ProcedureStepDescription": "HEAD+C_OL_FAKT.MENING.",
    "ProtocolName": "DTIshort_64dir_b1500_AP",
    "ReconMatrixPE": 128,
    "RepetitionTime": 10.0438,
    "SAR": 0.0968929,
    "ScanOptions": "FS",
    "ScanningSequence": "SE",
    "SequenceVariant": "SK",
    "SeriesDescription": "DTIshort_64dir_b1500_AP",
    "SeriesNumber": 901,
    "SliceThickness": 2,
    "SoftwareVersions": "5.4.1_5.4.1.3",
    "SpacingBetweenSlices": 2,
    "StationName": "PHILIPS-F7TK6PR",
    "UsePhilipsFloatNotDisplayScaling": 1,
    "dataset": "<unset>",
    "datatype": "dwi",
    "extension": ".nii.gz",
    "modality": "dwi",
    "run": 1,
    "subject": "olf22",
    "suffix": "dwi"
  },
  "efc_shell01": 0.3315,
  "efc_shell02": 0.4144,
  "fa_degenerate": 0.0,
  "fa_nans": 0.0,
  "fber_shell01": -1.0,
  "fber_shell02": 2502647.0,
  "fd_mean": 43.3608,
  "fd_num": 64,
  "fd_perc": 98.46153846153847,
  "ndc": 0.6444,
  "provenance": {
    "md5sum": "af4ecbb9cbee5e596af8c83747663c8a",
    "settings": {
      "testing": false
    },
    "software": "mriqc",
    "version": "25.1.0.dev45+g699d1691"
  },
  "sigma_cc": 57.8215,
  "sigma_pca": 16.0235,
  "sigma_piesno": 0.3452,
  "snr_cc_shell0": 4.95,
  "snr_cc_shell1_best": 4.33,
  "snr_cc_shell1_worst": 4.33,
  "spikes_global": 1359.95,
  "spikes_slice_i": 6421.45,
  "spikes_slice_j": 5847.0,
  "spikes_slice_k": 4095.93,
  "summary_bg_k": 396.9137,
  "summary_bg_mad": 0.0,
  "summary_bg_mean": 13.9261,
  "summary_bg_median": 0.0,
  "summary_bg_n": 926029.0,
  "summary_bg_p05": 0.0,
  "summary_bg_p95": 57.0,
  "summary_bg_stdv": 69.9504,
  "summary_fg_k": 16.7364,
  "summary_fg_mad": 114.1604,
  "summary_fg_mean": 407.4116,
  "summary_fg_median": 307.0,
  "summary_fg_n": 188083.0,
  "summary_fg_p05": 131.0,
  "summary_fg_p95": 993.0,
  "summary_fg_stdv": 314.6811,
  "summary_wm_k": 37.5511,
  "summary_wm_mad": 50.4085,
  "summary_wm_mean": 286.7953,
  "summary_wm_median": 269.0,
  "summary_wm_n": 44217.0,
  "summary_wm_p05": 186.0,
  "summary_wm_p95": 443.0,
  "summary_wm_stdv": 105.3944
}
