{
  "NumberOfShells": 1,
  "bValues": [
    0.0,
    1500.0
  ],
  "bValuesEstimation": [
    1500.0
  ],
  "bdiffs_max": 0.1847,
  "bdiffs_mean": 0.0502,
  "bdiffs_median": 0.042,
  "bdiffs_min": 0.0048,
  "bids_meta": {
    "AcquisitionDuration": 806.146,
    "AcquisitionMatrixPE": 126,
    "AcquisitionNumber": 9,
    "AcquisitionTime": "00:35:40.370000",
    "BodyPartExamined": "BRAIN",
    "CoilString": "MULTI COIL",
    "ConversionSoftware": "dcm2niix",
    "ConversionSoftwareVersion": "v1.0.20230411",
    "Dcm2bidsVersion": "3.0.1",
    "DeviceSerialNumber": "85054",
    "EchoTime": 0.107254,
    "EchoTrainLength": 51,
    "EstimatedEffectiveEchoSpacing": 0.000388483,
    "EstimatedTotalReadoutTime": 0.0493374,
    "FileSize": 0.02790071628987789,
    "FileSizeUnits": "GB",
    "FlipAngle": 90,
    "FrequencyEncodingSteps": 128,
    "ImageOrientationPatientDICOM": [
      0.994843,
      -0.0281203,
      0.097446,
      0.0590031,
      0.941941,
      -0.330553
    ],
    "ImageType": [
      "ORIGINAL",
      "PRIMARY",
      "M",
      "SE",
      "M",
      "SE"
    ],
    "ImagingFrequency": 127.776944,
    "InPlanePhaseEncodingDirectionDICOM": "COL",
    "InstitutionAddress": "Nemirovicha-Danchenko 132",
    "InstitutionName": "Novosib Neurosurgery Center",
    "InstitutionalDepartmentName": "MRI",
    "MRAcquisitionType": "2D",
    "MTState": false,
    "MagneticFieldStrength": 3,
    "Manufacturer": "Philips",
    "ManufacturersModelName": "Ingenia",
    "Modality": "MR",
    "NumberOfVolumes": 65,
    "ParallelAcquisitionTechnique": "SENSE",
    "ParallelReductionFactorInPlane": 2.5,
    "PartialFourierDirection": "PHASE",
    "PartialFourierEnabled": "YES",
    "PatientPosition": "HFS",
    "PercentPhaseFOV": 100,
    "PercentSampling": 100,
    "PhaseEncodingAxis": "j",
    "PhaseEncodingStepsNoPartialFourier": 126,
    "PhaseEncodingStepsOutOfPlane": 1,
    "PhilipsRWVIntercept": 0,
    "PhilipsRWVSlope": 1.99927,
    "PhilipsRescaleIntercept": 0,
    "PhilipsRescaleSlope": 1.99927,
    "PhilipsScaleSlope": 0.0127324,
    "PixelBandwidth": 1335,
    "ProcedureStepDescription": "HEAD",
    "ProtocolName": "DTIshort_64dir_b1500_AP",
    "PulseSequenceName": "DwiSE",
    "ReconMatrixPE": 128,
    "RepetitionTime": 10.0801,
    "SAR": 0.0965383,
    "ScanOptions": "FS",
    "ScanningSequence": "SE",
    "SequenceVariant": "SK",
    "SeriesDescription": "DTIshort_64dir_b1500_AP",
    "SeriesNumber": 901,
    "SliceThickness": 2,
    "SoftwareVersions": "5.4.1\\5.4.1.3",
    "SpacingBetweenSlices": 2,
    "StationName": "PHILIPS-F7TK6PR",
    "UsePhilipsFloatNotDisplayScaling": 1,
    "WaterFatShift": 21.8545,
    "dataset": "<unset>",
    "datatype": "dwi",
    "extension": ".nii.gz",
    "modality": "dwi",
    "run": 1,
    "subject": "olf31",
    "suffix": "dwi"
  },
  "efc_shell01": 0.3151,
  "efc_shell02": 0.4135,
  "fa_degenerate": 0.0,
  "fa_nans": 0.0,
  "fber_shell01": 2969657.75,
  "fber_shell02": 740919.8125,
  "fd_mean": 4.6359,
  "fd_num": 64,
  "fd_perc": 98.46153846153847,
  "ndc": 0.6751,
  "provenance": {
    "md5sum": "d9968f99c3664d4d50daae1fc2c88742",
    "settings": {
      "testing": false
    },
    "software": "mriqc",
    "version": "25.1.0.dev45+g699d1691"
  },
  "sigma_cc": 1629.3798,
  "sigma_pca": 616.3538,
  "sigma_piesno": 25.9301,
  "snr_cc_shell0": 6.47,
  "snr_cc_shell1_best": 8.96,
  "snr_cc_shell1_worst": 8.96,
  "spikes_global": 1223.95,
  "spikes_slice_i": 6053.8,
  "spikes_slice_j": 6044.97,
  "spikes_slice_k": 3971.04,
  "summary_bg_k": 155.9825,
  "summary_bg_mad": 0.0,
  "summary_bg_mean": 441.1458,
  "summary_bg_median": 0.0,
  "summary_bg_n": 933282.0,
  "summary_bg_p05": 0.0,
  "summary_bg_p95": 2042.0,
  "summary_bg_stdv": 1520.6751,
  "summary_fg_k": 0.3339,
  "summary_fg_mad": 5008.2303,
  "summary_fg_mean": 12040.8563,
  "summary_fg_median": 10917.0,
  "summary_fg_n": 180830.0,
  "summary_fg_p05": 0.0,
  "summary_fg_p95": 27253.0,
  "summary_fg_stdv": 7334.3313,
  "summary_wm_k": 6.2506,
  "summary_wm_mad": 2213.5251,
  "summary_wm_mean": 10824.8165,
  "summary_wm_median": 10445.0,
  "summary_wm_n": 37538.0,
  "summary_wm_p05": 5969.0,
  "summary_wm_p95": 16964.0,
  "summary_wm_stdv": 3655.8195
}
