{
  "aor": 0.0027045000000000003,
  "aqi": 0.01258846175,
  "bids_meta": {
    "AcquisitionDuration": 620.91,
    "AcquisitionMatrixPE": 80,
    "AcquisitionNumber": 14,
    "AcquisitionTime": "16:41:41.920000",
    "BodyPartExamined": "BRAIN",
    "CoilString": "MULTI COIL",
    "ConversionSoftware": "dcm2niix",
    "ConversionSoftwareVersion": "v1.0.20230411",
    "Dcm2bidsVersion": "3.0.1",
    "DeviceSerialNumber": "85054",
    "EchoTime": 0.030001,
    "EchoTrainLength": 27,
    "EstimatedEffectiveEchoSpacing": 0.000191187,
    "EstimatedTotalReadoutTime": 0.0151038,
    "FileSize": 0.04928457550704479,
    "FileSizeUnits": "GB",
    "FlipAngle": 90,
    "FrequencyEncodingSteps": 80,
    "ImageOrientationPatientDICOM": [
      0.996281,
      -0.0326023,
      0.0797609,
      0.0395403,
      0.995422,
      -0.0870123
    ],
    "ImageType": [
      "ORIGINAL",
      "PRIMARY",
      "M",
      "FFE",
      "M",
      "FFE"
    ],
    "ImagingFrequency": 127.776888,
    "InPlanePhaseEncodingDirectionDICOM": "COL",
    "InstitutionAddress": "Nemirovicha-Danchenko 132",
    "InstitutionName": "Novosib Neurosurgery Center",
    "InstitutionalDepartmentName": "MRI",
    "MRAcquisitionType": "2D",
    "MTState": false,
    "MagneticFieldStrength": 3,
    "Manufacturer": "Philips",
    "ManufacturersModelName": "Ingenia",
    "Modality": "MR",
    "NumberOfVolumes": 200,
    "ParallelAcquisitionTechnique": "SENSE",
    "ParallelReductionFactorInPlane": 3,
    "PatientPosition": "HFS",
    "PercentPhaseFOV": 100,
    "PercentSampling": 100,
    "PhaseEncodingAxis": "j",
    "PhaseEncodingSteps": 80,
    "PhaseEncodingStepsOutOfPlane": 1,
    "PhilipsRWVIntercept": 0,
    "PhilipsRWVSlope": 0.802442,
    "PhilipsRescaleIntercept": 0,
    "PhilipsRescaleSlope": 0.802442,
    "PhilipsScaleSlope": 0.0129295,
    "PixelBandwidth": 2268,
    "ProcedureStepDescription": "HEAD+C (OL`FAKTORNAYA)",
    "ProtocolName": "rest-fMRI",
    "PulseSequenceName": "FEEPI",
    "ReconMatrixPE": 80,
    "RepetitionTime": 3,
    "SAR": 0.108486,
    "ScanOptions": "FS",
    "ScanningSequence": "GR",
    "SequenceVariant": "SK",
    "SeriesDescription": "rest-fMRI",
    "SeriesNumber": 1401,
    "SliceThickness": 3,
    "SoftwareVersions": "5.4.1\\5.4.1.3",
    "SpacingBetweenSlices": 3,
    "StationName": "PHILIPS-F7TK6PR",
    "TaskName": "rest",
    "UsePhilipsFloatNotDisplayScaling": 1,
    "WaterFatShift": 6.80474,
    "dataset": "<unset>",
    "datatype": "func",
    "extension": ".nii.gz",
    "modality": "bold",
    "subject": "olf35",
    "suffix": "bold",
    "task": "rest"
  },
  "dummy_trs": 0,
  "dvars_nstd": 34.97354559175876,
  "dvars_std": 1.0700044398994977,
  "dvars_vstd": 0.9819196288944723,
  "efc": 0.3629,
  "fber": 177062.6875,
  "fd_mean": 0.3594834004438554,
  "fd_num": 154,
  "fd_perc": 77.0,
  "fwhm_avg": 2.855668888888889,
  "fwhm_x": 2.828673333333333,
  "fwhm_y": 2.89733,
  "fwhm_z": 2.841003333333333,
  "gcor": 0.00885692,
  "gsr_x": -0.006859589833766222,
  "gsr_y": 0.006058296654373407,
  "provenance": {
    "md5sum": "9846dcf0e6d9245eb319e7ae5a5c77f9",
    "settings": {
      "fd_thres": 0.2,
      "testing": false
    },
    "software": "mriqc",
    "version": "25.1.0.dev45+g699d1691"
  },
  "size_t": 200,
  "size_x": 80,
  "size_y": 80,
  "size_z": 45,
  "snr": 2.75850143271295,
  "spacing_tr": 2.9999990463256836,
  "spacing_x": 3.0,
  "spacing_y": 3.0,
  "spacing_z": 3.0,
  "summary_bg_k": 158.9037,
  "summary_bg_mad": 357.9454,
  "summary_bg_mean": 2096.2822,
  "summary_bg_median": 251.0,
  "summary_bg_n": 243318.0,
  "summary_bg_p05": 1.0,
  "summary_bg_p95": 8552.0,
  "summary_bg_stdv": 5593.1398,
  "summary_fg_k": 0.539,
  "summary_fg_mad": 25777.4835,
  "summary_fg_mean": 102683.6824,
  "summary_fg_median": 105681.0,
  "summary_fg_n": 44682.0,
  "summary_fg_p05": 19802.0,
  "summary_fg_p95": 160843.0,
  "summary_fg_stdv": 38310.59,
  "tsnr": 41.240636923350394
}
