{
  "NumberOfShells": 1,
  "bValues": [
    0.0,
    1500.0
  ],
  "bValuesEstimation": [
    1500.0
  ],
  "bdiffs_max": 0.3855,
  "bdiffs_mean": 0.2128,
  "bdiffs_median": 0.2288,
  "bdiffs_min": 0.0185,
  "bids_meta": {
    "AcquisitionMatrixPE": 126,
    "AcquisitionNumber": 9,
    "AcquisitionTime": "08:30:55.340000",
    "BodyPartExamined": "BRAIN",
    "CoilString": "MULTI_COIL",
    "ConversionSoftware": "dcm2niix",
    "ConversionSoftwareVersion": "v1.0.20181125  (JP2:OpenJPEG) GCC9.3.0",
    "Dcm2bidsVersion": "3.1.1",
    "DeviceSerialNumber": "85054",
    "EchoTime": 0.103557,
    "EchoTrainLength": 51,
    "FileSize": 0.027732716873288155,
    "FileSizeUnits": "GB",
    "FlipAngle": 90,
    "ImageOrientationPatientDICOM": [
      0.99113,
      -0.0927823,
      0.0951473,
      0.0910811,
      0.995599,
      0.0220784
    ],
    "ImageType": [
      "ORIGINAL",
      "PRIMARY",
      "M",
      "SE",
      "M",
      "SE"
    ],
    "ImagingFrequency": 127.766,
    "InPlanePhaseEncodingDirectionDICOM": "COL",
    "InstitutionAddress": "Nemirovicha-Danchenko_132",
    "InstitutionName": "Novosib_Neurosurgery_Center",
    "InstitutionalDepartmentName": "MRI",
    "MRAcquisitionType": "2D",
    "MagneticFieldStrength": 3,
    "Manufacturer": "Philips",
    "ManufacturersModelName": "Ingenia",
    "Modality": "MR",
    "NumberOfVolumes": 65,
    "PartialFourier": 0.404762,
    "PatientPosition": "HFS",
    "PercentPhaseFOV": 100,
    "PhaseEncodingAxis": "j",
    "PhaseEncodingSteps": 126,
    "PhilipsRWVIntercept": 0,
    "PhilipsRWVSlope": 2.07766,
    "PhilipsRescaleIntercept": 0,
    "PhilipsRescaleSlope": 2.07766,
    "PhilipsScaleSlope": 0.0109385,
    "PixelBandwidth": 1786,
    "ProcedureStepDescription": "HEAD_+C_OLFAKTORNAYA_MENINGIOMA",
    "ProtocolName": "DTIshort_64dir_b1500_AP",
    "ReconMatrixPE": 128,
    "RepetitionTime": 9.47364,
    "SAR": 0.102781,
    "ScanOptions": "FS",
    "ScanningSequence": "SE",
    "SequenceVariant": "SK",
    "SeriesDescription": "DTIshort_64dir_b1500_AP",
    "SeriesNumber": 901,
    "SliceThickness": 2,
    "SoftwareVersions": "5.4.1_5.4.1.3",
    "SpacingBetweenSlices": 2,
    "StationName": "PHILIPS-F7TK6PR",
    "UsePhilipsFloatNotDisplayScaling": 1,
    "dataset": "<unset>",
    "datatype": "dwi",
    "extension": ".nii.gz",
    "modality": "dwi",
    "run": 1,
    "subject": "olf10fu",
    "suffix": "dwi"
  },
  "efc_shell01": 0.3182,
  "efc_shell02": 0.4134,
  "fa_degenerate": 0.0,
  "fa_nans": 0.0,
  "fber_shell01": -1.0,
  "fber_shell02": 930702.875,
  "fd_mean": 53.8842,
  "fd_num": 64,
  "fd_perc": 98.46153846153847,
  "ndc": 0.6776,
  "provenance": {
    "md5sum": "5bf112618a14eb1fe8d791cd72190730",
    "settings": {
      "testing": false
    },
    "software": "mriqc",
    "version": "25.1.0.dev45+g699d1691"
  },
  "sigma_cc": 48.9259,
  "sigma_pca": 14.7155,
  "sigma_piesno": 0.0,
  "snr_cc_shell0": 4.98,
  "snr_cc_shell1_best": 4.88,
  "snr_cc_shell1_worst": 4.88,
  "spikes_global": 1230.63,
  "spikes_slice_i": 6559.32,
  "spikes_slice_j": 6257.07,
  "spikes_slice_k": 4044.28,
  "summary_bg_k": 353.6402,
  "summary_bg_mad": 0.0,
  "summary_bg_mean": 13.7197,
  "summary_bg_median": 0.0,
  "summary_bg_n": 933573.0,
  "summary_bg_p05": 0.0,
  "summary_bg_p95": 60.0,
  "summary_bg_stdv": 56.109,
  "summary_fg_k": 6.3658,
  "summary_fg_mad": 136.3994,
  "summary_fg_mean": 432.5385,
  "summary_fg_median": 284.0,
  "summary_fg_n": 180539.0,
  "summary_fg_p05": 122.0,
  "summary_fg_p95": 1227.0,
  "summary_fg_stdv": 364.1477,
  "summary_wm_k": 39.4181,
  "summary_wm_mad": 40.0303,
  "summary_wm_mean": 257.9201,
  "summary_wm_median": 245.0,
  "summary_wm_n": 33925.0,
  "summary_wm_p05": 176.0,
  "summary_wm_p95": 357.0,
  "summary_wm_stdv": 93.0908
}
