{
  "bids_meta": {
    "AcquisitionDuration": 370.903,
    "AcquisitionMatrixPE": 240,
    "AcquisitionNumber": 4,
    "AcquisitionTime": "16:07:42.590000",
    "BodyPartExamined": "BRAIN",
    "CoilString": "MULTI COIL",
    "ConversionSoftware": "dcm2niix",
    "ConversionSoftwareVersion": "v1.0.20230411",
    "Dcm2bidsVersion": "3.0.1",
    "DeviceSerialNumber": "85054",
    "EchoTime": 0.003163,
    "EchoTrainLength": 204,
    "EstimatedEffectiveEchoSpacing": 7.1789e-6,
    "EstimatedTotalReadoutTime": 0.00366842,
    "FileSize": 0.026921801269054413,
    "FileSizeUnits": "GB",
    "FlipAngle": 8,
    "FrequencyEncodingSteps": 240,
    "ImageOrientationPatientDICOM": [
      0.996978,
      -0.0633113,
      0.0450117,
      0.0770248,
      0.880856,
      -0.467077
    ],
    "ImageType": [
      "ORIGINAL",
      "PRIMARY",
      "M",
      "FFE",
      "M",
      "FFE"
    ],
    "ImagingFrequency": 127.776984,
    "InPlanePhaseEncodingDirectionDICOM": "COL",
    "InstitutionAddress": "Nemirovicha-Danchenko 132",
    "InstitutionName": "Novosib Neurosurgery Center",
    "InstitutionalDepartmentName": "MRI",
    "MRAcquisitionType": "3D",
    "MTState": false,
    "MagneticFieldStrength": 3,
    "Manufacturer": "Philips",
    "ManufacturersModelName": "Ingenia",
    "Modality": "MR",
    "NumberOfVolumes": 1,
    "ParallelAcquisitionTechnique": "SENSE",
    "ParallelReductionFactorOutOfPlane": 2.2,
    "PartialFourierDirection": "PHASE",
    "PartialFourierEnabled": "YES",
    "PatientPosition": "HFS",
    "PercentPhaseFOV": 100,
    "PercentSampling": 100,
    "PhaseEncodingAxis": "j",
    "PhaseEncodingStepsNoPartialFourier": 240,
    "PhaseEncodingStepsOutOfPlane": 192,
    "PhilipsRWVIntercept": 0,
    "PhilipsRWVSlope": 3.9265,
    "PhilipsRescaleIntercept": 0,
    "PhilipsRescaleSlope": 3.9265,
    "PhilipsScaleSlope": 0.0148273,
    "PixelBandwidth": 271,
    "ProcedureStepDescription": "HEAD+CE MENINGIOMA OL`FAKTOR",
    "ProtocolName": "sT1W_3D",
    "PulseSequenceName": "T1TFE",
    "ReconMatrixPE": 512,
    "RepetitionTime": 0.0069606,
    "SAR": 0.0231826,
    "ScanOptions": "PFP",
    "ScanningSequence": "GR",
    "SequenceVariant": "MP",
    "SeriesDescription": "sT1W_3D",
    "SeriesNumber": 401,
    "SliceThickness": 1,
    "SoftwareVersions": "5.4.1\\5.4.1.3",
    "SpacingBetweenSlices": 1,
    "SpoilingState": true,
    "SpoilingType": "COMBINED",
    "StationName": "PHILIPS-F7TK6PR",
    "UsePhilipsFloatNotDisplayScaling": 1,
    "WaterFatShift": 1.60153,
    "dataset": "<unset>",
    "datatype": "anat",
    "extension": ".nii.gz",
    "modality": "T1w",
    "run": 1,
    "subject": "olf30",
    "suffix": "T1w"
  },
  "cjv": 0.6685007194244605,
  "cnr": 1.3481363166221543,
  "efc": 0.7202,
  "fber": -1.0,
  "fwhm_avg": 6.027153111111112,
  "fwhm_x": 7.430378666666667,
  "fwhm_y": 6.793450666666667,
  "fwhm_z": 3.85763,
  "icvs_csf": 0.2571623543707879,
  "icvs_gm": 0.38830444312236356,
  "icvs_wm": 0.35453320250684855,
  "inu_med": 0.7597233057022095,
  "inu_range": 0.35104200839996347,
  "provenance": {
    "md5sum": "99b5937bce875e07cf009bdb2f1a14bd",
    "settings": {
      "testing": false
    },
    "software": "mriqc",
    "version": "25.1.0.dev45+g699d1691",
    "warnings": {
      "large_rot_frame": true,
      "small_air_mask": false
    }
  },
  "qi_1": 0.0,
  "qi_2": 0.0007774429305033407,
  "rpve_csf": 7.947434149549994,
  "rpve_gm": 7.810192963079327,
  "rpve_wm": 7.917366454849483,
  "size_x": 512,
  "size_y": 512,
  "size_z": 192,
  "snr_csf": 1.9033039950758128,
  "snr_gm": 4.245794059586166,
  "snr_total": 4.110755553915777,
  "snr_wm": 6.183168607085353,
  "snrd_csf": 10.12645313540192,
  "snrd_gm": 15.41526900562421,
  "snrd_total": 15.975064682251215,
  "snrd_wm": 22.38347190572751,
  "spacing_x": 0.46875,
  "spacing_y": 0.46875,
  "spacing_z": 1.0,
  "summary_bg_k": 198.0324,
  "summary_bg_mad": 0.0,
  "summary_bg_mean": 3.3087,
  "summary_bg_median": 0.0,
  "summary_bg_n": 19328616.0,
  "summary_bg_p05": 0.0,
  "summary_bg_p95": 7.0,
  "summary_bg_stdv": 26.137,
  "summary_csf_k": -1.0238,
  "summary_csf_mad": 171.7913,
  "summary_csf_mean": 389.2049,
  "summary_csf_median": 404.0,
  "summary_csf_n": 1602213.2747453782,
  "summary_csf_p05": 55.0,
  "summary_csf_p95": 719.0,
  "summary_csf_stdv": 212.2624,
  "summary_gm_k": -0.1762,
  "summary_gm_mad": 93.6063,
  "summary_gm_mean": 631.8257,
  "summary_gm_median": 615.0,
  "summary_gm_n": 2419275.305421355,
  "summary_gm_p05": 418.0,
  "summary_gm_p95": 917.0,
  "summary_gm_stdv": 144.8492,
  "summary_wm_k": 2.7522,
  "summary_wm_mad": 92.2369,
  "summary_wm_mean": 852.4187,
  "summary_wm_median": 893.0,
  "summary_wm_n": 2208868.4200465926,
  "summary_wm_p05": 579.0,
  "summary_wm_p95": 1025.0,
  "summary_wm_stdv": 144.4243,
  "tpm_overlap_csf": 0.1962485421363013,
  "tpm_overlap_gm": 0.5140875690056643,
  "tpm_overlap_wm": 0.48535620837189253,
  "wm2max": 0.5382904238487558
}
