{
  "aor": 0.0021414999999999997,
  "aqi": 0.013928925699999999,
  "bids_meta": {
    "AcquisitionMatrixPE": 80,
    "AcquisitionNumber": 13,
    "AcquisitionTime": "13:59:48.590000",
    "BodyPartExamined": "BRAIN",
    "CoilString": "MULTI_COIL",
    "ConversionSoftware": "dcm2niix",
    "ConversionSoftwareVersion": "v1.0.20181125  (JP2:OpenJPEG) GCC9.3.0",
    "Dcm2bidsVersion": "3.1.1",
    "DeviceSerialNumber": "85054",
    "EchoTime": 0.030001,
    "EchoTrainLength": 27,
    "FileSize": 0.04706595838069916,
    "FileSizeUnits": "GB",
    "FlipAngle": 90,
    "ImageOrientationPatientDICOM": [
      0.996949,
      -0.0492073,
      0.0605946,
      0.0479849,
      0.998617,
      0.0214673
    ],
    "ImageType": [
      "ORIGINAL",
      "PRIMARY",
      "M",
      "FFE",
      "M",
      "FFE"
    ],
    "ImagingFrequency": 127.767,
    "InPlanePhaseEncodingDirectionDICOM": "COL",
    "InstitutionAddress": "Nemirovicha-Danchenko_132",
    "InstitutionName": "Novosib_Neurosurgery_Center",
    "InstitutionalDepartmentName": "MRI",
    "MRAcquisitionType": "2D",
    "MagneticFieldStrength": 3,
    "Manufacturer": "Philips",
    "ManufacturersModelName": "Ingenia",
    "Modality": "MR",
    "NumberOfVolumes": 200,
    "PartialFourier": 0.3375,
    "PatientPosition": "HFS",
    "PercentPhaseFOV": 100,
    "PhaseEncodingAxis": "j",
    "PhaseEncodingSteps": 80,
    "PhilipsRWVIntercept": 0,
    "PhilipsRWVSlope": 0.788767,
    "PhilipsRescaleIntercept": 0,
    "PhilipsRescaleSlope": 0.788767,
    "PhilipsScaleSlope": 0.0129138,
    "PixelBandwidth": 2264,
    "ProcedureStepDescription": "HEAD_MENINGIOMA+C",
    "ProtocolName": "rest-fMRI",
    "ReconMatrixPE": 80,
    "RepetitionTime": 3,
    "SAR": 0.108433,
    "ScanOptions": "FS",
    "ScanningSequence": "GR",
    "SequenceVariant": "SK",
    "SeriesDescription": "rest-fMRI",
    "SeriesNumber": 1301,
    "SliceThickness": 3,
    "SoftwareVersions": "5.4.1_5.4.1.3",
    "SpacingBetweenSlices": 3,
    "StationName": "PHILIPS-F7TK6PR",
    "TaskName": "rest",
    "UsePhilipsFloatNotDisplayScaling": 1,
    "dataset": "<unset>",
    "datatype": "func",
    "extension": ".nii.gz",
    "modality": "bold",
    "subject": "olf16",
    "suffix": "bold",
    "task": "rest"
  },
  "dummy_trs": 0,
  "dvars_nstd": 34.245753811005024,
  "dvars_std": 1.0977273248241204,
  "dvars_vstd": 1.0031692920100497,
  "efc": 0.3662,
  "fber": 283389.0625,
  "fd_mean": 0.22917668125531232,
  "fd_num": 104,
  "fd_perc": 52.0,
  "fwhm_avg": 2.475061111111111,
  "fwhm_x": 2.4233366666666667,
  "fwhm_y": 2.6242199999999998,
  "fwhm_z": 2.3776266666666666,
  "gcor": 0.00528739,
  "gsr_x": -0.01896810159087181,
  "gsr_y": 0.011311937123537064,
  "provenance": {
    "md5sum": "be5bd96977340819e02f1ff3b6d7d7a6",
    "settings": {
      "fd_thres": 0.2,
      "testing": false
    },
    "software": "mriqc",
    "version": "25.1.0.dev45+g699d1691"
  },
  "size_t": 200,
  "size_x": 80,
  "size_y": 80,
  "size_z": 45,
  "snr": 2.962701330287535,
  "spacing_tr": 2.9999990463256836,
  "spacing_x": 3.0,
  "spacing_y": 3.0,
  "spacing_z": 3.0,
  "summary_bg_k": 168.6635,
  "summary_bg_mad": 2.8092,
  "summary_bg_mean": 24.5113,
  "summary_bg_median": 2.0,
  "summary_bg_n": 245209.0,
  "summary_bg_p05": 0.0,
  "summary_bg_p95": 104.0,
  "summary_bg_stdv": 81.2257,
  "summary_fg_k": 0.8498,
  "summary_fg_mad": 215.647,
  "summary_fg_mean": 902.7967,
  "summary_fg_median": 959.0,
  "summary_fg_n": 42791.0,
  "summary_fg_p05": 177.0,
  "summary_fg_p95": 1325.0,
  "summary_fg_stdv": 323.6873,
  "tsnr": 40.08116071578115
}
