{
  "aor": 0.0018323499999999997,
  "aqi": 0.0129239441,
  "bids_meta": {
    "AcquisitionDuration": 620.91,
    "AcquisitionMatrixPE": 80,
    "AcquisitionNumber": 13,
    "AcquisitionTime": "08:46:58.420000",
    "BodyPartExamined": "BRAIN",
    "CoilString": "MULTI COIL",
    "ConversionSoftware": "dcm2niix",
    "ConversionSoftwareVersion": "v1.0.20230411",
    "Dcm2bidsVersion": "3.0.1",
    "DeviceSerialNumber": "85054",
    "EchoTime": 0.030001,
    "EchoTrainLength": 27,
    "EstimatedEffectiveEchoSpacing": 0.000191461,
    "EstimatedTotalReadoutTime": 0.0151254,
    "FileSize": 0.05480985250324011,
    "FileSizeUnits": "GB",
    "FlipAngle": 90,
    "FrequencyEncodingSteps": 80,
    "ImageOrientationPatientDICOM": [
      0.999532,
      0.0256867,
      -0.0166091,
      -0.0259029,
      0.999581,
      -0.0129382
    ],
    "ImageType": [
      "ORIGINAL",
      "PRIMARY",
      "M",
      "FFE",
      "M",
      "FFE"
    ],
    "ImagingFrequency": 127.777008,
    "InPlanePhaseEncodingDirectionDICOM": "COL",
    "InstitutionAddress": "Nemirovicha-Danchenko 132",
    "InstitutionName": "Novosib Neurosurgery Center",
    "InstitutionalDepartmentName": "MRI",
    "MRAcquisitionType": "2D",
    "MTState": false,
    "MagneticFieldStrength": 3,
    "Manufacturer": "Philips",
    "ManufacturersModelName": "Ingenia",
    "Modality": "MR",
    "NumberOfVolumes": 200,
    "ParallelAcquisitionTechnique": "SENSE",
    "ParallelReductionFactorInPlane": 3,
    "PatientPosition": "HFS",
    "PercentPhaseFOV": 100,
    "PercentSampling": 100,
    "PhaseEncodingAxis": "j",
    "PhaseEncodingSteps": 80,
    "PhaseEncodingStepsOutOfPlane": 1,
    "PhilipsRWVIntercept": 0,
    "PhilipsRWVSlope": 0.883516,
    "PhilipsRescaleIntercept": 0,
    "PhilipsRescaleSlope": 0.883516,
    "PhilipsScaleSlope": 0.0144531,
    "PixelBandwidth": 2264,
    "ProcedureStepDescription": "HEAD",
    "ProtocolName": "rest-fMRI",
    "PulseSequenceName": "FEEPI",
    "ReconMatrixPE": 80,
    "RepetitionTime": 3,
    "SAR": 0.108383,
    "ScanOptions": "FS",
    "ScanningSequence": "GR",
    "SequenceVariant": "SK",
    "SeriesDescription": "rest-fMRI",
    "SeriesNumber": 1301,
    "SliceThickness": 3,
    "SoftwareVersions": "5.4.1\\5.4.1.3",
    "SpacingBetweenSlices": 3,
    "StationName": "PHILIPS-F7TK6PR",
    "TaskName": "rest",
    "UsePhilipsFloatNotDisplayScaling": 1,
    "WaterFatShift": 6.81448,
    "dataset": "<unset>",
    "datatype": "func",
    "extension": ".nii.gz",
    "modality": "bold",
    "subject": "olf36fu",
    "suffix": "bold",
    "task": "rest"
  },
  "dummy_trs": 0,
  "dvars_nstd": 40.71450842035176,
  "dvars_std": 1.1416414234170855,
  "dvars_vstd": 1.0046943050753767,
  "efc": 0.4175,
  "fber": 45791.418,
  "fd_mean": 0.4693323471616642,
  "fd_num": 189,
  "fd_perc": 94.5,
  "fwhm_avg": 2.4142622222222223,
  "fwhm_x": 2.4212166666666666,
  "fwhm_y": 2.484793333333333,
  "fwhm_z": 2.3367766666666667,
  "gcor": 0.0106875,
  "gsr_x": -0.025253763422369957,
  "gsr_y": -0.004314946476370096,
  "provenance": {
    "md5sum": "8920c2e3c427a699b7addabd687aabb7",
    "settings": {
      "fd_thres": 0.2,
      "testing": false
    },
    "software": "mriqc",
    "version": "25.1.0.dev45+g699d1691"
  },
  "size_t": 200,
  "size_x": 80,
  "size_y": 80,
  "size_z": 45,
  "snr": 2.974012600716991,
  "spacing_tr": 2.9999990463256836,
  "spacing_x": 3.0,
  "spacing_y": 3.0,
  "spacing_z": 3.0,
  "summary_bg_k": 60.5162,
  "summary_bg_mad": 634.5078,
  "summary_bg_mean": 3854.8522,
  "summary_bg_median": 431.0,
  "summary_bg_n": 239604.0,
  "summary_bg_p05": 1.0,
  "summary_bg_p95": 19541.0,
  "summary_bg_stdv": 9183.5203,
  "summary_fg_k": 1.3318,
  "summary_fg_mad": 19612.8235,
  "summary_fg_mean": 90542.1268,
  "summary_fg_median": 92302.5,
  "summary_fg_n": 48396.0,
  "summary_fg_p05": 21650.0,
  "summary_fg_p95": 135214.0,
  "summary_fg_stdv": 31036.0307,
  "tsnr": 42.65492234076373
}
