{
  "aor": 0.0016281000000000002,
  "aqi": 0.011141077249999999,
  "bids_meta": {
    "AcquisitionMatrixPE": 80,
    "AcquisitionNumber": 13,
    "AcquisitionTime": "08:37:54.090000",
    "BodyPartExamined": "BRAIN",
    "CoilString": "MULTI_COIL",
    "ConversionSoftware": "dcm2niix",
    "ConversionSoftwareVersion": "v1.0.20181125  (JP2:OpenJPEG) GCC9.3.0",
    "Dcm2bidsVersion": "3.1.1",
    "DeviceSerialNumber": "85054",
    "EchoTime": 0.030001,
    "EchoTrainLength": 27,
    "FileSize": 0.049959661439061165,
    "FileSizeUnits": "GB",
    "FlipAngle": 90,
    "ImageOrientationPatientDICOM": [
      0.995419,
      0.0104039,
      -0.0950423,
      -0.0168317,
      0.997606,
      -0.0670821
    ],
    "ImageType": [
      "ORIGINAL",
      "PRIMARY",
      "M",
      "FFE",
      "M",
      "FFE"
    ],
    "ImagingFrequency": 127.777,
    "InPlanePhaseEncodingDirectionDICOM": "COL",
    "InstitutionAddress": "Nemirovicha-Danchenko_132",
    "InstitutionName": "Novosib_Neurosurgery_Center",
    "InstitutionalDepartmentName": "MRI",
    "MRAcquisitionType": "2D",
    "MagneticFieldStrength": 3,
    "Manufacturer": "Philips",
    "ManufacturersModelName": "Ingenia",
    "Modality": "MR",
    "NumberOfVolumes": 200,
    "PartialFourier": 0.3375,
    "PatientPosition": "HFS",
    "PercentPhaseFOV": 100,
    "PhaseEncodingAxis": "j",
    "PhaseEncodingSteps": 80,
    "PhilipsRWVIntercept": 0,
    "PhilipsRWVSlope": 0.799756,
    "PhilipsRescaleIntercept": 0,
    "PhilipsRescaleSlope": 0.799756,
    "PhilipsScaleSlope": 0.0131126,
    "PixelBandwidth": 2094,
    "ProtocolName": "rest-fMRI",
    "ReconMatrixPE": 80,
    "RepetitionTime": 3,
    "SAR": 0.108432,
    "ScanOptions": "FS",
    "ScanningSequence": "GR",
    "SequenceVariant": "SK",
    "SeriesDescription": "rest-fMRI",
    "SeriesNumber": 1301,
    "SliceThickness": 3,
    "SoftwareVersions": "5.4.1_5.4.1.3",
    "SpacingBetweenSlices": 3,
    "StationName": "PHILIPS-F7TK6PR",
    "TaskName": "rest",
    "UsePhilipsFloatNotDisplayScaling": 1,
    "dataset": "<unset>",
    "datatype": "func",
    "extension": ".nii.gz",
    "modality": "bold",
    "subject": "olf07fu",
    "suffix": "bold",
    "task": "rest"
  },
  "dummy_trs": 0,
  "dvars_nstd": 40.64681092427133,
  "dvars_std": 1.1837885651758795,
  "dvars_vstd": 0.9958019179396983,
  "efc": 0.391,
  "fber": 153915.0781,
  "fd_mean": 0.46656032409379006,
  "fd_num": 193,
  "fd_perc": 96.5,
  "fwhm_avg": 2.29508,
  "fwhm_x": 2.3535533333333336,
  "fwhm_y": 2.406476666666667,
  "fwhm_z": 2.12521,
  "gcor": 0.0254832,
  "gsr_x": -0.009674999862909317,
  "gsr_y": 0.011137785390019417,
  "provenance": {
    "md5sum": "27dea0eb4bb03853e4caee93488d02ee",
    "settings": {
      "fd_thres": 0.2,
      "testing": false
    },
    "software": "mriqc",
    "version": "25.1.0.dev45+g699d1691"
  },
  "size_t": 200,
  "size_x": 80,
  "size_y": 80,
  "size_z": 45,
  "snr": 3.3084249334512745,
  "spacing_tr": 2.9999990463256836,
  "spacing_x": 3.0,
  "spacing_y": 3.0,
  "spacing_z": 3.0,
  "summary_bg_k": 287.4795,
  "summary_bg_mad": 3.5702,
  "summary_bg_mean": 19.3917,
  "summary_bg_median": 3.0,
  "summary_bg_n": 236507.0,
  "summary_bg_p05": 0.0,
  "summary_bg_p95": 77.0,
  "summary_bg_stdv": 63.7806,
  "summary_fg_k": 1.8109,
  "summary_fg_mad": 206.5705,
  "summary_fg_mean": 986.4822,
  "summary_fg_median": 1009.0,
  "summary_fg_n": 51493.0,
  "summary_fg_p05": 340.0,
  "summary_fg_p95": 1415.0,
  "summary_fg_stdv": 304.976,
  "tsnr": 48.677927024662495
}
