{
  "NumberOfShells": 1,
  "bValues": [
    0.0,
    1500.0
  ],
  "bValuesEstimation": [
    1500.0
  ],
  "bdiffs_max": 0.3586,
  "bdiffs_mean": 0.1974,
  "bdiffs_median": 0.1993,
  "bdiffs_min": 0.0094,
  "bids_meta": {
    "AcquisitionMatrixPE": 126,
    "AcquisitionNumber": 9,
    "AcquisitionTime": "08:27:58.040000",
    "BodyPartExamined": "BRAIN",
    "CoilString": "MULTI_COIL",
    "ConversionSoftware": "dcm2niix",
    "ConversionSoftwareVersion": "v1.0.20181125  (JP2:OpenJPEG) GCC9.3.0",
    "Dcm2bidsVersion": "3.1.1",
    "DeviceSerialNumber": "85054",
    "EchoTime": 0.1031,
    "EchoTrainLength": 51,
    "FileSize": 0.027653989382088184,
    "FileSizeUnits": "GB",
    "FlipAngle": 90,
    "ImageOrientationPatientDICOM": [
      0.992643,
      -0.0905379,
      0.0803945,
      0.0856555,
      0.994379,
      0.0622397
    ],
    "ImageType": [
      "ORIGINAL",
      "PRIMARY",
      "M",
      "SE",
      "M",
      "SE"
    ],
    "ImagingFrequency": 127.766,
    "InPlanePhaseEncodingDirectionDICOM": "COL",
    "InstitutionAddress": "Nemirovicha-Danchenko_132",
    "InstitutionName": "Novosib_Neurosurgery_Center",
    "InstitutionalDepartmentName": "MRI",
    "MRAcquisitionType": "2D",
    "MagneticFieldStrength": 3,
    "Manufacturer": "Philips",
    "ManufacturersModelName": "Ingenia",
    "Modality": "MR",
    "NumberOfVolumes": 65,
    "PartialFourier": 0.404762,
    "PatientPosition": "HFS",
    "PercentPhaseFOV": 100,
    "PhaseEncodingAxis": "j",
    "PhaseEncodingSteps": 126,
    "PhilipsRWVIntercept": 0,
    "PhilipsRWVSlope": 2.34066,
    "PhilipsRescaleIntercept": 0,
    "PhilipsRescaleSlope": 2.34066,
    "PhilipsScaleSlope": 0.00965403,
    "PixelBandwidth": 1786,
    "ProcedureStepDescription": "HEAD+C_OLFAKTORNAYA_MENINGIOMA",
    "ProtocolName": "DTIshort_64dir_b1500_AP",
    "ReconMatrixPE": 128,
    "RepetitionTime": 9.44255,
    "SAR": 0.103125,
    "ScanOptions": "FS",
    "ScanningSequence": "SE",
    "SequenceVariant": "SK",
    "SeriesDescription": "DTIshort_64dir_b1500_AP",
    "SeriesNumber": 901,
    "SliceThickness": 2,
    "SoftwareVersions": "5.4.1_5.4.1.3",
    "SpacingBetweenSlices": 2,
    "StationName": "PHILIPS-F7TK6PR",
    "UsePhilipsFloatNotDisplayScaling": 1,
    "dataset": "<unset>",
    "datatype": "dwi",
    "extension": ".nii.gz",
    "modality": "dwi",
    "run": 1,
    "subject": "olf12fu",
    "suffix": "dwi"
  },
  "efc_shell01": 0.3148,
  "efc_shell02": 0.3969,
  "fa_degenerate": 0.0,
  "fa_nans": 0.0,
  "fber_shell01": -1.0,
  "fber_shell02": 2055539.125,
  "fd_mean": 25.8844,
  "fd_num": 64,
  "fd_perc": 98.46153846153847,
  "ndc": 0.3355,
  "provenance": {
    "md5sum": "a0e2e05fc358ebea5fd0b17fa262ed64",
    "settings": {
      "testing": false
    },
    "software": "mriqc",
    "version": "25.1.0.dev45+g699d1691"
  },
  "sigma_cc": 41.5129,
  "sigma_pca": 14.1423,
  "sigma_piesno": 0.7728,
  "snr_cc_shell0": 4.94,
  "snr_cc_shell1_best": 4.17,
  "snr_cc_shell1_worst": 4.17,
  "spikes_global": 1302.48,
  "spikes_slice_i": 7266.33,
  "spikes_slice_j": 6209.35,
  "spikes_slice_k": 4132.55,
  "summary_bg_k": 282.363,
  "summary_bg_mad": 0.0,
  "summary_bg_mean": 12.5238,
  "summary_bg_median": 0.0,
  "summary_bg_n": 913979.0,
  "summary_bg_p05": 0.0,
  "summary_bg_p95": 46.0,
  "summary_bg_stdv": 62.0024,
  "summary_fg_k": 3.6729,
  "summary_fg_mad": 163.0862,
  "summary_fg_mean": 452.9523,
  "summary_fg_median": 292.0,
  "summary_fg_n": 200133.0,
  "summary_fg_p05": 98.0,
  "summary_fg_p95": 1495.0,
  "summary_fg_stdv": 407.2077,
  "summary_wm_k": 17.3985,
  "summary_wm_mad": 59.3041,
  "summary_wm_mean": 259.1332,
  "summary_wm_median": 236.0,
  "summary_wm_n": 30888.0,
  "summary_wm_p05": 163.0,
  "summary_wm_p95": 435.0,
  "summary_wm_stdv": 101.5878
}
