{
  "aor": 0.0081067,
  "aqi": 0.0364977223,
  "bids_meta": {
    "AcquisitionDuration": 620.91,
    "AcquisitionMatrixPE": 80,
    "AcquisitionNumber": 13,
    "AcquisitionTime": "17:42:17.850000",
    "BodyPartExamined": "BRAIN",
    "CoilString": "MULTI COIL",
    "ConversionSoftware": "dcm2niix",
    "ConversionSoftwareVersion": "v1.0.20230411",
    "Dcm2bidsVersion": "3.0.1",
    "DeviceSerialNumber": "85054",
    "EchoTime": 0.03,
    "EchoTrainLength": 27,
    "EstimatedEffectiveEchoSpacing": 0.000190982,
    "EstimatedTotalReadoutTime": 0.0150876,
    "FileSize": 0.05000526364892721,
    "FileSizeUnits": "GB",
    "FlipAngle": 90,
    "FrequencyEncodingSteps": 80,
    "ImageOrientationPatientDICOM": [
      0.995785,
      -0.0366444,
      0.0840833,
      0.0311491,
      0.997349,
      0.0657609
    ],
    "ImageType": [
      "ORIGINAL",
      "PRIMARY",
      "M",
      "FFE",
      "M",
      "FFE"
    ],
    "ImagingFrequency": 127.777016,
    "InPlanePhaseEncodingDirectionDICOM": "COL",
    "InstitutionAddress": "Nemirovicha-Danchenko 132",
    "InstitutionName": "Novosib Neurosurgery Center",
    "InstitutionalDepartmentName": "MRI",
    "MRAcquisitionType": "2D",
    "MTState": false,
    "MagneticFieldStrength": 3,
    "Manufacturer": "Philips",
    "ManufacturersModelName": "Ingenia",
    "Modality": "MR",
    "NumberOfVolumes": 200,
    "ParallelAcquisitionTechnique": "SENSE",
    "ParallelReductionFactorInPlane": 3,
    "PatientPosition": "HFS",
    "PercentPhaseFOV": 100,
    "PercentSampling": 100,
    "PhaseEncodingAxis": "j",
    "PhaseEncodingSteps": 80,
    "PhaseEncodingStepsOutOfPlane": 1,
    "PhilipsRWVIntercept": 0,
    "PhilipsRWVSlope": 0.776557,
    "PhilipsRescaleIntercept": 0,
    "PhilipsRescaleSlope": 0.776557,
    "PhilipsScaleSlope": 0.0133917,
    "PixelBandwidth": 2272,
    "ProcedureStepDescription": "HEAD+C (OL`FAKT)",
    "ProtocolName": "rest-fMRI",
    "PulseSequenceName": "FEEPI",
    "ReconMatrixPE": 80,
    "RepetitionTime": 3,
    "SAR": 0.108433,
    "ScanOptions": "FS",
    "ScanningSequence": "GR",
    "SequenceVariant": "SK",
    "SeriesDescription": "rest-fMRI",
    "SeriesNumber": 1301,
    "SliceThickness": 3,
    "SoftwareVersions": "5.4.1\\5.4.1.3",
    "SpacingBetweenSlices": 3,
    "StationName": "PHILIPS-F7TK6PR",
    "TaskName": "rest",
    "UsePhilipsFloatNotDisplayScaling": 1,
    "WaterFatShift": 6.79745,
    "dataset": "<unset>",
    "datatype": "func",
    "extension": ".nii.gz",
    "modality": "bold",
    "subject": "olf34",
    "suffix": "bold",
    "task": "rest"
  },
  "dummy_trs": 0,
  "dvars_nstd": 42.62102450050251,
  "dvars_std": 1.1122347054271353,
  "dvars_vstd": 1.0131428296482412,
  "efc": 0.3807,
  "fber": 170523.1406,
  "fd_mean": 0.519663994074318,
  "fd_num": 143,
  "fd_perc": 71.5,
  "fwhm_avg": 2.2793811111111113,
  "fwhm_x": 2.3728533333333335,
  "fwhm_y": 2.25177,
  "fwhm_z": 2.21352,
  "gcor": 0.0156424,
  "gsr_x": -0.007368617691099644,
  "gsr_y": 0.007371845189481974,
  "provenance": {
    "md5sum": "46ad94a7f77cdd96f10c041b01340300",
    "settings": {
      "fd_thres": 0.2,
      "testing": false
    },
    "software": "mriqc",
    "version": "25.1.0.dev45+g699d1691"
  },
  "size_t": 200,
  "size_x": 80,
  "size_y": 80,
  "size_z": 45,
  "snr": 3.658154474892223,
  "spacing_tr": 2.9999990463256836,
  "spacing_x": 3.0,
  "spacing_y": 3.0,
  "spacing_z": 3.0,
  "summary_bg_k": 104.4161,
  "summary_bg_mad": 337.304,
  "summary_bg_mean": 2438.4715,
  "summary_bg_median": 242.0,
  "summary_bg_n": 243428.0,
  "summary_bg_p05": 4.0,
  "summary_bg_p95": 10324.0,
  "summary_bg_stdv": 6811.0891,
  "summary_fg_k": 2.3963,
  "summary_fg_mad": 16791.4083,
  "summary_fg_mean": 98038.0105,
  "summary_fg_median": 99989.5,
  "summary_fg_n": 44572.0,
  "summary_fg_p05": 37716.0,
  "summary_fg_p95": 134212.0,
  "summary_fg_stdv": 27333.0115,
  "tsnr": 33.11413189047016
}
