{
  "bids_meta": {
    "AcquisitionMatrixPE": 240,
    "AcquisitionNumber": 3,
    "AcquisitionTime": "08:08:35.870000",
    "BodyPartExamined": "BRAIN",
    "CoilString": "MULTI_COIL",
    "ConversionSoftware": "dcm2niix",
    "ConversionSoftwareVersion": "v1.0.20181125  (JP2:OpenJPEG) GCC9.3.0",
    "Dcm2bidsVersion": "3.1.1",
    "DeviceSerialNumber": "85054",
    "EchoTime": 0.003012,
    "EchoTrainLength": 204,
    "FileSize": 0.024753029458224773,
    "FileSizeUnits": "GB",
    "FlipAngle": 8,
    "ImageOrientationPatientDICOM": [
      0.996258,
      -0.0199866,
      -0.084084,
      0.0141069,
      0.997451,
      -0.0699495
    ],
    "ImageType": [
      "ORIGINAL",
      "PRIMARY",
      "M",
      "FFE",
      "M",
      "FFE"
    ],
    "ImagingFrequency": 127.766,
    "InPlanePhaseEncodingDirectionDICOM": "COL",
    "InstitutionAddress": "Nemirovicha-Danchenko_132",
    "InstitutionName": "Novosib_Neurosurgery_Center",
    "InstitutionalDepartmentName": "MRI",
    "MRAcquisitionType": "3D",
    "MagneticFieldStrength": 3,
    "Manufacturer": "Philips",
    "ManufacturersModelName": "Ingenia",
    "Modality": "MR",
    "NumberOfVolumes": 1,
    "PatientPosition": "HFS",
    "PercentPhaseFOV": 100,
    "PhaseEncodingSteps": 240,
    "PhilipsRWVIntercept": 0,
    "PhilipsRWVSlope": 4.16581,
    "PhilipsRescaleIntercept": 0,
    "PhilipsRescaleSlope": 4.16581,
    "PhilipsScaleSlope": 0.0126948,
    "PixelBandwidth": 271,
    "ProcedureStepDescription": "NAUKA_OLFACTOR+CE",
    "ProtocolName": "sT1W_3D",
    "ReconMatrixPE": 512,
    "RepetitionTime": 0.0067015,
    "SAR": 0.0231826,
    "ScanOptions": "PFP",
    "ScanningSequence": "GR",
    "SequenceVariant": "MP",
    "SeriesDescription": "sT1W_3D",
    "SeriesNumber": 301,
    "SliceThickness": 1,
    "SoftwareVersions": "5.4.1_5.4.1.3",
    "SpacingBetweenSlices": 1,
    "StationName": "PHILIPS-F7TK6PR",
    "UsePhilipsFloatNotDisplayScaling": 1,
    "dataset": "<unset>",
    "datatype": "anat",
    "extension": ".nii.gz",
    "modality": "T1w",
    "run": 1,
    "subject": "olf08fu",
    "suffix": "T1w"
  },
  "cjv": 0.6086549253731344,
  "cnr": 1.357238829343995,
  "efc": 0.7533,
  "fber": -1.0,
  "fwhm_avg": 6.682845777777778,
  "fwhm_x": 8.032213333333333,
  "fwhm_y": 8.066624,
  "fwhm_z": 3.9497,
  "icvs_csf": 0.2826094518725738,
  "icvs_gm": 0.3602090929429948,
  "icvs_wm": 0.3571814551844314,
  "inu_med": 0.7434909343719482,
  "inu_range": 0.33031320571899414,
  "provenance": {
    "md5sum": "253d68c18ee0c7570d00005526996ada",
    "settings": {
      "testing": false
    },
    "software": "mriqc",
    "version": "25.1.0.dev45+g699d1691",
    "warnings": {
      "large_rot_frame": true,
      "small_air_mask": false
    }
  },
  "qi_1": 0.0,
  "qi_2": 0.0017267110261775837,
  "rpve_csf": 7.155001444801873,
  "rpve_gm": 7.040618315434122,
  "rpve_wm": 7.162755812731923,
  "size_x": 512,
  "size_y": 512,
  "size_z": 192,
  "snr_csf": 1.5496236027203252,
  "snr_gm": 2.815431196690578,
  "snr_total": 3.9869755886233875,
  "snr_wm": 7.595871966459258,
  "snrd_csf": 8.07983761756297,
  "snrd_gm": 16.922457108112653,
  "snrd_total": 17.12963243163991,
  "snrd_wm": 26.386602569244104,
  "spacing_x": 0.46875,
  "spacing_y": 0.46875,
  "spacing_z": 1.0,
  "summary_bg_k": 207.7689,
  "summary_bg_mad": 0.0,
  "summary_bg_mean": 2.8295,
  "summary_bg_median": 0.0,
  "summary_bg_n": 19465590.0,
  "summary_bg_p05": 0.0,
  "summary_bg_p95": 5.0,
  "summary_bg_stdv": 23.1897,
  "summary_csf_k": -0.9653,
  "summary_csf_mad": 164.0088,
  "summary_csf_mean": 298.0926,
  "summary_csf_median": 286.0,
  "summary_csf_n": 1953000.0303773908,
  "summary_csf_p05": 37.0,
  "summary_csf_p95": 614.0,
  "summary_csf_stdv": 184.5609,
  "summary_gm_k": 4.4952,
  "summary_gm_mad": 108.4781,
  "summary_gm_mean": 595.8481,
  "summary_gm_median": 599.0,
  "summary_gm_n": 2489259.877185842,
  "summary_gm_p05": 205.0,
  "summary_gm_p95": 969.0,
  "summary_gm_stdv": 212.756,
  "summary_wm_k": -0.1015,
  "summary_wm_mad": 95.4213,
  "summary_wm_mean": 901.5969,
  "summary_wm_median": 934.0,
  "summary_wm_n": 2468337.0927734077,
  "summary_wm_p05": 663.0,
  "summary_wm_p95": 1053.0,
  "summary_wm_stdv": 122.9615,
  "tpm_overlap_csf": 0.18765096013802526,
  "tpm_overlap_gm": 0.4985720810622583,
  "tpm_overlap_wm": 0.4966507516741083,
  "wm2max": 0.6575240886165115
}
