{
  "bids_meta": {
    "AcquisitionMatrixPE": 240,
    "AcquisitionNumber": 16,
    "AcquisitionTime": "09:04:22.210000",
    "BodyPartExamined": "BRAIN",
    "CoilString": "MULTI_COIL",
    "ConversionSoftware": "dcm2niix",
    "ConversionSoftwareVersion": "v1.0.20181125  (JP2:OpenJPEG) GCC9.3.0",
    "Dcm2bidsVersion": "3.1.1",
    "DeviceSerialNumber": "85054",
    "EchoTime": 0.003012,
    "EchoTrainLength": 204,
    "FileSize": 0.02665484044700861,
    "FileSizeUnits": "GB",
    "FlipAngle": 8,
    "ImageOrientationPatientDICOM": [
      0.996258,
      -0.0199866,
      -0.084084,
      0.0141069,
      0.997451,
      -0.0699495
    ],
    "ImageType": [
      "ORIGINAL",
      "PRIMARY",
      "M",
      "FFE",
      "M",
      "FFE"
    ],
    "ImagingFrequency": 127.766,
    "InPlanePhaseEncodingDirectionDICOM": "COL",
    "InstitutionAddress": "Nemirovicha-Danchenko_132",
    "InstitutionName": "Novosib_Neurosurgery_Center",
    "InstitutionalDepartmentName": "MRI",
    "MRAcquisitionType": "3D",
    "MagneticFieldStrength": 3,
    "Manufacturer": "Philips",
    "ManufacturersModelName": "Ingenia",
    "Modality": "MR",
    "NumberOfVolumes": 1,
    "PatientPosition": "HFS",
    "PercentPhaseFOV": 100,
    "PhaseEncodingSteps": 240,
    "PhilipsRWVIntercept": 0,
    "PhilipsRWVSlope": 2.16484,
    "PhilipsRescaleIntercept": 0,
    "PhilipsRescaleSlope": 2.16484,
    "PhilipsScaleSlope": 0.0126948,
    "PixelBandwidth": 271,
    "ProcedureStepDescription": "NAUKA_OLFACTOR+CE",
    "ProtocolName": "sT1W_3D_CE",
    "ReconMatrixPE": 512,
    "RepetitionTime": 0.0067015,
    "SAR": 0.0231826,
    "ScanOptions": "PFP",
    "ScanningSequence": "GR",
    "SequenceVariant": "MP",
    "SeriesDescription": "sT1W_3D_CE",
    "SeriesNumber": 1601,
    "SliceThickness": 1,
    "SoftwareVersions": "5.4.1_5.4.1.3",
    "SpacingBetweenSlices": 1,
    "StationName": "PHILIPS-F7TK6PR",
    "UsePhilipsFloatNotDisplayScaling": 1,
    "dataset": "<unset>",
    "datatype": "anat",
    "extension": ".nii.gz",
    "modality": "T1w",
    "run": 2,
    "subject": "olf08fu",
    "suffix": "T1w"
  },
  "cjv": 0.7822050156739812,
  "cnr": 1.0265825207088601,
  "efc": 0.7405,
  "fber": -1.0,
  "fwhm_avg": 4.606287999999999,
  "fwhm_x": 5.449984,
  "fwhm_y": 5.64128,
  "fwhm_z": 2.7276,
  "icvs_csf": 0.2263794121825626,
  "icvs_gm": 0.38740639352228967,
  "icvs_wm": 0.38621419429514764,
  "inu_med": 0.8100930750370026,
  "inu_range": 0.38934856057167044,
  "provenance": {
    "md5sum": "6efd562ed6022354becb78518bdf7b92",
    "settings": {
      "testing": false
    },
    "software": "mriqc",
    "version": "25.1.0.dev45+g699d1691",
    "warnings": {
      "large_rot_frame": true,
      "small_air_mask": false
    }
  },
  "qi_1": 0.0,
  "qi_2": 0.0007270350209856745,
  "rpve_csf": 7.200502390770027,
  "rpve_gm": 7.094120469217162,
  "rpve_wm": 7.144344743995473,
  "size_x": 512,
  "size_y": 512,
  "size_z": 192,
  "snr_csf": 1.168308125073342,
  "snr_gm": 2.7122115570165426,
  "snr_total": 3.6589466446287626,
  "snr_wm": 7.096320251796403,
  "snrd_csf": 12.27143522491546,
  "snrd_gm": 11.356119576027961,
  "snrd_total": 13.310861470262282,
  "snrd_wm": 16.305029609843427,
  "spacing_x": 0.46875,
  "spacing_y": 0.46875,
  "spacing_z": 1.0,
  "summary_bg_k": 584.0163,
  "summary_bg_mad": 0.0,
  "summary_bg_mean": 4.1018,
  "summary_bg_median": 0.0,
  "summary_bg_n": 20761579.0,
  "summary_bg_p05": 0.0,
  "summary_bg_p95": 0.0,
  "summary_bg_stdv": 42.2292,
  "summary_csf_k": -1.1036,
  "summary_csf_mad": 1041.5759,
  "summary_csf_mean": 906.2468,
  "summary_csf_median": 791.0,
  "summary_csf_n": 1549875.4051548615,
  "summary_csf_p05": 62.0,
  "summary_csf_p95": 2386.0,
  "summary_csf_stdv": 677.0472,
  "summary_gm_k": 3.5728,
  "summary_gm_mad": 126.8719,
  "summary_gm_mean": 721.2753,
  "summary_gm_median": 732.0,
  "summary_gm_n": 2652324.4111780236,
  "summary_gm_p05": 199.0,
  "summary_gm_p95": 1149.0,
  "summary_gm_stdv": 269.8904,
  "summary_wm_k": 5.5621,
  "summary_wm_mad": 122.6515,
  "summary_wm_mean": 1020.6359,
  "summary_wm_median": 1051.0,
  "summary_wm_n": 2644162.183692858,
  "summary_wm_p05": 752.0,
  "summary_wm_p95": 1216.0,
  "summary_wm_stdv": 148.1049,
  "tpm_overlap_csf": 0.2611733071294449,
  "tpm_overlap_gm": 0.4906984657459081,
  "tpm_overlap_wm": 0.5013726611642864,
  "wm2max": 0.36424885800795587
}
