{
  "bids_meta": {
    "AcquisitionMatrixPE": 252,
    "AcquisitionNumber": 2,
    "AcquisitionTime": "08:02:59.460000",
    "BodyPartExamined": "BRAIN",
    "CoilString": "MULTI_COIL",
    "ConversionSoftware": "dcm2niix",
    "ConversionSoftwareVersion": "v1.0.20181125  (JP2:OpenJPEG) GCC9.3.0",
    "Dcm2bidsVersion": "3.1.1",
    "DeviceSerialNumber": "85054",
    "EchoTime": 0.3,
    "EchoTrainLength": 155,
    "FileSize": 0.05011660512536764,
    "FileSizeUnits": "GB",
    "FlipAngle": 90,
    "ImageOrientationPatientDICOM": [
      -0.0516493,
      0.998558,
      0.0146668,
      -0.0861231,
      0.010178,
      -0.996233
    ],
    "ImageType": [
      "ORIGINAL",
      "PRIMARY",
      "M",
      "SE",
      "M",
      "SE"
    ],
    "ImagingFrequency": 127.766,
    "InPlanePhaseEncodingDirectionDICOM": "ROW",
    "InstitutionAddress": "Nemirovicha-Danchenko_132",
    "InstitutionName": "Novosib_Neurosurgery_Center",
    "InstitutionalDepartmentName": "MRI",
    "MRAcquisitionType": "3D",
    "MagneticFieldStrength": 3,
    "Manufacturer": "Philips",
    "ManufacturersModelName": "Ingenia",
    "Modality": "MR",
    "NumberOfVolumes": 1,
    "PatientPosition": "HFS",
    "PercentPhaseFOV": 100,
    "PhaseEncodingSteps": 252,
    "PhilipsRWVIntercept": 0,
    "PhilipsRWVSlope": 1.79609,
    "PhilipsRescaleIntercept": 0,
    "PhilipsRescaleSlope": 1.79609,
    "PhilipsScaleSlope": 0.00997893,
    "PixelBandwidth": 886,
    "ProcedureStepDescription": "NAUKA_OLFACTOR+CE",
    "ProtocolName": "3D_T2_1mm",
    "ReconMatrixPE": 512,
    "RepetitionTime": 3.5,
    "SAR": 0.025976,
    "ScanOptions": "FS",
    "ScanningSequence": "SE",
    "SequenceVariant": "SK",
    "SeriesDescription": "3D_T2_1mm",
    "SeriesNumber": 201,
    "SliceThickness": 1,
    "SoftwareVersions": "5.4.1_5.4.1.3",
    "SpacingBetweenSlices": 0.5,
    "StationName": "PHILIPS-F7TK6PR",
    "UsePhilipsFloatNotDisplayScaling": 1,
    "dataset": "<unset>",
    "datatype": "anat",
    "extension": ".nii.gz",
    "modality": "T2w",
    "subject": "olf08fu",
    "suffix": "T2w"
  },
  "cjv": 11.652746341463414,
  "cnr": 0.12140648911896919,
  "efc": 0.6079,
  "fber": 315.3881,
  "fwhm_avg": 6.348173066666667,
  "fwhm_x": 6.02354,
  "fwhm_y": 7.03551488,
  "fwhm_z": 5.98546432,
  "icvs_csf": 0.28794138945369474,
  "icvs_gm": 0.413723334137408,
  "icvs_wm": 0.29833527640889734,
  "inu_med": 0.9482885599136353,
  "inu_range": 0.4397986978292464,
  "provenance": {
    "md5sum": "5daf07df99be036565f0f74cdf86dc78",
    "settings": {
      "testing": false
    },
    "software": "mriqc",
    "version": "25.1.0.dev45+g699d1691",
    "warnings": {
      "large_rot_frame": true,
      "small_air_mask": false
    }
  },
  "qi_1": 0.0,
  "qi_2": 0.0017143410590650342,
  "rpve_csf": 7.3450611718612615,
  "rpve_gm": 7.18401819407473,
  "rpve_wm": 7.196927022872426,
  "size_x": 360,
  "size_y": 512,
  "size_z": 512,
  "snr_csf": 1.6340863674865078,
  "snr_gm": 4.604763205858078,
  "snr_total": 3.078888023392199,
  "snr_wm": 2.99781449683201,
  "snrd_csf": 9.032878658983583,
  "snrd_gm": 5.486740823772098,
  "snrd_total": 6.764188114803008,
  "snrd_wm": 5.7729448616533405,
  "spacing_x": 0.5,
  "spacing_y": 0.48828125,
  "spacing_z": 0.48828125,
  "summary_bg_k": 11.1753,
  "summary_bg_mad": 0.0,
  "summary_bg_mean": 33.5284,
  "summary_bg_median": 0.0,
  "summary_bg_n": 28839865.0,
  "summary_bg_p05": 0.0,
  "summary_bg_p95": 278.0,
  "summary_bg_stdv": 93.8512,
  "summary_csf_k": -0.9794,
  "summary_csf_mad": 1045.3196,
  "summary_csf_mean": 1288.0439,
  "summary_csf_median": 1294.0,
  "summary_csf_n": 3644235.1764492765,
  "summary_csf_p05": 104.0,
  "summary_csf_p95": 2710.0,
  "summary_csf_stdv": 791.8797,
  "summary_gm_k": 12.3353,
  "summary_gm_mad": 149.1009,
  "summary_gm_mean": 803.0112,
  "summary_gm_median": 786.0,
  "summary_gm_n": 5236152.851946564,
  "summary_gm_p05": 564.0,
  "summary_gm_p95": 1099.0,
  "summary_gm_stdv": 170.6928,
  "summary_wm_k": 4.4426,
  "summary_wm_mad": 328.6617,
  "summary_wm_mean": 869.5466,
  "summary_wm_median": 827.0,
  "summary_wm_n": 3775781.9767687833,
  "summary_wm_p05": 486.0,
  "summary_wm_p95": 1352.0,
  "summary_wm_stdv": 275.8676,
  "tpm_overlap_csf": 0.18908935913568828,
  "tpm_overlap_gm": 0.479414714496761,
  "tpm_overlap_wm": 0.4593833708769732,
  "wm2max": 0.28436640777757893
}
