{
    "Modality": "MR",
    "MagneticFieldStrength": 3,
    "ImagingFrequency": 127.777032,
    "Manufacturer": "Philips",
    "ManufacturersModelName": "Ingenia",
    "InstitutionName": "Novosib Neurosurgery Center",
    "InstitutionalDepartmentName": "MRI",
    "InstitutionAddress": "Nemirovicha-Danchenko 132",
    "DeviceSerialNumber": "85054",
    "StationName": "PHILIPS-F7TK6PR",
    "BodyPartExamined": "BRAIN",
    "PatientPosition": "HFS",
    "ProcedureStepDescription": "HEAD+C+NAUKA",
    "SoftwareVersions": "5.4.1\\5.4.1.3",
    "MRAcquisitionType": "2D",
    "SeriesDescription": "DTIshort_64dir_b1500_AP",
    "ProtocolName": "DTIshort_64dir_b1500_AP",
    "ScanningSequence": "SE",
    "SequenceVariant": "SK",
    "ScanOptions": "FS",
    "PulseSequenceName": "DwiSE",
    "ImageType": [
        "ORIGINAL",
        "PRIMARY",
        "M",
        "SE",
        "M",
        "SE"
    ],
    "SeriesNumber": 901,
    "AcquisitionTime": "08:27:8.560000",
    "AcquisitionNumber": 9,
    "PhilipsRWVSlope": 2.25128,
    "PhilipsRWVIntercept": 0,
    "PhilipsRescaleSlope": 2.25128,
    "PhilipsRescaleIntercept": 0,
    "PhilipsScaleSlope": 0.00960462,
    "UsePhilipsFloatNotDisplayScaling": 1,
    "SliceThickness": 2,
    "SpacingBetweenSlices": 2,
    "SAR": 0.102781,
    "EchoTime": 0.103557,
    "RepetitionTime": 9.47364,
    "MTState": false,
    "FlipAngle": 90,
    "CoilString": "MULTI COIL",
    "PercentPhaseFOV": 100,
    "PercentSampling": 100,
    "EchoTrainLength": 51,
    "PartialFourierDirection": "PHASE",
    "PartialFourierEnabled": "YES",
    "PhaseEncodingStepsNoPartialFourier": 126,
    "FrequencyEncodingSteps": 128,
    "PhaseEncodingStepsOutOfPlane": 1,
    "AcquisitionMatrixPE": 126,
    "ReconMatrixPE": 128,
    "ParallelReductionFactorInPlane": 2.5,
    "ParallelAcquisitionTechnique": "SENSE",
    "WaterFatShift": 17.5826,
    "EstimatedEffectiveEchoSpacing": 0.000312546,
    "EstimatedTotalReadoutTime": 0.0396933,
    "AcquisitionDuration": 765.515,
    "PixelBandwidth": 1786,
    "PhaseEncodingAxis": "j",
    "ImageOrientationPatientDICOM": [
        0.992458,
        -0.0817434,
        -0.091347,
        0.0854446,
        0.995642,
        0.0373634
    ],
    "InPlanePhaseEncodingDirectionDICOM": "COL",
    "ConversionSoftware": "dcm2niix",
    "ConversionSoftwareVersion": "v1.0.20230411",
    "Dcm2bidsVersion": "3.0.1"
}