{
  "aor": 0.004576800000000001,
  "aqi": 0.0174014946,
  "bids_meta": {
    "AcquisitionDuration": 620.91,
    "AcquisitionMatrixPE": 80,
    "AcquisitionNumber": 13,
    "AcquisitionTime": "08:48:24.050000",
    "BodyPartExamined": "BRAIN",
    "CoilString": "MULTI COIL",
    "ConversionSoftware": "dcm2niix",
    "ConversionSoftwareVersion": "v1.0.20230411",
    "Dcm2bidsVersion": "3.0.1",
    "DeviceSerialNumber": "85054",
    "EchoTime": 0.03,
    "EchoTrainLength": 27,
    "EstimatedEffectiveEchoSpacing": 0.000190299,
    "EstimatedTotalReadoutTime": 0.0150336,
    "FileSize": 0.053825353272259235,
    "FileSizeUnits": "GB",
    "FlipAngle": 90,
    "FrequencyEncodingSteps": 80,
    "ImageOrientationPatientDICOM": [
      0.990907,
      -0.134372,
      -0.00693147,
      0.134542,
      0.988922,
      0.0627093
    ],
    "ImageType": [
      "ORIGINAL",
      "PRIMARY",
      "M",
      "FFE",
      "M",
      "FFE"
    ],
    "ImagingFrequency": 127.777144,
    "InPlanePhaseEncodingDirectionDICOM": "COL",
    "InstitutionAddress": "Nemirovicha-Danchenko 132",
    "InstitutionName": "Novosib Neurosurgery Center",
    "InstitutionalDepartmentName": "MRI",
    "MRAcquisitionType": "2D",
    "MTState": false,
    "MagneticFieldStrength": 3,
    "Manufacturer": "Philips",
    "ManufacturersModelName": "Ingenia",
    "Modality": "MR",
    "NumberOfVolumes": 200,
    "ParallelAcquisitionTechnique": "SENSE",
    "ParallelReductionFactorInPlane": 3,
    "PatientPosition": "HFS",
    "PercentPhaseFOV": 100,
    "PercentSampling": 100,
    "PhaseEncodingAxis": "j",
    "PhaseEncodingSteps": 80,
    "PhaseEncodingStepsOutOfPlane": 1,
    "PhilipsRWVIntercept": 0,
    "PhilipsRWVSlope": 0.801465,
    "PhilipsRescaleIntercept": 0,
    "PhilipsRescaleSlope": 0.801465,
    "PhilipsScaleSlope": 0.0145136,
    "PixelBandwidth": 2282,
    "ProcedureStepDescription": "HEAD OL`FAKT MENING+C",
    "ProtocolName": "rest-fMRI",
    "PulseSequenceName": "FEEPI",
    "ReconMatrixPE": 80,
    "RepetitionTime": 3,
    "SAR": 0.108542,
    "ScanOptions": "FS",
    "ScanningSequence": "GR",
    "SequenceVariant": "SK",
    "SeriesDescription": "rest-fMRI",
    "SeriesNumber": 1301,
    "SliceThickness": 3,
    "SoftwareVersions": "5.4.1\\5.4.1.3",
    "SpacingBetweenSlices": 3,
    "StationName": "PHILIPS-F7TK6PR",
    "TaskName": "rest",
    "UsePhilipsFloatNotDisplayScaling": 1,
    "WaterFatShift": 6.77313,
    "dataset": "<unset>",
    "datatype": "func",
    "extension": ".nii.gz",
    "modality": "bold",
    "subject": "olf37fu",
    "suffix": "bold",
    "task": "rest"
  },
  "dummy_trs": 0,
  "dvars_nstd": 43.89963774924624,
  "dvars_std": 1.1998899202512554,
  "dvars_vstd": 1.027946513718594,
  "efc": 0.4225,
  "fber": 94473.875,
  "fd_mean": 0.43440909201080496,
  "fd_num": 169,
  "fd_perc": 84.5,
  "fwhm_avg": 2.4636344444444447,
  "fwhm_x": 2.37575,
  "fwhm_y": 2.6534833333333334,
  "fwhm_z": 2.3616699999999997,
  "gcor": 0.0297984,
  "gsr_x": -0.00904181506484747,
  "gsr_y": 0.018362009897828102,
  "provenance": {
    "md5sum": "a25a1c4a4798ec155eef51563dcf4510",
    "settings": {
      "fd_thres": 0.2,
      "testing": false
    },
    "software": "mriqc",
    "version": "25.1.0.dev45+g699d1691"
  },
  "size_t": 200,
  "size_x": 80,
  "size_y": 80,
  "size_z": 45,
  "snr": 3.198356794481681,
  "spacing_tr": 2.9999990463256836,
  "spacing_x": 3.0,
  "spacing_y": 3.0,
  "spacing_z": 3.0,
  "summary_bg_k": 116.8705,
  "summary_bg_mad": 428.2193,
  "summary_bg_mean": 2533.9751,
  "summary_bg_median": 296.0,
  "summary_bg_n": 231885.0,
  "summary_bg_p05": 3.0,
  "summary_bg_p95": 10781.0,
  "summary_bg_stdv": 6231.5766,
  "summary_fg_k": 1.4221,
  "summary_fg_mad": 19248.7752,
  "summary_fg_mean": 86523.4575,
  "summary_fg_median": 91130.0,
  "summary_fg_n": 56115.0,
  "summary_fg_p05": 21571.0,
  "summary_fg_p95": 122640.0,
  "summary_fg_stdv": 28492.5022,
  "tsnr": 38.394988615997136
}
