{
    "Modality": "MR",
    "MagneticFieldStrength": 3,
    "ImagingFrequency": 127.766,
    "Manufacturer": "Philips",
    "ManufacturersModelName": "Ingenia",
    "InstitutionName": "Novosib_Neurosurgery_Center",
    "InstitutionalDepartmentName": "MRI",
    "InstitutionAddress": "Nemirovicha-Danchenko_132",
    "DeviceSerialNumber": "85054",
    "StationName": "PHILIPS-F7TK6PR",
    "BodyPartExamined": "BRAIN",
    "PatientPosition": "HFS",
    "ProcedureStepDescription": "HEAD+C_OLFAKTORNAYA_MENINGIOMA",
    "SoftwareVersions": "5.4.1_5.4.1.3",
    "MRAcquisitionType": "3D",
    "SeriesDescription": "sT1W_3D_CE",
    "ProtocolName": "sT1W_3D_CE",
    "ScanningSequence": "GR",
    "SequenceVariant": "MP",
    "ScanOptions": "PFP",
    "ImageType": [
        "ORIGINAL",
        "PRIMARY",
        "M",
        "FFE",
        "M",
        "FFE"
    ],
    "SeriesNumber": 1601,
    "AcquisitionTime": "08:57:50.330000",
    "AcquisitionNumber": 16,
    "PhilipsRWVSlope": 2.85592,
    "PhilipsRWVIntercept": 0,
    "PhilipsRescaleSlope": 2.85592,
    "PhilipsRescaleIntercept": 0,
    "PhilipsScaleSlope": 0.0101289,
    "UsePhilipsFloatNotDisplayScaling": 1,
    "SliceThickness": 1,
    "SpacingBetweenSlices": 1,
    "SAR": 0.0231826,
    "EchoTime": 0.003055,
    "RepetitionTime": 0.0067412,
    "FlipAngle": 8,
    "CoilString": "MULTI_COIL",
    "PercentPhaseFOV": 100,
    "EchoTrainLength": 204,
    "PhaseEncodingSteps": 240,
    "AcquisitionMatrixPE": 240,
    "ReconMatrixPE": 512,
    "PixelBandwidth": 271,
    "ImageOrientationPatientDICOM": [
        0.992643,
        -0.0905379,
        0.0803945,
        0.0856555,
        0.994379,
        0.0622397
    ],
    "InPlanePhaseEncodingDirectionDICOM": "COL",
    "ConversionSoftware": "dcm2niix",
    "ConversionSoftwareVersion": "v1.0.20181125  (JP2:OpenJPEG) GCC9.3.0",
    "Dcm2bidsVersion": "3.1.1"
}