{
    "Modality": "MR",
    "MagneticFieldStrength": 3,
    "ImagingFrequency": 127.776984,
    "Manufacturer": "Philips",
    "ManufacturersModelName": "Ingenia",
    "InstitutionName": "Novosib Neurosurgery Center",
    "InstitutionalDepartmentName": "MRI",
    "InstitutionAddress": "Nemirovicha-Danchenko 132",
    "DeviceSerialNumber": "85054",
    "StationName": "PHILIPS-F7TK6PR",
    "BodyPartExamined": "BRAIN",
    "PatientPosition": "HFS",
    "ProcedureStepDescription": "HEAD",
    "SoftwareVersions": "5.4.1\\5.4.1.3",
    "MRAcquisitionType": "2D",
    "SeriesDescription": "DTIshort_64dir_b1500_AP",
    "ProtocolName": "DTIshort_64dir_b1500_AP",
    "ScanningSequence": "SE",
    "SequenceVariant": "SK",
    "ScanOptions": "FS",
    "PulseSequenceName": "DwiSE",
    "ImageType": [
        "ORIGINAL",
        "PRIMARY",
        "M",
        "SE",
        "M",
        "SE"
    ],
    "SeriesNumber": 901,
    "AcquisitionTime": "08:31:35.160000",
    "AcquisitionNumber": 9,
    "PhilipsRWVSlope": 1.89353,
    "PhilipsRWVIntercept": 0,
    "PhilipsRescaleSlope": 1.89353,
    "PhilipsRescaleIntercept": 0,
    "PhilipsScaleSlope": 0.0123152,
    "UsePhilipsFloatNotDisplayScaling": 1,
    "SliceThickness": 2,
    "SpacingBetweenSlices": 2,
    "SAR": 0.0965975,
    "EchoTime": 0.107254,
    "RepetitionTime": 10.0708,
    "MTState": false,
    "FlipAngle": 90,
    "CoilString": "MULTI COIL",
    "PercentPhaseFOV": 100,
    "PercentSampling": 100,
    "EchoTrainLength": 51,
    "PartialFourierDirection": "PHASE",
    "PartialFourierEnabled": "YES",
    "PhaseEncodingStepsNoPartialFourier": 126,
    "FrequencyEncodingSteps": 128,
    "PhaseEncodingStepsOutOfPlane": 1,
    "AcquisitionMatrixPE": 126,
    "ReconMatrixPE": 128,
    "ParallelReductionFactorInPlane": 2.5,
    "ParallelAcquisitionTechnique": "SENSE",
    "WaterFatShift": 21.8658,
    "EstimatedEffectiveEchoSpacing": 0.000388684,
    "EstimatedTotalReadoutTime": 0.0493629,
    "AcquisitionDuration": 805.522,
    "PixelBandwidth": 1334,
    "PhaseEncodingAxis": "j",
    "ImageOrientationPatientDICOM": [
        0.999532,
        0.0225355,
        -0.0206838,
        -0.0259029,
        0.983236,
        -0.180486
    ],
    "InPlanePhaseEncodingDirectionDICOM": "COL",
    "ConversionSoftware": "dcm2niix",
    "ConversionSoftwareVersion": "v1.0.20230411",
    "Dcm2bidsVersion": "3.0.1"
}