{
  "aor": 0.00462375,
  "aqi": 0.02718219445,
  "bids_meta": {
    "AcquisitionMatrixPE": 80,
    "AcquisitionNumber": 13,
    "AcquisitionTime": "08:37:25.660000",
    "BodyPartExamined": "BRAIN",
    "CoilString": "MULTI_COIL",
    "ConversionSoftware": "dcm2niix",
    "ConversionSoftwareVersion": "v1.0.20181125  (JP2:OpenJPEG) GCC9.3.0",
    "Dcm2bidsVersion": "3.1.1",
    "DeviceSerialNumber": "85054",
    "EchoTime": 0.03,
    "EchoTrainLength": 27,
    "FileSize": 0.05109957605600357,
    "FileSizeUnits": "GB",
    "FlipAngle": 90,
    "ImageOrientationPatientDICOM": [
      0.999699,
      0.00409953,
      0.0241802,
      -0.00404137,
      0.999989,
      -0.00245387
    ],
    "ImageType": [
      "ORIGINAL",
      "PRIMARY",
      "M",
      "FFE",
      "M",
      "FFE"
    ],
    "ImagingFrequency": 127.777,
    "InPlanePhaseEncodingDirectionDICOM": "COL",
    "InstitutionAddress": "Nemirovicha-Danchenko_132",
    "InstitutionName": "Novosib_Neurosurgery_Center",
    "InstitutionalDepartmentName": "MRI",
    "MRAcquisitionType": "2D",
    "MagneticFieldStrength": 3,
    "Manufacturer": "Philips",
    "ManufacturersModelName": "Ingenia",
    "Modality": "MR",
    "NumberOfVolumes": 200,
    "PartialFourier": 0.3375,
    "PatientPosition": "HFS",
    "PercentPhaseFOV": 100,
    "PhaseEncodingAxis": "j",
    "PhaseEncodingSteps": 80,
    "PhilipsRWVIntercept": 0,
    "PhilipsRWVSlope": 0.754823,
    "PhilipsRescaleIntercept": 0,
    "PhilipsRescaleSlope": 0.754823,
    "PhilipsScaleSlope": 0.0145035,
    "PixelBandwidth": 2270,
    "ProcedureStepDescription": "HEAD+C",
    "ProtocolName": "rest-fMRI",
    "ReconMatrixPE": 80,
    "RepetitionTime": 3,
    "SAR": 0.108383,
    "ScanOptions": "FS",
    "ScanningSequence": "GR",
    "SequenceVariant": "SK",
    "SeriesDescription": "rest-fMRI",
    "SeriesNumber": 1301,
    "SliceThickness": 3,
    "SoftwareVersions": "5.4.1_5.4.1.3",
    "SpacingBetweenSlices": 3,
    "StationName": "PHILIPS-F7TK6PR",
    "TaskName": "rest",
    "UsePhilipsFloatNotDisplayScaling": 1,
    "dataset": "<unset>",
    "datatype": "func",
    "extension": ".nii.gz",
    "modality": "bold",
    "subject": "olf05fu",
    "suffix": "bold",
    "task": "rest"
  },
  "dummy_trs": 0,
  "dvars_nstd": 65.56447279266331,
  "dvars_std": 1.2315593508040197,
  "dvars_vstd": 1.0220792786934678,
  "efc": 0.3943,
  "fber": 179195.0938,
  "fd_mean": 0.713863581262594,
  "fd_num": 197,
  "fd_perc": 98.5,
  "fwhm_avg": 2.3815244444444446,
  "fwhm_x": 2.3094633333333334,
  "fwhm_y": 2.4755,
  "fwhm_z": 2.35961,
  "gcor": 0.0225592,
  "gsr_x": -0.022602267563343048,
  "gsr_y": 0.006152178160846233,
  "provenance": {
    "md5sum": "f348292358fb404fdd475a751ef6d010",
    "settings": {
      "fd_thres": 0.2,
      "testing": false
    },
    "software": "mriqc",
    "version": "25.1.0.dev45+g699d1691"
  },
  "size_t": 200,
  "size_x": 80,
  "size_y": 80,
  "size_z": 45,
  "snr": 3.023641669189741,
  "spacing_tr": 2.9999990463256836,
  "spacing_x": 3.0,
  "spacing_y": 3.0,
  "spacing_z": 3.0,
  "summary_bg_k": 138.3627,
  "summary_bg_mad": 2.9048,
  "summary_bg_mean": 28.8199,
  "summary_bg_median": 2.0,
  "summary_bg_n": 238850.0,
  "summary_bg_p05": 0.0,
  "summary_bg_p95": 125.0,
  "summary_bg_stdv": 90.1199,
  "summary_fg_k": 1.1856,
  "summary_fg_mad": 232.2594,
  "summary_fg_mean": 991.6928,
  "summary_fg_median": 1023.0,
  "summary_fg_n": 49150.0,
  "summary_fg_p05": 258.0,
  "summary_fg_p95": 1473.0,
  "summary_fg_stdv": 338.3303,
  "tsnr": 29.812075672438368
}
