{
  "NumberOfShells": 1,
  "bValues": [
    0.0,
    1500.0
  ],
  "bValuesEstimation": [
    1500.0
  ],
  "bdiffs_max": 0.3671,
  "bdiffs_mean": 0.212,
  "bdiffs_median": 0.2095,
  "bdiffs_min": 0.029,
  "bids_meta": {
    "AcquisitionMatrixPE": 126,
    "AcquisitionNumber": 9,
    "AcquisitionTime": "09:04:26.580000",
    "BodyPartExamined": "BRAIN",
    "CoilString": "MULTI_COIL",
    "ConversionSoftware": "dcm2niix",
    "ConversionSoftwareVersion": "v1.0.20181125  (JP2:OpenJPEG) GCC9.3.0",
    "Dcm2bidsVersion": "3.1.1",
    "DeviceSerialNumber": "85054",
    "EchoTime": 0.1031,
    "EchoTrainLength": 51,
    "FileSize": 0.025106510147452354,
    "FileSizeUnits": "GB",
    "FlipAngle": 90,
    "ImageOrientationPatientDICOM": [
      0.994579,
      -0.10017,
      -0.0278873,
      0.098955,
      0.994205,
      -0.0419946
    ],
    "ImageType": [
      "ORIGINAL",
      "PRIMARY",
      "M",
      "SE",
      "M",
      "SE"
    ],
    "ImagingFrequency": 127.777,
    "InPlanePhaseEncodingDirectionDICOM": "COL",
    "InstitutionAddress": "Nemirovicha-Danchenko_132",
    "InstitutionName": "Novosib_Neurosurgery_Center",
    "InstitutionalDepartmentName": "MRI",
    "MRAcquisitionType": "2D",
    "MagneticFieldStrength": 3,
    "Manufacturer": "Philips",
    "ManufacturersModelName": "Ingenia",
    "Modality": "MR",
    "NumberOfVolumes": 65,
    "PartialFourier": 0.404762,
    "PatientPosition": "HFS",
    "PercentPhaseFOV": 100,
    "PhaseEncodingAxis": "j",
    "PhaseEncodingSteps": 126,
    "PhilipsRWVIntercept": 0,
    "PhilipsRWVSlope": 2.29035,
    "PhilipsRescaleIntercept": 0,
    "PhilipsRescaleSlope": 2.29035,
    "PhilipsScaleSlope": 0.0098217,
    "PixelBandwidth": 1786,
    "ProcedureStepDescription": "HEAD+C(NAUKA)",
    "ProtocolName": "DTIshort_64dir_b1500_AP",
    "ReconMatrixPE": 128,
    "RepetitionTime": 9.44255,
    "SAR": 0.103125,
    "ScanOptions": "FS",
    "ScanningSequence": "SE",
    "SequenceVariant": "SK",
    "SeriesDescription": "DTIshort_64dir_b1500_AP",
    "SeriesNumber": 901,
    "SliceThickness": 2,
    "SoftwareVersions": "5.4.1_5.4.1.3",
    "SpacingBetweenSlices": 2,
    "StationName": "PHILIPS-F7TK6PR",
    "UsePhilipsFloatNotDisplayScaling": 1,
    "dataset": "<unset>",
    "datatype": "dwi",
    "extension": ".nii.gz",
    "modality": "dwi",
    "run": 1,
    "subject": "olf04fu",
    "suffix": "dwi"
  },
  "efc_shell01": 0.3138,
  "efc_shell02": 0.3941,
  "fa_degenerate": 0.0,
  "fa_nans": 0.0,
  "fber_shell01": -1.0,
  "fber_shell02": 3560956.5,
  "fd_mean": 35.0338,
  "fd_num": 64,
  "fd_perc": 98.46153846153847,
  "ndc": 0.3064,
  "provenance": {
    "md5sum": "b8865d8d849d50fecaefeb69d2745ae0",
    "settings": {
      "testing": false
    },
    "software": "mriqc",
    "version": "25.1.0.dev45+g699d1691"
  },
  "sigma_cc": 34.0999,
  "sigma_pca": 15.4498,
  "sigma_piesno": 0.7509,
  "snr_cc_shell0": 8.21,
  "snr_cc_shell1_best": 6.92,
  "snr_cc_shell1_worst": 6.92,
  "spikes_global": 1268.0,
  "spikes_slice_i": 6550.48,
  "spikes_slice_j": 5758.63,
  "spikes_slice_k": 3903.43,
  "summary_bg_k": 289.13,
  "summary_bg_mad": 0.0,
  "summary_bg_mean": 10.2073,
  "summary_bg_median": 0.0,
  "summary_bg_n": 937448.0,
  "summary_bg_p05": 0.0,
  "summary_bg_p95": 41.0,
  "summary_bg_stdv": 52.3431,
  "summary_fg_k": 12.9185,
  "summary_fg_mad": 112.6778,
  "summary_fg_mean": 388.7482,
  "summary_fg_median": 290.0,
  "summary_fg_n": 176664.0,
  "summary_fg_p05": 98.0,
  "summary_fg_p95": 1007.0,
  "summary_fg_stdv": 304.4566,
  "summary_wm_k": 62.5952,
  "summary_wm_mad": 42.9955,
  "summary_wm_mean": 281.7844,
  "summary_wm_median": 261.0,
  "summary_wm_n": 36152.0,
  "summary_wm_p05": 199.0,
  "summary_wm_p95": 396.0,
  "summary_wm_stdv": 128.232
}
