{
  "NumberOfShells": 1,
  "bValues": [
    0.0,
    1500.0
  ],
  "bValuesEstimation": [
    1500.0
  ],
  "bdiffs_max": 0.3782,
  "bdiffs_mean": 0.2219,
  "bdiffs_median": 0.2723,
  "bdiffs_min": 0.0071,
  "bids_meta": {
    "AcquisitionMatrixPE": 126,
    "AcquisitionNumber": 9,
    "AcquisitionTime": "15:07:7.300000",
    "BodyPartExamined": "BRAIN",
    "CoilString": "MULTI_COIL",
    "ConversionSoftware": "dcm2niix",
    "ConversionSoftwareVersion": "v1.0.20181125  (JP2:OpenJPEG) GCC9.3.0",
    "Dcm2bidsVersion": "3.1.1",
    "DeviceSerialNumber": "85054",
    "EchoTime": 0.1031,
    "EchoTrainLength": 51,
    "FileSize": 0.024643474258482456,
    "FileSizeUnits": "GB",
    "FlipAngle": 90,
    "ImageOrientationPatientDICOM": [
      0.999996,
      -0.000597587,
      -0.00281618,
      0.000440915,
      0.998469,
      -0.0553087
    ],
    "ImageType": [
      "ORIGINAL",
      "PRIMARY",
      "M",
      "SE",
      "M",
      "SE"
    ],
    "ImagingFrequency": 127.767,
    "InPlanePhaseEncodingDirectionDICOM": "COL",
    "InstitutionAddress": "Nemirovicha-Danchenko_132",
    "InstitutionName": "Novosib_Neurosurgery_Center",
    "InstitutionalDepartmentName": "MRI",
    "MRAcquisitionType": "2D",
    "MagneticFieldStrength": 3,
    "Manufacturer": "Philips",
    "ManufacturersModelName": "Ingenia",
    "Modality": "MR",
    "NumberOfVolumes": 65,
    "PartialFourier": 0.404762,
    "PatientPosition": "HFS",
    "PercentPhaseFOV": 100,
    "PhaseEncodingAxis": "j",
    "PhaseEncodingSteps": 126,
    "PhilipsRWVIntercept": 0,
    "PhilipsRWVSlope": 3.05617,
    "PhilipsRescaleIntercept": 0,
    "PhilipsRescaleSlope": 3.05617,
    "PhilipsScaleSlope": 0.00588655,
    "PixelBandwidth": 1786,
    "ProcedureStepDescription": "MENINGIOMA_OLFACTOR+CE",
    "ProtocolName": "DTIshort_64dir_b1500_AP",
    "ReconMatrixPE": 128,
    "RepetitionTime": 9.43804,
    "SAR": 0.103159,
    "ScanOptions": "FS",
    "ScanningSequence": "SE",
    "SequenceVariant": "SK",
    "SeriesDescription": "DTIshort_64dir_b1500_AP",
    "SeriesNumber": 901,
    "SliceThickness": 2,
    "SoftwareVersions": "5.4.1_5.4.1.3",
    "SpacingBetweenSlices": 2,
    "StationName": "PHILIPS-F7TK6PR",
    "UsePhilipsFloatNotDisplayScaling": 1,
    "dataset": "<unset>",
    "datatype": "dwi",
    "extension": ".nii.gz",
    "modality": "dwi",
    "run": 1,
    "subject": "olf08",
    "suffix": "dwi"
  },
  "efc_shell01": 0.3336,
  "efc_shell02": 0.3935,
  "fa_degenerate": 0.0,
  "fa_nans": 0.0,
  "fber_shell01": -1.0,
  "fber_shell02": 3067605.5,
  "fd_mean": 32.2335,
  "fd_num": 64,
  "fd_perc": 98.46153846153847,
  "ndc": 0.361,
  "provenance": {
    "md5sum": "7c4d5209c360d2153d261532a23b9d93",
    "settings": {
      "testing": false
    },
    "software": "mriqc",
    "version": "25.1.0.dev45+g699d1691"
  },
  "sigma_cc": 32.6172,
  "sigma_pca": 16.1316,
  "sigma_piesno": 3.0305,
  "snr_cc_shell0": 8.43,
  "snr_cc_shell1_best": 8.99,
  "snr_cc_shell1_worst": 8.99,
  "spikes_global": 1109.09,
  "spikes_slice_i": 6246.46,
  "spikes_slice_j": 5854.07,
  "spikes_slice_k": 4159.78,
  "summary_bg_k": 391.1244,
  "summary_bg_mad": 0.0,
  "summary_bg_mean": 13.194,
  "summary_bg_median": 0.0,
  "summary_bg_n": 925259.0,
  "summary_bg_p05": 0.0,
  "summary_bg_p95": 58.0,
  "summary_bg_stdv": 60.4061,
  "summary_fg_k": 10.4513,
  "summary_fg_mad": 126.0212,
  "summary_fg_mean": 391.2013,
  "summary_fg_median": 293.0,
  "summary_fg_n": 188853.0,
  "summary_fg_p05": 134.0,
  "summary_fg_p95": 962.0,
  "summary_fg_stdv": 302.6548,
  "summary_wm_k": 50.6236,
  "summary_wm_mad": 62.2693,
  "summary_wm_mean": 289.1215,
  "summary_wm_median": 259.0,
  "summary_wm_n": 51156.0,
  "summary_wm_p05": 171.0,
  "summary_wm_p95": 534.0,
  "summary_wm_stdv": 146.2513
}
