{
  "NumberOfShells": 1,
  "bValues": [
    0.0,
    1500.0
  ],
  "bValuesEstimation": [
    1500.0
  ],
  "bdiffs_max": 0.0717,
  "bdiffs_mean": 0.0447,
  "bdiffs_median": 0.0477,
  "bdiffs_min": 0.0073,
  "bids_meta": {
    "AcquisitionDuration": 803.669,
    "AcquisitionMatrixPE": 126,
    "AcquisitionNumber": 9,
    "AcquisitionTime": "20:45:49.960000",
    "BodyPartExamined": "BRAIN",
    "CoilString": "MULTI COIL",
    "ConversionSoftware": "dcm2niix",
    "ConversionSoftwareVersion": "v1.0.20230411",
    "Dcm2bidsVersion": "3.0.1",
    "DeviceSerialNumber": "85054",
    "EchoTime": 0.106946,
    "EchoTrainLength": 51,
    "EstimatedEffectiveEchoSpacing": 0.000384909,
    "EstimatedTotalReadoutTime": 0.0488835,
    "FileSize": 0.025991332717239857,
    "FileSizeUnits": "GB",
    "FlipAngle": 90,
    "FrequencyEncodingSteps": 128,
    "ImageOrientationPatientDICOM": [
      0.999306,
      0.0307911,
      0.0209514,
      -0.0211429,
      0.932142,
      -0.361475
    ],
    "ImageType": [
      "ORIGINAL",
      "PRIMARY",
      "M",
      "SE",
      "M",
      "SE"
    ],
    "ImagingFrequency": 127.777,
    "InPlanePhaseEncodingDirectionDICOM": "COL",
    "InstitutionAddress": "Nemirovicha-Danchenko 132",
    "InstitutionName": "Novosib Neurosurgery Center",
    "InstitutionalDepartmentName": "MRI",
    "MRAcquisitionType": "2D",
    "MTState": false,
    "MagneticFieldStrength": 3,
    "Manufacturer": "Philips",
    "ManufacturersModelName": "Ingenia",
    "Modality": "MR",
    "NumberOfVolumes": 65,
    "ParallelAcquisitionTechnique": "SENSE",
    "ParallelReductionFactorInPlane": 2.5,
    "PartialFourierDirection": "PHASE",
    "PartialFourierEnabled": "YES",
    "PatientPosition": "HFS",
    "PercentPhaseFOV": 100,
    "PercentSampling": 100,
    "PhaseEncodingAxis": "j",
    "PhaseEncodingStepsNoPartialFourier": 126,
    "PhaseEncodingStepsOutOfPlane": 1,
    "PhilipsRWVIntercept": 0,
    "PhilipsRWVSlope": 2.05421,
    "PhilipsRescaleIntercept": 0,
    "PhilipsRescaleSlope": 2.05421,
    "PhilipsScaleSlope": 0.0104131,
    "PixelBandwidth": 1351,
    "ProcedureStepDescription": "HEAD+C+OLFAKTORNAYA",
    "ProtocolName": "DTIshort_64dir_b1500_AP",
    "PulseSequenceName": "DwiSE",
    "ReconMatrixPE": 128,
    "RepetitionTime": 10.0431,
    "SAR": 0.0968999,
    "ScanOptions": "FS",
    "ScanningSequence": "SE",
    "SequenceVariant": "SK",
    "SeriesDescription": "DTIshort_64dir_b1500_AP",
    "SeriesNumber": 901,
    "SliceThickness": 2,
    "SoftwareVersions": "5.4.1\\5.4.1.3",
    "SpacingBetweenSlices": 2,
    "StationName": "PHILIPS-F7TK6PR",
    "UsePhilipsFloatNotDisplayScaling": 1,
    "WaterFatShift": 21.6535,
    "dataset": "<unset>",
    "datatype": "dwi",
    "extension": ".nii.gz",
    "modality": "dwi",
    "run": 1,
    "subject": "olf29",
    "suffix": "dwi"
  },
  "efc_shell01": 0.3032,
  "efc_shell02": 0.41,
  "fa_degenerate": 0.0,
  "fa_nans": 0.0,
  "fber_shell01": 277593056.0,
  "fber_shell02": 2152628.0,
  "fd_mean": 3.2361,
  "fd_num": 64,
  "fd_perc": 98.46153846153847,
  "ndc": 0.1935,
  "provenance": {
    "md5sum": "9c54dd37a06c931f954b2fca70415b1e",
    "settings": {
      "testing": false
    },
    "software": "mriqc",
    "version": "25.1.0.dev45+g699d1691"
  },
  "sigma_cc": 1851.7702,
  "sigma_pca": 620.5638,
  "sigma_piesno": 31.7176,
  "snr_cc_shell0": 6.71,
  "snr_cc_shell1_best": 5.16,
  "snr_cc_shell1_worst": 5.16,
  "spikes_global": 1289.84,
  "spikes_slice_i": 6237.63,
  "spikes_slice_j": 5583.64,
  "spikes_slice_k": 3970.1,
  "summary_bg_k": 170.314,
  "summary_bg_mad": 0.0,
  "summary_bg_mean": 392.0741,
  "summary_bg_median": 0.0,
  "summary_bg_n": 927849.0,
  "summary_bg_p05": 0.0,
  "summary_bg_p95": 1921.0,
  "summary_bg_stdv": 1375.4441,
  "summary_fg_k": 0.5548,
  "summary_fg_mad": 4699.849,
  "summary_fg_mean": 12595.9401,
  "summary_fg_median": 12003.0,
  "summary_fg_n": 186263.0,
  "summary_fg_p05": 0.0,
  "summary_fg_p95": 25352.0,
  "summary_fg_stdv": 6646.4473,
  "summary_wm_k": 6.2812,
  "summary_wm_mad": 2278.7596,
  "summary_wm_mean": 11561.958,
  "summary_wm_median": 11331.0,
  "summary_wm_n": 43576.0,
  "summary_wm_p05": 7392.0,
  "summary_wm_p95": 16711.0,
  "summary_wm_stdv": 3417.9841
}
