{
  "NumberOfShells": 1,
  "bValues": [
    0.0,
    1500.0
  ],
  "bValuesEstimation": [
    1500.0
  ],
  "bdiffs_max": 0.3482,
  "bdiffs_mean": 0.1706,
  "bdiffs_median": 0.1641,
  "bdiffs_min": 0.0266,
  "bids_meta": {
    "AcquisitionMatrixPE": 126,
    "AcquisitionNumber": 9,
    "AcquisitionTime": "08:32:33.310000",
    "BodyPartExamined": "BRAIN",
    "CoilString": "MULTI_COIL",
    "ConversionSoftware": "dcm2niix",
    "ConversionSoftwareVersion": "v1.0.20181125  (JP2:OpenJPEG) GCC9.3.0",
    "Dcm2bidsVersion": "3.1.1",
    "DeviceSerialNumber": "85054",
    "EchoTime": 0.1031,
    "EchoTrainLength": 51,
    "FileSize": 0.02664078865200281,
    "FileSizeUnits": "GB",
    "FlipAngle": 90,
    "ImageOrientationPatientDICOM": [
      0.996258,
      -0.0199866,
      -0.084084,
      0.0141069,
      0.997451,
      -0.0699495
    ],
    "ImageType": [
      "ORIGINAL",
      "PRIMARY",
      "M",
      "SE",
      "M",
      "SE"
    ],
    "ImagingFrequency": 127.766,
    "InPlanePhaseEncodingDirectionDICOM": "COL",
    "InstitutionAddress": "Nemirovicha-Danchenko_132",
    "InstitutionName": "Novosib_Neurosurgery_Center",
    "InstitutionalDepartmentName": "MRI",
    "MRAcquisitionType": "2D",
    "MagneticFieldStrength": 3,
    "Manufacturer": "Philips",
    "ManufacturersModelName": "Ingenia",
    "Modality": "MR",
    "NumberOfVolumes": 65,
    "PartialFourier": 0.404762,
    "PatientPosition": "HFS",
    "PercentPhaseFOV": 100,
    "PhaseEncodingAxis": "j",
    "PhaseEncodingSteps": 126,
    "PhilipsRWVIntercept": 0,
    "PhilipsRWVSlope": 2.04274,
    "PhilipsRescaleIntercept": 0,
    "PhilipsRescaleSlope": 2.04274,
    "PhilipsScaleSlope": 0.00950093,
    "PixelBandwidth": 1786,
    "ProcedureStepDescription": "NAUKA_OLFACTOR+CE",
    "ProtocolName": "DTIshort_64dir_b1500_AP",
    "ReconMatrixPE": 128,
    "RepetitionTime": 9.43805,
    "SAR": 0.103159,
    "ScanOptions": "FS",
    "ScanningSequence": "SE",
    "SequenceVariant": "SK",
    "SeriesDescription": "DTIshort_64dir_b1500_AP",
    "SeriesNumber": 901,
    "SliceThickness": 2,
    "SoftwareVersions": "5.4.1_5.4.1.3",
    "SpacingBetweenSlices": 2,
    "StationName": "PHILIPS-F7TK6PR",
    "UsePhilipsFloatNotDisplayScaling": 1,
    "dataset": "<unset>",
    "datatype": "dwi",
    "extension": ".nii.gz",
    "modality": "dwi",
    "run": 1,
    "subject": "olf08fu",
    "suffix": "dwi"
  },
  "efc_shell01": 0.3111,
  "efc_shell02": 0.4041,
  "fa_degenerate": 0.0,
  "fa_nans": 0.0,
  "fber_shell01": -1.0,
  "fber_shell02": 2046193.0,
  "fd_mean": 55.0469,
  "fd_num": 64,
  "fd_perc": 98.46153846153847,
  "ndc": 0.4436,
  "provenance": {
    "md5sum": "f94d0626163e19fee291012bc418621c",
    "settings": {
      "testing": false
    },
    "software": "mriqc",
    "version": "25.1.0.dev45+g699d1691"
  },
  "sigma_cc": 35.5825,
  "sigma_pca": 14.582,
  "sigma_piesno": 0.0,
  "snr_cc_shell0": 6.88,
  "snr_cc_shell1_best": 6.6,
  "snr_cc_shell1_worst": 6.6,
  "spikes_global": 1199.76,
  "spikes_slice_i": 6594.67,
  "spikes_slice_j": 6053.8,
  "spikes_slice_k": 4021.75,
  "summary_bg_k": 307.8501,
  "summary_bg_mad": 0.0,
  "summary_bg_mean": 10.2994,
  "summary_bg_median": 0.0,
  "summary_bg_n": 923955.0,
  "summary_bg_p05": 0.0,
  "summary_bg_p95": 46.0,
  "summary_bg_stdv": 43.7932,
  "summary_fg_k": 7.7598,
  "summary_fg_mad": 121.5734,
  "summary_fg_mean": 371.1149,
  "summary_fg_median": 257.0,
  "summary_fg_n": 190157.0,
  "summary_fg_p05": 77.0,
  "summary_fg_p95": 1070.0,
  "summary_fg_stdv": 333.8567,
  "summary_wm_k": 27.6445,
  "summary_wm_mad": 45.9607,
  "summary_wm_mean": 231.6577,
  "summary_wm_median": 222.0,
  "summary_wm_n": 43205.0,
  "summary_wm_p05": 147.0,
  "summary_wm_p95": 335.0,
  "summary_wm_stdv": 79.8803
}
