{
  "bids_meta": {
    "AcquisitionMatrixPE": 240,
    "AcquisitionNumber": 16,
    "AcquisitionTime": "15:37:50.450000",
    "BodyPartExamined": "BRAIN",
    "CoilString": "MULTI_COIL",
    "ConversionSoftware": "dcm2niix",
    "ConversionSoftwareVersion": "v1.0.20181125  (JP2:OpenJPEG) GCC9.3.0",
    "Dcm2bidsVersion": "3.1.1",
    "DeviceSerialNumber": "85054",
    "EchoTime": 0.002946,
    "EchoTrainLength": 204,
    "FileSize": 0.024733146652579308,
    "FileSizeUnits": "GB",
    "FlipAngle": 8,
    "ImageOrientationPatientDICOM": [
      0.999996,
      -0.000597587,
      -0.00281618,
      0.000440915,
      0.998469,
      -0.0553087
    ],
    "ImageType": [
      "ORIGINAL",
      "PRIMARY",
      "M",
      "FFE",
      "M",
      "FFE"
    ],
    "ImagingFrequency": 127.767,
    "InPlanePhaseEncodingDirectionDICOM": "COL",
    "InstitutionAddress": "Nemirovicha-Danchenko_132",
    "InstitutionName": "Novosib_Neurosurgery_Center",
    "InstitutionalDepartmentName": "MRI",
    "MRAcquisitionType": "3D",
    "MagneticFieldStrength": 3,
    "Manufacturer": "Philips",
    "ManufacturersModelName": "Ingenia",
    "Modality": "MR",
    "NumberOfVolumes": 1,
    "PatientPosition": "HFS",
    "PercentPhaseFOV": 100,
    "PhaseEncodingSteps": 240,
    "PhilipsRWVIntercept": 0,
    "PhilipsRWVSlope": 3.13553,
    "PhilipsRescaleIntercept": 0,
    "PhilipsRescaleSlope": 3.13553,
    "PhilipsScaleSlope": 0.00803095,
    "PixelBandwidth": 271,
    "ProcedureStepDescription": "MENINGIOMA_OLFACTOR+CE",
    "ProtocolName": "sT1W_3D_CE",
    "ReconMatrixPE": 512,
    "RepetitionTime": 0.0065768,
    "SAR": 0.0231826,
    "ScanOptions": "PFP",
    "ScanningSequence": "GR",
    "SequenceVariant": "MP",
    "SeriesDescription": "sT1W_3D_CE",
    "SeriesNumber": 1601,
    "SliceThickness": 1,
    "SoftwareVersions": "5.4.1_5.4.1.3",
    "SpacingBetweenSlices": 1,
    "StationName": "PHILIPS-F7TK6PR",
    "UsePhilipsFloatNotDisplayScaling": 1,
    "dataset": "<unset>",
    "datatype": "anat",
    "extension": ".nii.gz",
    "modality": "T1w",
    "run": 2,
    "subject": "olf08",
    "suffix": "T1w"
  },
  "cjv": 0.812954435483871,
  "cnr": 1.0764881316748827,
  "efc": 0.7412,
  "fber": -1.0,
  "fwhm_avg": 4.7572193333333335,
  "fwhm_x": 5.516672,
  "fwhm_y": 5.818816,
  "fwhm_z": 2.93617,
  "icvs_csf": 0.2346224824317464,
  "icvs_gm": 0.39575126262830956,
  "icvs_wm": 0.3696262549399441,
  "inu_med": 0.8237781524658203,
  "inu_range": 0.4192959666252134,
  "provenance": {
    "md5sum": "8e0d7c119c58ec78d96e9e2bed45bab0",
    "settings": {
      "testing": false
    },
    "software": "mriqc",
    "version": "25.1.0.dev45+g699d1691",
    "warnings": {
      "large_rot_frame": true,
      "small_air_mask": false
    }
  },
  "qi_1": 0.0,
  "qi_2": 0.0013348343972576727,
  "rpve_csf": 7.191064518941029,
  "rpve_gm": 7.054837783343765,
  "rpve_wm": 7.07919842108525,
  "size_x": 512,
  "size_y": 512,
  "size_z": 192,
  "snr_csf": 1.477647251813134,
  "snr_gm": 3.878527145299325,
  "snr_total": 4.048289422693532,
  "snr_wm": 6.788693870968138,
  "snrd_csf": 16.09829328320949,
  "snrd_gm": 11.143738876325296,
  "snrd_total": 14.120747295564234,
  "snrd_wm": 15.120209727157917,
  "spacing_x": 0.46875,
  "spacing_y": 0.46875,
  "spacing_z": 1.0,
  "summary_bg_k": 550.1554,
  "summary_bg_mad": 0.0,
  "summary_bg_mean": 4.4389,
  "summary_bg_median": 0.0,
  "summary_bg_n": 19258314.0,
  "summary_bg_p05": 0.0,
  "summary_bg_p95": 13.0,
  "summary_bg_stdv": 40.8588,
  "summary_csf_k": -1.2579,
  "summary_csf_mad": 1176.2541,
  "summary_csf_mean": 1105.7208,
  "summary_csf_median": 1004.0,
  "summary_csf_n": 1617876.1631684946,
  "summary_csf_p05": 94.0,
  "summary_csf_p95": 2200.0,
  "summary_csf_stdv": 679.4583,
  "summary_gm_k": 4.6323,
  "summary_gm_mad": 103.6005,
  "summary_gm_mean": 710.701,
  "summary_gm_median": 695.0,
  "summary_gm_n": 2728964.964116081,
  "summary_gm_p05": 428.0,
  "summary_gm_p95": 1020.0,
  "summary_gm_stdv": 179.1917,
  "summary_wm_k": 5.0634,
  "summary_wm_mad": 98.0122,
  "summary_wm_mean": 912.748,
  "summary_wm_median": 943.0,
  "summary_wm_n": 2548815.871993608,
  "summary_wm_p05": 658.0,
  "summary_wm_p95": 1095.0,
  "summary_wm_stdv": 138.9074,
  "tpm_overlap_csf": 0.21599680136168276,
  "tpm_overlap_gm": 0.5011659701322743,
  "tpm_overlap_wm": 0.5101534783056418,
  "wm2max": 0.33933165327113907
}
