{
  "bids_meta": {
    "AcquisitionDuration": 370.9,
    "AcquisitionMatrixPE": 240,
    "AcquisitionNumber": 15,
    "AcquisitionTime": "10:15:47.430000",
    "BodyPartExamined": "BRAIN",
    "CoilString": "MULTI COIL",
    "ConversionSoftware": "dcm2niix",
    "ConversionSoftwareVersion": "v1.0.20230411",
    "Dcm2bidsVersion": "3.0.1",
    "DeviceSerialNumber": "85054",
    "EchoTime": 0.003165,
    "EchoTrainLength": 204,
    "EstimatedEffectiveEchoSpacing": 7.1789e-6,
    "EstimatedTotalReadoutTime": 0.00366842,
    "FileSize": 0.02705512661486864,
    "FileSizeUnits": "GB",
    "FlipAngle": 8,
    "FrequencyEncodingSteps": 240,
    "ImageOrientationPatientDICOM": [
      0.999475,
      0.0214884,
      -0.0242528,
      -0.0313748,
      0.828829,
      -0.558622
    ],
    "ImageType": [
      "ORIGINAL",
      "PRIMARY",
      "M",
      "FFE",
      "M",
      "FFE"
    ],
    "ImagingFrequency": 127.776968,
    "InPlanePhaseEncodingDirectionDICOM": "COL",
    "InstitutionAddress": "Nemirovicha-Danchenko 132",
    "InstitutionName": "Novosib Neurosurgery Center",
    "InstitutionalDepartmentName": "MRI",
    "MRAcquisitionType": "3D",
    "MTState": false,
    "MagneticFieldStrength": 3,
    "Manufacturer": "Philips",
    "ManufacturersModelName": "Ingenia",
    "Modality": "MR",
    "NumberOfVolumes": 1,
    "ParallelAcquisitionTechnique": "SENSE",
    "ParallelReductionFactorOutOfPlane": 2.2,
    "PartialFourierDirection": "PHASE",
    "PartialFourierEnabled": "YES",
    "PatientPosition": "HFS",
    "PercentPhaseFOV": 100,
    "PercentSampling": 100,
    "PhaseEncodingAxis": "j",
    "PhaseEncodingStepsNoPartialFourier": 240,
    "PhaseEncodingStepsOutOfPlane": 192,
    "PhilipsRWVIntercept": 0,
    "PhilipsRWVSlope": 1.94603,
    "PhilipsRescaleIntercept": 0,
    "PhilipsRescaleSlope": 1.94603,
    "PhilipsScaleSlope": 0.00983997,
    "PixelBandwidth": 271,
    "ProcedureStepDescription": "HEAD+C+ANEST",
    "ProtocolName": "sT1W_3D_CE",
    "PulseSequenceName": "T1TFE",
    "ReconMatrixPE": 512,
    "RepetitionTime": 0.0069387,
    "SAR": 0.0231826,
    "ScanOptions": "PFP",
    "ScanningSequence": "GR",
    "SequenceVariant": "MP",
    "SeriesDescription": "sT1W_3D_CE",
    "SeriesNumber": 1501,
    "SliceThickness": 1,
    "SoftwareVersions": "5.4.1\\5.4.1.3",
    "SpacingBetweenSlices": 1,
    "SpoilingState": true,
    "SpoilingType": "COMBINED",
    "StationName": "PHILIPS-F7TK6PR",
    "UsePhilipsFloatNotDisplayScaling": 1,
    "WaterFatShift": 1.60153,
    "dataset": "<unset>",
    "datatype": "anat",
    "extension": ".nii.gz",
    "modality": "T1w",
    "run": 2,
    "subject": "olf32",
    "suffix": "T1w"
  },
  "cjv": 2.5149444444444446,
  "cnr": 0.46159183843886487,
  "efc": 0.7066,
  "fber": -1.0,
  "fwhm_avg": 4.562977555555555,
  "fwhm_x": 5.468416,
  "fwhm_y": 5.465066666666667,
  "fwhm_z": 2.75545,
  "icvs_csf": 0.233919795978339,
  "icvs_gm": 0.46243658098752033,
  "icvs_wm": 0.3036436230341407,
  "inu_med": 0.8333638310432434,
  "inu_range": 0.501745882630348,
  "provenance": {
    "md5sum": "6dec7e8177df928fd679f2c2ce183b88",
    "settings": {
      "testing": false
    },
    "software": "mriqc",
    "version": "25.1.0.dev45+g699d1691",
    "warnings": {
      "large_rot_frame": true,
      "small_air_mask": false
    }
  },
  "qi_1": 0.0,
  "qi_2": 0.0016324521717476412,
  "rpve_csf": 7.926438413515466,
  "rpve_gm": 7.750802130087137,
  "rpve_wm": 7.774881523949573,
  "size_x": 512,
  "size_y": 512,
  "size_z": 192,
  "snr_csf": 1.5027124336276807,
  "snr_gm": 5.713385877374067,
  "snr_total": 3.7439317613538905,
  "snr_wm": 4.015696973059924,
  "snrd_csf": 22.196656140126574,
  "snrd_gm": 16.542790896886785,
  "snrd_total": 19.291197612350572,
  "snrd_wm": 19.134145800038354,
  "spacing_x": 0.46875,
  "spacing_y": 0.46875,
  "spacing_z": 1.0,
  "summary_bg_k": 948.1902,
  "summary_bg_mad": 0.0,
  "summary_bg_mean": 2.2147,
  "summary_bg_median": 0.0,
  "summary_bg_n": 22409306.0,
  "summary_bg_p05": 0.0,
  "summary_bg_p95": 0.0,
  "summary_bg_stdv": 25.0288,
  "summary_csf_k": -1.0925,
  "summary_csf_mad": 972.2532,
  "summary_csf_mean": 983.417,
  "summary_csf_median": 848.0,
  "summary_csf_n": 1465829.863537075,
  "summary_csf_p05": 120.0,
  "summary_csf_p95": 1816.0,
  "summary_csf_stdv": 564.3127,
  "summary_gm_k": 32.6968,
  "summary_gm_mad": 108.388,
  "summary_gm_mean": 639.9446,
  "summary_gm_median": 632.0,
  "summary_gm_n": 2897802.4179973966,
  "summary_gm_p05": 474.0,
  "summary_gm_p95": 814.0,
  "summary_gm_stdv": 110.6174,
  "summary_wm_k": 8.8322,
  "summary_wm_mad": 140.5915,
  "summary_wm_mean": 703.4191,
  "summary_wm_median": 731.0,
  "summary_wm_n": 1902745.7195510417,
  "summary_wm_p05": 419.0,
  "summary_wm_p95": 952.0,
  "summary_wm_stdv": 182.0356,
  "tpm_overlap_csf": 0.19470826988460452,
  "tpm_overlap_gm": 0.5173296737867895,
  "tpm_overlap_wm": 0.4578707035797755,
  "wm2max": 0.32737837198705577
}
