{
  "bids_meta": {
    "AcquisitionDuration": 318.5,
    "AcquisitionMatrixPE": 252,
    "AcquisitionNumber": 3,
    "AcquisitionTime": "09:25:24.960000",
    "BodyPartExamined": "BRAIN",
    "CoilString": "MULTI COIL",
    "ConversionSoftware": "dcm2niix",
    "ConversionSoftwareVersion": "v1.0.20230411",
    "Dcm2bidsVersion": "3.0.1",
    "DeviceSerialNumber": "85054",
    "EchoTime": 0.3,
    "EstimatedEffectiveEchoSpacing": 1.16389e-6,
    "EstimatedTotalReadoutTime": 0.00059475,
    "FileSize": 0.049383603036403656,
    "FileSizeUnits": "GB",
    "FlipAngle": 90,
    "FrequencyEncodingSteps": 252,
    "ImageOrientationPatientDICOM": [
      -0.0423161,
      0.999101,
      0.00256691,
      -0.0269394,
      0.00142729,
      -0.999636
    ],
    "ImageType": [
      "ORIGINAL",
      "PRIMARY",
      "M",
      "SE",
      "M",
      "SE"
    ],
    "ImagingFrequency": 127.776928,
    "InPlanePhaseEncodingDirectionDICOM": "ROW",
    "InstitutionAddress": "Nemirovicha-Danchenko 132",
    "InstitutionName": "Novosib Neurosurgery Center",
    "InstitutionalDepartmentName": "MRI",
    "MRAcquisitionType": "3D",
    "MTState": false,
    "MagneticFieldStrength": 3,
    "Manufacturer": "Philips",
    "ManufacturersModelName": "Ingenia",
    "Modality": "MR",
    "NumberOfAverages": 2,
    "NumberOfVolumes": 1,
    "ParallelAcquisitionTechnique": "SENSE",
    "ParallelReductionFactorInPlane": 2.4,
    "ParallelReductionFactorOutOfPlane": 2.1,
    "PatientPosition": "HFS",
    "PercentPhaseFOV": 100,
    "PercentSampling": 78.2281,
    "PhaseEncodingSteps": 252,
    "PhaseEncodingStepsOutOfPlane": 180,
    "PhilipsRWVIntercept": 0,
    "PhilipsRWVSlope": 2.12845,
    "PhilipsRescaleIntercept": 0,
    "PhilipsRescaleSlope": 2.12845,
    "PhilipsScaleSlope": 0.00776746,
    "PixelBandwidth": 841,
    "ProcedureStepDescription": "HEAD+C+ANEST",
    "ProtocolName": "3D_T2_1mm",
    "PulseSequenceName": "TSE",
    "ReconMatrixPE": 512,
    "RepetitionTime": 3.5,
    "SAR": 0.0259759,
    "ScanOptions": "FS",
    "ScanningSequence": "SE",
    "SequenceVariant": "SK",
    "SeriesDescription": "3D_T2_1mm",
    "SeriesNumber": 301,
    "SliceThickness": 1,
    "SoftwareVersions": "5.4.1\\5.4.1.3",
    "SpacingBetweenSlices": 0.5,
    "StationName": "PHILIPS-F7TK6PR",
    "UsePhilipsFloatNotDisplayScaling": 1,
    "WaterFatShift": 0.516768,
    "dataset": "<unset>",
    "datatype": "anat",
    "extension": ".nii.gz",
    "modality": "T2w",
    "subject": "olf32",
    "suffix": "T2w"
  },
  "cjv": 2.1016730538922155,
  "cnr": 0.501301287453848,
  "efc": 0.6254,
  "fber": 347.2624,
  "fwhm_avg": 5.31879232,
  "fwhm_x": 5.16952,
  "fwhm_y": 5.6661196799999995,
  "fwhm_z": 5.12073728,
  "icvs_csf": 0.23873053483891332,
  "icvs_gm": 0.3954788518186228,
  "icvs_wm": 0.3657906133424638,
  "inu_med": 0.9323843121528625,
  "inu_range": 0.5229277491569517,
  "provenance": {
    "md5sum": "c42ccbce2953d823e2ed0198da868064",
    "settings": {
      "testing": false
    },
    "software": "mriqc",
    "version": "25.1.0.dev45+g699d1691",
    "warnings": {
      "large_rot_frame": true,
      "small_air_mask": false
    }
  },
  "qi_1": 0.0,
  "qi_2": 0.0011901795375361707,
  "rpve_csf": 8.07584649563172,
  "rpve_gm": 7.893923570108072,
  "rpve_wm": 7.945583040389557,
  "size_x": 360,
  "size_y": 512,
  "size_z": 512,
  "snr_csf": 1.5827615746385488,
  "snr_gm": 4.523143775827568,
  "snr_total": 3.769773951408997,
  "snr_wm": 5.2034165037608755,
  "snrd_csf": 7.519613520108874,
  "snrd_gm": 7.372295708386129,
  "snrd_total": 7.064849840443006,
  "snrd_wm": 6.302640292834013,
  "spacing_x": 0.5,
  "spacing_y": 0.48828125,
  "spacing_z": 0.48828125,
  "summary_bg_k": 16.8533,
  "summary_bg_mad": 0.0,
  "summary_bg_mean": 31.4363,
  "summary_bg_median": 0.0,
  "summary_bg_n": 32328559.0,
  "summary_bg_p05": 0.0,
  "summary_bg_p95": 302.0,
  "summary_bg_stdv": 102.2832,
  "summary_csf_k": -1.1475,
  "summary_csf_mad": 1178.8038,
  "summary_csf_mean": 1217.256,
  "summary_csf_median": 1174.0,
  "summary_csf_n": 2746052.6463831877,
  "summary_csf_p05": 108.0,
  "summary_csf_p95": 2612.0,
  "summary_csf_stdv": 741.7414,
  "summary_gm_k": 11.4416,
  "summary_gm_mad": 198.8091,
  "summary_gm_mean": 1157.7937,
  "summary_gm_median": 1151.0,
  "summary_gm_n": 4549086.057876554,
  "summary_gm_p05": 774.0,
  "summary_gm_p95": 1575.0,
  "summary_gm_stdv": 254.469,
  "summary_wm_k": 55.3686,
  "summary_wm_mad": 152.1703,
  "summary_wm_mean": 999.7731,
  "summary_wm_median": 984.0,
  "summary_wm_n": 4207590.296184729,
  "summary_wm_p05": 734.0,
  "summary_wm_p95": 1309.0,
  "summary_wm_stdv": 189.1065,
  "tpm_overlap_csf": 0.21208583740507458,
  "tpm_overlap_gm": 0.524870956667713,
  "tpm_overlap_wm": 0.49014623837119314,
  "wm2max": 0.3133778495107676
}
