{
  "aor": 0.007547549999999999,
  "aqi": 0.0831207895,
  "bids_meta": {
    "AcquisitionMatrixPE": 80,
    "AcquisitionNumber": 14,
    "AcquisitionTime": "16:44:34.400000",
    "BodyPartExamined": "BRAIN",
    "CoilString": "MULTI_COIL",
    "ConversionSoftware": "dcm2niix",
    "ConversionSoftwareVersion": "v1.0.20181125  (JP2:OpenJPEG) GCC9.3.0",
    "Dcm2bidsVersion": "3.1.1",
    "DeviceSerialNumber": "85054",
    "EchoTime": 0.03,
    "EchoTrainLength": 27,
    "FileSize": 0.04992810543626547,
    "FileSizeUnits": "GB",
    "FlipAngle": 90,
    "ImageOrientationPatientDICOM": [
      0.998962,
      -0.0123326,
      0.0438538,
      0.0064143,
      0.991147,
      0.132618
    ],
    "ImageType": [
      "ORIGINAL",
      "PRIMARY",
      "M",
      "FFE",
      "M",
      "FFE"
    ],
    "ImagingFrequency": 127.767,
    "InPlanePhaseEncodingDirectionDICOM": "COL",
    "InstitutionAddress": "Nemirovicha-Danchenko_132",
    "InstitutionName": "Novosib_Neurosurgery_Center",
    "InstitutionalDepartmentName": "MRI",
    "MRAcquisitionType": "2D",
    "MagneticFieldStrength": 3,
    "Manufacturer": "Philips",
    "ManufacturersModelName": "Ingenia",
    "Modality": "MR",
    "NumberOfVolumes": 200,
    "PartialFourier": 0.3375,
    "PatientPosition": "HFS",
    "PercentPhaseFOV": 100,
    "PhaseEncodingAxis": "j",
    "PhaseEncodingSteps": 80,
    "PhilipsRWVIntercept": 0,
    "PhilipsRWVSlope": 0.817094,
    "PhilipsRescaleIntercept": 0,
    "PhilipsRescaleSlope": 0.817094,
    "PhilipsScaleSlope": 0.0141258,
    "PixelBandwidth": 2271,
    "ProcedureStepDescription": "MENINGIOMA+CE",
    "ProtocolName": "rest-fMRI",
    "ReconMatrixPE": 80,
    "RepetitionTime": 3,
    "SAR": 0.108486,
    "ScanOptions": "FS",
    "ScanningSequence": "GR",
    "SequenceVariant": "SK",
    "SeriesDescription": "rest-fMRI",
    "SeriesNumber": 1401,
    "SliceThickness": 3,
    "SoftwareVersions": "5.4.1_5.4.1.3",
    "SpacingBetweenSlices": 3,
    "StationName": "PHILIPS-F7TK6PR",
    "TaskName": "rest",
    "UsePhilipsFloatNotDisplayScaling": 1,
    "dataset": "<unset>",
    "datatype": "func",
    "extension": ".nii.gz",
    "modality": "bold",
    "subject": "olf13",
    "suffix": "bold",
    "task": "rest"
  },
  "dummy_trs": 0,
  "dvars_nstd": 57.1880470735176,
  "dvars_std": 0.9401323338693466,
  "dvars_vstd": 0.9002718062814067,
  "efc": 0.3832,
  "fber": 188796.0625,
  "fd_mean": 0.7312500684787855,
  "fd_num": 159,
  "fd_perc": 79.5,
  "fwhm_avg": 2.5345544444444443,
  "fwhm_x": 2.4995766666666666,
  "fwhm_y": 2.69895,
  "fwhm_z": 2.405136666666667,
  "gcor": 0.0068398,
  "gsr_x": -0.014335496351122856,
  "gsr_y": 0.016712768003344536,
  "provenance": {
    "md5sum": "2d98e72ebf8923f1e980b68a6ef5e037",
    "settings": {
      "fd_thres": 0.2,
      "testing": false
    },
    "software": "mriqc",
    "version": "25.1.0.dev45+g699d1691"
  },
  "size_t": 200,
  "size_x": 80,
  "size_y": 80,
  "size_z": 45,
  "snr": 3.0614228995644623,
  "spacing_tr": 2.9999990463256836,
  "spacing_x": 3.0,
  "spacing_y": 3.0,
  "spacing_z": 3.0,
  "summary_bg_k": 201.7462,
  "summary_bg_mad": 2.8153,
  "summary_bg_mean": 23.833,
  "summary_bg_median": 2.0,
  "summary_bg_n": 239965.0,
  "summary_bg_p05": 0.0,
  "summary_bg_p95": 102.0,
  "summary_bg_stdv": 66.8075,
  "summary_fg_k": 0.9224,
  "summary_fg_mad": 236.7798,
  "summary_fg_mean": 1020.9275,
  "summary_fg_median": 1069.0,
  "summary_fg_n": 48035.0,
  "summary_fg_p05": 262.0,
  "summary_fg_p95": 1490.0,
  "summary_fg_stdv": 349.1804,
  "tsnr": 17.870408055372536
}
