{
  "aor": 0.020335299999999997,
  "aqi": 0.025768886850000002,
  "bids_meta": {
    "AcquisitionMatrixPE": 80,
    "AcquisitionNumber": 13,
    "AcquisitionTime": "08:42:21.580000",
    "BodyPartExamined": "BRAIN",
    "CoilString": "MULTI_COIL",
    "ConversionSoftware": "dcm2niix",
    "ConversionSoftwareVersion": "v1.0.20181125  (JP2:OpenJPEG) GCC9.3.0",
    "Dcm2bidsVersion": "3.1.1",
    "DeviceSerialNumber": "85054",
    "EchoTime": 0.03,
    "EchoTrainLength": 27,
    "FileSize": 0.0524373073130846,
    "FileSizeUnits": "GB",
    "FlipAngle": 90,
    "ImageOrientationPatientDICOM": [
      0.999279,
      0.0115421,
      0.0361762,
      -0.00207843,
      0.967883,
      -0.251394
    ],
    "ImageType": [
      "ORIGINAL",
      "PRIMARY",
      "M",
      "FFE",
      "M",
      "FFE"
    ],
    "ImagingFrequency": 127.766,
    "InPlanePhaseEncodingDirectionDICOM": "COL",
    "InstitutionAddress": "Nemirovicha-Danchenko_132",
    "InstitutionName": "Novosib_Neurosurgery_Center",
    "InstitutionalDepartmentName": "MRI",
    "MRAcquisitionType": "2D",
    "MagneticFieldStrength": 3,
    "Manufacturer": "Philips",
    "ManufacturersModelName": "Ingenia",
    "Modality": "MR",
    "NumberOfVolumes": 200,
    "PartialFourier": 0.3375,
    "PatientPosition": "HFS",
    "PercentPhaseFOV": 100,
    "PhaseEncodingAxis": "j",
    "PhaseEncodingSteps": 80,
    "PhilipsRWVIntercept": 0,
    "PhilipsRWVSlope": 0.782173,
    "PhilipsRescaleIntercept": 0,
    "PhilipsRescaleSlope": 0.782173,
    "PhilipsScaleSlope": 0.0116256,
    "PixelBandwidth": 2271,
    "ProcedureStepDescription": "OLFACTOR+CE_NAUKA",
    "ProtocolName": "rest-fMRI",
    "ReconMatrixPE": 80,
    "RepetitionTime": 3,
    "SAR": 0.108601,
    "ScanOptions": "FS",
    "ScanningSequence": "GR",
    "SequenceVariant": "SK",
    "SeriesDescription": "rest-fMRI",
    "SeriesNumber": 1301,
    "SliceThickness": 3,
    "SoftwareVersions": "5.4.1_5.4.1.3",
    "SpacingBetweenSlices": 3,
    "StationName": "PHILIPS-F7TK6PR",
    "TaskName": "rest",
    "UsePhilipsFloatNotDisplayScaling": 1,
    "dataset": "<unset>",
    "datatype": "func",
    "extension": ".nii.gz",
    "modality": "bold",
    "subject": "olf15fu",
    "suffix": "bold",
    "task": "rest"
  },
  "dummy_trs": 0,
  "dvars_nstd": 50.78583742251257,
  "dvars_std": 1.2854898398994974,
  "dvars_vstd": 1.1748705866331655,
  "efc": 0.4159,
  "fber": 70386.875,
  "fd_mean": 0.6730236090502685,
  "fd_num": 161,
  "fd_perc": 80.5,
  "fwhm_avg": 2.7809955555555557,
  "fwhm_x": 2.747306666666667,
  "fwhm_y": 2.9203533333333334,
  "fwhm_z": 2.675326666666667,
  "gcor": 0.0109702,
  "gsr_x": -0.0022116692271083593,
  "gsr_y": -0.0072891609743237495,
  "provenance": {
    "md5sum": "34faa0a938544685d05b75097d13ea2c",
    "settings": {
      "fd_thres": 0.2,
      "testing": false
    },
    "software": "mriqc",
    "version": "25.1.0.dev45+g699d1691"
  },
  "size_t": 200,
  "size_x": 80,
  "size_y": 80,
  "size_z": 45,
  "snr": 2.7600584606650242,
  "spacing_tr": 2.9999990463256836,
  "spacing_x": 3.0,
  "spacing_y": 3.0,
  "spacing_z": 3.0,
  "summary_bg_k": 80.6956,
  "summary_bg_mad": 4.3335,
  "summary_bg_mean": 34.3222,
  "summary_bg_median": 3.0,
  "summary_bg_n": 233188.0,
  "summary_bg_p05": 0.0,
  "summary_bg_p95": 114.0,
  "summary_bg_stdv": 133.1564,
  "summary_fg_k": 1.2678,
  "summary_fg_mad": 219.5985,
  "summary_fg_mean": 873.1255,
  "summary_fg_median": 865.0,
  "summary_fg_n": 54812.0,
  "summary_fg_p05": 272.0,
  "summary_fg_p95": 1436.0,
  "summary_fg_stdv": 313.3963,
  "tsnr": 24.445955199189484
}
