{
  "aor": 0.00583985,
  "aqi": 0.01583765815,
  "bids_meta": {
    "AcquisitionMatrixPE": 80,
    "AcquisitionNumber": 13,
    "AcquisitionTime": "21:16:31.720000",
    "BodyPartExamined": "BRAIN",
    "CoilString": "MULTI_COIL",
    "ConversionSoftware": "dcm2niix",
    "ConversionSoftwareVersion": "v1.0.20181125  (JP2:OpenJPEG) GCC9.3.0",
    "Dcm2bidsVersion": "3.1.1",
    "DeviceSerialNumber": "85054",
    "EchoTime": 0.030001,
    "EchoTrainLength": 27,
    "FileSize": 0.05171027034521103,
    "FileSizeUnits": "GB",
    "FlipAngle": 90,
    "ImageOrientationPatientDICOM": [
      0.998464,
      -0.0479453,
      0.0277553,
      0.0479857,
      0.998848,
      -0.000790996
    ],
    "ImageType": [
      "ORIGINAL",
      "PRIMARY",
      "M",
      "FFE",
      "M",
      "FFE"
    ],
    "ImagingFrequency": 127.767,
    "InPlanePhaseEncodingDirectionDICOM": "COL",
    "InstitutionAddress": "Nemirovicha-Danchenko_132",
    "InstitutionName": "Novosib_Neurosurgery_Center",
    "InstitutionalDepartmentName": "MRI",
    "MRAcquisitionType": "2D",
    "MagneticFieldStrength": 3,
    "Manufacturer": "Philips",
    "ManufacturersModelName": "Ingenia",
    "Modality": "MR",
    "NumberOfVolumes": 200,
    "PartialFourier": 0.3375,
    "PatientPosition": "HFS",
    "PercentPhaseFOV": 100,
    "PhaseEncodingAxis": "j",
    "PhaseEncodingSteps": 80,
    "PhilipsRWVIntercept": 0,
    "PhilipsRWVSlope": 0.745788,
    "PhilipsRescaleIntercept": 0,
    "PhilipsRescaleSlope": 0.745788,
    "PhilipsScaleSlope": 0.0130333,
    "PixelBandwidth": 2288,
    "ProtocolName": "rest-fMRI",
    "ReconMatrixPE": 80,
    "RepetitionTime": 3,
    "SAR": 0.108383,
    "ScanOptions": "FS",
    "ScanningSequence": "GR",
    "SequenceVariant": "SK",
    "SeriesDescription": "rest-fMRI",
    "SeriesNumber": 1301,
    "SliceThickness": 3,
    "SoftwareVersions": "5.4.1_5.4.1.3",
    "SpacingBetweenSlices": 3,
    "StationName": "PHILIPS-F7TK6PR",
    "TaskName": "rest",
    "UsePhilipsFloatNotDisplayScaling": 1,
    "dataset": "<unset>",
    "datatype": "func",
    "extension": ".nii.gz",
    "modality": "bold",
    "subject": "olf14",
    "suffix": "bold",
    "task": "rest"
  },
  "dummy_trs": 0,
  "dvars_nstd": 38.44181936854271,
  "dvars_std": 1.1617357755276376,
  "dvars_vstd": 1.0217383823618096,
  "efc": 0.4064,
  "fber": 104174.5938,
  "fd_mean": 0.2999864855554559,
  "fd_num": 101,
  "fd_perc": 50.5,
  "fwhm_avg": 2.489984444444444,
  "fwhm_x": 2.4923333333333333,
  "fwhm_y": 2.6077266666666667,
  "fwhm_z": 2.369893333333333,
  "gcor": 0.0141988,
  "gsr_x": -0.009155245497822762,
  "gsr_y": 0.006839108187705278,
  "provenance": {
    "md5sum": "444edc095fa8617086b98697b4f0518b",
    "settings": {
      "fd_thres": 0.2,
      "testing": false
    },
    "software": "mriqc",
    "version": "25.1.0.dev45+g699d1691"
  },
  "size_t": 200,
  "size_x": 80,
  "size_y": 80,
  "size_z": 45,
  "snr": 2.8461970406410426,
  "spacing_tr": 2.9999990463256836,
  "spacing_x": 3.0,
  "spacing_y": 3.0,
  "spacing_z": 3.0,
  "summary_bg_k": 96.9469,
  "summary_bg_mad": 4.1503,
  "summary_bg_mean": 22.0839,
  "summary_bg_median": 3.0,
  "summary_bg_n": 234148.0,
  "summary_bg_p05": 0.0,
  "summary_bg_p95": 90.0,
  "summary_bg_stdv": 56.324,
  "summary_fg_k": 1.2485,
  "summary_fg_mad": 201.4717,
  "summary_fg_mean": 835.71,
  "summary_fg_median": 856.0,
  "summary_fg_n": 53852.0,
  "summary_fg_p05": 194.0,
  "summary_fg_p95": 1263.0,
  "summary_fg_stdv": 300.7494,
  "tsnr": 36.276559064514004
}
