{
  "bids_meta": {
    "AcquisitionDuration": 370.907,
    "AcquisitionMatrixPE": 240,
    "AcquisitionNumber": 15,
    "AcquisitionTime": "15:28:31.670000",
    "BodyPartExamined": "BRAIN",
    "CoilString": "MULTI COIL",
    "ConversionSoftware": "dcm2niix",
    "ConversionSoftwareVersion": "v1.0.20230411",
    "Dcm2bidsVersion": "3.0.1",
    "DeviceSerialNumber": "85054",
    "EchoTime": 0.003194,
    "EchoTrainLength": 204,
    "EstimatedEffectiveEchoSpacing": 7.1789e-6,
    "EstimatedTotalReadoutTime": 0.00366842,
    "FileSize": 0.028829425573349,
    "FileSizeUnits": "GB",
    "FlipAngle": 8,
    "FrequencyEncodingSteps": 240,
    "ImageOrientationPatientDICOM": [
      0.986698,
      0.156848,
      0.0427387,
      -0.126797,
      0.907052,
      -0.401472
    ],
    "ImageType": [
      "ORIGINAL",
      "PRIMARY",
      "M",
      "FFE",
      "M",
      "FFE"
    ],
    "ImagingFrequency": 127.777056,
    "InPlanePhaseEncodingDirectionDICOM": "COL",
    "InstitutionAddress": "Nemirovicha-Danchenko 132",
    "InstitutionName": "Novosib Neurosurgery Center",
    "InstitutionalDepartmentName": "MRI",
    "MRAcquisitionType": "3D",
    "MTState": false,
    "MagneticFieldStrength": 3,
    "Manufacturer": "Philips",
    "ManufacturersModelName": "Ingenia",
    "Modality": "MR",
    "NumberOfVolumes": 1,
    "ParallelAcquisitionTechnique": "SENSE",
    "ParallelReductionFactorOutOfPlane": 2.2,
    "PartialFourierDirection": "PHASE",
    "PartialFourierEnabled": "YES",
    "PatientPosition": "HFS",
    "PercentPhaseFOV": 100,
    "PercentSampling": 100,
    "PhaseEncodingAxis": "j",
    "PhaseEncodingStepsNoPartialFourier": 240,
    "PhaseEncodingStepsOutOfPlane": 192,
    "PhilipsRWVIntercept": 0,
    "PhilipsRWVSlope": 2.41074,
    "PhilipsRescaleIntercept": 0,
    "PhilipsRescaleSlope": 2.41074,
    "PhilipsScaleSlope": 0.013775,
    "PixelBandwidth": 271,
    "ProcedureStepDescription": "HEAD+C",
    "ProtocolName": "sT1W_3D_CE",
    "PulseSequenceName": "T1TFE",
    "ReconMatrixPE": 512,
    "RepetitionTime": 0.0069963,
    "SAR": 0.0231826,
    "ScanOptions": "PFP",
    "ScanningSequence": "GR",
    "SequenceVariant": "MP",
    "SeriesDescription": "sT1W_3D_CE",
    "SeriesNumber": 1501,
    "SliceThickness": 1,
    "SoftwareVersions": "5.4.1\\5.4.1.3",
    "SpacingBetweenSlices": 1,
    "SpoilingState": true,
    "SpoilingType": "COMBINED",
    "StationName": "PHILIPS-F7TK6PR",
    "UsePhilipsFloatNotDisplayScaling": 1,
    "WaterFatShift": 1.60153,
    "dataset": "<unset>",
    "datatype": "anat",
    "extension": ".nii.gz",
    "modality": "T1w",
    "run": 2,
    "subject": "olf33",
    "suffix": "T1w"
  },
  "cjv": 1.437519138755981,
  "cnr": 0.6532325843264063,
  "efc": 0.7284,
  "fber": -1.0,
  "fwhm_avg": 4.394750888888889,
  "fwhm_x": 5.1307306666666666,
  "fwhm_y": 5.395072,
  "fwhm_z": 2.65845,
  "icvs_csf": 0.23926212518876067,
  "icvs_gm": 0.3708606619374424,
  "icvs_wm": 0.3898772128737969,
  "inu_med": 0.9000115394592285,
  "inu_range": 0.6957182884216309,
  "provenance": {
    "md5sum": "c08da92bca10e4ce98b9bdd25a3cd68e",
    "settings": {
      "testing": false
    },
    "software": "mriqc",
    "version": "25.1.0.dev45+g699d1691",
    "warnings": {
      "large_rot_frame": true,
      "small_air_mask": false
    }
  },
  "qi_1": 0.0,
  "qi_2": 0.0013992792820852777,
  "rpve_csf": 7.278205539936342,
  "rpve_gm": 7.139693756747288,
  "rpve_wm": 7.183925722906611,
  "size_x": 512,
  "size_y": 512,
  "size_z": 192,
  "snr_csf": 1.1309161716529417,
  "snr_gm": 2.882997859477957,
  "snr_total": 3.5473651120705303,
  "snr_wm": 6.628181305080693,
  "snrd_csf": 11.895895708024968,
  "snrd_gm": 12.686846220526627,
  "snrd_total": 13.525253763778387,
  "snrd_wm": 15.993019362783567,
  "spacing_x": 0.46875,
  "spacing_y": 0.46875,
  "spacing_z": 1.0,
  "summary_bg_k": 616.3127,
  "summary_bg_mad": 0.0,
  "summary_bg_mean": 3.8312,
  "summary_bg_median": 0.0,
  "summary_bg_n": 20975403.0,
  "summary_bg_p05": 0.0,
  "summary_bg_p95": 0.0,
  "summary_bg_stdv": 41.4145,
  "summary_csf_k": 0.337,
  "summary_csf_mad": 905.9884,
  "summary_csf_mean": 838.8606,
  "summary_csf_median": 752.0,
  "summary_csf_n": 1620400.5895711277,
  "summary_csf_p05": 81.0,
  "summary_csf_p95": 2221.0,
  "summary_csf_stdv": 664.9474,
  "summary_gm_k": 13.2345,
  "summary_gm_mad": 170.6277,
  "summary_gm_mean": 789.7888,
  "summary_gm_median": 802.0,
  "summary_gm_n": 2511650.4953639004,
  "summary_gm_p05": 271.0,
  "summary_gm_p95": 1210.0,
  "summary_gm_stdv": 278.1826,
  "summary_wm_k": 22.3766,
  "summary_wm_mad": 129.8138,
  "summary_wm_mean": 1003.149,
  "summary_wm_median": 1011.0,
  "summary_wm_n": 2640439.9154385063,
  "summary_wm_p05": 753.0,
  "summary_wm_p95": 1233.0,
  "summary_wm_stdv": 152.5305,
  "tpm_overlap_csf": 0.23903474708089495,
  "tpm_overlap_gm": 0.4759504227553072,
  "tpm_overlap_wm": 0.4861835760014362,
  "wm2max": 0.3095125539073658
}
