{
  "bids_meta": {
    "AcquisitionDuration": 370.894,
    "AcquisitionMatrixPE": 240,
    "AcquisitionNumber": 15,
    "AcquisitionTime": "17:04:21.800000",
    "BodyPartExamined": "BRAIN",
    "CoilString": "MULTI COIL",
    "ConversionSoftware": "dcm2niix",
    "ConversionSoftwareVersion": "v1.0.20230411",
    "Dcm2bidsVersion": "3.0.1",
    "DeviceSerialNumber": "85054",
    "EchoTime": 0.003112,
    "EchoTrainLength": 204,
    "EstimatedEffectiveEchoSpacing": 7.1789e-6,
    "EstimatedTotalReadoutTime": 0.00366842,
    "FileSize": 0.028430595062673092,
    "FileSizeUnits": "GB",
    "FlipAngle": 8,
    "FrequencyEncodingSteps": 240,
    "ImageOrientationPatientDICOM": [
      0.998903,
      0.0275194,
      0.0378926,
      -0.0131306,
      0.941254,
      -0.337443
    ],
    "ImageType": [
      "ORIGINAL",
      "PRIMARY",
      "M",
      "FFE",
      "M",
      "FFE"
    ],
    "ImagingFrequency": 127.777096,
    "InPlanePhaseEncodingDirectionDICOM": "COL",
    "InstitutionAddress": "Nemirovicha-Danchenko 132",
    "InstitutionName": "Novosib Neurosurgery Center",
    "InstitutionalDepartmentName": "MRI",
    "MRAcquisitionType": "3D",
    "MTState": false,
    "MagneticFieldStrength": 3,
    "Manufacturer": "Philips",
    "ManufacturersModelName": "Ingenia",
    "Modality": "MR",
    "NumberOfVolumes": 1,
    "ParallelAcquisitionTechnique": "SENSE",
    "ParallelReductionFactorOutOfPlane": 2.2,
    "PartialFourierDirection": "PHASE",
    "PartialFourierEnabled": "YES",
    "PatientPosition": "HFS",
    "PercentPhaseFOV": 100,
    "PercentSampling": 100,
    "PhaseEncodingAxis": "j",
    "PhaseEncodingStepsNoPartialFourier": 240,
    "PhaseEncodingStepsOutOfPlane": 192,
    "PhilipsRWVIntercept": 0,
    "PhilipsRWVSlope": 1.65372,
    "PhilipsRescaleIntercept": 0,
    "PhilipsRescaleSlope": 1.65372,
    "PhilipsScaleSlope": 0.0145629,
    "PixelBandwidth": 271,
    "ProcedureStepDescription": "HEAD+CE",
    "ProtocolName": "sT1W_3D_CE",
    "PulseSequenceName": "T1TFE",
    "ReconMatrixPE": 512,
    "RepetitionTime": 0.0068869,
    "SAR": 0.0231826,
    "ScanOptions": "PFP",
    "ScanningSequence": "GR",
    "SequenceVariant": "MP",
    "SeriesDescription": "sT1W_3D_CE",
    "SeriesNumber": 1501,
    "SliceThickness": 1,
    "SoftwareVersions": "5.4.1\\5.4.1.3",
    "SpacingBetweenSlices": 1,
    "SpoilingState": true,
    "SpoilingType": "COMBINED",
    "StationName": "PHILIPS-F7TK6PR",
    "UsePhilipsFloatNotDisplayScaling": 1,
    "WaterFatShift": 1.60153,
    "dataset": "<unset>",
    "datatype": "anat",
    "extension": ".nii.gz",
    "modality": "T1w",
    "run": 2,
    "subject": "olf24",
    "suffix": "T1w"
  },
  "cjv": 3.3759453781512607,
  "cnr": 0.33594948486694753,
  "efc": 0.6794,
  "fber": -1.0,
  "fwhm_avg": 6.1695139999999995,
  "fwhm_x": 7.262016,
  "fwhm_y": 7.465536,
  "fwhm_z": 3.78099,
  "icvs_csf": 0.25125265475051034,
  "icvs_gm": 0.3984979794283971,
  "icvs_wm": 0.3502493658210927,
  "inu_med": 0.8660942912101746,
  "inu_range": 0.40804669857025133,
  "provenance": {
    "md5sum": "598a2435e12fba736954314dfd68f4ed",
    "settings": {
      "testing": false
    },
    "software": "mriqc",
    "version": "25.1.0.dev45+g699d1691",
    "warnings": {
      "large_rot_frame": true,
      "small_air_mask": false
    }
  },
  "qi_1": 0.0,
  "qi_2": 0.0010944252994374369,
  "rpve_csf": 8.441990367554197,
  "rpve_gm": 8.215094393404966,
  "rpve_wm": 8.263435596345328,
  "size_x": 512,
  "size_y": 512,
  "size_z": 192,
  "snr_csf": 0.9608722138705121,
  "snr_gm": 3.5223780345010645,
  "snr_total": 3.0811963060061314,
  "snr_wm": 4.760338669646817,
  "snrd_csf": 15.059225906483078,
  "snrd_gm": 12.97032149697092,
  "snrd_total": 14.20819077668183,
  "snrd_wm": 14.595024926591488,
  "spacing_x": 0.46875,
  "spacing_y": 0.46875,
  "spacing_z": 1.0,
  "summary_bg_k": 381.5714,
  "summary_bg_mad": 0.0,
  "summary_bg_mean": 8.4356,
  "summary_bg_median": 0.0,
  "summary_bg_n": 17399425.0,
  "summary_bg_p05": 0.0,
  "summary_bg_p95": 54.0,
  "summary_bg_stdv": 47.9849,
  "summary_csf_k": -1.6351,
  "summary_csf_mad": 1489.7896,
  "summary_csf_mean": 1408.8796,
  "summary_csf_median": 1103.0,
  "summary_csf_n": 1480080.8968796171,
  "summary_csf_p05": 84.0,
  "summary_csf_p95": 3340.0,
  "summary_csf_stdv": 1147.915,
  "summary_gm_k": 5.2661,
  "summary_gm_mad": 200.2406,
  "summary_gm_mean": 936.7225,
  "summary_gm_median": 950.0,
  "summary_gm_n": 2347474.6859203056,
  "summary_gm_p05": 424.0,
  "summary_gm_p95": 1317.0,
  "summary_gm_stdv": 269.7041,
  "summary_wm_k": 2.68,
  "summary_wm_mad": 201.4969,
  "summary_wm_mean": 1048.1856,
  "summary_wm_median": 1069.0,
  "summary_wm_n": 2063251.4152368256,
  "summary_wm_p05": 680.0,
  "summary_wm_p95": 1360.0,
  "summary_wm_stdv": 224.5638,
  "tpm_overlap_csf": 0.19345995846840164,
  "tpm_overlap_gm": 0.5448814135023029,
  "tpm_overlap_wm": 0.514764947700408,
  "wm2max": 0.27867468586641836
}
