{
  "aor": 0.0030930000000000003,
  "aqi": 0.015061832150000001,
  "bids_meta": {
    "AcquisitionMatrixPE": 80,
    "AcquisitionNumber": 13,
    "AcquisitionTime": "17:16:40.830000",
    "BodyPartExamined": "BRAIN",
    "CoilString": "MULTI_COIL",
    "ConversionSoftware": "dcm2niix",
    "ConversionSoftwareVersion": "v1.0.20181125  (JP2:OpenJPEG) GCC9.3.0",
    "Dcm2bidsVersion": "3.1.1",
    "DeviceSerialNumber": "85054",
    "EchoTime": 0.03,
    "EchoTrainLength": 27,
    "FileSize": 0.05118994787335396,
    "FileSizeUnits": "GB",
    "FlipAngle": 90,
    "ImageOrientationPatientDICOM": [
      0.988536,
      0.134387,
      0.068818,
      -0.0933021,
      0.902086,
      -0.421349
    ],
    "ImageType": [
      "ORIGINAL",
      "PRIMARY",
      "M",
      "FFE",
      "M",
      "FFE"
    ],
    "ImagingFrequency": 127.766,
    "InPlanePhaseEncodingDirectionDICOM": "COL",
    "InstitutionAddress": "Nemirovicha-Danchenko_132",
    "InstitutionName": "Novosib_Neurosurgery_Center",
    "InstitutionalDepartmentName": "MRI",
    "MRAcquisitionType": "2D",
    "MagneticFieldStrength": 3,
    "Manufacturer": "Philips",
    "ManufacturersModelName": "Ingenia",
    "Modality": "MR",
    "NumberOfVolumes": 200,
    "PartialFourier": 0.3375,
    "PatientPosition": "HFS",
    "PercentPhaseFOV": 100,
    "PhaseEncodingAxis": "j",
    "PhaseEncodingSteps": 80,
    "PhilipsRWVIntercept": 0,
    "PhilipsRWVSlope": 0.785592,
    "PhilipsRescaleIntercept": 0,
    "PhilipsRescaleSlope": 0.785592,
    "PhilipsScaleSlope": 0.0127787,
    "PixelBandwidth": 2272,
    "ProcedureStepDescription": "HEAD+C",
    "ProtocolName": "rest-fMRI",
    "ReconMatrixPE": 80,
    "RepetitionTime": 3,
    "SAR": 0.108729,
    "ScanOptions": "FS",
    "ScanningSequence": "GR",
    "SequenceVariant": "SK",
    "SeriesDescription": "rest-fMRI",
    "SeriesNumber": 1301,
    "SliceThickness": 3,
    "SoftwareVersions": "5.4.1_5.4.1.3",
    "SpacingBetweenSlices": 3,
    "StationName": "PHILIPS-F7TK6PR",
    "TaskName": "rest",
    "UsePhilipsFloatNotDisplayScaling": 1,
    "dataset": "<unset>",
    "datatype": "func",
    "extension": ".nii.gz",
    "modality": "bold",
    "subject": "olf06",
    "suffix": "bold",
    "task": "rest"
  },
  "dummy_trs": 0,
  "dvars_nstd": 32.64131226834169,
  "dvars_std": 1.1032156363819101,
  "dvars_vstd": 1.0278401696984922,
  "efc": 0.3937,
  "fber": 101858.6719,
  "fd_mean": 0.464267202695301,
  "fd_num": 158,
  "fd_perc": 79.0,
  "fwhm_avg": 2.6995166666666663,
  "fwhm_x": 2.6423033333333334,
  "fwhm_y": 2.87786,
  "fwhm_z": 2.5783866666666664,
  "gcor": 0.0323439,
  "gsr_x": -0.0177464596927166,
  "gsr_y": 0.009234961122274399,
  "provenance": {
    "md5sum": "1c155e6d520f5ab61f670c0f112c58f2",
    "settings": {
      "fd_thres": 0.2,
      "testing": false
    },
    "software": "mriqc",
    "version": "25.1.0.dev45+g699d1691"
  },
  "size_t": 200,
  "size_x": 80,
  "size_y": 80,
  "size_z": 45,
  "snr": 3.531221618614639,
  "spacing_tr": 2.9999990463256836,
  "spacing_x": 3.0,
  "spacing_y": 3.0,
  "spacing_z": 3.0,
  "summary_bg_k": 90.9345,
  "summary_bg_mad": 4.2645,
  "summary_bg_mean": 30.7071,
  "summary_bg_median": 3.0,
  "summary_bg_n": 242120.0,
  "summary_bg_p05": 0.0,
  "summary_bg_p95": 119.0,
  "summary_bg_stdv": 94.8396,
  "summary_fg_k": 2.1755,
  "summary_fg_mad": 162.4219,
  "summary_fg_mean": 977.3565,
  "summary_fg_median": 982.0,
  "summary_fg_n": 45880.0,
  "summary_fg_p05": 421.0,
  "summary_fg_p95": 1429.0,
  "summary_fg_stdv": 278.0877,
  "tsnr": 43.01420649513602
}
