{
  "aor": 0.0014619,
  "aqi": 0.0098669216,
  "bids_meta": {
    "AcquisitionMatrixPE": 80,
    "AcquisitionNumber": 13,
    "AcquisitionTime": "16:53:29.000000",
    "BodyPartExamined": "BRAIN",
    "CoilString": "MULTI_COIL",
    "ConversionSoftware": "dcm2niix",
    "ConversionSoftwareVersion": "v1.0.20181125  (JP2:OpenJPEG) GCC9.3.0",
    "Dcm2bidsVersion": "3.1.1",
    "DeviceSerialNumber": "85054",
    "EchoTime": 0.03,
    "EchoTrainLength": 27,
    "FileSize": 0.050217670388519764,
    "FileSizeUnits": "GB",
    "FlipAngle": 90,
    "ImageOrientationPatientDICOM": [
      0.999399,
      0.0197682,
      0.0284761,
      -0.0232577,
      0.991508,
      0.127946
    ],
    "ImageType": [
      "ORIGINAL",
      "PRIMARY",
      "M",
      "FFE",
      "M",
      "FFE"
    ],
    "ImagingFrequency": 127.777,
    "InPlanePhaseEncodingDirectionDICOM": "COL",
    "InstitutionAddress": "Nemirovicha-Danchenko_132",
    "InstitutionName": "Novosib_Neurosurgery_Center",
    "InstitutionalDepartmentName": "MRI",
    "MRAcquisitionType": "2D",
    "MagneticFieldStrength": 3,
    "Manufacturer": "Philips",
    "ManufacturersModelName": "Ingenia",
    "Modality": "MR",
    "NumberOfVolumes": 200,
    "PartialFourier": 0.3375,
    "PatientPosition": "HFS",
    "PercentPhaseFOV": 100,
    "PhaseEncodingAxis": "j",
    "PhaseEncodingSteps": 80,
    "PhilipsRWVIntercept": 0,
    "PhilipsRWVSlope": 0.775092,
    "PhilipsRescaleIntercept": 0,
    "PhilipsRescaleSlope": 0.775092,
    "PhilipsScaleSlope": 0.0139411,
    "PixelBandwidth": 2265,
    "ProcedureStepDescription": "HEAD",
    "ProtocolName": "rest-fMRI",
    "ReconMatrixPE": 80,
    "RepetitionTime": 3,
    "SAR": 0.108433,
    "ScanOptions": "FS",
    "ScanningSequence": "GR",
    "SequenceVariant": "SK",
    "SeriesDescription": "rest-fMRI",
    "SeriesNumber": 1301,
    "SliceThickness": 3,
    "SoftwareVersions": "5.4.1_5.4.1.3",
    "SpacingBetweenSlices": 3,
    "StationName": "PHILIPS-F7TK6PR",
    "TaskName": "rest",
    "UsePhilipsFloatNotDisplayScaling": 1,
    "dataset": "<unset>",
    "datatype": "func",
    "extension": ".nii.gz",
    "modality": "bold",
    "subject": "olf23",
    "suffix": "bold",
    "task": "rest"
  },
  "dummy_trs": 0,
  "dvars_nstd": 31.907269310100503,
  "dvars_std": 1.0895794241708538,
  "dvars_vstd": 0.9950395894974874,
  "efc": 0.3944,
  "fber": 205947.3281,
  "fd_mean": 0.2461677177255286,
  "fd_num": 109,
  "fd_perc": 54.5,
  "fwhm_avg": 2.280292222222222,
  "fwhm_x": 2.2357066666666667,
  "fwhm_y": 2.3783766666666666,
  "fwhm_z": 2.2267933333333336,
  "gcor": 0.00853581,
  "gsr_x": -0.009422807954251766,
  "gsr_y": 0.011950638145208359,
  "provenance": {
    "md5sum": "fb31454a37ac281a29c337f1c6ee2f5f",
    "settings": {
      "fd_thres": 0.2,
      "testing": false
    },
    "software": "mriqc",
    "version": "25.1.0.dev45+g699d1691"
  },
  "size_t": 200,
  "size_x": 80,
  "size_y": 80,
  "size_z": 45,
  "snr": 3.1375539179991505,
  "spacing_tr": 2.9999990463256836,
  "spacing_x": 3.0,
  "spacing_y": 3.0,
  "spacing_z": 3.0,
  "summary_bg_k": 159.1496,
  "summary_bg_mad": 2.8045,
  "summary_bg_mean": 21.4945,
  "summary_bg_median": 2.0,
  "summary_bg_n": 236091.0,
  "summary_bg_p05": 0.0,
  "summary_bg_p95": 90.0,
  "summary_bg_stdv": 63.267,
  "summary_fg_k": 1.274,
  "summary_fg_mad": 235.4038,
  "summary_fg_mean": 1011.4949,
  "summary_fg_median": 1021.0,
  "summary_fg_n": 51909.0,
  "summary_fg_p05": 317.0,
  "summary_fg_p95": 1525.0,
  "summary_fg_stdv": 325.4096,
  "tsnr": 47.249480925966054
}
