{
    "Modality": "MR",
    "MagneticFieldStrength": 3,
    "ImagingFrequency": 127.776976,
    "Manufacturer": "Philips",
    "ManufacturersModelName": "Ingenia",
    "InstitutionName": "Novosib Neurosurgery Center",
    "InstitutionalDepartmentName": "MRI",
    "InstitutionAddress": "Nemirovicha-Danchenko 132",
    "DeviceSerialNumber": "85054",
    "StationName": "PHILIPS-F7TK6PR",
    "BodyPartExamined": "BRAIN",
    "PatientPosition": "HFS",
    "ProcedureStepDescription": "HEAD",
    "SoftwareVersions": "5.4.1\\5.4.1.3",
    "MRAcquisitionType": "2D",
    "SeriesDescription": "rest-fMRI",
    "ProtocolName": "rest-fMRI",
    "TaskName": "rest",
    "ScanningSequence": "GR",
    "SequenceVariant": "SK",
    "ScanOptions": "FS",
    "PulseSequenceName": "FEEPI",
    "ImageType": [
        "ORIGINAL",
        "PRIMARY",
        "M",
        "FFE",
        "M",
        "FFE"
    ],
    "SeriesNumber": 1401,
    "AcquisitionTime": "01:02:47.760000",
    "AcquisitionNumber": 14,
    "PhilipsRWVSlope": 0.836386,
    "PhilipsRWVIntercept": 0,
    "PhilipsRescaleSlope": 0.836386,
    "PhilipsRescaleIntercept": 0,
    "PhilipsScaleSlope": 0.0129461,
    "UsePhilipsFloatNotDisplayScaling": 1,
    "SliceThickness": 3,
    "SpacingBetweenSlices": 3,
    "SAR": 0.108729,
    "EchoTime": 0.03,
    "RepetitionTime": 3,
    "MTState": false,
    "FlipAngle": 90,
    "CoilString": "MULTI COIL",
    "PercentPhaseFOV": 100,
    "PercentSampling": 100,
    "EchoTrainLength": 27,
    "PhaseEncodingSteps": 80,
    "FrequencyEncodingSteps": 80,
    "PhaseEncodingStepsOutOfPlane": 1,
    "AcquisitionMatrixPE": 80,
    "ReconMatrixPE": 80,
    "ParallelReductionFactorInPlane": 3,
    "ParallelAcquisitionTechnique": "SENSE",
    "WaterFatShift": 6.81205,
    "EstimatedEffectiveEchoSpacing": 0.000191392,
    "EstimatedTotalReadoutTime": 0.01512,
    "AcquisitionDuration": 620.91,
    "PixelBandwidth": 2265,
    "PhaseEncodingAxis": "j",
    "ImageOrientationPatientDICOM": [
        0.994874,
        -0.0279758,
        0.0971769,
        0.0607492,
        0.933584,
        -0.353171
    ],
    "InPlanePhaseEncodingDirectionDICOM": "COL",
    "ConversionSoftware": "dcm2niix",
    "ConversionSoftwareVersion": "v1.0.20230411",
    "Dcm2bidsVersion": "3.0.1"
}
