{
    "Modality": "MR",
    "MagneticFieldStrength": 3,
    "ImagingFrequency": 127.767,
    "Manufacturer": "Philips",
    "ManufacturersModelName": "Ingenia",
    "InstitutionName": "Novosib_Neurosurgery_Center",
    "InstitutionalDepartmentName": "MRI",
    "InstitutionAddress": "Nemirovicha-Danchenko_132",
    "DeviceSerialNumber": "85054",
    "StationName": "PHILIPS-F7TK6PR",
    "BodyPartExamined": "BRAIN",
    "PatientPosition": "HFS",
    "SoftwareVersions": "5.4.1_5.4.1.3",
    "MRAcquisitionType": "2D",
    "SeriesDescription": "DTIshort_64dir_b1500_AP",
    "ProtocolName": "DTIshort_64dir_b1500_AP",
    "ScanningSequence": "SE",
    "SequenceVariant": "SK",
    "ScanOptions": "FS",
    "ImageType": [
        "ORIGINAL",
        "PRIMARY",
        "M",
        "SE",
        "M",
        "SE"
    ],
    "SeriesNumber": 901,
    "AcquisitionTime": "20:42:46.100000",
    "AcquisitionNumber": 9,
    "PhilipsRWVSlope": 2.36313,
    "PhilipsRWVIntercept": 0,
    "PhilipsRescaleSlope": 2.36313,
    "PhilipsRescaleIntercept": 0,
    "PhilipsScaleSlope": 0.0099003,
    "UsePhilipsFloatNotDisplayScaling": 1,
    "SliceThickness": 2,
    "SpacingBetweenSlices": 2,
    "SAR": 0.102838,
    "EchoTime": 0.103557,
    "RepetitionTime": 9.46571,
    "FlipAngle": 90,
    "CoilString": "MULTI_COIL",
    "PartialFourier": 0.404762,
    "PercentPhaseFOV": 100,
    "EchoTrainLength": 51,
    "PhaseEncodingSteps": 126,
    "AcquisitionMatrixPE": 126,
    "ReconMatrixPE": 128,
    "PixelBandwidth": 1784,
    "PhaseEncodingAxis": "j",
    "ImageOrientationPatientDICOM": [
        0.998903,
        -0.0394747,
        0.0251915,
        0.0395102,
        0.999219,
        -0.000914201
    ],
    "InPlanePhaseEncodingDirectionDICOM": "COL",
    "ConversionSoftware": "dcm2niix",
    "ConversionSoftwareVersion": "v1.0.20181125  (JP2:OpenJPEG) GCC9.3.0",
    "Dcm2bidsVersion": "3.1.1"
}