{
  "NumberOfShells": 1,
  "bValues": [
    0.0,
    1500.0
  ],
  "bValuesEstimation": [
    1500.0
  ],
  "bdiffs_max": 0.398,
  "bdiffs_mean": 0.3033,
  "bdiffs_median": 0.3291,
  "bdiffs_min": 0.0317,
  "bids_meta": {
    "AcquisitionMatrixPE": 126,
    "AcquisitionNumber": 9,
    "AcquisitionTime": "08:22:51.390000",
    "BodyPartExamined": "BRAIN",
    "CoilString": "MULTI_COIL",
    "ConversionSoftware": "dcm2niix",
    "ConversionSoftwareVersion": "v1.0.20181125  (JP2:OpenJPEG) GCC9.3.0",
    "Dcm2bidsVersion": "3.1.1",
    "DeviceSerialNumber": "85054",
    "EchoTime": 0.103557,
    "EchoTrainLength": 51,
    "FileSize": 0.024471678771078587,
    "FileSizeUnits": "GB",
    "FlipAngle": 90,
    "ImageOrientationPatientDICOM": [
      0.999539,
      -0.00812935,
      0.0292598,
      0.00815387,
      0.999967,
      -0.000718684
    ],
    "ImageType": [
      "ORIGINAL",
      "PRIMARY",
      "M",
      "SE",
      "M",
      "SE"
    ],
    "ImagingFrequency": 127.766,
    "InPlanePhaseEncodingDirectionDICOM": "COL",
    "InstitutionAddress": "Nemirovicha-Danchenko_132",
    "InstitutionName": "Novosib_Neurosurgery_Center",
    "InstitutionalDepartmentName": "MRI",
    "MRAcquisitionType": "2D",
    "MagneticFieldStrength": 3,
    "Manufacturer": "Philips",
    "ManufacturersModelName": "Ingenia",
    "Modality": "MR",
    "NumberOfVolumes": 65,
    "PartialFourier": 0.404762,
    "PatientPosition": "HFS",
    "PercentPhaseFOV": 100,
    "PhaseEncodingAxis": "j",
    "PhaseEncodingSteps": 126,
    "PhilipsRWVIntercept": 0,
    "PhilipsRWVSlope": 2.4359,
    "PhilipsRescaleIntercept": 0,
    "PhilipsRescaleSlope": 2.4359,
    "PhilipsScaleSlope": 0.0109076,
    "PixelBandwidth": 1786,
    "ProcedureStepDescription": "OLFACTOR.MENINGIOMA_NAUKA",
    "ProtocolName": "DTIshort_64dir_b1500_AP",
    "ReconMatrixPE": 128,
    "RepetitionTime": 9.46486,
    "SAR": 0.102847,
    "ScanOptions": "FS",
    "ScanningSequence": "SE",
    "SequenceVariant": "SK",
    "SeriesDescription": "DTIshort_64dir_b1500_AP",
    "SeriesNumber": 901,
    "SliceThickness": 2,
    "SoftwareVersions": "5.4.1_5.4.1.3",
    "SpacingBetweenSlices": 2,
    "StationName": "PHILIPS-F7TK6PR",
    "UsePhilipsFloatNotDisplayScaling": 1,
    "dataset": "<unset>",
    "datatype": "dwi",
    "extension": ".nii.gz",
    "modality": "dwi",
    "run": 1,
    "subject": "olf16fu",
    "suffix": "dwi"
  },
  "efc_shell01": 0.2958,
  "efc_shell02": 0.3878,
  "fa_degenerate": 0.0,
  "fa_nans": 0.0,
  "fber_shell01": -1.0,
  "fber_shell02": 5122808.0,
  "fd_mean": 4.3237,
  "fd_num": 64,
  "fd_perc": 98.46153846153847,
  "ndc": 0.3761,
  "provenance": {
    "md5sum": "d9c815342f11750edd4a1e635f02e6aa",
    "settings": {
      "testing": false
    },
    "software": "mriqc",
    "version": "25.1.0.dev45+g699d1691"
  },
  "sigma_cc": 42.9955,
  "sigma_pca": 16.6593,
  "sigma_piesno": 0.8025,
  "snr_cc_shell0": 6.86,
  "snr_cc_shell1_best": 4.87,
  "snr_cc_shell1_worst": 4.87,
  "spikes_global": 1070.82,
  "spikes_slice_i": 6016.69,
  "spikes_slice_j": 5477.59,
  "spikes_slice_k": 3717.51,
  "summary_bg_k": 866.0761,
  "summary_bg_mad": 0.0,
  "summary_bg_mean": 13.6192,
  "summary_bg_median": 0.0,
  "summary_bg_n": 958897.0,
  "summary_bg_p05": 0.0,
  "summary_bg_p95": 55.0,
  "summary_bg_stdv": 79.2839,
  "summary_fg_k": 14.5268,
  "summary_fg_mad": 126.0212,
  "summary_fg_mean": 414.4003,
  "summary_fg_median": 302.0,
  "summary_fg_n": 155215.0,
  "summary_fg_p05": 102.0,
  "summary_fg_p95": 1100.0,
  "summary_fg_stdv": 336.0489,
  "summary_wm_k": 49.2858,
  "summary_wm_mad": 47.4433,
  "summary_wm_mean": 288.557,
  "summary_wm_median": 270.0,
  "summary_wm_n": 36150.0,
  "summary_wm_p05": 197.0,
  "summary_wm_p95": 418.0,
  "summary_wm_stdv": 118.699
}
