{
  "bids_meta": {
    "AcquisitionDuration": 370.878,
    "AcquisitionMatrixPE": 240,
    "AcquisitionNumber": 4,
    "AcquisitionTime": "08:17:21.140000",
    "BodyPartExamined": "BRAIN",
    "CoilString": "MULTI COIL",
    "ConversionSoftware": "dcm2niix",
    "ConversionSoftwareVersion": "v1.0.20230411",
    "Dcm2bidsVersion": "3.0.1",
    "DeviceSerialNumber": "85054",
    "EchoTime": 0.003051,
    "EchoTrainLength": 204,
    "EstimatedEffectiveEchoSpacing": 7.1789e-6,
    "EstimatedTotalReadoutTime": 0.00366842,
    "FileSize": 0.029757113195955753,
    "FileSizeUnits": "GB",
    "FlipAngle": 8,
    "FrequencyEncodingSteps": 240,
    "ImageOrientationPatientDICOM": [
      0.99173,
      -0.128208,
      -0.00584498,
      0.12599,
      0.98123,
      -0.145992
    ],
    "ImageType": [
      "ORIGINAL",
      "PRIMARY",
      "M",
      "FFE",
      "M",
      "FFE"
    ],
    "ImagingFrequency": 127.777104,
    "InPlanePhaseEncodingDirectionDICOM": "COL",
    "InstitutionAddress": "Nemirovicha-Danchenko 132",
    "InstitutionName": "Novosib Neurosurgery Center",
    "InstitutionalDepartmentName": "MRI",
    "MRAcquisitionType": "3D",
    "MTState": false,
    "MagneticFieldStrength": 3,
    "Manufacturer": "Philips",
    "ManufacturersModelName": "Ingenia",
    "Modality": "MR",
    "NumberOfVolumes": 1,
    "ParallelAcquisitionTechnique": "SENSE",
    "ParallelReductionFactorOutOfPlane": 2.2,
    "PartialFourierDirection": "PHASE",
    "PartialFourierEnabled": "YES",
    "PatientPosition": "HFS",
    "PercentPhaseFOV": 100,
    "PercentSampling": 100,
    "PhaseEncodingAxis": "j",
    "PhaseEncodingStepsNoPartialFourier": 240,
    "PhaseEncodingStepsOutOfPlane": 192,
    "PhilipsRWVIntercept": 0,
    "PhilipsRWVSlope": 4.15946,
    "PhilipsRescaleIntercept": 0,
    "PhilipsRescaleSlope": 4.15946,
    "PhilipsScaleSlope": 0.0134656,
    "PixelBandwidth": 271,
    "ProcedureStepDescription": "HEAD OL`FAKT MENING+C",
    "ProtocolName": "sT1W_3D",
    "PulseSequenceName": "T1TFE",
    "ReconMatrixPE": 512,
    "RepetitionTime": 0.006751,
    "SAR": 0.0231826,
    "ScanOptions": "PFP",
    "ScanningSequence": "GR",
    "SequenceVariant": "MP",
    "SeriesDescription": "sT1W_3D",
    "SeriesNumber": 401,
    "SliceThickness": 1,
    "SoftwareVersions": "5.4.1\\5.4.1.3",
    "SpacingBetweenSlices": 1,
    "SpoilingState": true,
    "SpoilingType": "COMBINED",
    "StationName": "PHILIPS-F7TK6PR",
    "UsePhilipsFloatNotDisplayScaling": 1,
    "WaterFatShift": 1.60153,
    "dataset": "<unset>",
    "datatype": "anat",
    "extension": ".nii.gz",
    "modality": "T1w",
    "run": 1,
    "subject": "olf37fu",
    "suffix": "T1w"
  },
  "cjv": 0.5611438485804416,
  "cnr": 1.9723496619751906,
  "efc": 0.7644,
  "fber": 16062.4712,
  "fwhm_avg": 6.212038666666666,
  "fwhm_x": 7.323178666666666,
  "fwhm_y": 7.496597333333333,
  "fwhm_z": 3.81634,
  "icvs_csf": 0.27965208785566226,
  "icvs_gm": 0.3758240225515542,
  "icvs_wm": 0.34452388959278357,
  "inu_med": 0.683127760887146,
  "inu_range": 0.29584542512893675,
  "provenance": {
    "md5sum": "e8854ba62c23ead1debe46dec218ed2f",
    "settings": {
      "testing": false
    },
    "software": "mriqc",
    "version": "25.1.0.dev45+g699d1691",
    "warnings": {
      "large_rot_frame": true,
      "small_air_mask": false
    }
  },
  "qi_1": 0.0,
  "qi_2": 0.001403221250744148,
  "rpve_csf": 6.5827276177775005,
  "rpve_gm": 6.521679097304105,
  "rpve_wm": 6.6199862364440065,
  "size_x": 512,
  "size_y": 512,
  "size_z": 192,
  "snr_csf": 1.7805794886978548,
  "snr_gm": 4.8862732037159775,
  "snr_total": 5.811347010521108,
  "snr_wm": 10.767188339149493,
  "snrd_csf": 8.5064397249602,
  "snrd_gm": 15.804718445505763,
  "snrd_total": 15.977312874707854,
  "snrd_wm": 23.6207804536576,
  "spacing_x": 0.46875,
  "spacing_y": 0.46875,
  "spacing_z": 1.0,
  "summary_bg_k": 243.9193,
  "summary_bg_mad": 0.0,
  "summary_bg_mean": 3.457,
  "summary_bg_median": 0.0,
  "summary_bg_n": 21001645.0,
  "summary_bg_p05": 0.0,
  "summary_bg_p95": 12.0,
  "summary_bg_stdv": 26.5707,
  "summary_csf_k": -0.5083,
  "summary_csf_mad": 157.2206,
  "summary_csf_mean": 351.331,
  "summary_csf_median": 345.0,
  "summary_csf_n": 2104931.4790962865,
  "summary_csf_p05": 61.0,
  "summary_csf_p95": 672.0,
  "summary_csf_stdv": 193.7571,
  "summary_gm_k": -0.6682,
  "summary_gm_mad": 103.7174,
  "summary_gm_mean": 645.1153,
  "summary_gm_median": 641.0,
  "summary_gm_n": 2828814.266095034,
  "summary_gm_p05": 435.0,
  "summary_gm_p95": 873.0,
  "summary_gm_stdv": 131.1838,
  "summary_wm_k": 1.3931,
  "summary_wm_mad": 74.1652,
  "summary_wm_mean": 944.2026,
  "summary_wm_median": 958.0,
  "summary_wm_n": 2593219.260636606,
  "summary_wm_p05": 777.0,
  "summary_wm_p95": 1066.0,
  "summary_wm_stdv": 88.974,
  "tpm_overlap_csf": 0.1896416547033237,
  "tpm_overlap_gm": 0.4915922348684688,
  "tpm_overlap_wm": 0.519584335506129,
  "wm2max": 0.6034286874627891
}
