{
  "bids_meta": {
    "AcquisitionDuration": 370.878,
    "AcquisitionMatrixPE": 240,
    "AcquisitionNumber": 15,
    "AcquisitionTime": "09:02:58.010000",
    "BodyPartExamined": "BRAIN",
    "CoilString": "MULTI COIL",
    "ConversionSoftware": "dcm2niix",
    "ConversionSoftwareVersion": "v1.0.20230411",
    "Dcm2bidsVersion": "3.0.1",
    "DeviceSerialNumber": "85054",
    "EchoTime": 0.003051,
    "EchoTrainLength": 204,
    "EstimatedEffectiveEchoSpacing": 7.1789e-6,
    "EstimatedTotalReadoutTime": 0.00366842,
    "FileSize": 0.03113901149481535,
    "FileSizeUnits": "GB",
    "FlipAngle": 8,
    "FrequencyEncodingSteps": 240,
    "ImageOrientationPatientDICOM": [
      0.99173,
      -0.128208,
      -0.00584498,
      0.12599,
      0.98123,
      -0.145992
    ],
    "ImageType": [
      "ORIGINAL",
      "PRIMARY",
      "M",
      "FFE",
      "M",
      "FFE"
    ],
    "ImagingFrequency": 127.777168,
    "InPlanePhaseEncodingDirectionDICOM": "COL",
    "InstitutionAddress": "Nemirovicha-Danchenko 132",
    "InstitutionName": "Novosib Neurosurgery Center",
    "InstitutionalDepartmentName": "MRI",
    "MRAcquisitionType": "3D",
    "MTState": false,
    "MagneticFieldStrength": 3,
    "Manufacturer": "Philips",
    "ManufacturersModelName": "Ingenia",
    "Modality": "MR",
    "NumberOfVolumes": 1,
    "ParallelAcquisitionTechnique": "SENSE",
    "ParallelReductionFactorOutOfPlane": 2.2,
    "PartialFourierDirection": "PHASE",
    "PartialFourierEnabled": "YES",
    "PatientPosition": "HFS",
    "PercentPhaseFOV": 100,
    "PercentSampling": 100,
    "PhaseEncodingAxis": "j",
    "PhaseEncodingStepsNoPartialFourier": 240,
    "PhaseEncodingStepsOutOfPlane": 192,
    "PhilipsRWVIntercept": 0,
    "PhilipsRWVSlope": 2.76093,
    "PhilipsRescaleIntercept": 0,
    "PhilipsRescaleSlope": 2.76093,
    "PhilipsScaleSlope": 0.0134656,
    "PixelBandwidth": 271,
    "ProcedureStepDescription": "HEAD OL`FAKT MENING+C",
    "ProtocolName": "sT1W_3D_CE",
    "PulseSequenceName": "T1TFE",
    "ReconMatrixPE": 512,
    "RepetitionTime": 0.006751,
    "SAR": 0.0231826,
    "ScanOptions": "PFP",
    "ScanningSequence": "GR",
    "SequenceVariant": "MP",
    "SeriesDescription": "sT1W_3D_CE",
    "SeriesNumber": 1501,
    "SliceThickness": 1,
    "SoftwareVersions": "5.4.1\\5.4.1.3",
    "SpacingBetweenSlices": 1,
    "SpoilingState": true,
    "SpoilingType": "COMBINED",
    "StationName": "PHILIPS-F7TK6PR",
    "UsePhilipsFloatNotDisplayScaling": 1,
    "WaterFatShift": 1.60153,
    "dataset": "<unset>",
    "datatype": "anat",
    "extension": ".nii.gz",
    "modality": "T1w",
    "run": 2,
    "subject": "olf37fu",
    "suffix": "T1w"
  },
  "cjv": 0.674828838951311,
  "cnr": 1.4132762201097009,
  "efc": 0.742,
  "fber": -1.0,
  "fwhm_avg": 4.189532444444445,
  "fwhm_x": 4.891690666666666,
  "fwhm_y": 5.175466666666667,
  "fwhm_z": 2.50144,
  "icvs_csf": 0.23666391454478652,
  "icvs_gm": 0.3985734353761955,
  "icvs_wm": 0.36476265007901787,
  "inu_med": 0.8252412676811218,
  "inu_range": 0.3877984046936036,
  "provenance": {
    "md5sum": "633bc7b344d0c2452b05ecc70e7fd3e2",
    "settings": {
      "testing": false
    },
    "software": "mriqc",
    "version": "25.1.0.dev45+g699d1691",
    "warnings": {
      "large_rot_frame": true,
      "small_air_mask": false
    }
  },
  "qi_1": 0.0,
  "qi_2": 0.0011744648911678822,
  "rpve_csf": 6.547394430211446,
  "rpve_gm": 6.4730423550809615,
  "rpve_wm": 6.520766329932016,
  "size_x": 512,
  "size_y": 512,
  "size_z": 192,
  "snr_csf": 1.165504890547014,
  "snr_gm": 4.396649261494287,
  "snr_total": 4.674862545088036,
  "snr_wm": 8.462433483222808,
  "snrd_csf": 11.3752289454819,
  "snrd_gm": 11.750236493135152,
  "snrd_total": 13.214551679209743,
  "snrd_wm": 16.51818959901218,
  "spacing_x": 0.46875,
  "spacing_y": 0.46875,
  "spacing_z": 1.0,
  "summary_bg_k": 529.1096,
  "summary_bg_mad": 0.0,
  "summary_bg_mean": 5.3247,
  "summary_bg_median": 0.0,
  "summary_bg_n": 21330683.0,
  "summary_bg_p05": 0.0,
  "summary_bg_p95": 26.0,
  "summary_bg_stdv": 36.6869,
  "summary_csf_k": -0.5124,
  "summary_csf_mad": 717.9231,
  "summary_csf_mean": 737.2607,
  "summary_csf_median": 637.0,
  "summary_csf_n": 1783810.4733306887,
  "summary_csf_p05": 95.0,
  "summary_csf_p95": 1964.0,
  "summary_csf_stdv": 546.5441,
  "summary_gm_k": 19.3542,
  "summary_gm_mad": 98.4347,
  "summary_gm_mean": 661.5931,
  "summary_gm_median": 658.0,
  "summary_gm_n": 3004173.533523225,
  "summary_gm_p05": 415.0,
  "summary_gm_p95": 927.0,
  "summary_gm_stdv": 149.6594,
  "summary_wm_k": 27.222,
  "summary_wm_mad": 81.7446,
  "summary_wm_mean": 908.6376,
  "summary_wm_median": 925.0,
  "summary_wm_n": 2749330.994301948,
  "summary_wm_p05": 707.0,
  "summary_wm_p95": 1062.0,
  "summary_wm_stdv": 109.3066,
  "tpm_overlap_csf": 0.24495986231220745,
  "tpm_overlap_gm": 0.5143837005991203,
  "tpm_overlap_wm": 0.5408096574132493,
  "wm2max": 0.37857196241828117
}
