{
  "aor": 0.01361225,
  "aqi": 0.030838388449999997,
  "bids_meta": {
    "AcquisitionMatrixPE": 80,
    "AcquisitionNumber": 13,
    "AcquisitionTime": "08:51:10.360000",
    "BodyPartExamined": "BRAIN",
    "CoilString": "MULTI_COIL",
    "ConversionSoftware": "dcm2niix",
    "ConversionSoftwareVersion": "v1.0.20181125  (JP2:OpenJPEG) GCC9.3.0",
    "Dcm2bidsVersion": "3.1.1",
    "DeviceSerialNumber": "85054",
    "EchoTime": 0.030001,
    "EchoTrainLength": 27,
    "FileSize": 0.053123464807868004,
    "FileSizeUnits": "GB",
    "FlipAngle": 90,
    "ImageOrientationPatientDICOM": [
      0.991851,
      0.119045,
      -0.0453948,
      -0.119167,
      0.992874,
      0.0000205167
    ],
    "ImageType": [
      "ORIGINAL",
      "PRIMARY",
      "M",
      "FFE",
      "M",
      "FFE"
    ],
    "ImagingFrequency": 127.766,
    "InPlanePhaseEncodingDirectionDICOM": "COL",
    "InstitutionAddress": "Nemirovicha-Danchenko_132",
    "InstitutionName": "Novosib_Neurosurgery_Center",
    "InstitutionalDepartmentName": "MRI",
    "MRAcquisitionType": "2D",
    "MagneticFieldStrength": 3,
    "Manufacturer": "Philips",
    "ManufacturersModelName": "Ingenia",
    "Modality": "MR",
    "NumberOfVolumes": 200,
    "PartialFourier": 0.3375,
    "PatientPosition": "HFS",
    "PercentPhaseFOV": 100,
    "PhaseEncodingAxis": "j",
    "PhaseEncodingSteps": 80,
    "PhilipsRWVIntercept": 0,
    "PhilipsRWVSlope": 0.851526,
    "PhilipsRescaleIntercept": 0,
    "PhilipsRescaleSlope": 0.851526,
    "PhilipsScaleSlope": 0.0131981,
    "PixelBandwidth": 2285,
    "ProcedureStepDescription": "HEAD+C_MENINGEOMA_OLFAKTOR",
    "ProtocolName": "rest-fMRI",
    "ReconMatrixPE": 80,
    "RepetitionTime": 3,
    "SAR": 0.108486,
    "ScanOptions": "FS",
    "ScanningSequence": "GR",
    "SequenceVariant": "SK",
    "SeriesDescription": "rest-fMRI",
    "SeriesNumber": 1301,
    "SliceThickness": 3,
    "SoftwareVersions": "5.4.1_5.4.1.3",
    "SpacingBetweenSlices": 3,
    "StationName": "PHILIPS-F7TK6PR",
    "TaskName": "rest",
    "UsePhilipsFloatNotDisplayScaling": 1,
    "dataset": "<unset>",
    "datatype": "func",
    "extension": ".nii.gz",
    "modality": "bold",
    "subject": "olf11fu",
    "suffix": "bold",
    "task": "rest"
  },
  "dummy_trs": 0,
  "dvars_nstd": 45.022501653216075,
  "dvars_std": 1.2762583086432158,
  "dvars_vstd": 1.0928066069346731,
  "efc": 0.4151,
  "fber": 81719.8359,
  "fd_mean": 0.42493833203876297,
  "fd_num": 139,
  "fd_perc": 69.5,
  "fwhm_avg": 2.3012866666666665,
  "fwhm_x": 2.24682,
  "fwhm_y": 2.379356666666667,
  "fwhm_z": 2.2776833333333335,
  "gcor": 0.0214224,
  "gsr_x": -0.014800923876464367,
  "gsr_y": 0.010090023279190063,
  "provenance": {
    "md5sum": "54cbd1fd139b3677e75dae848136dbe0",
    "settings": {
      "fd_thres": 0.2,
      "testing": false
    },
    "software": "mriqc",
    "version": "25.1.0.dev45+g699d1691"
  },
  "size_t": 200,
  "size_x": 80,
  "size_y": 80,
  "size_z": 45,
  "snr": 3.0726730019887847,
  "spacing_tr": 2.9999990463256836,
  "spacing_x": 3.0,
  "spacing_y": 3.0,
  "spacing_z": 3.0,
  "summary_bg_k": 102.5734,
  "summary_bg_mad": 5.5472,
  "summary_bg_mean": 31.8038,
  "summary_bg_median": 4.0,
  "summary_bg_n": 234780.0,
  "summary_bg_p05": 0.0,
  "summary_bg_p95": 134.0,
  "summary_bg_stdv": 87.6143,
  "summary_fg_k": 1.2763,
  "summary_fg_mad": 234.3814,
  "summary_fg_mean": 1017.9828,
  "summary_fg_median": 1022.0,
  "summary_fg_n": 53220.0,
  "summary_fg_p05": 317.0,
  "summary_fg_p95": 1530.0,
  "summary_fg_stdv": 332.6063,
  "tsnr": 26.79574312933255
}
