{
  "aor": 0.0023598000000000004,
  "aqi": 0.012178497349999998,
  "bids_meta": {
    "AcquisitionMatrixPE": 80,
    "AcquisitionNumber": 13,
    "AcquisitionTime": "15:21:49.620000",
    "BodyPartExamined": "BRAIN",
    "CoilString": "MULTI_COIL",
    "ConversionSoftware": "dcm2niix",
    "ConversionSoftwareVersion": "v1.0.20181125  (JP2:OpenJPEG) GCC9.3.0",
    "Dcm2bidsVersion": "3.1.1",
    "DeviceSerialNumber": "85054",
    "EchoTime": 0.030001,
    "EchoTrainLength": 27,
    "FileSize": 0.04992468375712633,
    "FileSizeUnits": "GB",
    "FlipAngle": 90,
    "ImageOrientationPatientDICOM": [
      0.999888,
      0.00260831,
      -0.0147378,
      -0.00478538,
      0.988723,
      -0.14968
    ],
    "ImageType": [
      "ORIGINAL",
      "PRIMARY",
      "M",
      "FFE",
      "M",
      "FFE"
    ],
    "ImagingFrequency": 127.767,
    "InPlanePhaseEncodingDirectionDICOM": "COL",
    "InstitutionAddress": "Nemirovicha-Danchenko_132",
    "InstitutionName": "Novosib_Neurosurgery_Center",
    "InstitutionalDepartmentName": "MRI",
    "MRAcquisitionType": "2D",
    "MagneticFieldStrength": 3,
    "Manufacturer": "Philips",
    "ManufacturersModelName": "Ingenia",
    "Modality": "MR",
    "NumberOfVolumes": 200,
    "PartialFourier": 0.3375,
    "PatientPosition": "HFS",
    "PercentPhaseFOV": 100,
    "PhaseEncodingAxis": "j",
    "PhaseEncodingSteps": 80,
    "PhilipsRWVIntercept": 0,
    "PhilipsRWVSlope": 0.810012,
    "PhilipsRescaleIntercept": 0,
    "PhilipsRescaleSlope": 0.810012,
    "PhilipsScaleSlope": 0.00907771,
    "PixelBandwidth": 2270,
    "ProcedureStepDescription": "MENINGIOMA_OLFACTOR+CE",
    "ProtocolName": "rest-fMRI",
    "ReconMatrixPE": 80,
    "RepetitionTime": 3,
    "SAR": 0.108486,
    "ScanOptions": "FS",
    "ScanningSequence": "GR",
    "SequenceVariant": "SK",
    "SeriesDescription": "rest-fMRI",
    "SeriesNumber": 1301,
    "SliceThickness": 3,
    "SoftwareVersions": "5.4.1_5.4.1.3",
    "SpacingBetweenSlices": 3,
    "StationName": "PHILIPS-F7TK6PR",
    "TaskName": "rest",
    "UsePhilipsFloatNotDisplayScaling": 1,
    "dataset": "<unset>",
    "datatype": "func",
    "extension": ".nii.gz",
    "modality": "bold",
    "subject": "olf08",
    "suffix": "bold",
    "task": "rest"
  },
  "dummy_trs": 0,
  "dvars_nstd": 45.197353171055234,
  "dvars_std": 1.3224032674371864,
  "dvars_vstd": 1.0176815360804017,
  "efc": 0.4016,
  "fber": 156170.6406,
  "fd_mean": 0.24336540289186387,
  "fd_num": 98,
  "fd_perc": 49.0,
  "fwhm_avg": 2.4495666666666667,
  "fwhm_x": 2.4470899999999998,
  "fwhm_y": 2.5431433333333335,
  "fwhm_z": 2.3584666666666667,
  "gcor": 0.00994121,
  "gsr_x": -0.014432546682655811,
  "gsr_y": 0.011898349039256573,
  "provenance": {
    "md5sum": "243e40a2893f475fea87f6f0aa1e5943",
    "settings": {
      "fd_thres": 0.2,
      "testing": false
    },
    "software": "mriqc",
    "version": "25.1.0.dev45+g699d1691"
  },
  "size_t": 200,
  "size_x": 80,
  "size_y": 80,
  "size_z": 45,
  "snr": 3.3153217446834082,
  "spacing_tr": 2.9999990463256836,
  "spacing_x": 3.0,
  "spacing_y": 3.0,
  "spacing_z": 3.0,
  "summary_bg_k": 152.2307,
  "summary_bg_mad": 2.8256,
  "summary_bg_mean": 21.9164,
  "summary_bg_median": 2.0,
  "summary_bg_n": 235807.0,
  "summary_bg_p05": 0.0,
  "summary_bg_p95": 93.0,
  "summary_bg_stdv": 64.0859,
  "summary_fg_k": 1.965,
  "summary_fg_mad": 197.2096,
  "summary_fg_mean": 919.2603,
  "summary_fg_median": 931.0,
  "summary_fg_n": 52193.0,
  "summary_fg_p05": 324.0,
  "summary_fg_p95": 1306.0,
  "summary_fg_stdv": 280.8147,
  "tsnr": 43.90259535633959
}
