{
  "aor": 0.002958,
  "aqi": 0.012449800400000002,
  "bids_meta": {
    "AcquisitionDuration": 620.91,
    "AcquisitionMatrixPE": 80,
    "AcquisitionNumber": 13,
    "AcquisitionTime": "15:15:34.700000",
    "BodyPartExamined": "BRAIN",
    "CoilString": "MULTI COIL",
    "ConversionSoftware": "dcm2niix",
    "ConversionSoftwareVersion": "v1.0.20230411",
    "Dcm2bidsVersion": "3.0.1",
    "DeviceSerialNumber": "85054",
    "EchoTime": 0.03,
    "EchoTrainLength": 27,
    "EstimatedEffectiveEchoSpacing": 0.000191324,
    "EstimatedTotalReadoutTime": 0.0151146,
    "FileSize": 0.04994080122560263,
    "FileSizeUnits": "GB",
    "FlipAngle": 90,
    "FrequencyEncodingSteps": 80,
    "ImageOrientationPatientDICOM": [
      0.986698,
      0.147879,
      0.0675246,
      -0.126797,
      0.96001,
      -0.249608
    ],
    "ImageType": [
      "ORIGINAL",
      "PRIMARY",
      "M",
      "FFE",
      "M",
      "FFE"
    ],
    "ImagingFrequency": 127.77704,
    "InPlanePhaseEncodingDirectionDICOM": "COL",
    "InstitutionAddress": "Nemirovicha-Danchenko 132",
    "InstitutionName": "Novosib Neurosurgery Center",
    "InstitutionalDepartmentName": "MRI",
    "MRAcquisitionType": "2D",
    "MTState": false,
    "MagneticFieldStrength": 3,
    "Manufacturer": "Philips",
    "ManufacturersModelName": "Ingenia",
    "Modality": "MR",
    "NumberOfVolumes": 200,
    "ParallelAcquisitionTechnique": "SENSE",
    "ParallelReductionFactorInPlane": 3,
    "PatientPosition": "HFS",
    "PercentPhaseFOV": 100,
    "PercentSampling": 100,
    "PhaseEncodingAxis": "j",
    "PhaseEncodingSteps": 80,
    "PhaseEncodingStepsOutOfPlane": 1,
    "PhilipsRWVIntercept": 0,
    "PhilipsRWVSlope": 0.77094,
    "PhilipsRescaleIntercept": 0,
    "PhilipsRescaleSlope": 0.77094,
    "PhilipsScaleSlope": 0.0123133,
    "PixelBandwidth": 2266,
    "ProcedureStepDescription": "HEAD+C",
    "ProtocolName": "rest-fMRI",
    "PulseSequenceName": "FEEPI",
    "ReconMatrixPE": 80,
    "RepetitionTime": 3,
    "SAR": 0.108601,
    "ScanOptions": "FS",
    "ScanningSequence": "GR",
    "SequenceVariant": "SK",
    "SeriesDescription": "rest-fMRI",
    "SeriesNumber": 1301,
    "SliceThickness": 3,
    "SoftwareVersions": "5.4.1\\5.4.1.3",
    "SpacingBetweenSlices": 3,
    "StationName": "PHILIPS-F7TK6PR",
    "TaskName": "rest",
    "UsePhilipsFloatNotDisplayScaling": 1,
    "WaterFatShift": 6.80962,
    "dataset": "<unset>",
    "datatype": "func",
    "extension": ".nii.gz",
    "modality": "bold",
    "subject": "olf33",
    "suffix": "bold",
    "task": "rest"
  },
  "dummy_trs": 0,
  "dvars_nstd": 41.808365769195966,
  "dvars_std": 1.3617147491959798,
  "dvars_vstd": 1.0229188144221109,
  "efc": 0.3967,
  "fber": 186300.2344,
  "fd_mean": 0.2745144217031959,
  "fd_num": 112,
  "fd_perc": 56.0,
  "fwhm_avg": 2.3194355555555553,
  "fwhm_x": 2.2935833333333333,
  "fwhm_y": 2.3895399999999998,
  "fwhm_z": 2.275183333333333,
  "gcor": 0.0138483,
  "gsr_x": -0.010343445464968681,
  "gsr_y": 0.008293362334370613,
  "provenance": {
    "md5sum": "eb4516d96f19fddb5a581182ac815d80",
    "settings": {
      "fd_thres": 0.2,
      "testing": false
    },
    "software": "mriqc",
    "version": "25.1.0.dev45+g699d1691"
  },
  "size_t": 200,
  "size_x": 80,
  "size_y": 80,
  "size_z": 45,
  "snr": 3.427615926835685,
  "spacing_tr": 2.9999990463256836,
  "spacing_x": 3.0,
  "spacing_y": 3.0,
  "spacing_z": 3.0,
  "summary_bg_k": 160.0579,
  "summary_bg_mad": 304.8481,
  "summary_bg_mean": 2447.0787,
  "summary_bg_median": 240.0,
  "summary_bg_n": 236717.0,
  "summary_bg_p05": 9.0,
  "summary_bg_p95": 9676.0,
  "summary_bg_stdv": 8791.4909,
  "summary_fg_k": 2.2807,
  "summary_fg_mad": 17927.0932,
  "summary_fg_mean": 103454.7595,
  "summary_fg_median": 103630.0,
  "summary_fg_n": 51283.0,
  "summary_fg_p05": 43637.0,
  "summary_fg_p95": 154031.0,
  "summary_fg_stdv": 30233.5477,
  "tsnr": 51.196968431118876
}
