{
  "NumberOfShells": 1,
  "bValues": [
    0.0,
    1500.0
  ],
  "bValuesEstimation": [
    1500.0
  ],
  "bdiffs_max": 0.4044,
  "bdiffs_mean": 0.2834,
  "bdiffs_median": 0.2918,
  "bdiffs_min": 0.0474,
  "bids_meta": {
    "AcquisitionMatrixPE": 126,
    "AcquisitionNumber": 9,
    "AcquisitionTime": "15:26:15.960000",
    "BodyPartExamined": "BRAIN",
    "CoilString": "MULTI_COIL",
    "ConversionSoftware": "dcm2niix",
    "ConversionSoftwareVersion": "v1.0.20181125  (JP2:OpenJPEG) GCC9.3.0",
    "Dcm2bidsVersion": "3.1.1",
    "DeviceSerialNumber": "85054",
    "EchoTime": 0.103557,
    "EchoTrainLength": 51,
    "FileSize": 0.028266528621315956,
    "FileSizeUnits": "GB",
    "FlipAngle": 90,
    "ImageOrientationPatientDICOM": [
      0.997812,
      -0.0461782,
      0.0473226,
      0.0479922,
      0.998127,
      -0.0379413
    ],
    "ImageType": [
      "ORIGINAL",
      "PRIMARY",
      "M",
      "SE",
      "M",
      "SE"
    ],
    "ImagingFrequency": 127.767,
    "InPlanePhaseEncodingDirectionDICOM": "COL",
    "InstitutionAddress": "Nemirovicha-Danchenko_132",
    "InstitutionName": "Novosib_Neurosurgery_Center",
    "InstitutionalDepartmentName": "MRI",
    "MRAcquisitionType": "2D",
    "MagneticFieldStrength": 3,
    "Manufacturer": "Philips",
    "ManufacturersModelName": "Ingenia",
    "Modality": "MR",
    "NumberOfVolumes": 65,
    "PartialFourier": 0.404762,
    "PatientPosition": "HFS",
    "PercentPhaseFOV": 100,
    "PhaseEncodingAxis": "j",
    "PhaseEncodingSteps": 126,
    "PhilipsRWVIntercept": 0,
    "PhilipsRWVSlope": 2.35067,
    "PhilipsRescaleIntercept": 0,
    "PhilipsRescaleSlope": 2.35067,
    "PhilipsScaleSlope": 0.0111035,
    "PixelBandwidth": 1786,
    "ProtocolName": "DTIshort_64dir_b1500_AP",
    "ReconMatrixPE": 128,
    "RepetitionTime": 9.46926,
    "SAR": 0.102813,
    "ScanOptions": "FS",
    "ScanningSequence": "SE",
    "SequenceVariant": "SK",
    "SeriesDescription": "DTIshort_64dir_b1500_AP",
    "SeriesNumber": 901,
    "SliceThickness": 2,
    "SoftwareVersions": "5.4.1_5.4.1.3",
    "SpacingBetweenSlices": 2,
    "StationName": "PHILIPS-F7TK6PR",
    "UsePhilipsFloatNotDisplayScaling": 1,
    "dataset": "<unset>",
    "datatype": "dwi",
    "extension": ".nii.gz",
    "modality": "dwi",
    "run": 1,
    "subject": "olf10",
    "suffix": "dwi"
  },
  "efc_shell01": 0.3285,
  "efc_shell02": 0.41,
  "fa_degenerate": 0.0,
  "fa_nans": 0.0,
  "fber_shell01": -1.0,
  "fber_shell02": 1060675.5,
  "fd_mean": 57.6885,
  "fd_num": 64,
  "fd_perc": 98.46153846153847,
  "ndc": 0.3734,
  "provenance": {
    "md5sum": "631bace6cbe07231dfa9264a8790f1ce",
    "settings": {
      "testing": false
    },
    "software": "mriqc",
    "version": "25.1.0.dev45+g699d1691"
  },
  "sigma_cc": 63.7519,
  "sigma_pca": 18.2762,
  "sigma_piesno": 0.7837,
  "snr_cc_shell0": 4.24,
  "snr_cc_shell1_best": 5.64,
  "snr_cc_shell1_worst": 5.64,
  "spikes_global": 1192.66,
  "spikes_slice_i": 5725.04,
  "spikes_slice_j": 5843.47,
  "spikes_slice_k": 3978.55,
  "summary_bg_k": 325.247,
  "summary_bg_mad": 0.0,
  "summary_bg_mean": 13.4913,
  "summary_bg_median": 0.0,
  "summary_bg_n": 930295.0,
  "summary_bg_p05": 0.0,
  "summary_bg_p95": 58.0,
  "summary_bg_stdv": 53.8646,
  "summary_fg_k": 10.6569,
  "summary_fg_mad": 139.3646,
  "summary_fg_mean": 431.2821,
  "summary_fg_median": 312.0,
  "summary_fg_n": 183817.0,
  "summary_fg_p05": 108.0,
  "summary_fg_p95": 1118.0,
  "summary_fg_stdv": 341.814,
  "summary_wm_k": 52.3401,
  "summary_wm_mad": 59.3041,
  "summary_wm_mean": 295.7745,
  "summary_wm_median": 277.0,
  "summary_wm_n": 44330.0,
  "summary_wm_p05": 178.0,
  "summary_wm_p95": 472.0,
  "summary_wm_stdv": 124.0474
}
