{
  "aor": 0.0042578500000000005,
  "aqi": 0.019263492899999998,
  "bids_meta": {
    "AcquisitionMatrixPE": 80,
    "AcquisitionNumber": 13,
    "AcquisitionTime": "13:33:40.170000",
    "BodyPartExamined": "BRAIN",
    "CoilString": "MULTI_COIL",
    "ConversionSoftware": "dcm2niix",
    "ConversionSoftwareVersion": "v1.0.20181125  (JP2:OpenJPEG) GCC9.3.0",
    "Dcm2bidsVersion": "3.1.1",
    "DeviceSerialNumber": "85054",
    "EchoTime": 0.030001,
    "EchoTrainLength": 27,
    "FileSize": 0.0490826154127717,
    "FileSizeUnits": "GB",
    "FlipAngle": 90,
    "ImageOrientationPatientDICOM": [
      0.999113,
      0.0394725,
      -0.0146632,
      -0.0395181,
      0.999215,
      -0.00282769
    ],
    "ImageType": [
      "ORIGINAL",
      "PRIMARY",
      "M",
      "FFE",
      "M",
      "FFE"
    ],
    "ImagingFrequency": 127.767,
    "InPlanePhaseEncodingDirectionDICOM": "COL",
    "InstitutionAddress": "Nemirovicha-Danchenko_132",
    "InstitutionName": "Novosib_Neurosurgery_Center",
    "InstitutionalDepartmentName": "MRI",
    "MRAcquisitionType": "2D",
    "MagneticFieldStrength": 3,
    "Manufacturer": "Philips",
    "ManufacturersModelName": "Ingenia",
    "Modality": "MR",
    "NumberOfVolumes": 200,
    "PartialFourier": 0.3375,
    "PatientPosition": "HFS",
    "PercentPhaseFOV": 100,
    "PhaseEncodingAxis": "j",
    "PhaseEncodingSteps": 80,
    "PhilipsRWVIntercept": 0,
    "PhilipsRWVSlope": 0.899389,
    "PhilipsRescaleIntercept": 0,
    "PhilipsRescaleSlope": 0.89939,
    "PhilipsScaleSlope": 0.0115759,
    "PixelBandwidth": 2288,
    "ProcedureStepDescription": "HEAD+C_MENINGIOMA_OLFAKTONAYA",
    "ProtocolName": "rest-fMRI",
    "ReconMatrixPE": 80,
    "RepetitionTime": 3,
    "SAR": 0.108383,
    "ScanOptions": "FS",
    "ScanningSequence": "GR",
    "SequenceVariant": "SK",
    "SeriesDescription": "rest-fMRI",
    "SeriesNumber": 1301,
    "SliceThickness": 3,
    "SoftwareVersions": "5.4.1_5.4.1.3",
    "SpacingBetweenSlices": 3,
    "StationName": "PHILIPS-F7TK6PR",
    "TaskName": "rest",
    "UsePhilipsFloatNotDisplayScaling": 1,
    "dataset": "<unset>",
    "datatype": "func",
    "extension": ".nii.gz",
    "modality": "bold",
    "subject": "olf07",
    "suffix": "bold",
    "task": "rest"
  },
  "dummy_trs": 0,
  "dvars_nstd": 38.016822105527616,
  "dvars_std": 1.1059946081407033,
  "dvars_vstd": 0.9809078039195983,
  "efc": 0.3967,
  "fber": 174304.4531,
  "fd_mean": 0.5274904169392319,
  "fd_num": 174,
  "fd_perc": 87.0,
  "fwhm_avg": 2.521234444444444,
  "fwhm_x": 2.5429,
  "fwhm_y": 2.63465,
  "fwhm_z": 2.386153333333333,
  "gcor": 0.00980955,
  "gsr_x": -0.011708450503647327,
  "gsr_y": 0.010176741518080235,
  "provenance": {
    "md5sum": "5c5958396764d2d685a812515727def3",
    "settings": {
      "fd_thres": 0.2,
      "testing": false
    },
    "software": "mriqc",
    "version": "25.1.0.dev45+g699d1691"
  },
  "size_t": 200,
  "size_x": 80,
  "size_y": 80,
  "size_z": 45,
  "snr": 3.318829067554248,
  "spacing_tr": 2.9999990463256836,
  "spacing_x": 3.0,
  "spacing_y": 3.0,
  "spacing_z": 3.0,
  "summary_bg_k": 253.6547,
  "summary_bg_mad": 4.027,
  "summary_bg_mean": 21.7896,
  "summary_bg_median": 3.0,
  "summary_bg_n": 235547.0,
  "summary_bg_p05": 0.0,
  "summary_bg_p95": 89.0,
  "summary_bg_stdv": 68.0745,
  "summary_fg_k": 1.241,
  "summary_fg_mad": 230.99,
  "summary_fg_mean": 1050.0615,
  "summary_fg_median": 1071.0,
  "summary_fg_n": 52453.0,
  "summary_fg_p05": 360.0,
  "summary_fg_p95": 1537.0,
  "summary_fg_stdv": 322.7011,
  "tsnr": 34.95940272719599
}
