{
  "bids_meta": {
    "AcquisitionMatrixPE": 252,
    "AcquisitionNumber": 2,
    "AcquisitionTime": "14:25:13.380000",
    "BodyPartExamined": "BRAIN",
    "CoilString": "MULTI_COIL",
    "ConversionSoftware": "dcm2niix",
    "ConversionSoftwareVersion": "v1.0.20181125  (JP2:OpenJPEG) GCC9.3.0",
    "Dcm2bidsVersion": "3.1.1",
    "DeviceSerialNumber": "85054",
    "EchoTime": 0.3,
    "EchoTrainLength": 155,
    "FileSize": 0.04847236257046461,
    "FileSizeUnits": "GB",
    "FlipAngle": 90,
    "ImageOrientationPatientDICOM": [
      -0.0340461,
      0.999406,
      -0.00542168,
      -0.0685815,
      -0.00774829,
      -0.997615
    ],
    "ImageType": [
      "ORIGINAL",
      "PRIMARY",
      "M",
      "SE",
      "M",
      "SE"
    ],
    "ImagingFrequency": 127.766,
    "InPlanePhaseEncodingDirectionDICOM": "ROW",
    "InstitutionAddress": "Nemirovicha-Danchenko_132",
    "InstitutionName": "Novosib_Neurosurgery_Center",
    "InstitutionalDepartmentName": "MRI",
    "MRAcquisitionType": "3D",
    "MagneticFieldStrength": 3,
    "Manufacturer": "Philips",
    "ManufacturersModelName": "Ingenia",
    "Modality": "MR",
    "NumberOfVolumes": 1,
    "PatientPosition": "HFS",
    "PercentPhaseFOV": 100,
    "PhaseEncodingSteps": 252,
    "PhilipsRWVIntercept": 0,
    "PhilipsRWVSlope": 1.81197,
    "PhilipsRescaleIntercept": 0,
    "PhilipsRescaleSlope": 1.81197,
    "PhilipsScaleSlope": 0.0101883,
    "PixelBandwidth": 841,
    "ProcedureStepDescription": "HEAD+CE+OL`FAKT",
    "ProtocolName": "3D_T2_1mm",
    "ReconMatrixPE": 512,
    "RepetitionTime": 3.5,
    "SAR": 0.0259759,
    "ScanOptions": "FS",
    "ScanningSequence": "SE",
    "SequenceVariant": "SK",
    "SeriesDescription": "3D_T2_1mm",
    "SeriesNumber": 201,
    "SliceThickness": 1,
    "SoftwareVersions": "5.4.1_5.4.1.3",
    "SpacingBetweenSlices": 0.5,
    "StationName": "PHILIPS-F7TK6PR",
    "UsePhilipsFloatNotDisplayScaling": 1,
    "dataset": "<unset>",
    "datatype": "anat",
    "extension": ".nii.gz",
    "modality": "T2w",
    "subject": "olf01",
    "suffix": "T2w"
  },
  "cjv": 1.5879303167420813,
  "cnr": 0.5751658168629002,
  "efc": 0.6028,
  "fber": 392.0211,
  "fwhm_avg": 5.29796848,
  "fwhm_x": 5.3021,
  "fwhm_y": 5.59577088,
  "fwhm_z": 4.99603456,
  "icvs_csf": 0.2738836041802077,
  "icvs_gm": 0.3075562141504883,
  "icvs_wm": 0.418560181669304,
  "inu_med": 0.9765628278255463,
  "inu_range": 0.4230819284915923,
  "provenance": {
    "md5sum": "36b602b82e8755be83e6205526df94ca",
    "settings": {
      "testing": false
    },
    "software": "mriqc",
    "version": "25.1.0.dev45+g699d1691",
    "warnings": {
      "large_rot_frame": true,
      "small_air_mask": false
    }
  },
  "qi_1": 0.0,
  "qi_2": 0.0011753091010179518,
  "rpve_csf": 7.054231423008391,
  "rpve_gm": 6.949431582846716,
  "rpve_wm": 6.994206831973966,
  "size_x": 360,
  "size_y": 512,
  "size_z": 512,
  "snr_csf": 1.5495458160848503,
  "snr_gm": 3.6132093561554557,
  "snr_total": 4.50304355197439,
  "snr_wm": 8.346375483682865,
  "snrd_csf": 8.410257040073969,
  "snrd_gm": 7.052851734345823,
  "snrd_total": 7.088672152135871,
  "snrd_wm": 5.802907681987822,
  "spacing_x": 0.5,
  "spacing_y": 0.48828125,
  "spacing_z": 0.48828125,
  "summary_bg_k": 12.8652,
  "summary_bg_mad": 0.0,
  "summary_bg_mean": 40.7036,
  "summary_bg_median": 0.0,
  "summary_bg_n": 27941912.0,
  "summary_bg_p05": 0.0,
  "summary_bg_p95": 340.0,
  "summary_bg_stdv": 115.8333,
  "summary_csf_k": -1.466,
  "summary_csf_mad": 1569.4418,
  "summary_csf_mean": 1520.473,
  "summary_csf_median": 1487.0,
  "summary_csf_n": 3605894.5672435556,
  "summary_csf_p05": 105.0,
  "summary_csf_p95": 3083.0,
  "summary_csf_stdv": 959.6359,
  "summary_gm_k": 6.6983,
  "summary_gm_mad": 241.8894,
  "summary_gm_mean": 1266.8202,
  "summary_gm_median": 1247.0,
  "summary_gm_n": 4049221.146504048,
  "summary_gm_p05": 776.0,
  "summary_gm_p95": 1881.0,
  "summary_gm_stdv": 345.1225,
  "summary_wm_k": 105.4417,
  "summary_wm_mad": 109.0432,
  "summary_wm_mean": 1029.9492,
  "summary_wm_median": 1026.0,
  "summary_wm_n": 5510676.295002868,
  "summary_wm_p05": 850.0,
  "summary_wm_p95": 1220.0,
  "summary_wm_stdv": 122.9276,
  "tpm_overlap_csf": 0.20633939908229434,
  "tpm_overlap_gm": 0.43908697515216855,
  "tpm_overlap_wm": 0.48828931477482357,
  "wm2max": 0.30777149617886107
}
