{
  "aor": 0.0009392500000000001,
  "aqi": 0.012768471650000002,
  "bids_meta": {
    "AcquisitionMatrixPE": 80,
    "AcquisitionNumber": 13,
    "AcquisitionTime": "17:43:37.100000",
    "BodyPartExamined": "BRAIN",
    "CoilString": "MULTI_COIL",
    "ConversionSoftware": "dcm2niix",
    "ConversionSoftwareVersion": "v1.0.20181125  (JP2:OpenJPEG) GCC9.3.0",
    "Dcm2bidsVersion": "3.1.1",
    "DeviceSerialNumber": "85054",
    "EchoTime": 0.030001,
    "EchoTrainLength": 27,
    "FileSize": 0.04921253118664026,
    "FileSizeUnits": "GB",
    "FlipAngle": 90,
    "ImageOrientationPatientDICOM": [
      0.999319,
      0.0353353,
      0.010586,
      -0.035305,
      0.999372,
      -0.0030409
    ],
    "ImageType": [
      "ORIGINAL",
      "PRIMARY",
      "M",
      "FFE",
      "M",
      "FFE"
    ],
    "ImagingFrequency": 127.766,
    "InPlanePhaseEncodingDirectionDICOM": "COL",
    "InstitutionAddress": "Nemirovicha-Danchenko_132",
    "InstitutionName": "Novosib_Neurosurgery_Center",
    "InstitutionalDepartmentName": "MRI",
    "MRAcquisitionType": "2D",
    "MagneticFieldStrength": 3,
    "Manufacturer": "Philips",
    "ManufacturersModelName": "Ingenia",
    "Modality": "MR",
    "NumberOfVolumes": 200,
    "PartialFourier": 0.3375,
    "PatientPosition": "HFS",
    "PercentPhaseFOV": 100,
    "PhaseEncodingAxis": "j",
    "PhaseEncodingSteps": 80,
    "PhilipsRWVIntercept": 0,
    "PhilipsRWVSlope": 0.85641,
    "PhilipsRescaleIntercept": 0,
    "PhilipsRescaleSlope": 0.85641,
    "PhilipsScaleSlope": 0.0132544,
    "PixelBandwidth": 2289,
    "ProtocolName": "rest-fMRI",
    "ReconMatrixPE": 80,
    "RepetitionTime": 3,
    "SAR": 0.108383,
    "ScanOptions": "FS",
    "ScanningSequence": "GR",
    "SequenceVariant": "SK",
    "SeriesDescription": "rest-fMRI",
    "SeriesNumber": 1301,
    "SliceThickness": 3,
    "SoftwareVersions": "5.4.1_5.4.1.3",
    "SpacingBetweenSlices": 3,
    "StationName": "PHILIPS-F7TK6PR",
    "TaskName": "rest",
    "UsePhilipsFloatNotDisplayScaling": 1,
    "dataset": "<unset>",
    "datatype": "func",
    "extension": ".nii.gz",
    "modality": "bold",
    "subject": "olf04",
    "suffix": "bold",
    "task": "rest"
  },
  "dummy_trs": 0,
  "dvars_nstd": 37.94252913195978,
  "dvars_std": 1.0957696579396985,
  "dvars_vstd": 0.9834043601507537,
  "efc": 0.3916,
  "fber": 181733.6719,
  "fd_mean": 0.34098580165412007,
  "fd_num": 169,
  "fd_perc": 84.5,
  "fwhm_avg": 2.5216388888888885,
  "fwhm_x": 2.5013533333333333,
  "fwhm_y": 2.64282,
  "fwhm_z": 2.4207433333333332,
  "gcor": 0.00525887,
  "gsr_x": -0.015256043523550034,
  "gsr_y": 0.0070043448358774185,
  "provenance": {
    "md5sum": "55d25ae47fadbda6d90c309b1cd20855",
    "settings": {
      "fd_thres": 0.2,
      "testing": false
    },
    "software": "mriqc",
    "version": "25.1.0.dev45+g699d1691"
  },
  "size_t": 200,
  "size_x": 80,
  "size_y": 80,
  "size_z": 45,
  "snr": 3.0568742944354867,
  "spacing_tr": 2.9999990463256836,
  "spacing_x": 3.0,
  "spacing_y": 3.0,
  "spacing_z": 3.0,
  "summary_bg_k": 119.0624,
  "summary_bg_mad": 2.9017,
  "summary_bg_mean": 27.9543,
  "summary_bg_median": 2.0,
  "summary_bg_n": 240124.0,
  "summary_bg_p05": 0.0,
  "summary_bg_p95": 124.0,
  "summary_bg_stdv": 81.4313,
  "summary_fg_k": 1.032,
  "summary_fg_mad": 221.13,
  "summary_fg_mean": 952.4172,
  "summary_fg_median": 992.0,
  "summary_fg_n": 47876.0,
  "summary_fg_p05": 241.0,
  "summary_fg_p95": 1402.0,
  "summary_fg_stdv": 324.5111,
  "tsnr": 42.56489960919134
}
