{
  "aor": 0.00555875,
  "aqi": 0.005767995800000001,
  "bids_meta": {
    "AcquisitionMatrixPE": 80,
    "AcquisitionNumber": 13,
    "AcquisitionTime": "08:47:13.150000",
    "BodyPartExamined": "BRAIN",
    "CoilString": "MULTI_COIL",
    "ConversionSoftware": "dcm2niix",
    "ConversionSoftwareVersion": "v1.0.20181125  (JP2:OpenJPEG) GCC9.3.0",
    "Dcm2bidsVersion": "3.1.1",
    "DeviceSerialNumber": "85054",
    "EchoTime": 0.03,
    "EchoTrainLength": 27,
    "FileSize": 0.054679940454661846,
    "FileSizeUnits": "GB",
    "FlipAngle": 90,
    "ImageOrientationPatientDICOM": [
      0.996724,
      -0.0745734,
      -0.0312991,
      0.0767483,
      0.994206,
      0.0752574
    ],
    "ImageType": [
      "ORIGINAL",
      "PRIMARY",
      "M",
      "FFE",
      "M",
      "FFE"
    ],
    "ImagingFrequency": 127.767,
    "InPlanePhaseEncodingDirectionDICOM": "COL",
    "InstitutionAddress": "Nemirovicha-Danchenko_132",
    "InstitutionName": "Novosib_Neurosurgery_Center",
    "InstitutionalDepartmentName": "MRI",
    "MRAcquisitionType": "2D",
    "MagneticFieldStrength": 3,
    "Manufacturer": "Philips",
    "ManufacturersModelName": "Ingenia",
    "Modality": "MR",
    "NumberOfVolumes": 200,
    "PartialFourier": 0.3375,
    "PatientPosition": "HFS",
    "PercentPhaseFOV": 100,
    "PhaseEncodingAxis": "j",
    "PhaseEncodingSteps": 80,
    "PhilipsRWVIntercept": 0,
    "PhilipsRWVSlope": 0.812698,
    "PhilipsRescaleIntercept": 0,
    "PhilipsRescaleSlope": 0.812698,
    "PhilipsScaleSlope": 0.012364,
    "PixelBandwidth": 2078,
    "ProcedureStepDescription": "HEAD_OLFAKTORNAYA_MENINGIOMA",
    "ProtocolName": "rest-fMRI",
    "ReconMatrixPE": 80,
    "RepetitionTime": 3,
    "SAR": 0.108485,
    "ScanOptions": "FS",
    "ScanningSequence": "GR",
    "SequenceVariant": "SK",
    "SeriesDescription": "rest-fMRI",
    "SeriesNumber": 1301,
    "SliceThickness": 3,
    "SoftwareVersions": "5.4.1_5.4.1.3",
    "SpacingBetweenSlices": 3,
    "StationName": "PHILIPS-F7TK6PR",
    "TaskName": "rest",
    "UsePhilipsFloatNotDisplayScaling": 1,
    "dataset": "<unset>",
    "datatype": "func",
    "extension": ".nii.gz",
    "modality": "bold",
    "subject": "olf18fu",
    "suffix": "bold",
    "task": "rest"
  },
  "dummy_trs": 0,
  "dvars_nstd": 31.227333078140692,
  "dvars_std": 1.1970682704522604,
  "dvars_vstd": 1.054899913115578,
  "efc": 0.4455,
  "fber": 75744.5156,
  "fd_mean": 0.22299212134500215,
  "fd_num": 81,
  "fd_perc": 40.5,
  "fwhm_avg": 2.3970800000000003,
  "fwhm_x": 2.3370233333333332,
  "fwhm_y": 2.46336,
  "fwhm_z": 2.3908566666666666,
  "gcor": 0.0230105,
  "gsr_x": -0.01531730405986309,
  "gsr_y": 0.016997933387756348,
  "provenance": {
    "md5sum": "dc6ca704c8bf9b690cfb387bd3e82f4d",
    "settings": {
      "fd_thres": 0.2,
      "testing": false
    },
    "software": "mriqc",
    "version": "25.1.0.dev45+g699d1691"
  },
  "size_t": 200,
  "size_x": 80,
  "size_y": 80,
  "size_z": 45,
  "snr": 2.9324063181584146,
  "spacing_tr": 2.9999990463256836,
  "spacing_x": 3.0,
  "spacing_y": 3.0,
  "spacing_z": 3.0,
  "summary_bg_k": 84.2035,
  "summary_bg_mad": 5.7578,
  "summary_bg_mean": 29.8662,
  "summary_bg_median": 4.0,
  "summary_bg_n": 224349.0,
  "summary_bg_p05": 0.0,
  "summary_bg_p95": 126.0,
  "summary_bg_stdv": 78.017,
  "summary_fg_k": 1.1171,
  "summary_fg_mad": 253.9085,
  "summary_fg_mean": 974.286,
  "summary_fg_median": 973.0,
  "summary_fg_n": 63651.0,
  "summary_fg_p05": 311.0,
  "summary_fg_p95": 1513.0,
  "summary_fg_stdv": 331.8068,
  "tsnr": 50.86980823636986
}
