{
  "bids_meta": {
    "AcquisitionMatrixPE": 240,
    "AcquisitionNumber": 3,
    "AcquisitionTime": "18:06:51.210000",
    "BodyPartExamined": "BRAIN",
    "CoilString": "MULTI_COIL",
    "ConversionSoftware": "dcm2niix",
    "ConversionSoftwareVersion": "v1.0.20181125  (JP2:OpenJPEG) GCC9.3.0",
    "Dcm2bidsVersion": "3.1.1",
    "DeviceSerialNumber": "85054",
    "EchoTime": 0.003199,
    "EchoTrainLength": 204,
    "FileSize": 0.02461874019354582,
    "FileSizeUnits": "GB",
    "FlipAngle": 8,
    "ImageOrientationPatientDICOM": [
      0.99564,
      0.0189894,
      0.0913266,
      0.0275747,
      0.875387,
      -0.482636
    ],
    "ImageType": [
      "ORIGINAL",
      "PRIMARY",
      "M",
      "FFE",
      "M",
      "FFE"
    ],
    "ImagingFrequency": 127.777,
    "InPlanePhaseEncodingDirectionDICOM": "COL",
    "InstitutionAddress": "Nemirovicha-Danchenko_132",
    "InstitutionName": "Novosib_Neurosurgery_Center",
    "InstitutionalDepartmentName": "MRI",
    "MRAcquisitionType": "3D",
    "MagneticFieldStrength": 3,
    "Manufacturer": "Philips",
    "ManufacturersModelName": "Ingenia",
    "Modality": "MR",
    "NumberOfVolumes": 1,
    "PatientPosition": "HFS",
    "PercentPhaseFOV": 100,
    "PhaseEncodingSteps": 240,
    "PhilipsRWVIntercept": 0,
    "PhilipsRWVSlope": 6.75653,
    "PhilipsRescaleIntercept": 0,
    "PhilipsRescaleSlope": 6.75653,
    "PhilipsScaleSlope": 0.00963714,
    "PixelBandwidth": 271,
    "ProcedureStepDescription": "HEAD+C_MENINGIOMA",
    "ProtocolName": "sT1W_3D",
    "ReconMatrixPE": 512,
    "RepetitionTime": 0.0070199,
    "SAR": 0.0231826,
    "ScanOptions": "PFP",
    "ScanningSequence": "GR",
    "SequenceVariant": "MP",
    "SeriesDescription": "sT1W_3D",
    "SeriesNumber": 301,
    "SliceThickness": 1,
    "SoftwareVersions": "5.4.1_5.4.1.3",
    "SpacingBetweenSlices": 1,
    "StationName": "PHILIPS-F7TK6PR",
    "UsePhilipsFloatNotDisplayScaling": 1,
    "dataset": "<unset>",
    "datatype": "anat",
    "extension": ".nii.gz",
    "modality": "T1w",
    "run": 1,
    "subject": "olf03",
    "suffix": "T1w"
  },
  "cjv": 0.5590211180124224,
  "cnr": 1.8798606593610483,
  "efc": 0.7446,
  "fber": 11479.1135,
  "fwhm_avg": 6.436236222222223,
  "fwhm_x": 7.856149333333334,
  "fwhm_y": 7.580309333333333,
  "fwhm_z": 3.87225,
  "icvs_csf": 0.27850778736439036,
  "icvs_gm": 0.3762620930353851,
  "icvs_wm": 0.3452301196002246,
  "inu_med": 0.6717942953109741,
  "inu_range": 0.2563928961753845,
  "provenance": {
    "md5sum": "df83556844ed16f38ab2867f3c7c8aea",
    "settings": {
      "testing": false
    },
    "software": "mriqc",
    "version": "25.1.0.dev45+g699d1691",
    "warnings": {
      "large_rot_frame": true,
      "small_air_mask": false
    }
  },
  "qi_1": 0.0,
  "qi_2": 0.0012307061276242428,
  "rpve_csf": 8.317639651285834,
  "rpve_gm": 8.240922651496028,
  "rpve_wm": 8.334825197429423,
  "size_x": 512,
  "size_y": 512,
  "size_z": 192,
  "snr_csf": 1.7634009056606355,
  "snr_gm": 4.603400224668358,
  "snr_total": 5.258709478156667,
  "snr_wm": 9.409327304141007,
  "snrd_csf": 9.767611008486098,
  "snrd_gm": 19.32021171175395,
  "snrd_total": 19.432836157344457,
  "snrd_wm": 29.21068575179333,
  "spacing_x": 0.46875,
  "spacing_y": 0.46875,
  "spacing_z": 1.0,
  "summary_bg_k": 270.2349,
  "summary_bg_mad": 0.0,
  "summary_bg_mean": 2.4568,
  "summary_bg_median": 0.0,
  "summary_bg_n": 21028968.0,
  "summary_bg_p05": 0.0,
  "summary_bg_p95": 5.0,
  "summary_bg_stdv": 21.329,
  "summary_csf_k": -0.8893,
  "summary_csf_mad": 151.8056,
  "summary_csf_mean": 330.2884,
  "summary_csf_median": 318.0,
  "summary_csf_n": 1665632.8124280488,
  "summary_csf_p05": 63.0,
  "summary_csf_p95": 637.0,
  "summary_csf_stdv": 180.3333,
  "summary_gm_k": -0.674,
  "summary_gm_mad": 100.2317,
  "summary_gm_mean": 633.3499,
  "summary_gm_median": 629.0,
  "summary_gm_n": 2250258.40089929,
  "summary_gm_p05": 414.0,
  "summary_gm_p95": 879.0,
  "summary_gm_stdv": 136.6381,
  "summary_wm_k": -0.4583,
  "summary_wm_mad": 79.7731,
  "summary_wm_mean": 927.5817,
  "summary_wm_median": 951.0,
  "summary_wm_n": 2064669.790695109,
  "summary_wm_p05": 728.0,
  "summary_wm_p95": 1057.0,
  "summary_wm_stdv": 101.0699,
  "tpm_overlap_csf": 0.18264591545445608,
  "tpm_overlap_gm": 0.4990248453353193,
  "tpm_overlap_wm": 0.5109202046611128,
  "wm2max": 0.6838289199633959
}
