{
  "bids_meta": {
    "AcquisitionMatrixPE": 240,
    "AcquisitionNumber": 17,
    "AcquisitionTime": "19:09:8.950000",
    "BodyPartExamined": "BRAIN",
    "CoilString": "MULTI_COIL",
    "ConversionSoftware": "dcm2niix",
    "ConversionSoftwareVersion": "v1.0.20181125  (JP2:OpenJPEG) GCC9.3.0",
    "Dcm2bidsVersion": "3.1.1",
    "DeviceSerialNumber": "85054",
    "EchoTime": 0.003199,
    "EchoTrainLength": 204,
    "FileSize": 0.02656048070639372,
    "FileSizeUnits": "GB",
    "FlipAngle": 8,
    "ImageOrientationPatientDICOM": [
      0.99564,
      0.0189894,
      0.0913266,
      0.0275747,
      0.875387,
      -0.482636
    ],
    "ImageType": [
      "ORIGINAL",
      "PRIMARY",
      "M",
      "FFE",
      "M",
      "FFE"
    ],
    "ImagingFrequency": 127.778,
    "InPlanePhaseEncodingDirectionDICOM": "COL",
    "InstitutionAddress": "Nemirovicha-Danchenko_132",
    "InstitutionName": "Novosib_Neurosurgery_Center",
    "InstitutionalDepartmentName": "MRI",
    "MRAcquisitionType": "3D",
    "MagneticFieldStrength": 3,
    "Manufacturer": "Philips",
    "ManufacturersModelName": "Ingenia",
    "Modality": "MR",
    "NumberOfVolumes": 1,
    "PatientPosition": "HFS",
    "PercentPhaseFOV": 100,
    "PhaseEncodingSteps": 240,
    "PhilipsRWVIntercept": 0,
    "PhilipsRWVSlope": 2.97851,
    "PhilipsRescaleIntercept": 0,
    "PhilipsRescaleSlope": 2.97851,
    "PhilipsScaleSlope": 0.00963714,
    "PixelBandwidth": 271,
    "ProcedureStepDescription": "HEAD+C_MENINGIOMA",
    "ProtocolName": "sT1W_3D_CE",
    "ReconMatrixPE": 512,
    "RepetitionTime": 0.0070199,
    "SAR": 0.0231826,
    "ScanOptions": "PFP",
    "ScanningSequence": "GR",
    "SequenceVariant": "MP",
    "SeriesDescription": "sT1W_3D_CE",
    "SeriesNumber": 1701,
    "SliceThickness": 1,
    "SoftwareVersions": "5.4.1_5.4.1.3",
    "SpacingBetweenSlices": 1,
    "StationName": "PHILIPS-F7TK6PR",
    "UsePhilipsFloatNotDisplayScaling": 1,
    "dataset": "<unset>",
    "datatype": "anat",
    "extension": ".nii.gz",
    "modality": "T1w",
    "run": 2,
    "subject": "olf03",
    "suffix": "T1w"
  },
  "cjv": 0.82728,
  "cnr": 1.098333392701748,
  "efc": 0.7107,
  "fber": -1.0,
  "fwhm_avg": 4.127345777777777,
  "fwhm_x": 4.813397333333333,
  "fwhm_y": 4.97152,
  "fwhm_z": 2.59712,
  "icvs_csf": 0.21684253821056818,
  "icvs_gm": 0.40075557867086564,
  "icvs_wm": 0.38240188311856627,
  "inu_med": 0.8234589099884033,
  "inu_range": 0.38598163127899165,
  "provenance": {
    "md5sum": "aa71059ea824b1895a30e59d3f550c29",
    "settings": {
      "testing": false
    },
    "software": "mriqc",
    "version": "25.1.0.dev45+g699d1691",
    "warnings": {
      "large_rot_frame": true,
      "small_air_mask": false
    }
  },
  "qi_1": 0.0,
  "qi_2": 0.0017195718262513384,
  "rpve_csf": 8.395134131338015,
  "rpve_gm": 8.279522348791819,
  "rpve_wm": 8.311502525021508,
  "size_x": 512,
  "size_y": 512,
  "size_z": 192,
  "snr_csf": 1.2630360880903184,
  "snr_gm": 3.8565596240134723,
  "snr_total": 4.131089609726626,
  "snr_wm": 7.273673117076087,
  "snrd_csf": 19.236368598136004,
  "snrd_gm": 15.683298162950885,
  "snrd_total": 18.715855094892326,
  "snrd_wm": 21.22789852359009,
  "spacing_x": 0.46875,
  "spacing_y": 0.46875,
  "spacing_z": 1.0,
  "summary_bg_k": 312.0667,
  "summary_bg_mad": 0.0,
  "summary_bg_mean": 4.3978,
  "summary_bg_median": 0.0,
  "summary_bg_n": 22713122.0,
  "summary_bg_p05": 0.0,
  "summary_bg_p95": 14.0,
  "summary_bg_stdv": 28.9486,
  "summary_csf_k": -1.217,
  "summary_csf_mad": 1001.6668,
  "summary_csf_mean": 995.3935,
  "summary_csf_median": 850.0,
  "summary_csf_n": 1282089.9639984397,
  "summary_csf_p05": 134.0,
  "summary_csf_p95": 2334.0,
  "summary_csf_stdv": 672.9813,
  "summary_gm_k": 42.6865,
  "summary_gm_mad": 103.9721,
  "summary_gm_mean": 697.5585,
  "summary_gm_median": 693.0,
  "summary_gm_n": 2369482.9883026285,
  "summary_gm_p05": 402.0,
  "summary_gm_p95": 1001.0,
  "summary_gm_stdv": 179.6938,
  "summary_wm_k": 87.9037,
  "summary_wm_mad": 98.7115,
  "summary_wm_mean": 921.6756,
  "summary_wm_median": 938.0,
  "summary_wm_n": 2260966.0475581163,
  "summary_wm_p05": 702.0,
  "summary_wm_p95": 1096.0,
  "summary_wm_stdv": 128.9582,
  "tpm_overlap_csf": 0.24451105941416193,
  "tpm_overlap_gm": 0.5029883861370464,
  "tpm_overlap_wm": 0.5343710465955515,
  "wm2max": 0.3342182381237676
}
