{
  "NumberOfShells": 1,
  "bValues": [
    0.0,
    1500.0
  ],
  "bValuesEstimation": [
    1500.0
  ],
  "bdiffs_max": 0.4747,
  "bdiffs_mean": 0.2688,
  "bdiffs_median": 0.2649,
  "bdiffs_min": 0.0139,
  "bids_meta": {
    "AcquisitionDuration": 763.936,
    "AcquisitionMatrixPE": 126,
    "AcquisitionNumber": 9,
    "AcquisitionTime": "16:20:42.420000",
    "BodyPartExamined": "BRAIN",
    "CoilString": "MULTI COIL",
    "ConversionSoftware": "dcm2niix",
    "ConversionSoftwareVersion": "v1.0.20230411",
    "Dcm2bidsVersion": "3.0.1",
    "DeviceSerialNumber": "85054",
    "EchoTime": 0.102909,
    "EchoTrainLength": 51,
    "EstimatedEffectiveEchoSpacing": 0.000312546,
    "EstimatedTotalReadoutTime": 0.0396933,
    "FileSize": 0.025612907484173775,
    "FileSizeUnits": "GB",
    "FlipAngle": 90,
    "FrequencyEncodingSteps": 128,
    "ImageOrientationPatientDICOM": [
      0.996729,
      0.0034817,
      0.0807422,
      0.0429464,
      0.823515,
      -0.565666
    ],
    "ImageType": [
      "ORIGINAL",
      "PRIMARY",
      "M",
      "SE",
      "M",
      "SE"
    ],
    "ImagingFrequency": 127.776848,
    "InPlanePhaseEncodingDirectionDICOM": "COL",
    "InstitutionAddress": "Nemirovicha-Danchenko 132",
    "InstitutionName": "Novosib Neurosurgery Center",
    "InstitutionalDepartmentName": "MRI",
    "MRAcquisitionType": "2D",
    "MTState": false,
    "MagneticFieldStrength": 3,
    "Manufacturer": "Philips",
    "ManufacturersModelName": "Ingenia",
    "Modality": "MR",
    "NumberOfVolumes": 65,
    "ParallelAcquisitionTechnique": "SENSE",
    "ParallelReductionFactorInPlane": 2.5,
    "PartialFourierDirection": "PHASE",
    "PartialFourierEnabled": "YES",
    "PatientPosition": "HFS",
    "PercentPhaseFOV": 100,
    "PercentSampling": 100,
    "PhaseEncodingAxis": "j",
    "PhaseEncodingStepsNoPartialFourier": 126,
    "PhaseEncodingStepsOutOfPlane": 1,
    "PhilipsRWVIntercept": 0,
    "PhilipsRWVSlope": 2.42759,
    "PhilipsRescaleIntercept": 0,
    "PhilipsRescaleSlope": 2.42759,
    "PhilipsScaleSlope": 0.00984002,
    "PixelBandwidth": 1786,
    "ProcedureStepDescription": "HEAD+C (OL`FAKTORNAYA)",
    "ProtocolName": "DTIshort_64dir_b1500_AP",
    "PulseSequenceName": "DwiSE",
    "ReconMatrixPE": 128,
    "RepetitionTime": 9.45008,
    "SAR": 0.103114,
    "ScanOptions": "FS",
    "ScanningSequence": "SE",
    "SequenceVariant": "SK",
    "SeriesDescription": "DTIshort_64dir_b1500_AP",
    "SeriesNumber": 901,
    "SliceThickness": 2,
    "SoftwareVersions": "5.4.1\\5.4.1.3",
    "SpacingBetweenSlices": 2,
    "StationName": "PHILIPS-F7TK6PR",
    "UsePhilipsFloatNotDisplayScaling": 1,
    "WaterFatShift": 17.5825,
    "dataset": "<unset>",
    "datatype": "dwi",
    "extension": ".nii.gz",
    "modality": "dwi",
    "run": 1,
    "subject": "olf35",
    "suffix": "dwi"
  },
  "efc_shell01": 0.3082,
  "efc_shell02": 0.3996,
  "fa_degenerate": 0.0,
  "fa_nans": 0.0,
  "fber_shell01": 14255625.0,
  "fber_shell02": 3382001.0,
  "fd_mean": 40.1603,
  "fd_num": 64,
  "fd_perc": 98.46153846153847,
  "ndc": 0.5452,
  "provenance": {
    "md5sum": "4156515b141410ffc963ca853752b525",
    "settings": {
      "testing": false
    },
    "software": "mriqc",
    "version": "25.1.0.dev45+g699d1691"
  },
  "sigma_cc": 2260.9684,
  "sigma_pca": 739.7155,
  "sigma_piesno": 16.5991,
  "snr_cc_shell0": 5.11,
  "snr_cc_shell1_best": 1.01,
  "snr_cc_shell1_worst": 1.01,
  "spikes_global": 1272.89,
  "spikes_slice_i": 5583.64,
  "spikes_slice_j": 5322.04,
  "spikes_slice_k": 3933.48,
  "summary_bg_k": 209.9858,
  "summary_bg_mad": 0.0,
  "summary_bg_mean": 402.4846,
  "summary_bg_median": 0.0,
  "summary_bg_n": 947110.0,
  "summary_bg_p05": 0.0,
  "summary_bg_p95": 1931.0,
  "summary_bg_stdv": 1402.3068,
  "summary_fg_k": -0.3794,
  "summary_fg_mad": 6781.4225,
  "summary_fg_mean": 12635.3422,
  "summary_fg_median": 12398.0,
  "summary_fg_n": 167002.0,
  "summary_fg_p05": 0.0,
  "summary_fg_p95": 28454.0,
  "summary_fg_stdv": 8304.3279,
  "summary_wm_k": 5.35,
  "summary_wm_mad": 2256.5206,
  "summary_wm_mean": 12812.2891,
  "summary_wm_median": 12295.0,
  "summary_wm_n": 26966.0,
  "summary_wm_p05": 8231.0,
  "summary_wm_p95": 19816.0,
  "summary_wm_stdv": 3849.5021
}
