{
  "bids_meta": {
    "AcquisitionMatrixPE": 240,
    "AcquisitionNumber": 17,
    "AcquisitionTime": "09:16:23.610000",
    "BodyPartExamined": "BRAIN",
    "CoilString": "MULTI_COIL",
    "ConversionSoftware": "dcm2niix",
    "ConversionSoftwareVersion": "v1.0.20181125  (JP2:OpenJPEG) GCC9.3.0",
    "Dcm2bidsVersion": "3.1.1",
    "DeviceSerialNumber": "85054",
    "EchoTime": 0.003059,
    "EchoTrainLength": 204,
    "FileSize": 0.025877068750560284,
    "FileSizeUnits": "GB",
    "FlipAngle": 8,
    "ImageOrientationPatientDICOM": [
      0.997051,
      0.00664045,
      0.0764491,
      0.00661963,
      0.985092,
      -0.1719
    ],
    "ImageType": [
      "ORIGINAL",
      "PRIMARY",
      "M",
      "FFE",
      "M",
      "FFE"
    ],
    "ImagingFrequency": 127.777,
    "InPlanePhaseEncodingDirectionDICOM": "COL",
    "InstitutionAddress": "Nemirovicha-Danchenko_132",
    "InstitutionName": "Novosib_Neurosurgery_Center",
    "InstitutionalDepartmentName": "MRI",
    "MRAcquisitionType": "3D",
    "MagneticFieldStrength": 3,
    "Manufacturer": "Philips",
    "ManufacturersModelName": "Ingenia",
    "Modality": "MR",
    "NumberOfVolumes": 1,
    "PatientPosition": "HFS",
    "PercentPhaseFOV": 100,
    "PhaseEncodingSteps": 240,
    "PhilipsRWVIntercept": 0,
    "PhilipsRWVSlope": 2.55165,
    "PhilipsRescaleIntercept": 0,
    "PhilipsRescaleSlope": 2.55165,
    "PhilipsScaleSlope": 0.0146402,
    "PixelBandwidth": 271,
    "ProcedureStepDescription": "HEAD+C",
    "ProtocolName": "sT1W_3D_CE",
    "ReconMatrixPE": 512,
    "RepetitionTime": 0.0067984,
    "SAR": 0.0231826,
    "ScanOptions": "PFP",
    "ScanningSequence": "GR",
    "SequenceVariant": "MP",
    "SeriesDescription": "sT1W_3D_CE",
    "SeriesNumber": 1701,
    "SliceThickness": 1,
    "SoftwareVersions": "5.4.1_5.4.1.3",
    "SpacingBetweenSlices": 1,
    "StationName": "PHILIPS-F7TK6PR",
    "UsePhilipsFloatNotDisplayScaling": 1,
    "dataset": "<unset>",
    "datatype": "anat",
    "extension": ".nii.gz",
    "modality": "T1w",
    "run": 2,
    "subject": "olf02fu",
    "suffix": "T1w"
  },
  "cjv": 0.7678085324232081,
  "cnr": 1.0814143568746424,
  "efc": 0.7204,
  "fber": -1.0,
  "fwhm_avg": 4.369465777777777,
  "fwhm_x": 5.135253333333334,
  "fwhm_y": 5.330304,
  "fwhm_z": 2.64284,
  "icvs_csf": 0.24123343857427076,
  "icvs_gm": 0.3837376455703427,
  "icvs_wm": 0.3750289158553865,
  "inu_med": 0.7792052626609802,
  "inu_range": 0.34703598022460924,
  "provenance": {
    "md5sum": "88d614a4056d28d901016ce95360fd21",
    "settings": {
      "testing": false
    },
    "software": "mriqc",
    "version": "25.1.0.dev45+g699d1691",
    "warnings": {
      "large_rot_frame": true,
      "small_air_mask": false
    }
  },
  "qi_1": 0.0,
  "qi_2": 0.0017844119923017506,
  "rpve_csf": 8.01860621608657,
  "rpve_gm": 7.921890220361673,
  "rpve_wm": 7.992376542870554,
  "size_x": 512,
  "size_y": 512,
  "size_z": 192,
  "snr_csf": 1.101277856609089,
  "snr_gm": 2.776247961138427,
  "snr_total": 3.601077544973538,
  "snr_wm": 6.925706817173097,
  "snrd_csf": 13.690424180017565,
  "snrd_gm": 14.241568470678498,
  "snrd_total": 16.210990735973564,
  "snrd_wm": 20.700979557224628,
  "spacing_x": 0.46875,
  "spacing_y": 0.46875,
  "spacing_z": 1.0,
  "summary_bg_k": 751.2922,
  "summary_bg_mad": 0.0,
  "summary_bg_mean": 2.8972,
  "summary_bg_median": 0.0,
  "summary_bg_n": 21693213.0,
  "summary_bg_p05": 0.0,
  "summary_bg_p95": 0.0,
  "summary_bg_stdv": 29.7171,
  "summary_csf_k": -0.3706,
  "summary_csf_mad": 792.8119,
  "summary_csf_mean": 687.9567,
  "summary_csf_median": 621.0,
  "summary_csf_n": 1484359.765475709,
  "summary_csf_p05": 52.0,
  "summary_csf_p95": 1969.0,
  "summary_csf_stdv": 563.8902,
  "summary_gm_k": 3.8354,
  "summary_gm_mad": 107.2911,
  "summary_gm_mean": 620.9308,
  "summary_gm_median": 646.0,
  "summary_gm_n": 2361217.9345842437,
  "summary_gm_p05": 166.0,
  "summary_gm_p95": 1005.0,
  "summary_gm_stdv": 232.6881,
  "summary_wm_k": 5.6152,
  "summary_wm_mad": 117.6768,
  "summary_wm_mean": 910.1242,
  "summary_wm_median": 939.0,
  "summary_wm_n": 2307631.3005185695,
  "summary_wm_p05": 672.0,
  "summary_wm_p95": 1087.0,
  "summary_wm_stdv": 135.5818,
  "tpm_overlap_csf": 0.2653651945958012,
  "tpm_overlap_gm": 0.5028725975728934,
  "tpm_overlap_wm": 0.535070281347957,
  "wm2max": 0.3848099519335043
}
