{
  "bids_meta": {
    "AcquisitionMatrixPE": 252,
    "AcquisitionNumber": 3,
    "AcquisitionTime": "08:11:50.390000",
    "BodyPartExamined": "BRAIN",
    "CoilString": "MULTI_COIL",
    "ConversionSoftware": "dcm2niix",
    "ConversionSoftwareVersion": "v1.0.20181125  (JP2:OpenJPEG) GCC9.3.0",
    "Dcm2bidsVersion": "3.1.1",
    "DeviceSerialNumber": "85054",
    "EchoTime": 0.3,
    "EchoTrainLength": 155,
    "FileSize": 0.05071250256150961,
    "FileSizeUnits": "GB",
    "FlipAngle": 90,
    "ImageOrientationPatientDICOM": [
      -0.0197391,
      0.999797,
      -0.00396827,
      0.020502,
      -0.00356344,
      -0.999783
    ],
    "ImageType": [
      "ORIGINAL",
      "PRIMARY",
      "M",
      "SE",
      "M",
      "SE"
    ],
    "ImagingFrequency": 127.777,
    "InPlanePhaseEncodingDirectionDICOM": "ROW",
    "InstitutionAddress": "Nemirovicha-Danchenko_132",
    "InstitutionName": "Novosib_Neurosurgery_Center",
    "InstitutionalDepartmentName": "MRI",
    "MRAcquisitionType": "3D",
    "MagneticFieldStrength": 3,
    "Manufacturer": "Philips",
    "ManufacturersModelName": "Ingenia",
    "Modality": "MR",
    "NumberOfVolumes": 1,
    "PatientPosition": "HFS",
    "PercentPhaseFOV": 100,
    "PhaseEncodingSteps": 252,
    "PhilipsRWVIntercept": 0,
    "PhilipsRWVSlope": 1.64811,
    "PhilipsRescaleIntercept": 0,
    "PhilipsRescaleSlope": 1.64811,
    "PhilipsScaleSlope": 0.0114005,
    "PixelBandwidth": 841,
    "ProcedureStepDescription": "HEAD+C",
    "ProtocolName": "3D_T2_1mm",
    "ReconMatrixPE": 512,
    "RepetitionTime": 3.5,
    "SAR": 0.0259759,
    "ScanOptions": "FS",
    "ScanningSequence": "SE",
    "SequenceVariant": "SK",
    "SeriesDescription": "3D_T2_1mm",
    "SeriesNumber": 301,
    "SliceThickness": 1,
    "SoftwareVersions": "5.4.1_5.4.1.3",
    "SpacingBetweenSlices": 0.5,
    "StationName": "PHILIPS-F7TK6PR",
    "UsePhilipsFloatNotDisplayScaling": 1,
    "dataset": "<unset>",
    "datatype": "anat",
    "extension": ".nii.gz",
    "modality": "T2w",
    "subject": "olf02fu",
    "suffix": "T2w"
  },
  "cjv": 1.6282712765957448,
  "cnr": 0.6002303434207361,
  "efc": 0.5584,
  "fber": 705.5499,
  "fwhm_avg": 6.178152586666667,
  "fwhm_x": 6.1945,
  "fwhm_y": 6.4239001600000005,
  "fwhm_z": 5.9160576,
  "icvs_csf": 0.26812556846771435,
  "icvs_gm": 0.3119194531206141,
  "icvs_wm": 0.41995497841167156,
  "inu_med": 0.9075209498405457,
  "inu_range": 0.3685656607151032,
  "provenance": {
    "md5sum": "3a4484ebe0de37476968a4577d8f6829",
    "settings": {
      "testing": false
    },
    "software": "mriqc",
    "version": "25.1.0.dev45+g699d1691",
    "warnings": {
      "large_rot_frame": true,
      "small_air_mask": false
    }
  },
  "qi_1": 0.0,
  "qi_2": 0.0011332747778633702,
  "rpve_csf": 8.271006250693011,
  "rpve_gm": 8.161675582574425,
  "rpve_wm": 8.214925505821085,
  "size_x": 360,
  "size_y": 512,
  "size_z": 512,
  "snr_csf": 2.0374259520434914,
  "snr_gm": 3.0168739855209092,
  "snr_total": 3.8940363336560178,
  "snr_wm": 6.627809063403652,
  "snrd_csf": 11.319946722129362,
  "snrd_gm": 7.127373862081451,
  "snrd_total": 8.006343084495004,
  "snrd_wm": 5.571708669274199,
  "spacing_x": 0.5,
  "spacing_y": 0.48828125,
  "spacing_z": 0.48828125,
  "summary_bg_k": 16.5366,
  "summary_bg_mad": 0.0,
  "summary_bg_mean": 37.1722,
  "summary_bg_median": 0.0,
  "summary_bg_n": 32926418.0,
  "summary_bg_p05": 0.0,
  "summary_bg_p95": 339.0,
  "summary_bg_stdv": 118.7585,
  "summary_csf_k": -0.4979,
  "summary_csf_mad": 1094.098,
  "summary_csf_mean": 1929.4736,
  "summary_csf_median": 2052.0,
  "summary_csf_n": 3016568.9628985915,
  "summary_csf_p05": 160.0,
  "summary_csf_p95": 3446.0,
  "summary_csf_stdv": 1007.153,
  "summary_gm_k": 4.8591,
  "summary_gm_mad": 326.0073,
  "summary_gm_mean": 1320.2288,
  "summary_gm_median": 1292.0,
  "summary_gm_n": 3509275.697148763,
  "summary_gm_p05": 686.0,
  "summary_gm_p95": 2070.0,
  "summary_gm_stdv": 428.2578,
  "summary_wm_k": 69.2388,
  "summary_wm_mad": 133.1652,
  "summary_wm_mean": 1017.9846,
  "summary_wm_median": 1010.0,
  "summary_wm_n": 4724738.34155782,
  "summary_wm_p05": 797.0,
  "summary_wm_p95": 1261.0,
  "summary_wm_stdv": 152.3882,
  "tpm_overlap_csf": 0.20858156766018326,
  "tpm_overlap_gm": 0.40855554456251825,
  "tpm_overlap_wm": 0.45365524667983326,
  "wm2max": 0.2758591091791399
}
