{
  "bids_meta": {
    "AcquisitionDuration": 370.906,
    "AcquisitionMatrixPE": 240,
    "AcquisitionNumber": 10,
    "AcquisitionTime": "15:02:35.810000",
    "BodyPartExamined": "BRAIN",
    "CoilString": "MULTI COIL",
    "ConversionSoftware": "dcm2niix",
    "ConversionSoftwareVersion": "v1.0.20230411",
    "Dcm2bidsVersion": "3.0.1",
    "DeviceSerialNumber": "85054",
    "EchoTime": 0.003171,
    "EchoTrainLength": 204,
    "EstimatedEffectiveEchoSpacing": 7.1789e-6,
    "EstimatedTotalReadoutTime": 0.00366842,
    "FileSize": 0.03252082038670778,
    "FileSizeUnits": "GB",
    "FlipAngle": 8,
    "FrequencyEncodingSteps": 240,
    "ImageOrientationPatientDICOM": [
      0.990485,
      -0.095638,
      0.0989623,
      0.126208,
      0.917965,
      -0.376047
    ],
    "ImageType": [
      "ORIGINAL",
      "PRIMARY",
      "M",
      "FFE",
      "M",
      "FFE"
    ],
    "ImagingFrequency": 127.776848,
    "InPlanePhaseEncodingDirectionDICOM": "COL",
    "InstitutionAddress": "Nemirovicha-Danchenko 132",
    "InstitutionName": "Novosib Neurosurgery Center",
    "InstitutionalDepartmentName": "MRI",
    "MRAcquisitionType": "3D",
    "MTState": false,
    "MagneticFieldStrength": 3,
    "Manufacturer": "Philips",
    "ManufacturersModelName": "Ingenia",
    "Modality": "MR",
    "NumberOfVolumes": 1,
    "ParallelAcquisitionTechnique": "SENSE",
    "ParallelReductionFactorOutOfPlane": 2.2,
    "PartialFourierDirection": "PHASE",
    "PartialFourierEnabled": "YES",
    "PatientPosition": "HFS",
    "PercentPhaseFOV": 100,
    "PercentSampling": 100,
    "PhaseEncodingAxis": "j",
    "PhaseEncodingStepsNoPartialFourier": 240,
    "PhaseEncodingStepsOutOfPlane": 192,
    "PhilipsRWVIntercept": 0,
    "PhilipsRWVSlope": 2.64689,
    "PhilipsRescaleIntercept": 0,
    "PhilipsRescaleSlope": 2.64689,
    "PhilipsScaleSlope": 0.0140682,
    "PixelBandwidth": 271,
    "ProcedureStepDescription": "09129 (3.0) MRT golovnogo mozga s kontrastirovanie",
    "ProtocolName": "sT1W_3D_CE",
    "PulseSequenceName": "T1TFE",
    "ReconMatrixPE": 512,
    "RepetitionTime": 0.0069885,
    "SAR": 0.0231826,
    "ScanOptions": "PFP",
    "ScanningSequence": "GR",
    "SequenceVariant": "MP",
    "SeriesDescription": "sT1W_3D_CE",
    "SeriesNumber": 1001,
    "SliceThickness": 1,
    "SoftwareVersions": "5.4.1\\5.4.1.3",
    "SpacingBetweenSlices": 1,
    "SpoilingState": true,
    "SpoilingType": "COMBINED",
    "StationName": "PHILIPS-F7TK6PR",
    "UsePhilipsFloatNotDisplayScaling": 1,
    "WaterFatShift": 1.60152,
    "dataset": "<unset>",
    "datatype": "anat",
    "extension": ".nii.gz",
    "modality": "T1w",
    "run": 2,
    "subject": "olf25",
    "suffix": "T1w"
  },
  "cjv": 0.8703142857142857,
  "cnr": 0.985409633814157,
  "efc": 0.7363,
  "fber": -1.0,
  "fwhm_avg": 4.4187111111111115,
  "fwhm_x": 5.186709333333334,
  "fwhm_y": 5.393024,
  "fwhm_z": 2.6764,
  "icvs_csf": 0.23666760859218064,
  "icvs_gm": 0.38274422980635014,
  "icvs_wm": 0.3805881616014693,
  "inu_med": 0.7808654606342316,
  "inu_range": 0.356482344865799,
  "provenance": {
    "md5sum": "859638c33eaf41d09933eb6ca66c78b0",
    "settings": {
      "testing": false
    },
    "software": "mriqc",
    "version": "25.1.0.dev45+g699d1691",
    "warnings": {
      "large_rot_frame": true,
      "small_air_mask": false
    }
  },
  "qi_1": 0.0,
  "qi_2": 0.0017526320275272089,
  "rpve_csf": 5.875144860098304,
  "rpve_gm": 5.744698705358776,
  "rpve_wm": 5.7802000283788315,
  "size_x": 512,
  "size_y": 512,
  "size_z": 192,
  "snr_csf": 1.1820124829289285,
  "snr_gm": 3.6575978363805257,
  "snr_total": 4.123617500713615,
  "snr_wm": 7.53124218283139,
  "snrd_csf": 12.93793436156305,
  "snrd_gm": 12.459362809923599,
  "snrd_total": 13.966588156466232,
  "snrd_wm": 16.50246729791205,
  "spacing_x": 0.46875,
  "spacing_y": 0.46875,
  "spacing_z": 1.0,
  "summary_bg_k": 476.4044,
  "summary_bg_mad": 0.0,
  "summary_bg_mean": 5.5008,
  "summary_bg_median": 0.0,
  "summary_bg_n": 19515580.0,
  "summary_bg_p05": 0.0,
  "summary_bg_p95": 25.0,
  "summary_bg_stdv": 39.6993,
  "summary_csf_k": -1.3906,
  "summary_csf_mad": 981.8645,
  "summary_csf_mean": 911.4729,
  "summary_csf_median": 784.0,
  "summary_csf_n": 1984003.4963707924,
  "summary_csf_p05": 80.0,
  "summary_csf_p95": 2218.0,
  "summary_csf_stdv": 663.2754,
  "summary_gm_k": 10.025,
  "summary_gm_mad": 111.0982,
  "summary_gm_mean": 763.9975,
  "summary_gm_median": 755.0,
  "summary_gm_n": 3208575.4982214905,
  "summary_gm_p05": 422.0,
  "summary_gm_p95": 1096.0,
  "summary_gm_stdv": 206.4196,
  "summary_wm_k": 3.9536,
  "summary_wm_mad": 102.1288,
  "summary_wm_mean": 974.1125,
  "summary_wm_median": 1000.0,
  "summary_wm_n": 3190501.0059732986,
  "summary_wm_p05": 732.0,
  "summary_wm_p95": 1153.0,
  "summary_wm_stdv": 132.7802,
  "tpm_overlap_csf": 0.23853466714878147,
  "tpm_overlap_gm": 0.483958305627443,
  "tpm_overlap_wm": 0.4968329352997025,
  "wm2max": 0.3765025287625995
}
