{
  "bids_meta": {
    "AcquisitionMatrixPE": 252,
    "AcquisitionNumber": 2,
    "AcquisitionTime": "12:57:50.960000",
    "BodyPartExamined": "BRAIN",
    "CoilString": "MULTI COIL",
    "ConversionSoftware": "dcm2niix",
    "ConversionSoftwareVersion": "v1.0.20211006",
    "DeviceSerialNumber": "85054",
    "EchoTime": 0.3,
    "EchoTrainLength": 155,
    "EstimatedEffectiveEchoSpacing": 2.07759e-6,
    "EstimatedTotalReadoutTime": 0.00106165,
    "FileSize": 0.06347676925361156,
    "FileSizeUnits": "GB",
    "FlipAngle": 90,
    "ImageOrientationPatientDICOM": [
      0.118329,
      0.992971,
      0.00254149,
      0.0966077,
      -0.00896497,
      -0.995282
    ],
    "ImageType": [
      "ORIGINAL",
      "PRIMARY",
      "M",
      "SE",
      "M",
      "SE"
    ],
    "ImagingFrequency": 127.767,
    "InPlanePhaseEncodingDirectionDICOM": "ROW",
    "InstitutionAddress": "Nemirovicha-Danchenko 132",
    "InstitutionName": "Novosib Neurosurgery Center",
    "InstitutionalDepartmentName": "MRI",
    "MRAcquisitionType": "3D",
    "MTState": false,
    "MagneticFieldStrength": 3,
    "Manufacturer": "Philips",
    "ManufacturersModelName": "Ingenia",
    "Modality": "MR",
    "NumberOfAverages": 2,
    "NumberOfVolumes": 1,
    "ParallelAcquisitionTechnique": "SENSE",
    "ParallelReductionFactorInPlane": 2.4,
    "ParallelReductionOutOfPlane": 2.1,
    "PatientPosition": "HFS",
    "PercentPhaseFOV": 100,
    "PercentSampling": 78.2281,
    "PhaseEncodingAxis": "i",
    "PhaseEncodingSteps": 252,
    "PhilipsRWVIntercept": 0,
    "PhilipsRWVSlope": 1.74554,
    "PhilipsRescaleIntercept": 0,
    "PhilipsRescaleSlope": 1.74554,
    "PhilipsScaleSlope": 0.0110556,
    "PixelBandwidth": 936,
    "ProcedureStepDescription": "HEAD+CE+MENINGIOMA",
    "ProtocolName": "3D_T2_1mm",
    "ReconMatrixPE": 512,
    "RepetitionTime": 3.5,
    "SAR": 0.0259761,
    "ScanOptions": "FS",
    "ScanningSequence": "SE",
    "SequenceVariant": "SK",
    "SeriesDescription": "3D_T2_1mm",
    "SeriesNumber": 201,
    "SliceThickness": 1,
    "SoftwareVersions": "5.4.1\\5.4.1.3",
    "SpacingBetweenSlices": 0.5,
    "StationName": "PHILIPS-F7TK6PR",
    "UsePhilipsFloatNotDisplayScaling": 1,
    "WaterFatShift": 0.464165,
    "dataset": "<unset>",
    "datatype": "anat",
    "extension": ".nii.gz",
    "modality": "T2w",
    "subject": "olf19",
    "suffix": "T2w"
  },
  "cjv": 10.255128125,
  "cnr": 0.14618430462863602,
  "efc": 0.6057,
  "fber": 224.9704,
  "fwhm_avg": 6.0828528,
  "fwhm_x": 5.90772,
  "fwhm_y": 6.46551552,
  "fwhm_z": 5.87532288,
  "icvs_csf": 0.22964907045239114,
  "icvs_gm": 0.4430823119212728,
  "icvs_wm": 0.32726861762633613,
  "inu_med": 0.880501389503479,
  "inu_range": 0.46328552365303044,
  "provenance": {
    "md5sum": "f968dc228b0de57d4c29f6a83fd70dfa",
    "settings": {
      "testing": false
    },
    "software": "mriqc",
    "version": "25.1.0.dev45+g699d1691",
    "warnings": {
      "large_rot_frame": true,
      "small_air_mask": false
    }
  },
  "qi_1": 0.0,
  "qi_2": 0.0013734792320009984,
  "rpve_csf": 7.710309471127299,
  "rpve_gm": 7.508623516837098,
  "rpve_wm": 7.526136238472601,
  "size_x": 360,
  "size_y": 512,
  "size_z": 512,
  "snr_csf": 1.2202255883976247,
  "snr_gm": 7.328715669822429,
  "snr_total": 4.566609380983508,
  "snr_wm": 5.150886884730473,
  "snrd_csf": 12.168272089090205,
  "snrd_gm": 11.351870447330162,
  "snrd_total": 11.762231060913253,
  "snrd_wm": 11.766550646319391,
  "spacing_x": 0.5,
  "spacing_y": 0.48828125,
  "spacing_z": 0.48828125,
  "summary_bg_k": 52.6448,
  "summary_bg_mad": 0.0,
  "summary_bg_mean": 10.2221,
  "summary_bg_median": 0.0,
  "summary_bg_n": 37354990.0,
  "summary_bg_p05": 0.0,
  "summary_bg_p95": 38.0,
  "summary_bg_stdv": 50.5555,
  "summary_csf_k": -0.7108,
  "summary_csf_mad": 1008.3942,
  "summary_csf_mean": 1052.2238,
  "summary_csf_median": 939.0,
  "summary_csf_n": 2777645.697149611,
  "summary_csf_p05": 94.0,
  "summary_csf_p95": 2777.0,
  "summary_csf_stdv": 769.5297,
  "summary_gm_k": 63.152,
  "summary_gm_mad": 100.6879,
  "summary_gm_mean": 876.2416,
  "summary_gm_median": 876.0,
  "summary_gm_n": 5359158.104871879,
  "summary_gm_p05": 693.0,
  "summary_gm_p95": 1061.0,
  "summary_gm_stdv": 119.5298,
  "summary_wm_k": 21.9607,
  "summary_wm_mad": 227.4762,
  "summary_wm_mean": 910.4263,
  "summary_wm_median": 908.0,
  "summary_wm_n": 3958371.2042516083,
  "summary_wm_p05": 643.0,
  "summary_wm_p95": 1179.0,
  "summary_wm_stdv": 176.2803,
  "tpm_overlap_csf": 0.17440493698625448,
  "tpm_overlap_gm": 0.5165048991308643,
  "tpm_overlap_wm": 0.48612740521756936,
  "wm2max": 0.29702248483517957
}
