{
  "aor": 0.0040840500000000005,
  "aqi": 0.011781982050000002,
  "bids_meta": {
    "AcquisitionMatrixPE": 80,
    "AcquisitionNumber": 13,
    "AcquisitionTime": "20:58:5.350000",
    "BodyPartExamined": "BRAIN",
    "CoilString": "MULTI_COIL",
    "ConversionSoftware": "dcm2niix",
    "ConversionSoftwareVersion": "v1.0.20181125  (JP2:OpenJPEG) GCC9.3.0",
    "Dcm2bidsVersion": "3.1.1",
    "DeviceSerialNumber": "85054",
    "EchoTime": 0.030001,
    "EchoTrainLength": 27,
    "FileSize": 0.052892216481268406,
    "FileSizeUnits": "GB",
    "FlipAngle": 90,
    "ImageOrientationPatientDICOM": [
      0.998903,
      -0.0394747,
      0.0251915,
      0.0395102,
      0.999219,
      -0.000914201
    ],
    "ImageType": [
      "ORIGINAL",
      "PRIMARY",
      "M",
      "FFE",
      "M",
      "FFE"
    ],
    "ImagingFrequency": 127.767,
    "InPlanePhaseEncodingDirectionDICOM": "COL",
    "InstitutionAddress": "Nemirovicha-Danchenko_132",
    "InstitutionName": "Novosib_Neurosurgery_Center",
    "InstitutionalDepartmentName": "MRI",
    "MRAcquisitionType": "2D",
    "MagneticFieldStrength": 3,
    "Manufacturer": "Philips",
    "ManufacturersModelName": "Ingenia",
    "Modality": "MR",
    "NumberOfVolumes": 200,
    "PartialFourier": 0.3375,
    "PatientPosition": "HFS",
    "PercentPhaseFOV": 100,
    "PhaseEncodingAxis": "j",
    "PhaseEncodingSteps": 80,
    "PhilipsRWVIntercept": 0,
    "PhilipsRWVSlope": 0.767033,
    "PhilipsRescaleIntercept": 0,
    "PhilipsRescaleSlope": 0.767033,
    "PhilipsScaleSlope": 0.0126773,
    "PixelBandwidth": 2263,
    "ProtocolName": "rest-fMRI",
    "ReconMatrixPE": 80,
    "RepetitionTime": 3,
    "SAR": 0.108383,
    "ScanOptions": "FS",
    "ScanningSequence": "GR",
    "SequenceVariant": "SK",
    "SeriesDescription": "rest-fMRI",
    "SeriesNumber": 1301,
    "SliceThickness": 3,
    "SoftwareVersions": "5.4.1_5.4.1.3",
    "SpacingBetweenSlices": 3,
    "StationName": "PHILIPS-F7TK6PR",
    "TaskName": "rest",
    "UsePhilipsFloatNotDisplayScaling": 1,
    "dataset": "<unset>",
    "datatype": "func",
    "extension": ".nii.gz",
    "modality": "bold",
    "subject": "olf15",
    "suffix": "bold",
    "task": "rest"
  },
  "dummy_trs": 0,
  "dvars_nstd": 38.117234158140704,
  "dvars_std": 1.2009877430150764,
  "dvars_vstd": 1.0396330325628147,
  "efc": 0.4228,
  "fber": 92436.9062,
  "fd_mean": 0.3486532066418162,
  "fd_num": 154,
  "fd_perc": 77.0,
  "fwhm_avg": 2.5251811111111113,
  "fwhm_x": 2.5051433333333333,
  "fwhm_y": 2.5819666666666667,
  "fwhm_z": 2.4884333333333335,
  "gcor": 0.0103511,
  "gsr_x": -0.004891602322459221,
  "gsr_y": 0.0038565800059586763,
  "provenance": {
    "md5sum": "a9fa347deb9945fde737d358f68b5ca5",
    "settings": {
      "fd_thres": 0.2,
      "testing": false
    },
    "software": "mriqc",
    "version": "25.1.0.dev45+g699d1691"
  },
  "size_t": 200,
  "size_x": 80,
  "size_y": 80,
  "size_z": 45,
  "snr": 2.921161261584454,
  "spacing_tr": 2.9999990463256836,
  "spacing_x": 3.0,
  "spacing_y": 3.0,
  "spacing_z": 3.0,
  "summary_bg_k": 93.5219,
  "summary_bg_mad": 4.3524,
  "summary_bg_mean": 26.2157,
  "summary_bg_median": 3.0,
  "summary_bg_n": 230733.0,
  "summary_bg_p05": 0.0,
  "summary_bg_p95": 113.0,
  "summary_bg_stdv": 69.9667,
  "summary_fg_k": 1.4655,
  "summary_fg_mad": 211.1126,
  "summary_fg_mean": 913.2083,
  "summary_fg_median": 909.0,
  "summary_fg_n": 57267.0,
  "summary_fg_p05": 278.0,
  "summary_fg_p95": 1422.0,
  "summary_fg_stdv": 311.1749,
  "tsnr": 42.43007828807458
}
