{
  "aor": 0.0122781,
  "aqi": 0.03159639595,
  "bids_meta": {
    "AcquisitionMatrixPE": 80,
    "AcquisitionNumber": 7,
    "AcquisitionTime": "19:24:26.670000",
    "BodyPartExamined": "BRAIN",
    "CoilString": "MULTI_COIL",
    "ConversionSoftware": "dcm2niix",
    "ConversionSoftwareVersion": "v1.0.20181125  (JP2:OpenJPEG) GCC9.3.0",
    "Dcm2bidsVersion": "3.1.1",
    "DeviceSerialNumber": "85054",
    "EchoTime": 0.030001,
    "EchoTrainLength": 27,
    "FileSize": 0.04645301681011915,
    "FileSizeUnits": "GB",
    "FlipAngle": 90,
    "ImageOrientationPatientDICOM": [
      0.99999,
      0.00243193,
      0.00377348,
      -0.00247652,
      0.999927,
      0.0118552
    ],
    "ImageType": [
      "ORIGINAL",
      "PRIMARY",
      "M",
      "FFE",
      "M",
      "FFE"
    ],
    "ImagingFrequency": 127.767,
    "InPlanePhaseEncodingDirectionDICOM": "COL",
    "InstitutionAddress": "Nemirovicha-Danchenko_132",
    "InstitutionName": "Novosib_Neurosurgery_Center",
    "InstitutionalDepartmentName": "MRI",
    "MRAcquisitionType": "2D",
    "MagneticFieldStrength": 3,
    "Manufacturer": "Philips",
    "ManufacturersModelName": "Ingenia",
    "Modality": "MR",
    "NumberOfVolumes": 200,
    "PartialFourier": 0.3375,
    "PatientPosition": "HFS",
    "PercentPhaseFOV": 100,
    "PhaseEncodingAxis": "j",
    "PhaseEncodingSteps": 80,
    "PhilipsRWVIntercept": 0,
    "PhilipsRWVSlope": 0.760928,
    "PhilipsRescaleIntercept": 0,
    "PhilipsRescaleSlope": 0.760928,
    "PhilipsScaleSlope": 0.013217,
    "PixelBandwidth": 2270,
    "ProtocolName": "rest-fMRI",
    "ReconMatrixPE": 80,
    "RepetitionTime": 3,
    "SAR": 0.108383,
    "ScanOptions": "FS",
    "ScanningSequence": "GR",
    "SequenceVariant": "SK",
    "SeriesDescription": "rest-fMRI",
    "SeriesNumber": 701,
    "SliceThickness": 3,
    "SoftwareVersions": "5.4.1_5.4.1.3",
    "SpacingBetweenSlices": 3,
    "StationName": "PHILIPS-F7TK6PR",
    "TaskName": "rest",
    "UsePhilipsFloatNotDisplayScaling": 1,
    "dataset": "<unset>",
    "datatype": "func",
    "extension": ".nii.gz",
    "modality": "bold",
    "subject": "olf19",
    "suffix": "bold",
    "task": "rest"
  },
  "dummy_trs": 0,
  "dvars_nstd": 36.818199991608054,
  "dvars_std": 1.0698617689949745,
  "dvars_vstd": 0.9964729773366834,
  "efc": 0.3884,
  "fber": 382215.25,
  "fd_mean": 0.4351428738308041,
  "fd_num": 99,
  "fd_perc": 49.5,
  "fwhm_avg": 2.6411722222222225,
  "fwhm_x": 2.6390733333333336,
  "fwhm_y": 2.7156233333333333,
  "fwhm_z": 2.56882,
  "gcor": 0.0159627,
  "gsr_x": -0.013444109819829464,
  "gsr_y": 0.017481861636042595,
  "provenance": {
    "md5sum": "86e7881d831d86c4d95d23e3379a5d90",
    "settings": {
      "fd_thres": 0.2,
      "testing": false
    },
    "software": "mriqc",
    "version": "25.1.0.dev45+g699d1691"
  },
  "size_t": 200,
  "size_x": 80,
  "size_y": 80,
  "size_z": 45,
  "snr": 3.257935154810946,
  "spacing_tr": 2.9999990463256836,
  "spacing_x": 3.0,
  "spacing_y": 3.0,
  "spacing_z": 3.0,
  "summary_bg_k": 189.4921,
  "summary_bg_mad": 1.4826,
  "summary_bg_mean": 19.9983,
  "summary_bg_median": 1.0,
  "summary_bg_n": 238150.0,
  "summary_bg_p05": 0.0,
  "summary_bg_p95": 79.0,
  "summary_bg_stdv": 68.0478,
  "summary_fg_k": 2.2017,
  "summary_fg_mad": 170.1429,
  "summary_fg_mean": 878.9357,
  "summary_fg_median": 907.0,
  "summary_fg_n": 49850.0,
  "summary_fg_p05": 282.0,
  "summary_fg_p95": 1258.0,
  "summary_fg_stdv": 278.3944,
  "tsnr": 28.932520389382262
}
